{
  "bids_meta": {
    "AcquisitionMatrixPE": 256,
    "AcquisitionNumber": 1,
    "AcquisitionTime": "11:13:0.905000",
    "BaseResolution": 256,
    "BodyPartExamined": "HEAD",
    "CoilString": "HE1-4;NE1_2",
    "ConsistencyInfo": "N4_VE11C_LATEST_20160120",
    "ConversionSoftware": "dcm2niix",
    "ConversionSoftwareVersion": "v1.0.20190720  (JP2:OpenJPEG) GCC7.3.0",
    "DeviceSerialNumber": "45250",
    "DwellTime": 7.2e-06,
    "EchoTime": 0.00188,
    "FlipAngle": 8,
    "ImageOrientationPatientDICOM": [
      0.124876,
      0.990704,
      0.0539631,
      -0.0582371,
      0.061614,
      -0.9964
    ],
    "ImageType": [
      "ORIGINAL",
      "PRIMARY",
      "M",
      "NORM",
      "DIS3D",
      "DIS2D"
    ],
    "ImagingFrequency": 123.24,
    "InPlanePhaseEncodingDirectionDICOM": "ROW",
    "InstitutionAddress": "Kopernikusstr._26_Graz_Graz_AT_8010",
    "InstitutionName": "KFU",
    "InstitutionalDepartmentName": "Department",
    "InversionTime": 1,
    "MRAcquisitionType": "3D",
    "MagneticFieldStrength": 3,
    "Manufacturer": "Siemens",
    "ManufacturersModelName": "Skyra",
    "Modality": "MR",
    "ParallelReductionFactorInPlane": 2,
    "PartialFourier": 1,
    "PatientPosition": "HFS",
    "PercentPhaseFOV": 100,
    "PhaseEncodingSteps": 294,
    "PhaseOversampling": 0.15,
    "PhaseResolution": 1,
    "PixelBandwidth": 270,
    "ProcedureStepDescription": "DIPS_2019",
    "ProtocolName": "anat-T1w",
    "PulseSequenceDetails": "%SiemensSeq%_tfl",
    "ReceiveCoilActiveElements": "HE1-4;NE1,2",
    "ReceiveCoilName": "HeadNeck_20",
    "ReconMatrixPE": 256,
    "RefLinesPE": 24,
    "RepetitionTime": 1.68,
    "SAR": 0.0948295,
    "ScanOptions": "IR_WE",
    "ScanningSequence": "GR_IR",
    "SequenceName": "_tfl3d1_16ns",
    "SequenceVariant": "SK_SP_MP_OSP",
    "SeriesDescription": "anat-T1w",
    "SeriesNumber": 5,
    "ShimSetting": [
      -1136,
      -3148,
      -4482,
      -338,
      1199,
      -411,
      780,
      -788
    ],
    "SliceThickness": 0.88,
    "SoftwareVersions": "syngo_MR_E11",
    "StationName": "FBMTMR1",
    "TxRefAmp": 378.071,
    "dataset": "unknown",
    "modality": "T1w",
    "session_id": "1",
    "subject_id": "101DPMB042014"
  },
  "cjv": 0.7990624047421817,
  "cnr": 1.7529596912001435,
  "efc": 0.6657298814561499,
  "fber": 580.2564697265625,
  "fwhm_avg": 4.05639028660295,
  "fwhm_x": 3.9170565740945635,
  "fwhm_y": 4.191394285714286,
  "fwhm_z": 4.06072,
  "icvs_csf": 0.18833197747676875,
  "icvs_gm": 0.4271803570580032,
  "icvs_wm": 0.384487665465228,
  "inu_med": 1.2278525829315186,
  "inu_range": 0.6541964888572691,
  "provenance": {
    "md5sum": "55ee4b6ca2cefdc2b5b4a4588c0a1487",
    "settings": {
      "testing": false
    },
    "software": "mriqc",
    "version": "0.15.0",
    "warnings": {
      "large_rot_frame": true,
      "small_air_mask": false
    },
    "webapi_port": null,
    "webapi_url": "https://mriqc.nimh.nih.gov/api/v1"
  },
  "qi_1": 0.0,
  "qi_2": 0.0008825607136110283,
  "rpve_csf": 23.000101334296318,
  "rpve_gm": 10.73096196471934,
  "rpve_wm": 13.565619440990949,
  "size_x": 192,
  "size_y": 256,
  "size_z": 256,
  "snr_csf": 2.673663707386262,
  "snr_gm": 10.572793592177433,
  "snr_total": 9.699483424362068,
  "snr_wm": 15.85199297352251,
  "snrd_csf": 19.141593863417718,
  "snrd_gm": 42.91044042263051,
  "snrd_total": 38.06784405384815,
  "snrd_wm": 52.15149787549622,
  "spacing_x": 0.8800000548362732,
  "spacing_y": 0.875,
  "spacing_z": 0.875,
  "summary_bg_k": 1.2125487687444592,
  "summary_bg_mad": 12.56269359588623,
  "summary_bg_mean": 28.988527297973633,
  "summary_bg_median": 27.324419021606445,
  "summary_bg_n": 2260455.0,
  "summary_bg_p05": 10.204006481170655,
  "summary_bg_p95": 53.54660835266112,
  "summary_bg_stdv": 13.501921653747559,
  "summary_csf_k": 22.70606906078357,
  "summary_csf_mad": 96.90496826171875,
  "summary_csf_mean": 399.0773010253906,
  "summary_csf_median": 367.0533142089844,
  "summary_csf_n": 40216.0,
  "summary_csf_p05": 250.9970932006836,
  "summary_csf_p95": 646.9131317138672,
  "summary_csf_stdv": 137.28306579589844,
  "summary_gm_k": -0.18537294500298263,
  "summary_gm_mad": 81.15975952148438,
  "summary_gm_mean": 821.8853759765625,
  "summary_gm_median": 822.83740234375,
  "summary_gm_n": 32872.0,
  "summary_gm_p05": 694.1504516601562,
  "summary_gm_p95": 947.5492126464844,
  "summary_gm_stdv": 77.82473754882812,
  "summary_wm_k": 0.41543524123730124,
  "summary_wm_mad": 60.437034606933594,
  "summary_wm_mean": 1002.581298828125,
  "summary_wm_median": 1000.0410766601562,
  "summary_wm_n": 300052.0,
  "summary_wm_p05": 903.1690521240234,
  "summary_wm_p95": 1110.1613708496095,
  "summary_wm_stdv": 63.086036682128906,
  "tpm_overlap_csf": 0.23927529156208038,
  "tpm_overlap_gm": 0.4995935261249542,
  "tpm_overlap_wm": 0.5328474640846252,
  "wm2max": 0.45041514958680035
}