{
    "AcquisitionMatrixPE": 80,
    "AcquisitionNumber": 1,
    "AcquisitionTime": "16:14:50.410000",
    "BandwidthPerPixelPhaseEncode": 24.038,
    "BaseResolution": 80,
    "BodyPartExamined": "HEAD",
    "CoilString": "HE1-4;NE1_2",
    "ConsistencyInfo": "N4_VE11C_LATEST_20160120",
    "ConversionSoftware": "dcm2niix",
    "ConversionSoftwareVersion": "v1.0.20190720  (JP2:OpenJPEG) GCC7.3.0",
    "DerivedVendorReportedEchoSpacing": 0.00052001,
    "DeviceSerialNumber": "45250",
    "DwellTime": 2.5e-06,
    "EchoTime": 0.0384,
    "EchoTrainLength": 80,
    "EffectiveEchoSpacing": 0.00052001,
    "FlipAngle": 60,
    "ImageComments": "Unaliased_MB4_PE3",
    "ImageOrientationPatientDICOM": [
        0.993755,
        -0.111514,
        0.00404274,
        0.107956,
        0.951618,
        -0.287695
    ],
    "ImageType": [
        "ORIGINAL",
        "PRIMARY",
        "M",
        "MB",
        "ND",
        "NORM",
        "MOSAIC"
    ],
    "ImagingFrequency": 123.239,
    "InPlanePhaseEncodingDirectionDICOM": "COL",
    "InstitutionAddress": "deleted_by_bidsonym",
    "InstitutionName": "deleted_by_bidsonym",
    "InstitutionalDepartmentName": "deleted_by_bidsonym",
    "MRAcquisitionType": "2D",
    "MagneticFieldStrength": 3,
    "Manufacturer": "Siemens",
    "ManufacturersModelName": "Skyra",
    "Modality": "MR",
    "MultibandAccelerationFactor": 4,
    "PartialFourier": 1,
    "PatientPosition": "HFS",
    "PercentPhaseFOV": 100,
    "PhaseEncodingDirection": "j-",
    "PhaseEncodingSteps": 80,
    "PhaseResolution": 1,
    "PixelBandwidth": 2500,
    "ProcedureStepDescription": "deleted_by_bidsonym",
    "ProtocolName": "func_task-EyeMag_acq-CMRR_run-01",
    "PulseSequenceDetails": "%CustomerSeq%_cmrr_mbep2d_bold",
    "ReceiveCoilActiveElements": "HE1-4;NE1,2",
    "ReceiveCoilName": "HeadNeck_20",
    "ReconMatrixPE": 80,
    "RepetitionTime": 1,
    "SAR": 0.100498,
    "ScanOptions": "FS",
    "ScanningSequence": "EP",
    "SequenceName": "epfid2d1_80",
    "SequenceVariant": "SK_SS",
    "SeriesDescription": "func_task-EyeMag_acq-CMRR_run-01",
    "SeriesNumber": 9,
    "ShimSetting": [
        -1101,
        -3076,
        -4176,
        615,
        936,
        483,
        143,
        -997
    ],
    "SliceThickness": 3,
    "SliceTiming": [
        0,
        0.41,
        0.8175,
        0.245,
        0.655,
        0.0825,
        0.49,
        0.9,
        0.3275,
        0.735,
        0.165,
        0.5725,
        0,
        0.41,
        0.8175,
        0.245,
        0.655,
        0.0825,
        0.49,
        0.9,
        0.3275,
        0.735,
        0.165,
        0.5725,
        0,
        0.41,
        0.8175,
        0.245,
        0.655,
        0.0825,
        0.49,
        0.9,
        0.3275,
        0.735,
        0.165,
        0.5725,
        0,
        0.41,
        0.8175,
        0.245,
        0.655,
        0.0825,
        0.49,
        0.9,
        0.3275,
        0.735,
        0.165,
        0.5725
    ],
    "SoftwareVersions": "syngo_MR_E11",
    "SpacingBetweenSlices": 3,
    "StationName": "deleted_by_bidsonym",
    "TaskName": "EyeMag",
    "TotalReadoutTime": 0.0410808,
    "TxRefAmp": 359.941,
    "WipMemBlock": "789f95db-e1b2-4c38-92b7-872b52ea2f6f||Sequence: R016 ve11c/master r/34fb20f; Nov 20 2017 15:15:15 by eja"
}