{
  "bids_meta": {
    "AcquisitionMatrixPE": 256,
    "AcquisitionNumber": 1,
    "AcquisitionTime": "11:03:55.962500",
    "BaseResolution": 256,
    "BodyPartExamined": "HEAD",
    "CoilString": "HE1-4;NE1_2",
    "ConsistencyInfo": "N4_VE11C_LATEST_20160120",
    "ConversionSoftware": "dcm2niix",
    "ConversionSoftwareVersion": "v1.0.20190720  (JP2:OpenJPEG) GCC7.3.0",
    "DeviceSerialNumber": "45250",
    "DwellTime": 7.2e-06,
    "EchoTime": 0.00188,
    "FlipAngle": 8,
    "ImageOrientationPatientDICOM": [
      0.0660241,
      0.997817,
      0.00174463,
      -0.0278968,
      0.00359364,
      -0.999604
    ],
    "ImageType": [
      "ORIGINAL",
      "PRIMARY",
      "M",
      "NORM",
      "DIS3D",
      "DIS2D"
    ],
    "ImagingFrequency": 123.239,
    "InPlanePhaseEncodingDirectionDICOM": "ROW",
    "InstitutionAddress": "Kopernikusstr._26_Graz_Graz_AT_8010",
    "InstitutionName": "KFU",
    "InstitutionalDepartmentName": "Department",
    "InversionTime": 1,
    "MRAcquisitionType": "3D",
    "MagneticFieldStrength": 3,
    "Manufacturer": "Siemens",
    "ManufacturersModelName": "Skyra",
    "Modality": "MR",
    "ParallelReductionFactorInPlane": 2,
    "PartialFourier": 1,
    "PatientPosition": "HFS",
    "PercentPhaseFOV": 100,
    "PhaseEncodingSteps": 294,
    "PhaseOversampling": 0.15,
    "PhaseResolution": 1,
    "PixelBandwidth": 270,
    "ProcedureStepDescription": "DIPS_2019",
    "ProtocolName": "anat-T1w",
    "PulseSequenceDetails": "%SiemensSeq%_tfl",
    "ReceiveCoilActiveElements": "HE1-4;NE1,2",
    "ReceiveCoilName": "HeadNeck_20",
    "ReconMatrixPE": 256,
    "RefLinesPE": 24,
    "RepetitionTime": 1.68,
    "SAR": 0.0834949,
    "ScanOptions": "IR_WE",
    "ScanningSequence": "GR_IR",
    "SequenceName": "_tfl3d1_16ns",
    "SequenceVariant": "SK_SP_MP_OSP",
    "SeriesDescription": "anat-T1w",
    "SeriesNumber": 5,
    "ShimSetting": [
      -1124,
      -3162,
      -4433,
      26,
      951,
      -485,
      175,
      -822
    ],
    "SliceThickness": 0.88,
    "SoftwareVersions": "syngo_MR_E11",
    "StationName": "FBMTMR1",
    "TxRefAmp": 362.233,
    "dataset": "unknown",
    "modality": "T1w",
    "session_id": "1",
    "subject_id": "101DPMB041026"
  },
  "cjv": 0.7845589251665022,
  "cnr": 1.7442286847661568,
  "efc": 0.6949910589646423,
  "fber": 521.1856689453125,
  "fwhm_avg": 3.8923056998439094,
  "fwhm_x": 3.8214656709603005,
  "fwhm_y": 3.8882514285714285,
  "fwhm_z": 3.9671999999999996,
  "icvs_csf": 0.17761923929141582,
  "icvs_gm": 0.45619128235744505,
  "icvs_wm": 0.3661894783511391,
  "inu_med": 1.2924128770828247,
  "inu_range": 0.6457453608512879,
  "provenance": {
    "md5sum": "79b4f4dd3d390909da1f4c379a42f7a7",
    "settings": {
      "testing": false
    },
    "software": "mriqc",
    "version": "0.15.0",
    "warnings": {
      "large_rot_frame": true,
      "small_air_mask": false
    },
    "webapi_port": null,
    "webapi_url": "https://mriqc.nimh.nih.gov/api/v1"
  },
  "qi_1": 0.0,
  "qi_2": 0.0009754409880532087,
  "rpve_csf": 21.06460728244383,
  "rpve_gm": 9.220108044337753,
  "rpve_wm": 12.650730600517367,
  "size_x": 192,
  "size_y": 256,
  "size_z": 256,
  "snr_csf": 2.261513412941866,
  "snr_gm": 9.58580753627564,
  "snr_total": 8.824078276888308,
  "snr_wm": 14.624913881447418,
  "snrd_csf": 16.766084370454195,
  "snrd_gm": 38.383756512799,
  "snrd_total": 34.20217132856167,
  "snrd_wm": 47.456673102431814,
  "spacing_x": 0.8800000548362732,
  "spacing_y": 0.875,
  "spacing_z": 0.875,
  "summary_bg_k": 1.0797754820979826,
  "summary_bg_mad": 13.805801391601562,
  "summary_bg_mean": 32.51515197753906,
  "summary_bg_median": 30.779560089111328,
  "summary_bg_n": 2283786.0,
  "summary_bg_p05": 11.685970544815063,
  "summary_bg_p95": 59.40471649169922,
  "summary_bg_stdv": 14.817561149597168,
  "summary_csf_k": 29.6078905092824,
  "summary_csf_mad": 90.14803314208984,
  "summary_csf_mean": 388.9740905761719,
  "summary_csf_median": 353.3145751953125,
  "summary_csf_n": 36302.0,
  "summary_csf_p05": 240.24547882080077,
  "summary_csf_p95": 640.7848022460937,
  "summary_csf_stdv": 156.22711181640625,
  "summary_gm_k": 0.07570379182373532,
  "summary_gm_mad": 83.046630859375,
  "summary_gm_mean": 811.7474365234375,
  "summary_gm_median": 808.8674926757812,
  "summary_gm_n": 59125.0,
  "summary_gm_p05": 680.0056884765625,
  "summary_gm_p95": 958.9639038085936,
  "summary_gm_stdv": 84.38106536865234,
  "summary_wm_k": 0.3333011364701002,
  "summary_wm_mad": 66.95721435546875,
  "summary_wm_mean": 1002.1298828125,
  "summary_wm_median": 1000.0626220703125,
  "summary_wm_n": 319144.0,
  "summary_wm_p05": 894.2564300537109,
  "summary_wm_p95": 1117.2915649414062,
  "summary_wm_stdv": 68.38064575195312,
  "tpm_overlap_csf": 0.22901096940040588,
  "tpm_overlap_gm": 0.5052586197853088,
  "tpm_overlap_wm": 0.5100526809692383,
  "wm2max": 0.4635826642363533
}