{
  "aor": 0.0012230922242314646,
  "aqi": 0.018024343248945147,
  "bids_meta": {
    "AcquisitionMatrixPE": 80,
    "AcquisitionNumber": 1,
    "AcquisitionTime": "10:18:22.857500",
    "BandwidthPerPixelPhaseEncode": 24.038,
    "BaseResolution": 80,
    "BodyPartExamined": "HEAD",
    "CogAtlasID": "TODO",
    "CoilString": "HE1-4;NE1_2",
    "ConsistencyInfo": "N4_VE11C_LATEST_20160120",
    "ConversionSoftware": "dcm2niix",
    "ConversionSoftwareVersion": "v1.0.20190720  (JP2:OpenJPEG) GCC7.3.0",
    "DerivedVendorReportedEchoSpacing": 0.00052001,
    "DeviceSerialNumber": "45250",
    "DwellTime": 2.5e-06,
    "EchoTime": 0.0384,
    "EchoTrainLength": 80,
    "EffectiveEchoSpacing": 0.00052001,
    "FlipAngle": 60,
    "ImageComments": "Unaliased_MB4_PE3",
    "ImageOrientationPatientDICOM": [
      0.99999,
      -0.000123205,
      0.00452066,
      0.00174536,
      0.932695,
      -0.360661
    ],
    "ImageType": [
      "ORIGINAL",
      "PRIMARY",
      "M",
      "MB",
      "ND",
      "NORM",
      "MOSAIC"
    ],
    "ImagingFrequency": 123.239,
    "InPlanePhaseEncodingDirectionDICOM": "COL",
    "InstitutionAddress": "Kopernikusstr._26_Graz_Graz_AT_8010",
    "InstitutionName": "KFU",
    "InstitutionalDepartmentName": "Department",
    "MRAcquisitionType": "2D",
    "MagneticFieldStrength": 3,
    "Manufacturer": "Siemens",
    "ManufacturersModelName": "Skyra",
    "Modality": "MR",
    "MultibandAccelerationFactor": 4,
    "PartialFourier": 1,
    "PatientPosition": "HFS",
    "PercentPhaseFOV": 100,
    "PhaseEncodingDirection": "j-",
    "PhaseEncodingSteps": 80,
    "PhaseResolution": 1,
    "PixelBandwidth": 2500,
    "ProcedureStepDescription": "DIPS_2019",
    "ProtocolName": "func_task-EyeMag_acq-CMRR_run-01",
    "PulseSequenceDetails": "%CustomerSeq%_cmrr_mbep2d_bold",
    "ReceiveCoilActiveElements": "HE1-4;NE1,2",
    "ReceiveCoilName": "HeadNeck_20",
    "ReconMatrixPE": 80,
    "RepetitionTime": 1,
    "SAR": 0.110843,
    "ScanOptions": "FS",
    "ScanningSequence": "EP",
    "SequenceName": "epfid2d1_80",
    "SequenceVariant": "SK_SS",
    "SeriesDescription": "func_task-EyeMag_acq-CMRR_run-01",
    "SeriesNumber": 9,
    "ShimSetting": [
      -1081,
      -3065,
      -4220,
      563,
      938,
      287,
      120,
      -823
    ],
    "SliceThickness": 3,
    "SliceTiming": [
      0,
      0.4075,
      0.8175,
      0.245,
      0.6525,
      0.0825,
      0.49,
      0.8975,
      0.3275,
      0.735,
      0.1625,
      0.5725,
      0,
      0.4075,
      0.8175,
      0.245,
      0.6525,
      0.0825,
      0.49,
      0.8975,
      0.3275,
      0.735,
      0.1625,
      0.5725,
      0,
      0.4075,
      0.8175,
      0.245,
      0.6525,
      0.0825,
      0.49,
      0.8975,
      0.3275,
      0.735,
      0.1625,
      0.5725,
      0,
      0.4075,
      0.8175,
      0.245,
      0.6525,
      0.0825,
      0.49,
      0.8975,
      0.3275,
      0.735,
      0.1625,
      0.5725
    ],
    "SoftwareVersions": "syngo_MR_E11",
    "SpacingBetweenSlices": 3,
    "StationName": "FBMTMR1",
    "TaskName": "EyeMag",
    "TotalReadoutTime": 0.0410808,
    "TxRefAmp": 354.693,
    "WipMemBlock": "b3e7895e-0069-4c11-913d-2b4e4bc6f3de||Sequence: R016 ve11c/master r/34fb20f; Nov 20 2017 15:15:15 by eja",
    "acq_id": "CMRR",
    "dataset": "unknown",
    "modality": "bold",
    "run_id": 1,
    "session_id": "1",
    "subject_id": "101DPMB041011",
    "task_id": "EyeMag"
  },
  "dummy_trs": 0,
  "dvars_nstd": 25.329535197901077,
  "dvars_std": 1.1724269783172496,
  "dvars_vstd": 1.3773415831604348,
  "efc": 0.36849571717706586,
  "fber": 10574.7607421875,
  "fd_mean": 0.14909803750168987,
  "fd_num": 296,
  "fd_perc": 17.84207353827607,
  "fwhm_avg": 2.57143,
  "fwhm_x": 2.42342,
  "fwhm_y": 2.89611,
  "fwhm_z": 2.39476,
  "gcor": 0.0135875,
  "gsr_x": -0.011428164318203926,
  "gsr_y": 0.0076466710306704044,
  "provenance": {
    "md5sum": "3a48b75ab565d0a9d3335b952420b28d",
    "settings": {
      "fd_thres": 0.2,
      "hmc_fsl": false
    },
    "software": "mriqc",
    "version": "0.15.0",
    "webapi_port": null,
    "webapi_url": "https://mriqc.nimh.nih.gov/api/v1"
  },
  "size_t": 1659,
  "size_x": 80,
  "size_y": 80,
  "size_z": 48,
  "snr": 4.697681510823726,
  "spacing_tr": 1.0,
  "spacing_x": 3.0,
  "spacing_y": 3.0,
  "spacing_z": 3.0,
  "summary_bg_k": 95.80376214984466,
  "summary_bg_mad": 45.372459411621094,
  "summary_bg_mean": 190.75782775878906,
  "summary_bg_median": 85.13874816894531,
  "summary_bg_n": 226878.0,
  "summary_bg_p05": 43.71504573822021,
  "summary_bg_p95": 625.4357299804684,
  "summary_bg_stdv": 427.3058166503906,
  "summary_fg_k": 3.9122415996085813,
  "summary_fg_mad": 1155.85888671875,
  "summary_fg_mean": 8693.5087890625,
  "summary_fg_median": 8908.35546875,
  "summary_fg_n": 35588.0,
  "summary_fg_p05": 4933.5062255859375,
  "summary_fg_p95": 11051.046923828126,
  "summary_fg_stdv": 1896.3035888671875,
  "tsnr": 42.12926483154297
}