{
  "bids_meta": {
    "AcquisitionMatrixPE": 256,
    "AcquisitionNumber": 1,
    "AcquisitionTime": "09:15:45.062500",
    "BaseResolution": 256,
    "BodyPartExamined": "HEAD",
    "CoilString": "HE1-4;NE1_2",
    "ConsistencyInfo": "N4_VE11C_LATEST_20160120",
    "ConversionSoftware": "dcm2niix",
    "ConversionSoftwareVersion": "v1.0.20190720  (JP2:OpenJPEG) GCC7.3.0",
    "DeviceSerialNumber": "45250",
    "DwellTime": 7.2e-06,
    "EchoTime": 0.00188,
    "FlipAngle": 8,
    "ImageOrientationPatientDICOM": [
      0.132638,
      0.983645,
      -0.121858,
      -0.0300034,
      -0.118903,
      -0.992452
    ],
    "ImageType": [
      "ORIGINAL",
      "PRIMARY",
      "M",
      "NORM",
      "DIS3D",
      "DIS2D"
    ],
    "ImagingFrequency": 123.239,
    "InPlanePhaseEncodingDirectionDICOM": "ROW",
    "InstitutionAddress": "Kopernikusstr._26_Graz_Graz_AT_8010",
    "InstitutionName": "KFU",
    "InstitutionalDepartmentName": "Department",
    "InversionTime": 1,
    "MRAcquisitionType": "3D",
    "MagneticFieldStrength": 3,
    "Manufacturer": "Siemens",
    "ManufacturersModelName": "Skyra",
    "Modality": "MR",
    "ParallelReductionFactorInPlane": 2,
    "PartialFourier": 1,
    "PatientPosition": "HFS",
    "PercentPhaseFOV": 100,
    "PhaseEncodingSteps": 294,
    "PhaseOversampling": 0.15,
    "PhaseResolution": 1,
    "PixelBandwidth": 270,
    "ProcedureStepDescription": "DIPS_2019",
    "ProtocolName": "anat-T1w",
    "PulseSequenceDetails": "%SiemensSeq%_tfl",
    "ReceiveCoilActiveElements": "HE1-4;NE1,2",
    "ReceiveCoilName": "HeadNeck_20",
    "ReconMatrixPE": 256,
    "RefLinesPE": 24,
    "RepetitionTime": 1.68,
    "SAR": 0.0693791,
    "ScanOptions": "IR_WE",
    "ScanningSequence": "GR_IR",
    "SequenceName": "_tfl3d1_16ns",
    "SequenceVariant": "SK_SP_MP_OSP",
    "SeriesDescription": "anat-T1w",
    "SeriesNumber": 5,
    "ShimSetting": [
      -1130,
      -3113,
      -4489,
      -60,
      970,
      -642,
      543,
      -955
    ],
    "SliceThickness": 0.88,
    "SoftwareVersions": "syngo_MR_E11",
    "StationName": "FBMTMR1",
    "TxRefAmp": 379.465,
    "dataset": "unknown",
    "modality": "T1w",
    "session_id": "1",
    "subject_id": "101DPMB041028"
  },
  "cjv": 0.8348009888470633,
  "cnr": 1.6373486790958696,
  "efc": 0.710302535661147,
  "fber": 437.0215759277344,
  "fwhm_avg": 3.939497971697607,
  "fwhm_x": 3.8635224865213926,
  "fwhm_y": 3.9704114285714285,
  "fwhm_z": 3.9845599999999997,
  "icvs_csf": 0.18366373160368948,
  "icvs_gm": 0.440075631474632,
  "icvs_wm": 0.3762606369216785,
  "inu_med": 1.2489356994628906,
  "inu_range": 0.5811914861202241,
  "provenance": {
    "md5sum": "1e080f403ee2f80f9005dddd2f00be58",
    "settings": {
      "testing": false
    },
    "software": "mriqc",
    "version": "0.15.0",
    "warnings": {
      "large_rot_frame": true,
      "small_air_mask": false
    },
    "webapi_port": null,
    "webapi_url": "https://mriqc.nimh.nih.gov/api/v1"
  },
  "qi_1": 0.0,
  "qi_2": 0.0008946782364811588,
  "rpve_csf": 20.994884079538338,
  "rpve_gm": 9.629557425135184,
  "rpve_wm": 12.732345642181448,
  "size_x": 192,
  "size_y": 256,
  "size_z": 256,
  "snr_csf": 2.5314763899354413,
  "snr_gm": 8.570674608179118,
  "snr_total": 9.123833083757843,
  "snr_wm": 16.26934825315897,
  "snrd_csf": 18.128172640517132,
  "snrd_gm": 38.90059408672401,
  "snrd_total": 34.9521487572567,
  "snrd_wm": 47.82767954452897,
  "spacing_x": 0.8800000548362732,
  "spacing_y": 0.875,
  "spacing_z": 0.875,
  "summary_bg_k": 1.1906716218499263,
  "summary_bg_mad": 13.698376655578613,
  "summary_bg_mean": 32.55156707763672,
  "summary_bg_median": 30.700374603271484,
  "summary_bg_n": 2044571.0,
  "summary_bg_p05": 12.23869800567627,
  "summary_bg_p95": 59.15668869018555,
  "summary_bg_stdv": 14.542621612548828,
  "summary_csf_k": 13.528416706118882,
  "summary_csf_mad": 112.26345825195312,
  "summary_csf_mean": 415.62744140625,
  "summary_csf_median": 379.0455627441406,
  "summary_csf_n": 40851.0,
  "summary_csf_p05": 249.30596160888672,
  "summary_csf_p95": 674.2393188476562,
  "summary_csf_stdv": 149.73117065429688,
  "summary_gm_k": -0.18077929710919438,
  "summary_gm_mad": 97.35499572753906,
  "summary_gm_mean": 820.3320922851562,
  "summary_gm_median": 813.3802490234375,
  "summary_gm_n": 43180.0,
  "summary_gm_p05": 676.8007690429687,
  "summary_gm_p95": 988.3310516357419,
  "summary_gm_stdv": 94.901611328125,
  "summary_wm_k": 0.41605989670057175,
  "summary_wm_mad": 58.46745681762695,
  "summary_wm_mean": 1002.9304809570312,
  "summary_wm_median": 1000.0384521484375,
  "summary_wm_n": 333026.0,
  "summary_wm_p05": 906.7516326904297,
  "summary_wm_p95": 1108.4369506835938,
  "summary_wm_stdv": 61.46754837036133,
  "tpm_overlap_csf": 0.23799768090248108,
  "tpm_overlap_gm": 0.516854465007782,
  "tpm_overlap_wm": 0.5494654774665833,
  "wm2max": 0.4756193268993678
}