{
  "aor": 0.0014637545126353789,
  "aqi": 0.021737080986762938,
  "bids_meta": {
    "AcquisitionMatrixPE": 80,
    "AcquisitionNumber": 1,
    "AcquisitionTime": "15:48:3.175000",
    "BandwidthPerPixelPhaseEncode": 24.038,
    "BaseResolution": 80,
    "BodyPartExamined": "HEAD",
    "CogAtlasID": "TODO",
    "ConsistencyInfo": "N4_VE11C_LATEST_20160120",
    "ConversionSoftware": "dcm2niix",
    "ConversionSoftwareVersion": "v1.0.20190410  (JP2:OpenJPEG) GCC7.3.0",
    "DerivedVendorReportedEchoSpacing": 0.00052001,
    "DeviceSerialNumber": "45250",
    "DwellTime": 2.5e-06,
    "EchoTime": 0.0384,
    "EchoTrainLength": 80,
    "EffectiveEchoSpacing": 0.00052001,
    "FlipAngle": 60,
    "ImageComments": "Unaliased_MB4_PE3",
    "ImageOrientationPatientDICOM": [
      0.998539,
      -0.0106071,
      0.052993,
      0.0244038,
      0.963386,
      -0.267005
    ],
    "ImageType": [
      "ORIGINAL",
      "PRIMARY",
      "M",
      "MB",
      "ND",
      "NORM",
      "MOSAIC"
    ],
    "ImagingFrequency": 123.239,
    "InPlanePhaseEncodingDirectionDICOM": "COL",
    "InstitutionAddress": "Kopernikusstr._26_Graz_Graz_AT_8010",
    "InstitutionName": "KFU",
    "InstitutionalDepartmentName": "Department",
    "MRAcquisitionType": "2D",
    "MagneticFieldStrength": 3,
    "Manufacturer": "Siemens",
    "ManufacturersModelName": "Skyra",
    "Modality": "MR",
    "MultibandAccelerationFactor": 4,
    "PartialFourier": 1,
    "PatientPosition": "HFS",
    "PercentPhaseFOV": 100,
    "PhaseEncodingDirection": "j-",
    "PhaseEncodingSteps": 80,
    "PhaseResolution": 1,
    "PixelBandwidth": 2500,
    "ProcedureStepDescription": "DIPS_2019",
    "ProtocolName": "func_task-EyeMag_acq-CMRR_run-01",
    "PulseSequenceDetails": "%CustomerSeq%_cmrr_mbep2d_bold",
    "ReceiveCoilActiveElements": "HE1-4",
    "ReceiveCoilName": "HeadNeck_20",
    "ReconMatrixPE": 80,
    "RepetitionTime": 1,
    "SAR": 0.100691,
    "ScanOptions": "FS",
    "ScanningSequence": "EP",
    "SequenceName": "epfid2d1_80",
    "SequenceVariant": "SK_SS",
    "SeriesDescription": "func_task-EyeMag_acq-CMRR_run-01",
    "SeriesNumber": 9,
    "ShimSetting": [
      -1101,
      -3006,
      -4123,
      443,
      951,
      593,
      -91,
      -833
    ],
    "SliceThickness": 3,
    "SliceTiming": [
      0,
      0.4075,
      0.815,
      0.245,
      0.6525,
      0.08,
      0.49,
      0.8975,
      0.325,
      0.735,
      0.1625,
      0.57,
      0,
      0.4075,
      0.815,
      0.245,
      0.6525,
      0.08,
      0.49,
      0.8975,
      0.325,
      0.735,
      0.1625,
      0.57,
      0,
      0.4075,
      0.815,
      0.245,
      0.6525,
      0.08,
      0.49,
      0.8975,
      0.325,
      0.735,
      0.1625,
      0.57,
      0,
      0.4075,
      0.815,
      0.245,
      0.6525,
      0.08,
      0.49,
      0.8975,
      0.325,
      0.735,
      0.1625,
      0.57
    ],
    "SoftwareVersions": "syngo_MR_E11",
    "SpacingBetweenSlices": 3,
    "StationName": "FBMTMR1",
    "TaskName": "TODO: full task name for EyeMag",
    "TotalReadoutTime": 0.0410808,
    "TxRefAmp": 367.614,
    "WipMemBlock": "e98c684b-66bf-45a2-b508-58ea67cf4cdb||Sequence: R016 ve11c/master r/34fb20f; Nov 20 2017 15:15:15 by eja",
    "acq_id": "CMRR",
    "dataset": "unknown",
    "modality": "bold",
    "run_id": 1,
    "session_id": "1",
    "subject_id": "101DPMB041005",
    "task_id": "EyeMag"
  },
  "dummy_trs": 0,
  "dvars_nstd": 33.23180194865148,
  "dvars_std": 1.2705324407706202,
  "dvars_vstd": 1.9382829222155316,
  "efc": 0.4538943147799343,
  "fber": 8812.65625,
  "fd_mean": 0.19712373915760767,
  "fd_num": 543,
  "fd_perc": 32.671480144404335,
  "fwhm_avg": 2.454842222222222,
  "fwhm_x": 2.307533333333333,
  "fwhm_y": 2.71545,
  "fwhm_z": 2.3415433333333335,
  "gcor": 0.00728028,
  "gsr_x": -0.00908848736435175,
  "gsr_y": 0.015533797442913055,
  "provenance": {
    "md5sum": "1130c97ddf3a794deb68898c7ca0fb78",
    "settings": {
      "fd_thres": 0.2,
      "hmc_fsl": false
    },
    "software": "mriqc",
    "version": "0.15.0",
    "webapi_port": null,
    "webapi_url": "https://mriqc.nimh.nih.gov/api/v1"
  },
  "size_t": 1662,
  "size_x": 80,
  "size_y": 80,
  "size_z": 48,
  "snr": 4.862168096640253,
  "spacing_tr": 1.0,
  "spacing_x": 3.0,
  "spacing_y": 3.0,
  "spacing_z": 3.0,
  "summary_bg_k": 72.06637693385532,
  "summary_bg_mad": 65.52824401855469,
  "summary_bg_mean": 258.0881042480469,
  "summary_bg_median": 99.96276092529297,
  "summary_bg_n": 200334.0,
  "summary_bg_p05": 43.344428634643556,
  "summary_bg_p95": 1028.226763916014,
  "summary_bg_stdv": 570.87255859375,
  "summary_fg_k": 3.8296612120068216,
  "summary_fg_mad": 1419.54248046875,
  "summary_fg_mean": 9494.4248046875,
  "summary_fg_median": 9578.2587890625,
  "summary_fg_n": 56346.0,
  "summary_fg_p05": 6164.428466796875,
  "summary_fg_p95": 12288.18798828125,
  "summary_fg_stdv": 1969.9388427734375,
  "tsnr": 36.81232452392578
}