{
  "aor": 0.00076893948472139,
  "aqi": 0.02670517597363691,
  "bids_meta": {
    "AcquisitionMatrixPE": 80,
    "AcquisitionNumber": 1,
    "AcquisitionTime": "11:17:22.412500",
    "BandwidthPerPixelPhaseEncode": 24.038,
    "BaseResolution": 80,
    "BodyPartExamined": "HEAD",
    "CogAtlasID": "TODO",
    "CoilString": "HE1-4;NE1_2",
    "ConsistencyInfo": "N4_VE11C_LATEST_20160120",
    "ConversionSoftware": "dcm2niix",
    "ConversionSoftwareVersion": "v1.0.20190410  (JP2:OpenJPEG) GCC7.3.0",
    "DerivedVendorReportedEchoSpacing": 0.00052001,
    "DeviceSerialNumber": "45250",
    "DwellTime": 2.5e-06,
    "EchoTime": 0.0384,
    "EchoTrainLength": 80,
    "EffectiveEchoSpacing": 0.00052001,
    "FlipAngle": 60,
    "ImageComments": "Unaliased_MB4_PE3",
    "ImageOrientationPatientDICOM": [
      0.997759,
      -0.0668231,
      -0.0033062,
      0.0627737,
      0.952103,
      -0.299264
    ],
    "ImageType": [
      "ORIGINAL",
      "PRIMARY",
      "M",
      "MB",
      "ND",
      "NORM",
      "MOSAIC"
    ],
    "ImagingFrequency": 123.239,
    "InPlanePhaseEncodingDirectionDICOM": "COL",
    "InstitutionAddress": "Kopernikusstr._26_Graz_Graz_AT_8010",
    "InstitutionName": "KFU",
    "InstitutionalDepartmentName": "Department",
    "MRAcquisitionType": "2D",
    "MagneticFieldStrength": 3,
    "Manufacturer": "Siemens",
    "ManufacturersModelName": "Skyra",
    "Modality": "MR",
    "MultibandAccelerationFactor": 4,
    "PartialFourier": 1,
    "PatientPosition": "HFS",
    "PercentPhaseFOV": 100,
    "PhaseEncodingDirection": "j-",
    "PhaseEncodingSteps": 80,
    "PhaseResolution": 1,
    "PixelBandwidth": 2500,
    "ProcedureStepDescription": "DIPS_2019",
    "ProtocolName": "func_task-EyeMag_acq-CMRR_run-01",
    "PulseSequenceDetails": "%CustomerSeq%_cmrr_mbep2d_bold",
    "ReceiveCoilActiveElements": "HE1-4;NE1,2",
    "ReceiveCoilName": "HeadNeck_20",
    "ReconMatrixPE": 80,
    "RepetitionTime": 1,
    "SAR": 0.098985,
    "ScanOptions": "FS",
    "ScanningSequence": "EP",
    "SequenceName": "epfid2d1_80",
    "SequenceVariant": "SK_SS",
    "SeriesDescription": "func_task-EyeMag_acq-CMRR_run-01",
    "SeriesNumber": 9,
    "ShimSetting": [
      -1121,
      -2996,
      -4376,
      284,
      963,
      526,
      -22,
      -996
    ],
    "SliceThickness": 3,
    "SliceTiming": [
      0,
      0.41,
      0.8175,
      0.245,
      0.655,
      0.0825,
      0.49,
      0.9,
      0.3275,
      0.735,
      0.165,
      0.5725,
      0,
      0.41,
      0.8175,
      0.245,
      0.655,
      0.0825,
      0.49,
      0.9,
      0.3275,
      0.735,
      0.165,
      0.5725,
      0,
      0.41,
      0.8175,
      0.245,
      0.655,
      0.0825,
      0.49,
      0.9,
      0.3275,
      0.735,
      0.165,
      0.5725,
      0,
      0.41,
      0.8175,
      0.245,
      0.655,
      0.0825,
      0.49,
      0.9,
      0.3275,
      0.735,
      0.165,
      0.5725
    ],
    "SoftwareVersions": "syngo_MR_E11",
    "SpacingBetweenSlices": 3,
    "StationName": "FBMTMR1",
    "TaskName": "EyeMag",
    "TotalReadoutTime": 0.0410808,
    "TxRefAmp": 354.934,
    "WipMemBlock": "8a128781-654f-4404-8bb0-ef6fe3a2148a||Sequence: R016 ve11c/master r/34fb20f; Nov 20 2017 15:15:15 by eja",
    "acq_id": "CMRR",
    "dataset": "unknown",
    "modality": "bold",
    "run_id": 1,
    "session_id": "1",
    "subject_id": "101DPMB041009",
    "task_id": "EyeMag"
  },
  "dummy_trs": 0,
  "dvars_nstd": 30.755637059088723,
  "dvars_std": 1.1475039414988002,
  "dvars_vstd": 0.9509633121942443,
  "efc": 0.4154346041947193,
  "fber": 7895.18994140625,
  "fd_mean": 0.21622969040192708,
  "fd_num": 839,
  "fd_perc": 50.269622528460154,
  "fwhm_avg": 2.3355099999999998,
  "fwhm_x": 2.233913333333333,
  "fwhm_y": 2.5230200000000003,
  "fwhm_z": 2.2495966666666667,
  "gcor": 0.0141672,
  "gsr_x": -0.0076706684194505215,
  "gsr_y": 0.005385198630392551,
  "provenance": {
    "md5sum": "a24e47b0e85857714a17caf886b4449d",
    "settings": {
      "fd_thres": 0.2,
      "hmc_fsl": false
    },
    "software": "mriqc",
    "version": "0.15.0",
    "webapi_port": null,
    "webapi_url": "https://mriqc.nimh.nih.gov/api/v1"
  },
  "size_t": 1669,
  "size_x": 80,
  "size_y": 80,
  "size_z": 48,
  "snr": 4.89995982416764,
  "spacing_tr": 1.0,
  "spacing_x": 3.0,
  "spacing_y": 3.0,
  "spacing_z": 3.0,
  "summary_bg_k": 57.21061939189611,
  "summary_bg_mad": 50.3206787109375,
  "summary_bg_mean": 199.1156768798828,
  "summary_bg_median": 88.80164337158203,
  "summary_bg_n": 213165.0,
  "summary_bg_p05": 40.87703094482422,
  "summary_bg_p95": 651.230688476562,
  "summary_bg_stdv": 428.6483154296875,
  "summary_fg_k": 3.5645354916310357,
  "summary_fg_mad": 1221.511474609375,
  "summary_fg_mean": 8007.60498046875,
  "summary_fg_median": 8055.59912109375,
  "summary_fg_n": 46137.0,
  "summary_fg_p05": 5296.866308593751,
  "summary_fg_p95": 10322.527734375,
  "summary_fg_stdv": 1643.9954833984375,
  "tsnr": 32.39667510986328
}