{
  "bids_meta": {
    "AcquisitionMatrixPE": 256,
    "AcquisitionNumber": 1,
    "AcquisitionTime": "14:08:51.712500",
    "BaseResolution": 256,
    "BodyPartExamined": "HEAD",
    "CoilString": "HE1-4;NE1_2",
    "ConsistencyInfo": "N4_VE11C_LATEST_20160120",
    "ConversionSoftware": "dcm2niix",
    "ConversionSoftwareVersion": "v1.0.20190720  (JP2:OpenJPEG) GCC7.3.0",
    "DeviceSerialNumber": "45250",
    "DwellTime": 7.2e-06,
    "EchoTime": 0.00188,
    "FlipAngle": 8,
    "ImageOrientationPatientDICOM": [
      0.0393826,
      0.983418,
      0.177024,
      0.0337478,
      0.175751,
      -0.983856
    ],
    "ImageType": [
      "ORIGINAL",
      "PRIMARY",
      "M",
      "NORM",
      "DIS3D",
      "DIS2D"
    ],
    "ImagingFrequency": 123.239,
    "InPlanePhaseEncodingDirectionDICOM": "ROW",
    "InstitutionAddress": "Kopernikusstr._26_Graz_Graz_AT_8010",
    "InstitutionName": "KFU",
    "InstitutionalDepartmentName": "Department",
    "InversionTime": 1,
    "MRAcquisitionType": "3D",
    "MagneticFieldStrength": 3,
    "Manufacturer": "Siemens",
    "ManufacturersModelName": "Skyra",
    "Modality": "MR",
    "ParallelReductionFactorInPlane": 2,
    "PartialFourier": 1,
    "PatientPosition": "HFS",
    "PercentPhaseFOV": 100,
    "PhaseEncodingSteps": 294,
    "PhaseOversampling": 0.15,
    "PhaseResolution": 1,
    "PixelBandwidth": 270,
    "ProcedureStepDescription": "DIPS_2019",
    "ProtocolName": "anat-T1w",
    "PulseSequenceDetails": "%SiemensSeq%_tfl",
    "ReceiveCoilActiveElements": "HE1-4;NE1,2",
    "ReceiveCoilName": "HeadNeck_20",
    "ReconMatrixPE": 256,
    "RefLinesPE": 24,
    "RepetitionTime": 1.68,
    "SAR": 0.0875322,
    "ScanOptions": "IR_WE",
    "ScanningSequence": "GR_IR",
    "SequenceName": "_tfl3d1_16ns",
    "SequenceVariant": "SK_SP_MP_OSP",
    "SeriesDescription": "anat-T1w",
    "SeriesNumber": 5,
    "ShimSetting": [
      -1113,
      -3156,
      -4448,
      43,
      796,
      -305,
      376,
      -826
    ],
    "SliceThickness": 0.88,
    "SoftwareVersions": "syngo_MR_E11",
    "StationName": "FBMTMR1",
    "TxRefAmp": 352.097,
    "dataset": "unknown",
    "modality": "T1w",
    "session_id": "1",
    "subject_id": "101DPMB042019"
  },
  "cjv": 0.7014006882284557,
  "cnr": 1.9111592613705155,
  "efc": 0.6382060514657159,
  "fber": 730.1220703125,
  "fwhm_avg": 4.204338681940705,
  "fwhm_x": 4.058147474393541,
  "fwhm_y": 4.26016,
  "fwhm_z": 4.294708571428571,
  "icvs_csf": 0.1906458435719719,
  "icvs_gm": 0.4186696391663001,
  "icvs_wm": 0.390684517261728,
  "inu_med": 1.1052879095077515,
  "inu_range": 0.48072549700737,
  "provenance": {
    "md5sum": "7be4d661939a54ba0366c8bcac0def0e",
    "settings": {
      "testing": false
    },
    "software": "mriqc",
    "version": "0.15.0",
    "warnings": {
      "large_rot_frame": true,
      "small_air_mask": false
    },
    "webapi_port": null,
    "webapi_url": "https://mriqc.nimh.nih.gov/api/v1"
  },
  "qi_1": 0.0,
  "qi_2": 0.001287663109774353,
  "rpve_csf": 19.356448442756037,
  "rpve_gm": 9.539871352805653,
  "rpve_wm": 12.048805060148238,
  "size_x": 192,
  "size_y": 256,
  "size_z": 256,
  "snr_csf": 2.4519724707384576,
  "snr_gm": 9.567543189140332,
  "snr_total": 10.370878597164866,
  "snr_wm": 19.093120131615805,
  "snrd_csf": 22.600694255909808,
  "snrd_gm": 51.04247169221241,
  "snrd_total": 45.5841167463546,
  "snrd_wm": 63.109184290941606,
  "spacing_x": 0.8800000548362732,
  "spacing_y": 0.875,
  "spacing_z": 0.875,
  "summary_bg_k": 1.1135738839557163,
  "summary_bg_mad": 10.381475448608398,
  "summary_bg_mean": 24.813642501831055,
  "summary_bg_median": 23.457473754882812,
  "summary_bg_n": 2018492.0,
  "summary_bg_p05": 9.415696382522583,
  "summary_bg_p95": 44.777112770080564,
  "summary_bg_stdv": 10.95443058013916,
  "summary_csf_k": 16.770501216592915,
  "summary_csf_mad": 99.96342468261719,
  "summary_csf_mean": 398.9313049316406,
  "summary_csf_median": 358.136962890625,
  "summary_csf_n": 43520.0,
  "summary_csf_p05": 248.2092445373535,
  "summary_csf_p95": 646.5012695312498,
  "summary_csf_stdv": 146.05908203125,
  "summary_gm_k": -0.06109749651341678,
  "summary_gm_mad": 85.35396575927734,
  "summary_gm_mean": 811.852783203125,
  "summary_gm_median": 808.8333740234375,
  "summary_gm_n": 46278.0,
  "summary_gm_p05": 681.0403320312499,
  "summary_gm_p95": 958.4000793457031,
  "summary_gm_stdv": 84.53838348388672,
  "summary_wm_k": 0.6307625434726107,
  "summary_wm_mad": 48.762630462646484,
  "summary_wm_mean": 1001.2302856445312,
  "summary_wm_median": 1000.0458984375,
  "summary_wm_n": 394015.0,
  "summary_wm_p05": 917.1192687988281,
  "summary_wm_p95": 1088.978137207031,
  "summary_wm_stdv": 52.37722396850586,
  "tpm_overlap_csf": 0.24835079908370972,
  "tpm_overlap_gm": 0.5047630667686462,
  "tpm_overlap_wm": 0.5557825565338135,
  "wm2max": 0.5373010090035149
}