{
  "aor": 0.0021096316425120772,
  "aqi": 0.022225754830917873,
  "bids_meta": {
    "AcquisitionMatrixPE": 80,
    "AcquisitionNumber": 1,
    "AcquisitionTime": "09:22:29.020000",
    "BandwidthPerPixelPhaseEncode": 24.038,
    "BaseResolution": 80,
    "BodyPartExamined": "HEAD",
    "CogAtlasID": "TODO",
    "ConsistencyInfo": "N4_VE11C_LATEST_20160120",
    "ConversionSoftware": "dcm2niix",
    "ConversionSoftwareVersion": "v1.0.20190720  (JP2:OpenJPEG) GCC7.3.0",
    "DerivedVendorReportedEchoSpacing": 0.00052001,
    "DeviceSerialNumber": "45250",
    "DwellTime": 2.5e-06,
    "EchoTime": 0.0384,
    "EchoTrainLength": 80,
    "EffectiveEchoSpacing": 0.00052001,
    "FlipAngle": 60,
    "ImageComments": "Unaliased_MB4_PE3",
    "ImageOrientationPatientDICOM": [
      0.994597,
      -0.103239,
      -0.0108579,
      0.101028,
      0.986693,
      -0.127401
    ],
    "ImageType": [
      "ORIGINAL",
      "PRIMARY",
      "M",
      "MB",
      "ND",
      "NORM",
      "MOSAIC"
    ],
    "ImagingFrequency": 123.239,
    "InPlanePhaseEncodingDirectionDICOM": "COL",
    "InstitutionAddress": "Kopernikusstr._26_Graz_Graz_AT_8010",
    "InstitutionName": "KFU",
    "InstitutionalDepartmentName": "Department",
    "MRAcquisitionType": "2D",
    "MagneticFieldStrength": 3,
    "Manufacturer": "Siemens",
    "ManufacturersModelName": "Skyra",
    "Modality": "MR",
    "MultibandAccelerationFactor": 4,
    "PartialFourier": 1,
    "PatientPosition": "HFS",
    "PercentPhaseFOV": 100,
    "PhaseEncodingDirection": "j-",
    "PhaseEncodingSteps": 80,
    "PhaseResolution": 1,
    "PixelBandwidth": 2500,
    "ProcedureStepDescription": "DIPS_2019",
    "ProtocolName": "func_task-EyeMag_acq-CMRR_run-01",
    "PulseSequenceDetails": "%CustomerSeq%_cmrr_mbep2d_bold",
    "ReceiveCoilActiveElements": "HE1-4",
    "ReceiveCoilName": "HeadNeck_20",
    "ReconMatrixPE": 80,
    "RepetitionTime": 1,
    "SAR": 0.0911951,
    "ScanOptions": "FS",
    "ScanningSequence": "EP",
    "SequenceName": "epfid2d1_80",
    "SequenceVariant": "SK_SS",
    "SeriesDescription": "func_task-EyeMag_acq-CMRR_run-01",
    "SeriesNumber": 9,
    "ShimSetting": [
      -1160,
      -2961,
      -4197,
      608,
      738,
      716,
      -122,
      -874
    ],
    "SliceThickness": 3,
    "SliceTiming": [
      0,
      0.4075,
      0.8175,
      0.245,
      0.6525,
      0.0825,
      0.49,
      0.8975,
      0.3275,
      0.735,
      0.1625,
      0.5725,
      0,
      0.4075,
      0.8175,
      0.245,
      0.6525,
      0.0825,
      0.49,
      0.8975,
      0.3275,
      0.735,
      0.1625,
      0.5725,
      0,
      0.4075,
      0.8175,
      0.245,
      0.6525,
      0.0825,
      0.49,
      0.8975,
      0.3275,
      0.735,
      0.1625,
      0.5725,
      0,
      0.4075,
      0.8175,
      0.245,
      0.6525,
      0.0825,
      0.49,
      0.8975,
      0.3275,
      0.735,
      0.1625,
      0.5725
    ],
    "SoftwareVersions": "syngo_MR_E11",
    "SpacingBetweenSlices": 3,
    "StationName": "FBMTMR1",
    "TaskName": "EyeMag",
    "TotalReadoutTime": 0.0410808,
    "TxRefAmp": 345.663,
    "WipMemBlock": "a615935e-3387-42b2-87cb-a2397a6e9d57||Sequence: R016 ve11c/master r/34fb20f; Nov 20 2017 15:15:15 by eja",
    "acq_id": "CMRR",
    "dataset": "unknown",
    "modality": "bold",
    "run_id": 1,
    "session_id": "1",
    "subject_id": "101DPMB041032",
    "task_id": "EyeMag"
  },
  "dummy_trs": 1,
  "dvars_nstd": 32.224310723353504,
  "dvars_std": 1.1947020573836853,
  "dvars_vstd": 0.9600128817643513,
  "efc": 0.40444017406878546,
  "fber": 9901.00390625,
  "fd_mean": 0.15692829067286784,
  "fd_num": 220,
  "fd_perc": 13.285024154589372,
  "fwhm_avg": 2.5145733333333333,
  "fwhm_x": 2.34306,
  "fwhm_y": 2.826116666666667,
  "fwhm_z": 2.3745433333333335,
  "gcor": 0.00940955,
  "gsr_x": -0.008280976675450802,
  "gsr_y": 0.009717444889247417,
  "provenance": {
    "md5sum": "62c39d2506bc7e566bfa1e0c80da37b8",
    "settings": {
      "fd_thres": 0.2,
      "hmc_fsl": false
    },
    "software": "mriqc",
    "version": "0.15.0",
    "webapi_port": null,
    "webapi_url": "https://mriqc.nimh.nih.gov/api/v1"
  },
  "size_t": 1656,
  "size_x": 80,
  "size_y": 80,
  "size_z": 48,
  "snr": 4.658285885407255,
  "spacing_tr": 1.0,
  "spacing_x": 3.0,
  "spacing_y": 3.0,
  "spacing_z": 3.0,
  "summary_bg_k": 65.81665384591706,
  "summary_bg_mad": 48.38481903076172,
  "summary_bg_mean": 197.5948028564453,
  "summary_bg_median": 81.1576919555664,
  "summary_bg_n": 215443.0,
  "summary_bg_p05": 38.12010231018066,
  "summary_bg_p95": 651.5883544921872,
  "summary_bg_stdv": 441.1645812988281,
  "summary_fg_k": 4.003381029737571,
  "summary_fg_mad": 1217.437255859375,
  "summary_fg_mean": 8185.83251953125,
  "summary_fg_median": 8289.3232421875,
  "summary_fg_n": 44091.0,
  "summary_fg_p05": 4973.9150390625,
  "summary_fg_p95": 10585.09912109375,
  "summary_fg_stdv": 1779.4591064453125,
  "tsnr": 36.507301330566406
}