{
  "bids_meta": {
    "AcquisitionMatrixPE": 256,
    "AcquisitionNumber": 1,
    "AcquisitionTime": "15:41:1.785000",
    "BaseResolution": 256,
    "BodyPartExamined": "HEAD",
    "CoilString": "HE1-4;NE1_2",
    "ConsistencyInfo": "N4_VE11C_LATEST_20160120",
    "ConversionSoftware": "dcm2niix",
    "ConversionSoftwareVersion": "v1.0.20190410  (JP2:OpenJPEG) GCC7.3.0",
    "DeviceSerialNumber": "45250",
    "DwellTime": 7.2e-06,
    "EchoTime": 0.00188,
    "FlipAngle": 8,
    "ImageOrientationPatientDICOM": [
      -0.0034898,
      0.997315,
      0.0731462,
      0.0499787,
      0.0732292,
      -0.996062
    ],
    "ImageType": [
      "ORIGINAL",
      "PRIMARY",
      "M",
      "NORM",
      "DIS3D",
      "DIS2D"
    ],
    "ImagingFrequency": 123.239,
    "InPlanePhaseEncodingDirectionDICOM": "ROW",
    "InstitutionAddress": "Kopernikusstr._26_Graz_Graz_AT_8010",
    "InstitutionName": "KFU",
    "InstitutionalDepartmentName": "Department",
    "InversionTime": 1,
    "MRAcquisitionType": "3D",
    "MagneticFieldStrength": 3,
    "Manufacturer": "Siemens",
    "ManufacturersModelName": "Skyra",
    "Modality": "MR",
    "PartialFourier": 1,
    "PatientPosition": "HFS",
    "PercentPhaseFOV": 100,
    "PhaseEncodingSteps": 294,
    "PhaseOversampling": 0.15,
    "PhaseResolution": 1,
    "PixelBandwidth": 270,
    "ProcedureStepDescription": "DIPS_2019",
    "ProtocolName": "anat-T1w",
    "PulseSequenceDetails": "%SiemensSeq%_tfl",
    "ReceiveCoilActiveElements": "HE1-4;NE1,2",
    "ReceiveCoilName": "HeadNeck_20",
    "ReconMatrixPE": 256,
    "RefLinesPE": 24,
    "RepetitionTime": 1.68,
    "SAR": 0.0874191,
    "ScanOptions": "IR_WE",
    "ScanningSequence": "GR_IR",
    "SequenceName": "_tfl3d1_16ns",
    "SequenceVariant": "SK_SP_MP_OSP",
    "SeriesDescription": "anat-T1w",
    "SeriesNumber": 5,
    "ShimSetting": [
      -1112,
      -3117,
      -4349,
      149,
      856,
      -74,
      88,
      -891
    ],
    "SliceThickness": 0.88,
    "SoftwareVersions": "syngo_MR_E11",
    "StationName": "FBMTMR1",
    "TxRefAmp": 367.614,
    "dataset": "unknown",
    "modality": "T1w",
    "session_id": "1",
    "subject_id": "101DPMB041005"
  },
  "cjv": 0.7720007320905296,
  "cnr": 1.7384930510610337,
  "efc": 0.7002854493693454,
  "fber": 826.6642456054688,
  "fwhm_avg": 4.379444413769342,
  "fwhm_x": 4.255636098450882,
  "fwhm_y": 4.445702857142857,
  "fwhm_z": 4.4369942857142854,
  "icvs_csf": 0.1815886623986709,
  "icvs_gm": 0.4262625847976792,
  "icvs_wm": 0.3921487528036499,
  "inu_med": 1.1591740846633911,
  "inu_range": 0.634499478340149,
  "provenance": {
    "md5sum": "9a53c78e09a271d09eefb81709c1a75a",
    "settings": {
      "testing": false
    },
    "software": "mriqc",
    "version": "0.15.0",
    "warnings": {
      "large_rot_frame": true,
      "small_air_mask": false
    },
    "webapi_port": null,
    "webapi_url": "https://mriqc.nimh.nih.gov/api/v1"
  },
  "qi_1": 0.0,
  "qi_2": 0.0011310812340891584,
  "rpve_csf": 17.30660803733587,
  "rpve_gm": 8.019062203253645,
  "rpve_wm": 10.090724236990546,
  "size_x": 192,
  "size_y": 256,
  "size_z": 256,
  "snr_csf": 3.3466951731271566,
  "snr_gm": 9.389722428614578,
  "snr_total": 9.781002719730544,
  "snr_wm": 16.6065905574499,
  "snrd_csf": 23.464867476331094,
  "snrd_gm": 49.13700154117534,
  "snrd_total": 44.293232878800616,
  "snrd_wm": 60.277829618895424,
  "spacing_x": 0.8800000548362732,
  "spacing_y": 0.875,
  "spacing_z": 0.875,
  "summary_bg_k": 1.1113530570411383,
  "summary_bg_mad": 10.869140625,
  "summary_bg_mean": 24.093809127807617,
  "summary_bg_median": 22.85390853881836,
  "summary_bg_n": 1789242.0,
  "summary_bg_p05": 7.162801384925842,
  "summary_bg_p95": 45.26043968200683,
  "summary_bg_stdv": 11.813902854919434,
  "summary_csf_k": 6.301191321587666,
  "summary_csf_mad": 101.15923309326172,
  "summary_csf_mean": 409.9267272949219,
  "summary_csf_median": 389.2974853515625,
  "summary_csf_n": 44353.0,
  "summary_csf_p05": 261.8514465332031,
  "summary_csf_p95": 624.0640869140627,
  "summary_csf_stdv": 116.32164764404297,
  "summary_gm_k": 0.20469789194646548,
  "summary_gm_mad": 83.00857543945312,
  "summary_gm_mean": 821.1018676757812,
  "summary_gm_median": 815.2149658203125,
  "summary_gm_n": 60036.0,
  "summary_gm_p05": 690.6462707519531,
  "summary_gm_p95": 982.7969665527344,
  "summary_gm_stdv": 86.81919860839844,
  "summary_wm_k": 0.28234568541584437,
  "summary_wm_mad": 59.68311309814453,
  "summary_wm_mean": 1002.707763671875,
  "summary_wm_median": 1000.048583984375,
  "summary_wm_n": 465562.0,
  "summary_wm_p05": 909.6795501708984,
  "summary_wm_p95": 1105.2649353027343,
  "summary_wm_stdv": 60.21991729736328,
  "tpm_overlap_csf": 0.23777565360069275,
  "tpm_overlap_gm": 0.5075787901878357,
  "tpm_overlap_wm": 0.5511801838874817,
  "wm2max": 0.518590888128276
}