{
  "aor": 0.0010520386007237636,
  "aqi": 0.026946488962605552,
  "bids_meta": {
    "AcquisitionMatrixPE": 80,
    "AcquisitionNumber": 1,
    "AcquisitionTime": "14:36:27.037500",
    "BandwidthPerPixelPhaseEncode": 24.038,
    "BaseResolution": 80,
    "BodyPartExamined": "HEAD",
    "CogAtlasID": "TODO",
    "ConsistencyInfo": "N4_VE11C_LATEST_20160120",
    "ConversionSoftware": "dcm2niix",
    "ConversionSoftwareVersion": "v1.0.20190410  (JP2:OpenJPEG) GCC7.3.0",
    "DerivedVendorReportedEchoSpacing": 0.00052001,
    "DeviceSerialNumber": "45250",
    "DwellTime": 2.5e-06,
    "EchoTime": 0.0384,
    "EchoTrainLength": 80,
    "EffectiveEchoSpacing": 0.00052001,
    "FlipAngle": 60,
    "ImageComments": "Unaliased_MB4_PE3",
    "ImageOrientationPatientDICOM": [
      0.999968,
      -0.00125968,
      0.00787522,
      0.00349056,
      0.956976,
      -0.290146
    ],
    "ImageType": [
      "ORIGINAL",
      "PRIMARY",
      "M",
      "MB",
      "ND",
      "NORM",
      "MOSAIC"
    ],
    "ImagingFrequency": 123.239,
    "InPlanePhaseEncodingDirectionDICOM": "COL",
    "InstitutionAddress": "Kopernikusstr._26_Graz_Graz_AT_8010",
    "InstitutionName": "KFU",
    "InstitutionalDepartmentName": "Department",
    "MRAcquisitionType": "2D",
    "MagneticFieldStrength": 3,
    "Manufacturer": "Siemens",
    "ManufacturersModelName": "Skyra",
    "Modality": "MR",
    "MultibandAccelerationFactor": 4,
    "PartialFourier": 1,
    "PatientPosition": "HFS",
    "PercentPhaseFOV": 100,
    "PhaseEncodingDirection": "j-",
    "PhaseEncodingSteps": 80,
    "PhaseResolution": 1,
    "PixelBandwidth": 2500,
    "ProcedureStepDescription": "DIPS_2019",
    "ProtocolName": "func_task-EyeMag_acq-CMRR_run-01",
    "PulseSequenceDetails": "%CustomerSeq%_cmrr_mbep2d_bold",
    "ReceiveCoilActiveElements": "HE1-4",
    "ReceiveCoilName": "HeadNeck_20",
    "ReconMatrixPE": 80,
    "RepetitionTime": 1,
    "SAR": 0.100112,
    "ScanOptions": "FS",
    "ScanningSequence": "EP",
    "SequenceName": "epfid2d1_80",
    "SequenceVariant": "SK_SS",
    "SeriesDescription": "func_task-EyeMag_acq-CMRR_run-01",
    "SeriesNumber": 9,
    "ShimSetting": [
      -1092,
      -3016,
      -4204,
      412,
      1004,
      427,
      155,
      -876
    ],
    "SliceThickness": 3,
    "SliceTiming": [
      0,
      0.4075,
      0.8175,
      0.245,
      0.6525,
      0.0825,
      0.49,
      0.8975,
      0.3275,
      0.735,
      0.1625,
      0.5725,
      0,
      0.4075,
      0.8175,
      0.245,
      0.6525,
      0.0825,
      0.49,
      0.8975,
      0.3275,
      0.735,
      0.1625,
      0.5725,
      0,
      0.4075,
      0.8175,
      0.245,
      0.6525,
      0.0825,
      0.49,
      0.8975,
      0.3275,
      0.735,
      0.1625,
      0.5725,
      0,
      0.4075,
      0.8175,
      0.245,
      0.6525,
      0.0825,
      0.49,
      0.8975,
      0.3275,
      0.735,
      0.1625,
      0.5725
    ],
    "SoftwareVersions": "syngo_MR_E11",
    "SpacingBetweenSlices": 3,
    "StationName": "FBMTMR1",
    "TaskName": "TODO: full task name for EyeMag",
    "TotalReadoutTime": 0.0410808,
    "TxRefAmp": 393.919,
    "WipMemBlock": "19121c10-7d34-4193-957a-327fcc9a0f86||Sequence: R016 ve11c/master r/34fb20f; Nov 20 2017 15:15:15 by eja",
    "acq_id": "CMRR",
    "dataset": "unknown",
    "modality": "bold",
    "run_id": 1,
    "session_id": "1",
    "subject_id": "101DPMB042004",
    "task_id": "EyeMag"
  },
  "dummy_trs": 0,
  "dvars_nstd": 27.990730194773697,
  "dvars_std": 1.1406198791973452,
  "dvars_vstd": 1.0593515451538928,
  "efc": 0.44139766986666285,
  "fber": 7710.5771484375,
  "fd_mean": 0.15688489652315224,
  "fd_num": 442,
  "fd_perc": 26.658624849215922,
  "fwhm_avg": 2.6299466666666667,
  "fwhm_x": 2.5259300000000002,
  "fwhm_y": 2.9577266666666664,
  "fwhm_z": 2.4061833333333333,
  "gcor": 0.016416,
  "gsr_x": -0.0012765867868438363,
  "gsr_y": 0.01031035277992487,
  "provenance": {
    "md5sum": "28b22b0e4bd96b671c89a4d33f7219c2",
    "settings": {
      "fd_thres": 0.2,
      "hmc_fsl": false
    },
    "software": "mriqc",
    "version": "0.15.0",
    "webapi_port": null,
    "webapi_url": "https://mriqc.nimh.nih.gov/api/v1"
  },
  "size_t": 1658,
  "size_x": 80,
  "size_y": 80,
  "size_z": 48,
  "snr": 4.885145571298113,
  "spacing_tr": 1.0,
  "spacing_x": 3.0,
  "spacing_y": 3.0,
  "spacing_z": 3.0,
  "summary_bg_k": 54.256877355502084,
  "summary_bg_mad": 73.30004119873047,
  "summary_bg_mean": 261.7283020019531,
  "summary_bg_median": 100.71717834472656,
  "summary_bg_n": 206069.0,
  "summary_bg_p05": 39.453501129150396,
  "summary_bg_p95": 955.1606079101563,
  "summary_bg_stdv": 542.6149291992188,
  "summary_fg_k": 3.9829745305976614,
  "summary_fg_mad": 1241.8936767578125,
  "summary_fg_mean": 8854.7734375,
  "summary_fg_median": 9026.69140625,
  "summary_fg_n": 51672.0,
  "summary_fg_p05": 5342.936865234375,
  "summary_fg_p95": 11305.519482421874,
  "summary_fg_stdv": 1847.765625,
  "tsnr": 32.83845520019531
}