{
  "bids_meta": {
    "AcquisitionMatrixPE": 256,
    "AcquisitionNumber": 1,
    "AcquisitionTime": "10:11:24.450000",
    "BaseResolution": 256,
    "BodyPartExamined": "HEAD",
    "CoilString": "HE1-4;NE1_2",
    "ConsistencyInfo": "N4_VE11C_LATEST_20160120",
    "ConversionSoftware": "dcm2niix",
    "ConversionSoftwareVersion": "v1.0.20190720  (JP2:OpenJPEG) GCC7.3.0",
    "DeviceSerialNumber": "45250",
    "DwellTime": 7.2e-06,
    "EchoTime": 0.00188,
    "FlipAngle": 8,
    "ImageOrientationPatientDICOM": [
      0.0049234,
      0.990971,
      0.133983,
      0.00747374,
      0.133945,
      -0.990961
    ],
    "ImageType": [
      "ORIGINAL",
      "PRIMARY",
      "M",
      "NORM",
      "DIS3D",
      "DIS2D"
    ],
    "ImagingFrequency": 123.24,
    "InPlanePhaseEncodingDirectionDICOM": "ROW",
    "InstitutionAddress": "Kopernikusstr._26_Graz_Graz_AT_8010",
    "InstitutionName": "KFU",
    "InstitutionalDepartmentName": "Department",
    "InversionTime": 1,
    "MRAcquisitionType": "3D",
    "MagneticFieldStrength": 3,
    "Manufacturer": "Siemens",
    "ManufacturersModelName": "Skyra",
    "Modality": "MR",
    "ParallelReductionFactorInPlane": 2,
    "PartialFourier": 1,
    "PatientPosition": "HFS",
    "PercentPhaseFOV": 100,
    "PhaseEncodingSteps": 294,
    "PhaseOversampling": 0.15,
    "PhaseResolution": 1,
    "PixelBandwidth": 270,
    "ProcedureStepDescription": "DIPS_2019",
    "ProtocolName": "anat-T1w",
    "PulseSequenceDetails": "%SiemensSeq%_tfl",
    "ReceiveCoilActiveElements": "HE1-4;NE1,2",
    "ReceiveCoilName": "HeadNeck_20",
    "ReconMatrixPE": 256,
    "RefLinesPE": 24,
    "RepetitionTime": 1.68,
    "SAR": 0.096233,
    "ScanOptions": "IR_WE",
    "ScanningSequence": "GR_IR",
    "SequenceName": "_tfl3d1_16ns",
    "SequenceVariant": "SK_SP_MP_OSP",
    "SeriesDescription": "anat-T1w",
    "SeriesNumber": 5,
    "ShimSetting": [
      -1102,
      -3155,
      -4524,
      134,
      876,
      -613,
      182,
      -863
    ],
    "SliceThickness": 0.88,
    "SoftwareVersions": "syngo_MR_E11",
    "StationName": "FBMTMR1",
    "TxRefAmp": 354.693,
    "dataset": "unknown",
    "modality": "T1w",
    "session_id": "1",
    "subject_id": "101DPMB041011"
  },
  "cjv": 0.7686034487465929,
  "cnr": 1.836578057837955,
  "efc": 0.6218088515610023,
  "fber": 795.186279296875,
  "fwhm_avg": 4.02567976668576,
  "fwhm_x": 3.9380793000572814,
  "fwhm_y": 4.085634285714286,
  "fwhm_z": 4.053325714285714,
  "icvs_csf": 0.18257589527264212,
  "icvs_gm": 0.4498370792914932,
  "icvs_wm": 0.3675870254358647,
  "inu_med": 1.2295899391174316,
  "inu_range": 0.5884828329086305,
  "provenance": {
    "md5sum": "101e61899d71e6d7c3de592c6091ea40",
    "settings": {
      "testing": false
    },
    "software": "mriqc",
    "version": "0.15.0",
    "warnings": {
      "large_rot_frame": true,
      "small_air_mask": false
    },
    "webapi_port": null,
    "webapi_url": "https://mriqc.nimh.nih.gov/api/v1"
  },
  "qi_1": 0.0,
  "qi_2": 0.0011142194672363625,
  "rpve_csf": 26.412555067941792,
  "rpve_gm": 11.78955545069506,
  "rpve_wm": 16.013635675289976,
  "size_x": 192,
  "size_y": 256,
  "size_z": 256,
  "snr_csf": 2.9361507667349644,
  "snr_gm": 10.083559655677181,
  "snr_total": 9.719757142915993,
  "snr_wm": 16.139561006335835,
  "snrd_csf": 21.819604818815385,
  "snrd_gm": 50.28350706662801,
  "snrd_total": 44.67054225942224,
  "snrd_wm": 61.90851489282335,
  "spacing_x": 0.8800000548362732,
  "spacing_y": 0.875,
  "spacing_z": 0.875,
  "summary_bg_k": 1.3483707271916847,
  "summary_bg_mad": 10.582716941833496,
  "summary_bg_mean": 24.685880661010742,
  "summary_bg_median": 23.186965942382812,
  "summary_bg_n": 2355491.0,
  "summary_bg_p05": 9.148915767669678,
  "summary_bg_p95": 45.32137680053711,
  "summary_bg_stdv": 11.2543363571167,
  "summary_csf_k": 2.939276106132702,
  "summary_csf_mad": 85.20904541015625,
  "summary_csf_mean": 386.4209899902344,
  "summary_csf_median": 352.4620361328125,
  "summary_csf_n": 28001.0,
  "summary_csf_p05": 253.8228759765625,
  "summary_csf_p95": 647.0890502929688,
  "summary_csf_stdv": 120.04006958007812,
  "summary_gm_k": -0.26458518196583913,
  "summary_gm_mad": 84.85667419433594,
  "summary_gm_mean": 815.6632690429688,
  "summary_gm_median": 812.25244140625,
  "summary_gm_n": 37758.0,
  "summary_gm_p05": 689.8304931640624,
  "summary_gm_p95": 951.5940093994141,
  "summary_gm_stdv": 80.55108642578125,
  "summary_wm_k": 0.23235502450404777,
  "summary_wm_mad": 59.47480010986328,
  "summary_wm_mean": 1000.7186279296875,
  "summary_wm_median": 1000.0364990234375,
  "summary_wm_n": 252808.0,
  "summary_wm_p05": 898.5402130126954,
  "summary_wm_p95": 1103.6983764648437,
  "summary_wm_stdv": 61.961692810058594,
  "tpm_overlap_csf": 0.23350632190704346,
  "tpm_overlap_gm": 0.5130990743637085,
  "tpm_overlap_wm": 0.5339785218238831,
  "wm2max": 0.5635195611344137
}