{
  "aor": 0.003302019058963669,
  "aqi": 0.02302858975580703,
  "bids_meta": {
    "AcquisitionMatrixPE": 80,
    "AcquisitionNumber": 1,
    "AcquisitionTime": "16:14:50.410000",
    "BandwidthPerPixelPhaseEncode": 24.038,
    "BaseResolution": 80,
    "BodyPartExamined": "HEAD",
    "CogAtlasID": "TODO",
    "CoilString": "HE1-4;NE1_2",
    "ConsistencyInfo": "N4_VE11C_LATEST_20160120",
    "ConversionSoftware": "dcm2niix",
    "ConversionSoftwareVersion": "v1.0.20190720  (JP2:OpenJPEG) GCC7.3.0",
    "DerivedVendorReportedEchoSpacing": 0.00052001,
    "DeviceSerialNumber": "45250",
    "DwellTime": 2.5e-06,
    "EchoTime": 0.0384,
    "EchoTrainLength": 80,
    "EffectiveEchoSpacing": 0.00052001,
    "FlipAngle": 60,
    "ImageComments": "Unaliased_MB4_PE3",
    "ImageOrientationPatientDICOM": [
      0.993755,
      -0.111514,
      0.00404274,
      0.107956,
      0.951618,
      -0.287695
    ],
    "ImageType": [
      "ORIGINAL",
      "PRIMARY",
      "M",
      "MB",
      "ND",
      "NORM",
      "MOSAIC"
    ],
    "ImagingFrequency": 123.239,
    "InPlanePhaseEncodingDirectionDICOM": "COL",
    "InstitutionAddress": "Kopernikusstr._26_Graz_Graz_AT_8010",
    "InstitutionName": "KFU",
    "InstitutionalDepartmentName": "Department",
    "MRAcquisitionType": "2D",
    "MagneticFieldStrength": 3,
    "Manufacturer": "Siemens",
    "ManufacturersModelName": "Skyra",
    "Modality": "MR",
    "MultibandAccelerationFactor": 4,
    "PartialFourier": 1,
    "PatientPosition": "HFS",
    "PercentPhaseFOV": 100,
    "PhaseEncodingDirection": "j-",
    "PhaseEncodingSteps": 80,
    "PhaseResolution": 1,
    "PixelBandwidth": 2500,
    "ProcedureStepDescription": "DIPS_2019",
    "ProtocolName": "func_task-EyeMag_acq-CMRR_run-01",
    "PulseSequenceDetails": "%CustomerSeq%_cmrr_mbep2d_bold",
    "ReceiveCoilActiveElements": "HE1-4;NE1,2",
    "ReceiveCoilName": "HeadNeck_20",
    "ReconMatrixPE": 80,
    "RepetitionTime": 1,
    "SAR": 0.100498,
    "ScanOptions": "FS",
    "ScanningSequence": "EP",
    "SequenceName": "epfid2d1_80",
    "SequenceVariant": "SK_SS",
    "SeriesDescription": "func_task-EyeMag_acq-CMRR_run-01",
    "SeriesNumber": 9,
    "ShimSetting": [
      -1101,
      -3076,
      -4176,
      615,
      936,
      483,
      143,
      -997
    ],
    "SliceThickness": 3,
    "SliceTiming": [
      0,
      0.41,
      0.8175,
      0.245,
      0.655,
      0.0825,
      0.49,
      0.9,
      0.3275,
      0.735,
      0.165,
      0.5725,
      0,
      0.41,
      0.8175,
      0.245,
      0.655,
      0.0825,
      0.49,
      0.9,
      0.3275,
      0.735,
      0.165,
      0.5725,
      0,
      0.41,
      0.8175,
      0.245,
      0.655,
      0.0825,
      0.49,
      0.9,
      0.3275,
      0.735,
      0.165,
      0.5725,
      0,
      0.41,
      0.8175,
      0.245,
      0.655,
      0.0825,
      0.49,
      0.9,
      0.3275,
      0.735,
      0.165,
      0.5725
    ],
    "SoftwareVersions": "syngo_MR_E11",
    "SpacingBetweenSlices": 3,
    "StationName": "FBMTMR1",
    "TaskName": "EyeMag",
    "TotalReadoutTime": 0.0410808,
    "TxRefAmp": 359.941,
    "WipMemBlock": "789f95db-e1b2-4c38-92b7-872b52ea2f6f||Sequence: R016 ve11c/master r/34fb20f; Nov 20 2017 15:15:15 by eja",
    "acq_id": "CMRR",
    "dataset": "unknown",
    "modality": "bold",
    "run_id": 1,
    "session_id": "1",
    "subject_id": "101DPMB042024",
    "task_id": "EyeMag"
  },
  "dummy_trs": 0,
  "dvars_nstd": 28.350084457097765,
  "dvars_std": 1.164294106054827,
  "dvars_vstd": 1.0037990855899876,
  "efc": 0.3810059580562481,
  "fber": 9383.79296875,
  "fd_mean": 0.1707078543503768,
  "fd_num": 396,
  "fd_perc": 23.5854675402025,
  "fwhm_avg": 2.6173455555555556,
  "fwhm_x": 2.52679,
  "fwhm_y": 2.911903333333333,
  "fwhm_z": 2.413343333333333,
  "gcor": 0.0159991,
  "gsr_x": -0.00902310386300087,
  "gsr_y": 0.006742386147379875,
  "provenance": {
    "md5sum": "1bc2a18ecf63af17c27ef2e426b19340",
    "settings": {
      "fd_thres": 0.2,
      "hmc_fsl": false
    },
    "software": "mriqc",
    "version": "0.15.0",
    "webapi_port": null,
    "webapi_url": "https://mriqc.nimh.nih.gov/api/v1"
  },
  "size_t": 1679,
  "size_x": 80,
  "size_y": 80,
  "size_z": 48,
  "snr": 4.7698360815258285,
  "spacing_tr": 1.0,
  "spacing_x": 3.0,
  "spacing_y": 3.0,
  "spacing_z": 3.0,
  "summary_bg_k": 92.8509747927282,
  "summary_bg_mad": 45.8211669921875,
  "summary_bg_mean": 185.14772033691406,
  "summary_bg_median": 84.77972412109375,
  "summary_bg_n": 223378.0,
  "summary_bg_p05": 42.36497993469238,
  "summary_bg_p95": 574.7498626708983,
  "summary_bg_stdv": 398.9060363769531,
  "summary_fg_k": 4.3375999130479315,
  "summary_fg_mad": 1107.7435302734375,
  "summary_fg_mean": 8166.3193359375,
  "summary_fg_median": 8366.6376953125,
  "summary_fg_n": 37838.0,
  "summary_fg_p05": 4615.203125,
  "summary_fg_p95": 10376.5560546875,
  "summary_fg_stdv": 1754.0491943359375,
  "tsnr": 38.07125473022461
}