{
    "AcquisitionMatrixPE": 80,
    "AcquisitionNumber": 1,
    "AcquisitionTime": "13:43:56.920000",
    "BandwidthPerPixelPhaseEncode": 24.038,
    "BaseResolution": 80,
    "BodyPartExamined": "HEAD",
    "CoilString": "HE1-4;NE1_2",
    "ConsistencyInfo": "N4_VE11C_LATEST_20160120",
    "ConversionSoftware": "dcm2niix",
    "ConversionSoftwareVersion": "v1.0.20190410  (JP2:OpenJPEG) GCC7.3.0",
    "DerivedVendorReportedEchoSpacing": 0.00052001,
    "DeviceSerialNumber": "45250",
    "DwellTime": 2.5e-06,
    "EchoTime": 0.0384,
    "EchoTrainLength": 80,
    "EffectiveEchoSpacing": 0.00052001,
    "FlipAngle": 60,
    "ImageComments": "Unaliased_MB4_PE3",
    "ImageOrientationPatientDICOM": [
        0.994997,
        -0.0829925,
        -0.0556115,
        0.0486635,
        0.888793,
        -0.455718
    ],
    "ImageType": [
        "ORIGINAL",
        "PRIMARY",
        "M",
        "MB",
        "ND",
        "NORM",
        "MOSAIC"
    ],
    "ImagingFrequency": 123.239,
    "InPlanePhaseEncodingDirectionDICOM": "COL",
    "InstitutionAddress": "deleted_by_bidsonym",
    "InstitutionName": "deleted_by_bidsonym",
    "InstitutionalDepartmentName": "deleted_by_bidsonym",
    "MRAcquisitionType": "2D",
    "MagneticFieldStrength": 3,
    "Manufacturer": "Siemens",
    "ManufacturersModelName": "Skyra",
    "Modality": "MR",
    "MultibandAccelerationFactor": 4,
    "PartialFourier": 1,
    "PatientPosition": "HFS",
    "PercentPhaseFOV": 100,
    "PhaseEncodingDirection": "j",
    "PhaseEncodingSteps": 80,
    "PhaseResolution": 1,
    "PixelBandwidth": 2500,
    "ProcedureStepDescription": "deleted_by_bidsonym",
    "ProtocolName": "fmap_acq-CMRR_run-01_dir-PA",
    "PulseSequenceDetails": "%CustomerSeq%_cmrr_mbep2d_bold",
    "ReceiveCoilActiveElements": "HE1-4;NE1,2",
    "ReceiveCoilName": "HeadNeck_20",
    "ReconMatrixPE": 80,
    "RepetitionTime": 1,
    "SAR": 0.0815648,
    "ScanOptions": "FS",
    "ScanningSequence": "EP",
    "SequenceName": "epfid2d1_80",
    "SequenceVariant": "SK_SS",
    "SeriesDescription": "fmap_acq-CMRR_run-01_dir-PA",
    "SeriesNumber": 10,
    "ShimSetting": [
        -1142,
        -2971,
        -4298,
        312,
        1075,
        371,
        -103,
        -1025
    ],
    "SliceThickness": 3,
    "SliceTiming": [
        0,
        0.4075,
        0.8175,
        0.245,
        0.6525,
        0.0825,
        0.49,
        0.8975,
        0.3275,
        0.735,
        0.1625,
        0.5725,
        0,
        0.4075,
        0.8175,
        0.245,
        0.6525,
        0.0825,
        0.49,
        0.8975,
        0.3275,
        0.735,
        0.1625,
        0.5725,
        0,
        0.4075,
        0.8175,
        0.245,
        0.6525,
        0.0825,
        0.49,
        0.8975,
        0.3275,
        0.735,
        0.1625,
        0.5725,
        0,
        0.4075,
        0.8175,
        0.245,
        0.6525,
        0.0825,
        0.49,
        0.8975,
        0.3275,
        0.735,
        0.1625,
        0.5725
    ],
    "SoftwareVersions": "syngo_MR_E11",
    "SpacingBetweenSlices": 3,
    "StationName": "deleted_by_bidsonym",
    "TotalReadoutTime": 0.0410808,
    "TxRefAmp": 358.741,
    "WipMemBlock": "bbc578a6-40b8-419a-b0c2-9e7ee1d66fc9||Sequence: R016 ve11c/master r/34fb20f; Nov 20 2017 15:15:15 by eja"
}