{
  "bids_meta": {
    "AcquisitionMatrixPE": 256,
    "AcquisitionNumber": 1,
    "AcquisitionTime": "15:05:13.912500",
    "BaseResolution": 256,
    "BodyPartExamined": "HEAD",
    "CoilString": "HE1-4;NE1_2",
    "ConsistencyInfo": "N4_VE11C_LATEST_20160120",
    "ConversionSoftware": "dcm2niix",
    "ConversionSoftwareVersion": "v1.0.20190720  (JP2:OpenJPEG) GCC7.3.0",
    "DeviceSerialNumber": "45250",
    "DwellTime": 7.2e-06,
    "EchoTime": 0.00188,
    "FlipAngle": 8,
    "ImageOrientationPatientDICOM": [
      0.105502,
      0.994074,
      -0.0261764,
      0.00389041,
      -0.0267357,
      -0.999635
    ],
    "ImageType": [
      "ORIGINAL",
      "PRIMARY",
      "M",
      "NORM",
      "DIS3D",
      "DIS2D"
    ],
    "ImagingFrequency": 123.239,
    "InPlanePhaseEncodingDirectionDICOM": "ROW",
    "InstitutionAddress": "Kopernikusstr._26_Graz_Graz_AT_8010",
    "InstitutionName": "KFU",
    "InstitutionalDepartmentName": "Department",
    "InversionTime": 1,
    "MRAcquisitionType": "3D",
    "MagneticFieldStrength": 3,
    "Manufacturer": "Siemens",
    "ManufacturersModelName": "Skyra",
    "Modality": "MR",
    "ParallelReductionFactorInPlane": 2,
    "PartialFourier": 1,
    "PatientPosition": "HFS",
    "PercentPhaseFOV": 100,
    "PhaseEncodingSteps": 294,
    "PhaseOversampling": 0.15,
    "PhaseResolution": 1,
    "PixelBandwidth": 270,
    "ProcedureStepDescription": "DIPS_2019",
    "ProtocolName": "anat-T1w",
    "PulseSequenceDetails": "%SiemensSeq%_tfl",
    "ReceiveCoilActiveElements": "HE1-4;NE1,2",
    "ReceiveCoilName": "HeadNeck_20",
    "ReconMatrixPE": 256,
    "RefLinesPE": 24,
    "RepetitionTime": 1.68,
    "SAR": 0.0813627,
    "ScanOptions": "IR_WE",
    "ScanningSequence": "GR_IR",
    "SequenceName": "_tfl3d1_16ns",
    "SequenceVariant": "SK_SP_MP_OSP",
    "SeriesDescription": "anat-T1w",
    "SeriesNumber": 5,
    "ShimSetting": [
      -1123,
      -3017,
      -4485,
      207,
      945,
      -139,
      158,
      -906
    ],
    "SliceThickness": 0.88,
    "SoftwareVersions": "syngo_MR_E11",
    "StationName": "FBMTMR1",
    "TxRefAmp": 363.422,
    "dataset": "unknown",
    "modality": "T1w",
    "session_id": "1",
    "subject_id": "101DPMB041023"
  },
  "cjv": 0.7909456565035576,
  "cnr": 1.7368356611549645,
  "efc": 0.6875749928348559,
  "fber": 667.098388671875,
  "fwhm_avg": 4.123143466165792,
  "fwhm_x": 4.025636112783089,
  "fwhm_y": 4.157954285714285,
  "fwhm_z": 4.18584,
  "icvs_csf": 0.1816971218452714,
  "icvs_gm": 0.44069635111780525,
  "icvs_wm": 0.3776065270369233,
  "inu_med": 1.129491925239563,
  "inu_range": 0.6054885745048523,
  "provenance": {
    "md5sum": "cdad522af469a7c395123867b06b8037",
    "settings": {
      "testing": false
    },
    "software": "mriqc",
    "version": "0.15.0",
    "warnings": {
      "large_rot_frame": true,
      "small_air_mask": false
    },
    "webapi_port": null,
    "webapi_url": "https://mriqc.nimh.nih.gov/api/v1"
  },
  "qi_1": 0.0,
  "qi_2": 0.0010445458106012335,
  "rpve_csf": 18.92098978725859,
  "rpve_gm": 8.614037416436881,
  "rpve_wm": 11.308067386759772,
  "size_x": 192,
  "size_y": 256,
  "size_z": 256,
  "snr_csf": 2.1676018147433718,
  "snr_gm": 10.252756004855373,
  "snr_total": 9.611634157464017,
  "snr_wm": 16.414544652793307,
  "snrd_csf": 21.318843511565095,
  "snrd_gm": 45.71439567904456,
  "snrd_total": 40.84877460660893,
  "snrd_wm": 55.51308462921713,
  "spacing_x": 0.8800000548362732,
  "spacing_y": 0.875,
  "spacing_z": 0.875,
  "summary_bg_k": 1.2262552524146164,
  "summary_bg_mad": 11.802016258239746,
  "summary_bg_mean": 26.718294143676758,
  "summary_bg_median": 25.33173370361328,
  "summary_bg_n": 2132734.0,
  "summary_bg_p05": 8.407602834701539,
  "summary_bg_p95": 49.7999572753906,
  "summary_bg_stdv": 12.878447532653809,
  "summary_csf_k": 13.957168380846056,
  "summary_csf_mad": 111.65599060058594,
  "summary_csf_mean": 431.9009704589844,
  "summary_csf_median": 384.0503234863281,
  "summary_csf_n": 46730.0,
  "summary_csf_p05": 260.93359222412107,
  "summary_csf_p95": 702.7614013671869,
  "summary_csf_stdv": 177.17562866210938,
  "summary_gm_k": 0.12419669889136609,
  "summary_gm_mad": 79.51078796386719,
  "summary_gm_mean": 823.8515014648438,
  "summary_gm_median": 823.5263061523438,
  "summary_gm_n": 65863.0,
  "summary_gm_p05": 695.2135131835938,
  "summary_gm_p95": 959.7197021484374,
  "summary_gm_stdv": 80.32182312011719,
  "summary_wm_k": 0.2620442472671547,
  "summary_wm_mad": 60.10647201538086,
  "summary_wm_mean": 1002.7898559570312,
  "summary_wm_median": 1000.0457153320312,
  "summary_wm_n": 402739.0,
  "summary_wm_p05": 907.9726928710937,
  "summary_wm_p95": 1106.6366455078125,
  "summary_wm_stdv": 60.92428970336914,
  "tpm_overlap_csf": 0.2310599833726883,
  "tpm_overlap_gm": 0.5078448057174683,
  "tpm_overlap_wm": 0.538590669631958,
  "wm2max": 0.46123984412400804
}