{
    "AcquisitionMatrixPE": 80,
    "AcquisitionNumber": 1,
    "AcquisitionTime": "12:04:47.062500",
    "BandwidthPerPixelPhaseEncode": 24.038,
    "BaseResolution": 80,
    "BodyPartExamined": "HEAD",
    "CoilString": "HE1-4;NE1_2",
    "ConsistencyInfo": "N4_VE11C_LATEST_20160120",
    "ConversionSoftware": "dcm2niix",
    "ConversionSoftwareVersion": "v1.0.20190410  (JP2:OpenJPEG) GCC7.3.0",
    "DerivedVendorReportedEchoSpacing": 0.00052001,
    "DeviceSerialNumber": "45250",
    "DwellTime": 2.5e-06,
    "EchoTime": 0.0384,
    "EchoTrainLength": 80,
    "EffectiveEchoSpacing": 0.00052001,
    "FlipAngle": 60,
    "ImageComments": "Single-band_reference",
    "ImageOrientationPatientDICOM": [
        0.999816,
        -0.0175267,
        0.0078606,
        0.0191974,
        0.897706,
        -0.440177
    ],
    "ImageType": [
        "ORIGINAL",
        "PRIMARY",
        "M",
        "ND",
        "NORM",
        "MOSAIC"
    ],
    "ImagingFrequency": 123.239,
    "InPlanePhaseEncodingDirectionDICOM": "COL",
    "InstitutionAddress": "deleted_by_bidsonym",
    "InstitutionName": "deleted_by_bidsonym",
    "InstitutionalDepartmentName": "deleted_by_bidsonym",
    "MRAcquisitionType": "2D",
    "MagneticFieldStrength": 3,
    "Manufacturer": "Siemens",
    "ManufacturersModelName": "Skyra",
    "Modality": "MR",
    "PartialFourier": 1,
    "PatientPosition": "HFS",
    "PercentPhaseFOV": 100,
    "PhaseEncodingDirection": "j-",
    "PhaseEncodingSteps": 80,
    "PhaseResolution": 1,
    "PixelBandwidth": 2500,
    "ProcedureStepDescription": "deleted_by_bidsonym",
    "ProtocolName": "func_task-EyeMag_acq-CMRR_run-01",
    "PulseSequenceDetails": "%CustomerSeq%_cmrr_mbep2d_bold",
    "ReceiveCoilActiveElements": "HE1-4;NE1,2",
    "ReceiveCoilName": "HeadNeck_20",
    "ReconMatrixPE": 80,
    "RepetitionTime": 1,
    "SAR": 0.0977548,
    "ScanOptions": "FS",
    "ScanningSequence": "EP",
    "SequenceName": "epfid2d1_80",
    "SequenceVariant": "SK_SS",
    "SeriesDescription": "func_task-EyeMag_acq-CMRR_run-01_SBRef",
    "SeriesNumber": 8,
    "ShimSetting": [
        -1096,
        -3028,
        -4217,
        508,
        853,
        364,
        80,
        -900
    ],
    "SliceThickness": 3,
    "SliceTiming": [
        0,
        0.08,
        0.1625,
        0.245,
        0.325,
        0.4075,
        0.49,
        0.57,
        0.6525,
        0.735,
        0.815,
        0.8975,
        0.98,
        1.06,
        1.1425,
        1.225,
        1.305,
        1.3875,
        1.47,
        1.55,
        1.6325,
        1.715,
        1.795,
        1.8775,
        1.96,
        2.04,
        2.1225,
        2.205,
        2.285,
        2.3675,
        2.45,
        2.53,
        2.6125,
        2.695,
        2.775,
        2.8575,
        2.94,
        3.02,
        3.1025,
        3.1825,
        3.265,
        3.3475,
        3.4275,
        3.51,
        3.5925,
        3.6725,
        3.755,
        3.8375
    ],
    "SoftwareVersions": "syngo_MR_E11",
    "SpacingBetweenSlices": 3,
    "StationName": "deleted_by_bidsonym",
    "TotalReadoutTime": 0.0410808,
    "TxRefAmp": 353.182,
    "WipMemBlock": "09ef828f-7101-4316-8bed-35afc3339cd1||Sequence: R016 ve11c/master r/34fb20f; Nov 20 2017 15:15:15 by eja"
}