{
  "bids_meta": {
    "AcquisitionMatrixPE": 256,
    "AcquisitionNumber": 1,
    "AcquisitionTime": "13:05:52.965000",
    "BaseResolution": 256,
    "BodyPartExamined": "HEAD",
    "CoilString": "HE1-4;NE1_2",
    "ConsistencyInfo": "N4_VE11C_LATEST_20160120",
    "ConversionSoftware": "dcm2niix",
    "ConversionSoftwareVersion": "v1.0.20190720  (JP2:OpenJPEG) GCC7.3.0",
    "DeviceSerialNumber": "45250",
    "DwellTime": 7.2e-06,
    "EchoTime": 0.00188,
    "FlipAngle": 8,
    "ImageOrientationPatientDICOM": [
      -0.0420371,
      0.997922,
      0.048841,
      0.0168635,
      0.0495859,
      -0.998627
    ],
    "ImageType": [
      "ORIGINAL",
      "PRIMARY",
      "M",
      "NORM",
      "DIS3D",
      "DIS2D"
    ],
    "ImagingFrequency": 123.239,
    "InPlanePhaseEncodingDirectionDICOM": "ROW",
    "InstitutionAddress": "Kopernikusstr._26_Graz_Graz_AT_8010",
    "InstitutionName": "KFU",
    "InstitutionalDepartmentName": "Department",
    "InversionTime": 1,
    "MRAcquisitionType": "3D",
    "MagneticFieldStrength": 3,
    "Manufacturer": "Siemens",
    "ManufacturersModelName": "Skyra",
    "Modality": "MR",
    "ParallelReductionFactorInPlane": 2,
    "PartialFourier": 1,
    "PatientPosition": "HFS",
    "PercentPhaseFOV": 100,
    "PhaseEncodingSteps": 294,
    "PhaseOversampling": 0.15,
    "PhaseResolution": 1,
    "PixelBandwidth": 270,
    "ProcedureStepDescription": "DIPS_2019",
    "ProtocolName": "anat-T1w",
    "PulseSequenceDetails": "%SiemensSeq%_tfl",
    "ReceiveCoilActiveElements": "HE1-4;NE1,2",
    "ReceiveCoilName": "HeadNeck_20",
    "ReconMatrixPE": 256,
    "RefLinesPE": 24,
    "RepetitionTime": 1.68,
    "SAR": 0.0865218,
    "ScanOptions": "IR_WE",
    "ScanningSequence": "GR_IR",
    "SequenceName": "_tfl3d1_16ns",
    "SequenceVariant": "SK_SP_MP_OSP",
    "SeriesDescription": "anat-T1w",
    "SeriesNumber": 5,
    "ShimSetting": [
      -1102,
      -3139,
      -4625,
      88,
      818,
      -285,
      269,
      -747
    ],
    "SliceThickness": 0.88,
    "SoftwareVersions": "syngo_MR_E11",
    "StationName": "FBMTMR1",
    "TxRefAmp": 348.925,
    "dataset": "unknown",
    "modality": "T1w",
    "session_id": "1",
    "subject_id": "101DPMB042021"
  },
  "cjv": 0.604128138658959,
  "cnr": 2.273720944430849,
  "efc": 0.635964943863633,
  "fber": 753.0660400390625,
  "fwhm_avg": 4.125362491703384,
  "fwhm_x": 4.046647475110151,
  "fwhm_y": 4.24312,
  "fwhm_z": 4.08632,
  "icvs_csf": 0.16602389654589458,
  "icvs_gm": 0.45592205339719516,
  "icvs_wm": 0.3780540500569103,
  "inu_med": 1.0720362663269043,
  "inu_range": 0.5272279262542724,
  "provenance": {
    "md5sum": "6e2015bc224179d5e8bbdeff8d300395",
    "settings": {
      "testing": false
    },
    "software": "mriqc",
    "version": "0.15.0",
    "warnings": {
      "large_rot_frame": true,
      "small_air_mask": false
    },
    "webapi_port": null,
    "webapi_url": "https://mriqc.nimh.nih.gov/api/v1"
  },
  "qi_1": 0.0,
  "qi_2": 0.0011678912492018338,
  "rpve_csf": 26.10171413033247,
  "rpve_gm": 10.930691240819154,
  "rpve_wm": 14.96815865232882,
  "size_x": 192,
  "size_y": 256,
  "size_z": 256,
  "snr_csf": 2.843367196568347,
  "snr_gm": 10.741642350967412,
  "snr_total": 10.241947554059976,
  "snr_wm": 17.140833114644167,
  "snrd_csf": 28.933703643850272,
  "snrd_gm": 48.2026712933912,
  "snrd_total": 46.16174287662148,
  "snrd_wm": 61.348853692622974,
  "spacing_x": 0.8800000548362732,
  "spacing_y": 0.875,
  "spacing_z": 0.875,
  "summary_bg_k": 1.1896762331567237,
  "summary_bg_mad": 10.679224967956543,
  "summary_bg_mean": 25.531511306762695,
  "summary_bg_median": 24.10077667236328,
  "summary_bg_n": 2315366.0,
  "summary_bg_p05": 9.70138955116272,
  "summary_bg_p95": 46.21582317352295,
  "summary_bg_stdv": 11.321128845214844,
  "summary_csf_k": 6.133852548520402,
  "summary_csf_mad": 189.90777587890625,
  "summary_csf_mean": 490.7158203125,
  "summary_csf_median": 471.64154052734375,
  "summary_csf_n": 17418.0,
  "summary_csf_p05": 269.37903289794923,
  "summary_csf_p95": 726.1472869873046,
  "summary_csf_stdv": 165.86953735351562,
  "summary_gm_k": 0.02703196870460145,
  "summary_gm_mad": 74.50433349609375,
  "summary_gm_mean": 789.4419555664062,
  "summary_gm_median": 785.740478515625,
  "summary_gm_n": 43688.0,
  "summary_gm_p05": 676.2278076171875,
  "summary_gm_p95": 914.8035308837891,
  "summary_gm_stdv": 73.1481704711914,
  "summary_wm_k": 0.4548585668059726,
  "summary_wm_mad": 54.95600509643555,
  "summary_wm_mean": 1002.2392578125,
  "summary_wm_median": 1000.0333251953125,
  "summary_wm_n": 276307.0,
  "summary_wm_p05": 909.307696533203,
  "summary_wm_p95": 1101.0984130859374,
  "summary_wm_stdv": 58.34206008911133,
  "tpm_overlap_csf": 0.2153986543416977,
  "tpm_overlap_gm": 0.5230267643928528,
  "tpm_overlap_wm": 0.5404365062713623,
  "wm2max": 0.5755147014407466
}