{
  "aor": 0.0007120691711389387,
  "aqi": 0.024562288789505067,
  "bids_meta": {
    "AcquisitionMatrixPE": 80,
    "AcquisitionNumber": 1,
    "AcquisitionTime": "16:20:33.765000",
    "BandwidthPerPixelPhaseEncode": 24.038,
    "BaseResolution": 80,
    "BodyPartExamined": "HEAD",
    "CogAtlasID": "TODO",
    "CoilString": "HE1-4;NE1_2",
    "ConsistencyInfo": "N4_VE11C_LATEST_20160120",
    "ConversionSoftware": "dcm2niix",
    "ConversionSoftwareVersion": "v1.0.20190720  (JP2:OpenJPEG) GCC7.3.0",
    "DerivedVendorReportedEchoSpacing": 0.00052001,
    "DeviceSerialNumber": "45250",
    "DwellTime": 2.5e-06,
    "EchoTime": 0.0384,
    "EchoTrainLength": 80,
    "EffectiveEchoSpacing": 0.00052001,
    "FlipAngle": 60,
    "ImageComments": "Unaliased_MB4_PE3",
    "ImageOrientationPatientDICOM": [
      0.996076,
      -0.0718397,
      0.0516873,
      0.0831177,
      0.959953,
      -0.267546
    ],
    "ImageType": [
      "ORIGINAL",
      "PRIMARY",
      "M",
      "MB",
      "ND",
      "NORM",
      "MOSAIC"
    ],
    "ImagingFrequency": 123.239,
    "InPlanePhaseEncodingDirectionDICOM": "COL",
    "InstitutionAddress": "Kopernikusstr._26_Graz_Graz_AT_8010",
    "InstitutionName": "KFZ",
    "InstitutionalDepartmentName": "Department",
    "MRAcquisitionType": "2D",
    "MagneticFieldStrength": 3,
    "Manufacturer": "Siemens",
    "ManufacturersModelName": "Skyra",
    "Modality": "MR",
    "MultibandAccelerationFactor": 4,
    "PartialFourier": 1,
    "PatientPosition": "HFS",
    "PercentPhaseFOV": 100,
    "PhaseEncodingDirection": "j-",
    "PhaseEncodingSteps": 80,
    "PhaseResolution": 1,
    "PixelBandwidth": 2500,
    "ProcedureStepDescription": "DIPS_2019",
    "ProtocolName": "func_task-EyeMag_acq-CMRR_run-01",
    "PulseSequenceDetails": "%CustomerSeq%_cmrr_mbep2d_bold",
    "ReceiveCoilActiveElements": "HE1-4;NE1,2",
    "ReceiveCoilName": "HeadNeck_20",
    "ReconMatrixPE": 80,
    "RepetitionTime": 1,
    "SAR": 0.0940517,
    "ScanOptions": "FS",
    "ScanningSequence": "EP",
    "SequenceName": "epfid2d1_80",
    "SequenceVariant": "SK_SS",
    "SeriesDescription": "func_task-EyeMag_acq-CMRR_run-01",
    "SeriesNumber": 9,
    "ShimSetting": [
      -1155,
      -2975,
      -4170,
      490,
      620,
      608,
      -314,
      -940
    ],
    "SliceThickness": 3,
    "SliceTiming": [
      0,
      0.41,
      0.8175,
      0.245,
      0.655,
      0.0825,
      0.49,
      0.9,
      0.3275,
      0.735,
      0.165,
      0.5725,
      0,
      0.41,
      0.8175,
      0.245,
      0.655,
      0.0825,
      0.49,
      0.9,
      0.3275,
      0.735,
      0.165,
      0.5725,
      0,
      0.41,
      0.8175,
      0.245,
      0.655,
      0.0825,
      0.49,
      0.9,
      0.3275,
      0.735,
      0.165,
      0.5725,
      0,
      0.41,
      0.8175,
      0.245,
      0.655,
      0.0825,
      0.49,
      0.9,
      0.3275,
      0.735,
      0.165,
      0.5725
    ],
    "SoftwareVersions": "syngo_MR_E11",
    "SpacingBetweenSlices": 3,
    "StationName": "FBMTMR1",
    "TaskName": "EyeMag",
    "TotalReadoutTime": 0.0410808,
    "TxRefAmp": 354.782,
    "WipMemBlock": "2da1177d-f3d3-4b81-bac1-cada5e48708e||Sequence: R016 ve11c/master r/34fb20f; Nov 20 2017 15:15:15 by eja",
    "acq_id": "CMRR",
    "dataset": "unknown",
    "modality": "bold",
    "run_id": 1,
    "session_id": "1",
    "subject_id": "101DPMB042016",
    "task_id": "EyeMag"
  },
  "dummy_trs": 0,
  "dvars_nstd": 34.625629797148044,
  "dvars_std": 1.218174782130069,
  "dvars_vstd": 0.9690279416885458,
  "efc": 0.3842201141204601,
  "fber": 7679.97119140625,
  "fd_mean": 0.19427544427926471,
  "fd_num": 666,
  "fd_perc": 39.71377459749553,
  "fwhm_avg": 2.515241111111111,
  "fwhm_x": 2.3278766666666666,
  "fwhm_y": 2.852986666666667,
  "fwhm_z": 2.3648599999999997,
  "gcor": 0.0106396,
  "gsr_x": -0.013273211196064949,
  "gsr_y": 0.015670854598283768,
  "provenance": {
    "md5sum": "00223fd37c6169c3804e086046eee095",
    "settings": {
      "fd_thres": 0.2,
      "hmc_fsl": false
    },
    "software": "mriqc",
    "version": "0.15.0",
    "webapi_port": null,
    "webapi_url": "https://mriqc.nimh.nih.gov/api/v1"
  },
  "size_t": 1677,
  "size_x": 80,
  "size_y": 80,
  "size_z": 48,
  "snr": 4.480425305214537,
  "spacing_tr": 1.0,
  "spacing_x": 3.0,
  "spacing_y": 3.0,
  "spacing_z": 3.0,
  "summary_bg_k": 101.83815649057891,
  "summary_bg_mad": 42.44775390625,
  "summary_bg_mean": 182.695556640625,
  "summary_bg_median": 86.46903991699219,
  "summary_bg_n": 223016.0,
  "summary_bg_p05": 45.58071708679199,
  "summary_bg_p95": 534.3779602050781,
  "summary_bg_stdv": 397.263916015625,
  "summary_fg_k": 3.5315420988946116,
  "summary_fg_mad": 1162.54833984375,
  "summary_fg_mean": 7643.376953125,
  "summary_fg_median": 7765.734375,
  "summary_fg_n": 38575.0,
  "summary_fg_p05": 4270.59208984375,
  "summary_fg_p95": 9914.846191406248,
  "summary_fg_stdv": 1733.23583984375,
  "tsnr": 33.2533073425293
}