{
  "aor": 0.0015734722222222222,
  "aqi": 0.018007947699275363,
  "bids_meta": {
    "AcquisitionMatrixPE": 80,
    "AcquisitionNumber": 1,
    "AcquisitionTime": "11:19:35.110000",
    "BandwidthPerPixelPhaseEncode": 24.038,
    "BaseResolution": 80,
    "BodyPartExamined": "HEAD",
    "CogAtlasID": "TODO",
    "CoilString": "HE1-4;NE1_2",
    "ConsistencyInfo": "N4_VE11C_LATEST_20160120",
    "ConversionSoftware": "dcm2niix",
    "ConversionSoftwareVersion": "v1.0.20190720  (JP2:OpenJPEG) GCC7.3.0",
    "DerivedVendorReportedEchoSpacing": 0.00052001,
    "DeviceSerialNumber": "45250",
    "DwellTime": 2.5e-06,
    "EchoTime": 0.0384,
    "EchoTrainLength": 80,
    "EffectiveEchoSpacing": 0.00052001,
    "FlipAngle": 60,
    "ImageComments": "Unaliased_MB4_PE3",
    "ImageOrientationPatientDICOM": [
      0.988249,
      -0.141512,
      -0.0577798,
      0.112597,
      0.929605,
      -0.350936
    ],
    "ImageType": [
      "ORIGINAL",
      "PRIMARY",
      "M",
      "MB",
      "ND",
      "NORM",
      "MOSAIC"
    ],
    "ImagingFrequency": 123.239,
    "InPlanePhaseEncodingDirectionDICOM": "COL",
    "InstitutionAddress": "Kopernikusstr._26_Graz_Graz_AT_8010",
    "InstitutionName": "KFU",
    "InstitutionalDepartmentName": "Department",
    "MRAcquisitionType": "2D",
    "MagneticFieldStrength": 3,
    "Manufacturer": "Siemens",
    "ManufacturersModelName": "Skyra",
    "Modality": "MR",
    "MultibandAccelerationFactor": 4,
    "PartialFourier": 1,
    "PatientPosition": "HFS",
    "PercentPhaseFOV": 100,
    "PhaseEncodingDirection": "j-",
    "PhaseEncodingSteps": 80,
    "PhaseResolution": 1,
    "PixelBandwidth": 2500,
    "ProcedureStepDescription": "DIPS_2019",
    "ProtocolName": "func_task-EyeMag_acq-CMRR_run-01",
    "PulseSequenceDetails": "%CustomerSeq%_cmrr_mbep2d_bold",
    "ReceiveCoilActiveElements": "HE1-4;NE1,2",
    "ReceiveCoilName": "HeadNeck_20",
    "ReconMatrixPE": 80,
    "RepetitionTime": 1,
    "SAR": 0.109226,
    "ScanOptions": "FS",
    "ScanningSequence": "EP",
    "SequenceName": "epfid2d1_80",
    "SequenceVariant": "SK_SS",
    "SeriesDescription": "func_task-EyeMag_acq-CMRR_run-01",
    "SeriesNumber": 9,
    "ShimSetting": [
      -1111,
      -3075,
      -4124,
      535,
      1191,
      180,
      262,
      -1048
    ],
    "SliceThickness": 3,
    "SliceTiming": [
      0,
      0.4075,
      0.8175,
      0.245,
      0.6525,
      0.0825,
      0.49,
      0.8975,
      0.3275,
      0.735,
      0.1625,
      0.5725,
      0,
      0.4075,
      0.8175,
      0.245,
      0.6525,
      0.0825,
      0.49,
      0.8975,
      0.3275,
      0.735,
      0.1625,
      0.5725,
      0,
      0.4075,
      0.8175,
      0.245,
      0.6525,
      0.0825,
      0.49,
      0.8975,
      0.3275,
      0.735,
      0.1625,
      0.5725,
      0,
      0.4075,
      0.8175,
      0.245,
      0.6525,
      0.0825,
      0.49,
      0.8975,
      0.3275,
      0.735,
      0.1625,
      0.5725
    ],
    "SoftwareVersions": "syngo_MR_E11",
    "SpacingBetweenSlices": 3,
    "StationName": "FBMTMR1",
    "TaskName": "EyeMag",
    "TotalReadoutTime": 0.0410808,
    "TxRefAmp": 378.071,
    "WipMemBlock": "392fb103-51bf-4d07-ae95-b4c8871742c7||Sequence: R016 ve11c/master r/34fb20f; Nov 20 2017 15:15:15 by eja",
    "acq_id": "CMRR",
    "dataset": "unknown",
    "modality": "bold",
    "run_id": 1,
    "session_id": "1",
    "subject_id": "101DPMB042014",
    "task_id": "EyeMag"
  },
  "dummy_trs": 1,
  "dvars_nstd": 34.2913011452689,
  "dvars_std": 1.2726241359879136,
  "dvars_vstd": 1.2659560619577006,
  "efc": 0.39545463505979794,
  "fber": 7985.09521484375,
  "fd_mean": 0.27948429046759293,
  "fd_num": 1212,
  "fd_perc": 73.18840579710145,
  "fwhm_avg": 2.573315555555556,
  "fwhm_x": 2.37136,
  "fwhm_y": 2.9306900000000002,
  "fwhm_z": 2.4178966666666666,
  "gcor": 0.00731935,
  "gsr_x": -0.010199686512351036,
  "gsr_y": 0.00947102066129446,
  "provenance": {
    "md5sum": "fa722037384a0408cd05c878df301838",
    "settings": {
      "fd_thres": 0.2,
      "hmc_fsl": false
    },
    "software": "mriqc",
    "version": "0.15.0",
    "webapi_port": null,
    "webapi_url": "https://mriqc.nimh.nih.gov/api/v1"
  },
  "size_t": 1656,
  "size_x": 80,
  "size_y": 80,
  "size_z": 48,
  "snr": 4.889369291003029,
  "spacing_tr": 1.0,
  "spacing_x": 3.0,
  "spacing_y": 3.0,
  "spacing_z": 3.0,
  "summary_bg_k": 71.38136902550738,
  "summary_bg_mad": 44.49955749511719,
  "summary_bg_mean": 189.97549438476562,
  "summary_bg_median": 84.5118408203125,
  "summary_bg_n": 220056.0,
  "summary_bg_p05": 42.90987586975098,
  "summary_bg_p95": 667.5042114257812,
  "summary_bg_stdv": 377.21612548828125,
  "summary_fg_k": 3.815666628109682,
  "summary_fg_mad": 1128.428955078125,
  "summary_fg_mean": 7707.908203125,
  "summary_fg_median": 7763.56005859375,
  "summary_fg_n": 40557.0,
  "summary_fg_p05": 5035.74150390625,
  "summary_fg_p95": 9920.4095703125,
  "summary_fg_stdv": 1587.8253173828125,
  "tsnr": 39.915626525878906
}