{
  "aor": 0.0016684991066110782,
  "aqi": 0.02124658981536629,
  "bids_meta": {
    "AcquisitionMatrixPE": 80,
    "AcquisitionNumber": 1,
    "AcquisitionTime": "10:18:27.570000",
    "BandwidthPerPixelPhaseEncode": 24.038,
    "BaseResolution": 80,
    "BodyPartExamined": "HEAD",
    "CogAtlasID": "TODO",
    "CoilString": "HE1-4;NE1_2",
    "ConsistencyInfo": "N4_VE11C_LATEST_20160120",
    "ConversionSoftware": "dcm2niix",
    "ConversionSoftwareVersion": "v1.0.20190410  (JP2:OpenJPEG) GCC7.3.0",
    "DerivedVendorReportedEchoSpacing": 0.00052001,
    "DeviceSerialNumber": "45250",
    "DwellTime": 2.5e-06,
    "EchoTime": 0.0384,
    "EchoTrainLength": 80,
    "EffectiveEchoSpacing": 0.00052001,
    "FlipAngle": 60,
    "ImageComments": "Unaliased_MB4_PE3",
    "ImageOrientationPatientDICOM": [
      0.998682,
      -0.0388283,
      -0.0335675,
      0.0261514,
      0.947677,
      -0.318159
    ],
    "ImageType": [
      "ORIGINAL",
      "PRIMARY",
      "M",
      "MB",
      "ND",
      "NORM",
      "MOSAIC"
    ],
    "ImagingFrequency": 123.239,
    "InPlanePhaseEncodingDirectionDICOM": "COL",
    "InstitutionAddress": "Kopernikusstr._26_Graz_Graz_AT_8010",
    "InstitutionName": "KFU",
    "InstitutionalDepartmentName": "Department",
    "MRAcquisitionType": "2D",
    "MagneticFieldStrength": 3,
    "Manufacturer": "Siemens",
    "ManufacturersModelName": "Skyra",
    "Modality": "MR",
    "MultibandAccelerationFactor": 4,
    "PartialFourier": 1,
    "PatientPosition": "HFS",
    "PercentPhaseFOV": 100,
    "PhaseEncodingDirection": "j-",
    "PhaseEncodingSteps": 80,
    "PhaseResolution": 1,
    "PixelBandwidth": 2500,
    "ProcedureStepDescription": "DIPS_2019",
    "ProtocolName": "func_task-EyeMag_acq-CMRR_run-01",
    "PulseSequenceDetails": "%CustomerSeq%_cmrr_mbep2d_bold",
    "ReceiveCoilActiveElements": "HE1-4;NE1,2",
    "ReceiveCoilName": "HeadNeck_20",
    "ReconMatrixPE": 80,
    "RepetitionTime": 1,
    "SAR": 0.093963,
    "ScanOptions": "FS",
    "ScanningSequence": "EP",
    "SequenceName": "epfid2d1_80",
    "SequenceVariant": "SK_SS",
    "SeriesDescription": "func_task-EyeMag_acq-CMRR_run-01",
    "SeriesNumber": 9,
    "ShimSetting": [
      -1068,
      -3012,
      -4295,
      320,
      1021,
      184,
      139,
      -867
    ],
    "SliceThickness": 3,
    "SliceTiming": [
      0,
      0.4075,
      0.815,
      0.245,
      0.6525,
      0.08,
      0.49,
      0.8975,
      0.325,
      0.735,
      0.1625,
      0.57,
      0,
      0.4075,
      0.815,
      0.245,
      0.6525,
      0.08,
      0.49,
      0.8975,
      0.325,
      0.735,
      0.1625,
      0.57,
      0,
      0.4075,
      0.815,
      0.245,
      0.6525,
      0.08,
      0.49,
      0.8975,
      0.325,
      0.735,
      0.1625,
      0.57,
      0,
      0.4075,
      0.815,
      0.245,
      0.6525,
      0.08,
      0.49,
      0.8975,
      0.325,
      0.735,
      0.1625,
      0.57
    ],
    "SoftwareVersions": "syngo_MR_E11",
    "SpacingBetweenSlices": 3,
    "StationName": "FBMTMR1",
    "TaskName": "EyeMag",
    "TotalReadoutTime": 0.0410808,
    "TxRefAmp": 372.47,
    "WipMemBlock": "efe67f5f-b385-45f0-a76b-47be451bacee||Sequence: R016 ve11c/master r/34fb20f; Nov 20 2017 15:15:15 by eja",
    "acq_id": "CMRR",
    "dataset": "unknown",
    "modality": "bold",
    "run_id": 1,
    "session_id": "1",
    "subject_id": "101DPMB041008",
    "task_id": "EyeMag"
  },
  "dummy_trs": 0,
  "dvars_nstd": 39.33154757794993,
  "dvars_std": 1.352624521877237,
  "dvars_vstd": 0.9942195463289621,
  "efc": 0.44818139448857514,
  "fber": 6040.6298828125,
  "fd_mean": 0.16248632331534305,
  "fd_num": 288,
  "fd_perc": 17.153067301965457,
  "fwhm_avg": 2.416192222222222,
  "fwhm_x": 2.2411166666666666,
  "fwhm_y": 2.70326,
  "fwhm_z": 2.3042000000000002,
  "gcor": 0.00997971,
  "gsr_x": -0.01740971952676773,
  "gsr_y": 0.01882551610469818,
  "provenance": {
    "md5sum": "812b27e63b4df2a1564d7fb7e17d9584",
    "settings": {
      "fd_thres": 0.2,
      "hmc_fsl": false
    },
    "software": "mriqc",
    "version": "0.15.0",
    "webapi_port": null,
    "webapi_url": "https://mriqc.nimh.nih.gov/api/v1"
  },
  "size_t": 1679,
  "size_x": 80,
  "size_y": 80,
  "size_z": 48,
  "snr": 4.332825237719741,
  "spacing_tr": 1.0,
  "spacing_x": 3.0,
  "spacing_y": 3.0,
  "spacing_z": 3.0,
  "summary_bg_k": 61.14247941740375,
  "summary_bg_mad": 64.17440032958984,
  "summary_bg_mean": 282.4302673339844,
  "summary_bg_median": 111.3250961303711,
  "summary_bg_n": 204677.0,
  "summary_bg_p05": 52.17068023681641,
  "summary_bg_p95": 1166.8763427734318,
  "summary_bg_stdv": 568.730224609375,
  "summary_fg_k": 2.817532081118502,
  "summary_fg_mad": 1605.5438232421875,
  "summary_fg_mean": 8909.3984375,
  "summary_fg_median": 8955.5556640625,
  "summary_fg_n": 53287.0,
  "summary_fg_p05": 5328.215869140626,
  "summary_fg_p95": 11866.95419921875,
  "summary_fg_stdv": 2066.8896484375,
  "tsnr": 33.407066345214844
}