{
    "AcquisitionMatrixPE": 80,
    "AcquisitionNumber": 1,
    "AcquisitionTime": "16:16:18.990000",
    "BandwidthPerPixelPhaseEncode": 24.038,
    "BaseResolution": 80,
    "BodyPartExamined": "HEAD",
    "ConsistencyInfo": "N4_VE11C_LATEST_20160120",
    "ConversionSoftware": "dcm2niix",
    "ConversionSoftwareVersion": "v1.0.20190410  (JP2:OpenJPEG) GCC7.3.0",
    "DerivedVendorReportedEchoSpacing": 0.00052001,
    "DeviceSerialNumber": "45250",
    "DwellTime": 2.5e-06,
    "EchoTime": 0.0384,
    "EchoTrainLength": 80,
    "EffectiveEchoSpacing": 0.00052001,
    "FlipAngle": 60,
    "ImageComments": "Unaliased_MB4_PE3",
    "ImageOrientationPatientDICOM": [
        0.998539,
        -0.0106071,
        0.052993,
        0.0244038,
        0.963386,
        -0.267005
    ],
    "ImageType": [
        "ORIGINAL",
        "PRIMARY",
        "M",
        "MB",
        "ND",
        "NORM",
        "MOSAIC"
    ],
    "ImagingFrequency": 123.239,
    "InPlanePhaseEncodingDirectionDICOM": "COL",
    "InstitutionAddress": "deleted_by_bidsonym",
    "InstitutionName": "deleted_by_bidsonym",
    "InstitutionalDepartmentName": "deleted_by_bidsonym",
    "MRAcquisitionType": "2D",
    "MagneticFieldStrength": 3,
    "Manufacturer": "Siemens",
    "ManufacturersModelName": "Skyra",
    "Modality": "MR",
    "MultibandAccelerationFactor": 4,
    "PartialFourier": 1,
    "PatientPosition": "HFS",
    "PercentPhaseFOV": 100,
    "PhaseEncodingDirection": "j",
    "PhaseEncodingSteps": 80,
    "PhaseResolution": 1,
    "PixelBandwidth": 2500,
    "ProcedureStepDescription": "deleted_by_bidsonym",
    "ProtocolName": "fmap_acq-CMRR_run-01_dir-PA",
    "PulseSequenceDetails": "%CustomerSeq%_cmrr_mbep2d_bold",
    "ReceiveCoilActiveElements": "HE1-4",
    "ReceiveCoilName": "HeadNeck_20",
    "ReconMatrixPE": 80,
    "RepetitionTime": 1,
    "SAR": 0.0876741,
    "ScanOptions": "FS",
    "ScanningSequence": "EP",
    "SequenceName": "epfid2d1_80",
    "SequenceVariant": "SK_SS",
    "SeriesDescription": "fmap_acq-CMRR_run-01_dir-PA",
    "SeriesNumber": 11,
    "ShimSetting": [
        -1101,
        -3006,
        -4123,
        443,
        951,
        593,
        -91,
        -833
    ],
    "SliceThickness": 3,
    "SliceTiming": [
        0,
        0.4075,
        0.815,
        0.245,
        0.6525,
        0.08,
        0.49,
        0.8975,
        0.325,
        0.735,
        0.1625,
        0.57,
        0,
        0.4075,
        0.815,
        0.245,
        0.6525,
        0.08,
        0.49,
        0.8975,
        0.325,
        0.735,
        0.1625,
        0.57,
        0,
        0.4075,
        0.815,
        0.245,
        0.6525,
        0.08,
        0.49,
        0.8975,
        0.325,
        0.735,
        0.1625,
        0.57,
        0,
        0.4075,
        0.815,
        0.245,
        0.6525,
        0.08,
        0.49,
        0.8975,
        0.325,
        0.735,
        0.1625,
        0.57
    ],
    "SoftwareVersions": "syngo_MR_E11",
    "SpacingBetweenSlices": 3,
    "StationName": "deleted_by_bidsonym",
    "TotalReadoutTime": 0.0410808,
    "TxRefAmp": 367.614,
    "WipMemBlock": "4eae44f6-6be4-41a4-a86c-4815592b940c||Sequence: R016 ve11c/master r/34fb20f; Nov 20 2017 15:15:15 by eja",
    "IntendedFor": "ses-1/func/sub-101DPMB041005_ses-1_task-EyeMag_acq-CMRR_run-01_bold.nii.gz"
}