{
  "aor": 0.0006800420168067226,
  "aqi": 0.020214043541416565,
  "bids_meta": {
    "AcquisitionMatrixPE": 80,
    "AcquisitionNumber": 1,
    "AcquisitionTime": "14:29:3.660000",
    "BandwidthPerPixelPhaseEncode": 24.038,
    "BaseResolution": 80,
    "BodyPartExamined": "HEAD",
    "CogAtlasID": "TODO",
    "CoilString": "HE1-4;NE1_2",
    "ConsistencyInfo": "N4_VE11C_LATEST_20160120",
    "ConversionSoftware": "dcm2niix",
    "ConversionSoftwareVersion": "v1.0.20190410  (JP2:OpenJPEG) GCC7.3.0",
    "DerivedVendorReportedEchoSpacing": 0.00052001,
    "DeviceSerialNumber": "45250",
    "DwellTime": 2.5e-06,
    "EchoTime": 0.0384,
    "EchoTrainLength": 80,
    "EffectiveEchoSpacing": 0.00052001,
    "FlipAngle": 60,
    "ImageComments": "Unaliased_MB4_PE3",
    "ImageOrientationPatientDICOM": [
      0.99531,
      0.0793083,
      0.0553875,
      -0.0608758,
      0.958499,
      -0.278522
    ],
    "ImageType": [
      "ORIGINAL",
      "PRIMARY",
      "M",
      "MB",
      "ND",
      "NORM",
      "MOSAIC"
    ],
    "ImagingFrequency": 123.239,
    "InPlanePhaseEncodingDirectionDICOM": "COL",
    "InstitutionAddress": "Kopernikusstr._26_Graz_Graz_AT_8010",
    "InstitutionName": "KFU",
    "InstitutionalDepartmentName": "Department",
    "MRAcquisitionType": "2D",
    "MagneticFieldStrength": 3,
    "Manufacturer": "Siemens",
    "ManufacturersModelName": "Skyra",
    "Modality": "MR",
    "MultibandAccelerationFactor": 4,
    "PartialFourier": 1,
    "PatientPosition": "HFS",
    "PercentPhaseFOV": 100,
    "PhaseEncodingDirection": "j-",
    "PhaseEncodingSteps": 80,
    "PhaseResolution": 1,
    "PixelBandwidth": 2500,
    "ProcedureStepDescription": "DIPS_2019",
    "ProtocolName": "func_task-EyeMag_acq-CMRR_run-01",
    "PulseSequenceDetails": "%CustomerSeq%_cmrr_mbep2d_bold",
    "ReceiveCoilActiveElements": "HE1-4;NE1,2",
    "ReceiveCoilName": "HeadNeck_20",
    "ReconMatrixPE": 80,
    "RepetitionTime": 1,
    "SAR": 0.0981662,
    "ScanOptions": "FS",
    "ScanningSequence": "EP",
    "SequenceName": "epfid2d1_80",
    "SequenceVariant": "SK_SS",
    "SeriesDescription": "func_task-EyeMag_acq-CMRR_run-01",
    "SeriesNumber": 9,
    "ShimSetting": [
      -1115,
      -3075,
      -4242,
      281,
      776,
      301,
      390,
      -845
    ],
    "SliceThickness": 3,
    "SliceTiming": [
      0,
      0.4075,
      0.815,
      0.245,
      0.6525,
      0.08,
      0.49,
      0.8975,
      0.325,
      0.735,
      0.1625,
      0.57,
      0,
      0.4075,
      0.815,
      0.245,
      0.6525,
      0.08,
      0.49,
      0.8975,
      0.325,
      0.735,
      0.1625,
      0.57,
      0,
      0.4075,
      0.815,
      0.245,
      0.6525,
      0.08,
      0.49,
      0.8975,
      0.325,
      0.735,
      0.1625,
      0.57,
      0,
      0.4075,
      0.815,
      0.245,
      0.6525,
      0.08,
      0.49,
      0.8975,
      0.325,
      0.735,
      0.1625,
      0.57
    ],
    "SoftwareVersions": "syngo_MR_E11",
    "SpacingBetweenSlices": 3,
    "StationName": "FBMTMR1",
    "TaskName": "EyeMag",
    "TotalReadoutTime": 0.0410808,
    "TxRefAmp": 380.357,
    "WipMemBlock": "3966fa0f-6eae-4c1c-beb9-8eb403b7860f||Sequence: R016 ve11c/master r/34fb20f; Nov 20 2017 15:15:15 by eja",
    "acq_id": "CMRR",
    "dataset": "unknown",
    "modality": "bold",
    "run_id": 1,
    "session_id": "1",
    "subject_id": "101DPMB041007",
    "task_id": "EyeMag"
  },
  "dummy_trs": 0,
  "dvars_nstd": 34.942916423483524,
  "dvars_std": 1.222142161975977,
  "dvars_vstd": 0.9641841330270278,
  "efc": 0.410443769139027,
  "fber": 6412.37060546875,
  "fd_mean": 0.23419177044050415,
  "fd_num": 884,
  "fd_perc": 53.06122448979592,
  "fwhm_avg": 2.4673744444444443,
  "fwhm_x": 2.32618,
  "fwhm_y": 2.7854166666666664,
  "fwhm_z": 2.2905266666666666,
  "gcor": 0.0105082,
  "gsr_x": -0.012280012480914593,
  "gsr_y": 0.009989098645746708,
  "provenance": {
    "md5sum": "67d7c3eda8aa08a5fd8ac64b7e051f94",
    "settings": {
      "fd_thres": 0.2,
      "hmc_fsl": false
    },
    "software": "mriqc",
    "version": "0.15.0",
    "webapi_port": null,
    "webapi_url": "https://mriqc.nimh.nih.gov/api/v1"
  },
  "size_t": 1666,
  "size_x": 80,
  "size_y": 80,
  "size_z": 48,
  "snr": 4.4243692160960935,
  "spacing_tr": 1.0,
  "spacing_x": 3.0,
  "spacing_y": 3.0,
  "spacing_z": 3.0,
  "summary_bg_k": 114.36485502066341,
  "summary_bg_mad": 55.72311782836914,
  "summary_bg_mean": 216.37168884277344,
  "summary_bg_median": 97.69449615478516,
  "summary_bg_n": 216317.0,
  "summary_bg_p05": 49.64081573486328,
  "summary_bg_p95": 714.4454345703118,
  "summary_bg_stdv": 417.6162109375,
  "summary_fg_k": 3.189676908949571,
  "summary_fg_mad": 1273.068115234375,
  "summary_fg_mean": 7899.41259765625,
  "summary_fg_median": 8020.31005859375,
  "summary_fg_n": 43841.0,
  "summary_fg_p05": 4356.3955078125,
  "summary_fg_p95": 10302.61328125,
  "summary_fg_stdv": 1812.7371826171875,
  "tsnr": 34.85184860229492
}