{
  "bids_meta": {
    "AcquisitionMatrixPE": 256,
    "AcquisitionNumber": 1,
    "AcquisitionTime": "12:01:59.820000",
    "BaseResolution": 256,
    "BodyPartExamined": "HEAD",
    "CoilString": "HE1-4;NE1_2",
    "ConsistencyInfo": "N4_VE11C_LATEST_20160120",
    "ConversionSoftware": "dcm2niix",
    "ConversionSoftwareVersion": "v1.0.20190720  (JP2:OpenJPEG) GCC7.3.0",
    "DeviceSerialNumber": "45250",
    "DwellTime": 7.2e-06,
    "EchoTime": 0.00188,
    "FlipAngle": 8,
    "ImageOrientationPatientDICOM": [
      -0.0448807,
      0.996678,
      0.0679586,
      -0.0439183,
      0.0659929,
      -0.996853
    ],
    "ImageType": [
      "ORIGINAL",
      "PRIMARY",
      "M",
      "NORM",
      "DIS3D",
      "DIS2D"
    ],
    "ImagingFrequency": 123.239,
    "InPlanePhaseEncodingDirectionDICOM": "ROW",
    "InstitutionAddress": "Kopernikusstr._26_Graz_Graz_AT_8010",
    "InstitutionName": "KFU_TUG",
    "InstitutionalDepartmentName": "Department",
    "InversionTime": 1,
    "MRAcquisitionType": "3D",
    "MagneticFieldStrength": 3,
    "Manufacturer": "Siemens",
    "ManufacturersModelName": "Skyra",
    "Modality": "MR",
    "ParallelReductionFactorInPlane": 2,
    "PartialFourier": 1,
    "PatientPosition": "HFS",
    "PercentPhaseFOV": 100,
    "PhaseEncodingSteps": 294,
    "PhaseOversampling": 0.15,
    "PhaseResolution": 1,
    "PixelBandwidth": 270,
    "ProcedureStepDescription": "DIPS_2019",
    "ProtocolName": "anat-T1w",
    "PulseSequenceDetails": "%SiemensSeq%_tfl",
    "ReceiveCoilActiveElements": "HE1-4;NE1,2",
    "ReceiveCoilName": "HeadNeck_20",
    "ReconMatrixPE": 256,
    "RefLinesPE": 24,
    "RepetitionTime": 1.68,
    "SAR": 0.0854954,
    "ScanOptions": "IR_WE",
    "ScanningSequence": "GR_IR",
    "SequenceName": "_tfl3d1_16ns",
    "SequenceVariant": "SK_SP_MP_OSP",
    "SeriesDescription": "anat-T1w",
    "SeriesNumber": 5,
    "ShimSetting": [
      -1086,
      -2827,
      -4527,
      19,
      1105,
      504,
      1260,
      -1192
    ],
    "SliceThickness": 0.88,
    "SoftwareVersions": "syngo_MR_E11",
    "StationName": "FBMTMR1",
    "TxRefAmp": 350.849,
    "dataset": "unknown",
    "modality": "T1w",
    "session_id": "1",
    "subject_id": "101DPMB041017"
  },
  "cjv": 0.7903112475700362,
  "cnr": 1.758175683408649,
  "efc": 0.6585658229337799,
  "fber": 570.066162109375,
  "fwhm_avg": 3.965893535250635,
  "fwhm_x": 3.825852034323333,
  "fwhm_y": 4.033142857142857,
  "fwhm_z": 4.038685714285714,
  "icvs_csf": 0.17831416441137193,
  "icvs_gm": 0.4567363651264432,
  "icvs_wm": 0.36494947046218484,
  "inu_med": 1.2523210048675537,
  "inu_range": 0.5930401325225826,
  "provenance": {
    "md5sum": "8fed80281e4235a50762a9e3aee1e845",
    "settings": {
      "testing": false
    },
    "software": "mriqc",
    "version": "0.15.0",
    "warnings": {
      "large_rot_frame": true,
      "small_air_mask": false
    },
    "webapi_port": null,
    "webapi_url": "https://mriqc.nimh.nih.gov/api/v1"
  },
  "qi_1": 0.0,
  "qi_2": 0.0010785678635629266,
  "rpve_csf": 24.07295678962365,
  "rpve_gm": 10.574817381084165,
  "rpve_wm": 14.600610309239736,
  "size_x": 192,
  "size_y": 256,
  "size_z": 256,
  "snr_csf": 2.209100948883847,
  "snr_gm": 10.106332820489985,
  "snr_total": 9.278371412411119,
  "snr_wm": 15.519680467859523,
  "snrd_csf": 18.410152824730485,
  "snrd_gm": 40.69325526799177,
  "snrd_total": 36.31098806119239,
  "snrd_wm": 49.829556090854915,
  "spacing_x": 0.8800000548362732,
  "spacing_y": 0.875,
  "spacing_z": 0.875,
  "summary_bg_k": 1.104878318813011,
  "summary_bg_mad": 13.148143768310547,
  "summary_bg_mean": 31.709381103515625,
  "summary_bg_median": 29.97934913635254,
  "summary_bg_n": 2023563.0,
  "summary_bg_p05": 12.149507522583008,
  "summary_bg_p95": 57.1568862915039,
  "summary_bg_stdv": 13.933282852172852,
  "summary_csf_k": 21.623134415023486,
  "summary_csf_mad": 102.11663055419922,
  "summary_csf_mean": 412.4814453125,
  "summary_csf_median": 369.47930908203125,
  "summary_csf_n": 34069.0,
  "summary_csf_p05": 254.41890563964844,
  "summary_csf_p95": 676.6674438476563,
  "summary_csf_stdv": 167.25079345703125,
  "summary_gm_k": -0.005458054183867134,
  "summary_gm_mad": 81.41272735595703,
  "summary_gm_mean": 819.0816650390625,
  "summary_gm_median": 816.6860961914062,
  "summary_gm_n": 55772.0,
  "summary_gm_p05": 691.2522552490234,
  "summary_gm_p95": 958.0370849609375,
  "summary_gm_stdv": 80.8086166381836,
  "summary_wm_k": 0.07739328941101897,
  "summary_wm_mad": 63.49824905395508,
  "summary_wm_mean": 1002.4867553710938,
  "summary_wm_median": 1000.0454711914062,
  "summary_wm_n": 286625.0,
  "summary_wm_p05": 900.4329223632812,
  "summary_wm_p95": 1112.7485107421876,
  "summary_wm_stdv": 64.4371337890625,
  "tpm_overlap_csf": 0.2318916916847229,
  "tpm_overlap_gm": 0.5150386095046997,
  "tpm_overlap_wm": 0.5327773094177246,
  "wm2max": 0.4804220350485341
}