{
  "bids_meta": {
    "AcquisitionMatrixPE": 256,
    "AcquisitionNumber": 1,
    "AcquisitionTime": "12:13:45.862500",
    "BaseResolution": 256,
    "BodyPartExamined": "HEAD",
    "CoilString": "HE1-4;NE1_2",
    "ConsistencyInfo": "N4_VE11C_LATEST_20160120",
    "ConversionSoftware": "dcm2niix",
    "ConversionSoftwareVersion": "v1.0.20190720  (JP2:OpenJPEG) GCC7.3.0",
    "DeviceSerialNumber": "45250",
    "DwellTime": 7.2e-06,
    "EchoTime": 0.00188,
    "FlipAngle": 8,
    "ImageOrientationPatientDICOM": [
      0.035764,
      0.999208,
      -0.017438,
      0.0399896,
      -0.0188661,
      -0.999022
    ],
    "ImageType": [
      "ORIGINAL",
      "PRIMARY",
      "M",
      "NORM",
      "DIS3D",
      "DIS2D"
    ],
    "ImagingFrequency": 123.24,
    "InPlanePhaseEncodingDirectionDICOM": "ROW",
    "InstitutionAddress": "Kopernikusstr._26_Graz_Graz_AT_8010",
    "InstitutionName": "KFU",
    "InstitutionalDepartmentName": "Department",
    "InversionTime": 1,
    "MRAcquisitionType": "3D",
    "MagneticFieldStrength": 3,
    "Manufacturer": "Siemens",
    "ManufacturersModelName": "Skyra",
    "Modality": "MR",
    "ParallelReductionFactorInPlane": 2,
    "PartialFourier": 1,
    "PatientPosition": "HFS",
    "PercentPhaseFOV": 100,
    "PhaseEncodingSteps": 294,
    "PhaseOversampling": 0.15,
    "PhaseResolution": 1,
    "PixelBandwidth": 270,
    "ProcedureStepDescription": "DIPS_2019",
    "ProtocolName": "anat-T1w",
    "PulseSequenceDetails": "%SiemensSeq%_tfl",
    "ReceiveCoilActiveElements": "HE1-4;NE1,2",
    "ReceiveCoilName": "HeadNeck_20",
    "ReconMatrixPE": 256,
    "RefLinesPE": 24,
    "RepetitionTime": 1.68,
    "SAR": 0.096496,
    "ScanOptions": "IR_WE",
    "ScanningSequence": "GR_IR",
    "SequenceName": "_tfl3d1_16ns",
    "SequenceVariant": "SK_SP_MP_OSP",
    "SeriesDescription": "anat-T1w",
    "SeriesNumber": 5,
    "ShimSetting": [
      -1140,
      -3136,
      -4646,
      -45,
      691,
      -805,
      -398,
      -926
    ],
    "SliceThickness": 0.88,
    "SoftwareVersions": "syngo_MR_E11",
    "StationName": "FBMTMR1",
    "TxRefAmp": 362.804,
    "dataset": "unknown",
    "modality": "T1w",
    "session_id": "1",
    "subject_id": "101DPMB041015"
  },
  "cjv": 0.807099339588231,
  "cnr": 1.7016422388166637,
  "efc": 0.6470496649083504,
  "fber": 652.1001586914062,
  "fwhm_avg": 4.081048811869372,
  "fwhm_x": 4.055329292750971,
  "fwhm_y": 4.013017142857143,
  "fwhm_z": 4.1748,
  "icvs_csf": 0.21377585641845243,
  "icvs_gm": 0.42804333262417715,
  "icvs_wm": 0.3581808109573704,
  "inu_med": 1.1112372875213623,
  "inu_range": 0.5012195795774459,
  "provenance": {
    "md5sum": "c716c7bce9b005173aa7505957a75bcd",
    "settings": {
      "testing": false
    },
    "software": "mriqc",
    "version": "0.15.0",
    "warnings": {
      "large_rot_frame": true,
      "small_air_mask": false
    },
    "webapi_port": null,
    "webapi_url": "https://mriqc.nimh.nih.gov/api/v1"
  },
  "qi_1": 0.0,
  "qi_2": 0.0011016645753567644,
  "rpve_csf": 21.382187595844606,
  "rpve_gm": 11.20609206899517,
  "rpve_wm": 15.368934740741105,
  "size_x": 192,
  "size_y": 256,
  "size_z": 256,
  "snr_csf": 2.6516595918785844,
  "snr_gm": 9.77821506758683,
  "snr_total": 9.86963609813509,
  "snr_wm": 17.179033634939852,
  "snrd_csf": 21.29421489337208,
  "snrd_gm": 48.191138260556606,
  "snrd_total": 42.64534736129483,
  "snrd_wm": 58.45068892995582,
  "spacing_x": 0.8800000548362732,
  "spacing_y": 0.875,
  "spacing_z": 0.875,
  "summary_bg_k": 1.246102638993321,
  "summary_bg_mad": 11.208879470825195,
  "summary_bg_mean": 27.053226470947266,
  "summary_bg_median": 25.556501388549805,
  "summary_bg_n": 2327499.0,
  "summary_bg_p05": 10.349682235717774,
  "summary_bg_p95": 48.805322647094734,
  "summary_bg_stdv": 11.92873477935791,
  "summary_csf_k": 27.963475659888303,
  "summary_csf_mad": 88.43357849121094,
  "summary_csf_mean": 397.5762023925781,
  "summary_csf_median": 364.32763671875,
  "summary_csf_n": 41086.0,
  "summary_csf_p05": 259.2827453613281,
  "summary_csf_p95": 625.0134124755859,
  "summary_csf_stdv": 137.3944091796875,
  "summary_gm_k": -0.0697559955478062,
  "summary_gm_mad": 85.86189270019531,
  "summary_gm_mean": 824.9813842773438,
  "summary_gm_median": 824.5133056640625,
  "summary_gm_n": 35993.0,
  "summary_gm_p05": 689.2520629882813,
  "summary_gm_p95": 965.9680786132812,
  "summary_gm_stdv": 84.32028198242188,
  "summary_wm_k": 0.31809449079130214,
  "summary_wm_mad": 55.810691833496094,
  "summary_wm_mean": 1001.745361328125,
  "summary_wm_median": 1000.0463256835938,
  "summary_wm_n": 281311.0,
  "summary_wm_p05": 908.7841186523438,
  "summary_wm_p95": 1100.0496826171875,
  "summary_wm_stdv": 58.21308517456055,
  "tpm_overlap_csf": 0.22404804825782776,
  "tpm_overlap_gm": 0.4961239993572235,
  "tpm_overlap_wm": 0.536351203918457,
  "wm2max": 0.5022996698526841
}