{
  "bids_meta": {
    "AcquisitionMatrixPE": 256,
    "AcquisitionNumber": 1,
    "AcquisitionTime": "10:18:29.232500",
    "BaseResolution": 256,
    "BodyPartExamined": "HEAD",
    "CoilString": "HE1-4;NE1_2",
    "ConsistencyInfo": "N4_VE11C_LATEST_20160120",
    "ConversionSoftware": "dcm2niix",
    "ConversionSoftwareVersion": "v1.0.20190720  (JP2:OpenJPEG) GCC7.3.0",
    "DeviceSerialNumber": "45250",
    "DwellTime": 7.2e-06,
    "EchoTime": 0.00188,
    "FlipAngle": 8,
    "ImageOrientationPatientDICOM": [
      0.0966578,
      0.994974,
      -0.0261538,
      -0.0444127,
      -0.0219391,
      -0.998772
    ],
    "ImageType": [
      "ORIGINAL",
      "PRIMARY",
      "M",
      "NORM",
      "DIS3D",
      "DIS2D"
    ],
    "ImagingFrequency": 123.239,
    "InPlanePhaseEncodingDirectionDICOM": "ROW",
    "InstitutionAddress": "Kopernikusstr._26_Graz_Graz_AT_8010",
    "InstitutionName": "KFU",
    "InstitutionalDepartmentName": "Department",
    "InversionTime": 1,
    "MRAcquisitionType": "3D",
    "MagneticFieldStrength": 3,
    "Manufacturer": "Siemens",
    "ManufacturersModelName": "Skyra",
    "Modality": "MR",
    "ParallelReductionFactorInPlane": 2,
    "PartialFourier": 1,
    "PatientPosition": "HFS",
    "PercentPhaseFOV": 100,
    "PhaseEncodingSteps": 294,
    "PhaseOversampling": 0.15,
    "PhaseResolution": 1,
    "PixelBandwidth": 270,
    "ProcedureStepDescription": "DIPS_2019",
    "ProtocolName": "anat-T1w",
    "PulseSequenceDetails": "%SiemensSeq%_tfl",
    "ReceiveCoilActiveElements": "HE1-4;NE1,2",
    "ReceiveCoilName": "HeadNeck_20",
    "ReconMatrixPE": 256,
    "RefLinesPE": 24,
    "RepetitionTime": 1.68,
    "SAR": 0.0852386,
    "ScanOptions": "IR_WE",
    "ScanningSequence": "GR_IR",
    "SequenceName": "_tfl3d1_16ns",
    "SequenceVariant": "SK_SP_MP_OSP",
    "SeriesDescription": "anat-T1w",
    "SeriesNumber": 5,
    "ShimSetting": [
      -1120,
      -3078,
      -4466,
      183,
      979,
      -400,
      -86,
      -787
    ],
    "SliceThickness": 0.88,
    "SoftwareVersions": "syngo_MR_E11",
    "StationName": "FBMTMR1",
    "TxRefAmp": 352.02,
    "dataset": "unknown",
    "modality": "T1w",
    "session_id": "1",
    "subject_id": "101DPMB042029"
  },
  "cjv": 0.6604770356473946,
  "cnr": 2.0569016723897016,
  "efc": 0.6430685474313085,
  "fber": 655.7810668945312,
  "fwhm_avg": 4.074825979383612,
  "fwhm_x": 3.9103179381508375,
  "fwhm_y": 4.160937142857143,
  "fwhm_z": 4.153222857142857,
  "icvs_csf": 0.1855371005514381,
  "icvs_gm": 0.45272302229763256,
  "icvs_wm": 0.36173987715092937,
  "inu_med": 1.2139036655426025,
  "inu_range": 0.597084254026413,
  "provenance": {
    "md5sum": "1751b0d091384011ec426b7a3a68faae",
    "settings": {
      "testing": false
    },
    "software": "mriqc",
    "version": "0.15.0",
    "warnings": {
      "large_rot_frame": true,
      "small_air_mask": false
    },
    "webapi_port": null,
    "webapi_url": "https://mriqc.nimh.nih.gov/api/v1"
  },
  "qi_1": 0.0,
  "qi_2": 0.0009570214381034642,
  "rpve_csf": 21.938991729927533,
  "rpve_gm": 9.913468919574711,
  "rpve_wm": 13.81918861740299,
  "size_x": 192,
  "size_y": 256,
  "size_z": 256,
  "snr_csf": 2.239848593138795,
  "snr_gm": 10.500213887984694,
  "snr_total": 9.958285414267053,
  "snr_wm": 17.13479376167767,
  "snrd_csf": 21.210475889839685,
  "snrd_gm": 47.06329094318679,
  "snrd_total": 42.34572295458181,
  "snrd_wm": 58.76340203071895,
  "spacing_x": 0.8800000548362732,
  "spacing_y": 0.875,
  "spacing_z": 0.875,
  "summary_bg_k": 2.02548505680231,
  "summary_bg_mad": 11.149011611938477,
  "summary_bg_mean": 26.09471893310547,
  "summary_bg_median": 24.404727935791016,
  "summary_bg_n": 2298553.0,
  "summary_bg_p05": 9.659608078002929,
  "summary_bg_p95": 48.21563034057617,
  "summary_bg_stdv": 12.09954833984375,
  "summary_csf_k": 24.470597818232534,
  "summary_csf_mad": 91.55516815185547,
  "summary_csf_mean": 402.17303466796875,
  "summary_csf_median": 360.9566650390625,
  "summary_csf_n": 38950.0,
  "summary_csf_p05": 255.12639617919922,
  "summary_csf_p95": 647.0743103027341,
  "summary_csf_stdv": 161.1501922607422,
  "summary_gm_k": -0.015751123032355263,
  "summary_gm_mad": 76.9979019165039,
  "summary_gm_mean": 799.6795654296875,
  "summary_gm_median": 800.9159545898438,
  "summary_gm_n": 50830.0,
  "summary_gm_p05": 675.2567535400391,
  "summary_gm_p95": 924.3509429931639,
  "summary_gm_stdv": 76.27540588378906,
  "summary_wm_k": 0.4946607913942631,
  "summary_wm_mad": 54.510154724121094,
  "summary_wm_mean": 998.6135864257812,
  "summary_wm_median": 1000.0266723632812,
  "summary_wm_n": 300505.0,
  "summary_wm_p05": 899.2933349609375,
  "summary_wm_p95": 1091.646435546875,
  "summary_wm_stdv": 58.36224365234375,
  "tpm_overlap_csf": 0.22940994799137115,
  "tpm_overlap_gm": 0.5147733688354492,
  "tpm_overlap_wm": 0.5261660218238831,
  "wm2max": 0.5462613879701812
}