{
  "bids_meta": {
    "AcquisitionMatrixPE": 256,
    "AcquisitionNumber": 1,
    "AcquisitionTime": "14:20:30.267500",
    "BaseResolution": 256,
    "BodyPartExamined": "HEAD",
    "CoilString": "HE1-4;NE1_2",
    "ConsistencyInfo": "N4_VE11C_LATEST_20160120",
    "ConversionSoftware": "dcm2niix",
    "ConversionSoftwareVersion": "v1.0.20190410  (JP2:OpenJPEG) GCC7.3.0",
    "DeviceSerialNumber": "45250",
    "DwellTime": 7.2e-06,
    "EchoTime": 0.00188,
    "FlipAngle": 8,
    "ImageOrientationPatientDICOM": [
      -0.106399,
      0.993291,
      0.0453104,
      0.0430787,
      0.0501312,
      -0.997813
    ],
    "ImageType": [
      "ORIGINAL",
      "PRIMARY",
      "M",
      "NORM",
      "DIS3D",
      "DIS2D"
    ],
    "ImagingFrequency": 123.239,
    "InPlanePhaseEncodingDirectionDICOM": "ROW",
    "InstitutionAddress": "Kopernikusstr._26_Graz_Graz_AT_8010",
    "InstitutionName": "KFU",
    "InstitutionalDepartmentName": "Department",
    "InversionTime": 1,
    "MRAcquisitionType": "3D",
    "MagneticFieldStrength": 3,
    "Manufacturer": "Siemens",
    "ManufacturersModelName": "Skyra",
    "Modality": "MR",
    "PartialFourier": 1,
    "PatientPosition": "HFS",
    "PercentPhaseFOV": 100,
    "PhaseEncodingSteps": 294,
    "PhaseOversampling": 0.15,
    "PhaseResolution": 1,
    "PixelBandwidth": 270,
    "ProcedureStepDescription": "DIPS_2019",
    "ProtocolName": "anat-T1w",
    "PulseSequenceDetails": "%SiemensSeq%_tfl",
    "ReceiveCoilActiveElements": "HE1-4;NE1,2",
    "ReceiveCoilName": "HeadNeck_20",
    "ReconMatrixPE": 256,
    "RefLinesPE": 24,
    "RepetitionTime": 1.68,
    "SAR": 0.0852274,
    "ScanOptions": "IR_WE",
    "ScanningSequence": "GR_IR",
    "SequenceName": "_tfl3d1_16ns",
    "SequenceVariant": "SK_SP_MP_OSP",
    "SeriesDescription": "anat-T1w",
    "SeriesNumber": 5,
    "ShimSetting": [
      -1132,
      -3220,
      -4496,
      -103,
      685,
      -640,
      740,
      -1020
    ],
    "SliceThickness": 0.88,
    "SoftwareVersions": "syngo_MR_E11",
    "StationName": "FBMTMR1",
    "TxRefAmp": 380.357,
    "dataset": "unknown",
    "modality": "T1w",
    "session_id": "1",
    "subject_id": "101DPMB041007"
  },
  "cjv": 0.7681199344763548,
  "cnr": 1.8002765686626512,
  "efc": 0.6985016401300873,
  "fber": 631.436279296875,
  "fwhm_avg": 4.018745632477892,
  "fwhm_x": 3.9384997545765357,
  "fwhm_y": 4.061371428571428,
  "fwhm_z": 4.056365714285714,
  "icvs_csf": 0.19029126183983625,
  "icvs_gm": 0.4309958553234795,
  "icvs_wm": 0.37871288283668425,
  "inu_med": 1.240725040435791,
  "inu_range": 0.6110087633132935,
  "provenance": {
    "md5sum": "b9c1c921b95cc2d99bae55eb48cec0f2",
    "settings": {
      "testing": false
    },
    "software": "mriqc",
    "version": "0.15.0",
    "warnings": {
      "large_rot_frame": true,
      "small_air_mask": false
    },
    "webapi_port": null,
    "webapi_url": "https://mriqc.nimh.nih.gov/api/v1"
  },
  "qi_1": 0.0,
  "qi_2": 0.0008566813981450819,
  "rpve_csf": 21.53791872512161,
  "rpve_gm": 10.173011081189632,
  "rpve_wm": 13.107078330041626,
  "size_x": 192,
  "size_y": 256,
  "size_z": 256,
  "snr_csf": 3.2850134009223133,
  "snr_gm": 9.33390459128212,
  "snr_total": 9.533362798384614,
  "snr_wm": 15.981170402949408,
  "snrd_csf": 20.233712865585392,
  "snrd_gm": 43.33981774913195,
  "snrd_total": 39.104771804110214,
  "snrd_wm": 53.7407847976133,
  "spacing_x": 0.8800000548362732,
  "spacing_y": 0.875,
  "spacing_z": 0.875,
  "summary_bg_k": 1.2361423232805349,
  "summary_bg_mad": 12.191123962402344,
  "summary_bg_mean": 27.684062957763672,
  "summary_bg_median": 26.227991104125977,
  "summary_bg_n": 2304274.0,
  "summary_bg_p05": 8.805327796936036,
  "summary_bg_p95": 51.57766265869141,
  "summary_bg_stdv": 13.304095268249512,
  "summary_csf_k": 6.1148418797429756,
  "summary_csf_mad": 98.24461364746094,
  "summary_csf_mean": 398.51544189453125,
  "summary_csf_median": 376.5196228027344,
  "summary_csf_n": 43679.0,
  "summary_csf_p05": 253.1153732299805,
  "summary_csf_p95": 617.027960205078,
  "summary_csf_stdv": 114.6160659790039,
  "summary_gm_k": -0.011931840848614428,
  "summary_gm_mad": 87.74337768554688,
  "summary_gm_mean": 810.90283203125,
  "summary_gm_median": 806.490234375,
  "summary_gm_n": 41999.0,
  "summary_gm_p05": 677.6421264648437,
  "summary_gm_p95": 958.5801635742187,
  "summary_gm_stdv": 86.40335083007812,
  "summary_wm_k": 0.3134812390240276,
  "summary_wm_mad": 60.9236946105957,
  "summary_wm_mean": 1001.496826171875,
  "summary_wm_median": 1000.0369262695312,
  "summary_wm_n": 328889.0,
  "summary_wm_p05": 901.3638305664062,
  "summary_wm_p95": 1106.436376953125,
  "summary_wm_stdv": 62.57585525512695,
  "tpm_overlap_csf": 0.22860215604305267,
  "tpm_overlap_gm": 0.4961065649986267,
  "tpm_overlap_wm": 0.5313206315040588,
  "wm2max": 0.4882850563499831
}