{
  "aor": 0.0006781411764705883,
  "aqi": 0.026583178647058822,
  "bids_meta": {
    "AcquisitionMatrixPE": 80,
    "AcquisitionNumber": 1,
    "AcquisitionTime": "15:11:52.030000",
    "BandwidthPerPixelPhaseEncode": 24.038,
    "BaseResolution": 80,
    "BodyPartExamined": "HEAD",
    "CogAtlasID": "TODO",
    "CoilString": "HE1-4;NE1_2",
    "ConsistencyInfo": "N4_VE11C_LATEST_20160120",
    "ConversionSoftware": "dcm2niix",
    "ConversionSoftwareVersion": "v1.0.20190720  (JP2:OpenJPEG) GCC7.3.0",
    "DerivedVendorReportedEchoSpacing": 0.00052001,
    "DeviceSerialNumber": "45250",
    "DwellTime": 2.5e-06,
    "EchoTime": 0.0384,
    "EchoTrainLength": 80,
    "EffectiveEchoSpacing": 0.00052001,
    "FlipAngle": 60,
    "ImageComments": "Unaliased_MB4_PE3",
    "ImageOrientationPatientDICOM": [
      0.993773,
      -0.110596,
      0.0135576,
      0.107958,
      0.925595,
      -0.362794
    ],
    "ImageType": [
      "ORIGINAL",
      "PRIMARY",
      "M",
      "MB",
      "ND",
      "NORM",
      "MOSAIC"
    ],
    "ImagingFrequency": 123.239,
    "InPlanePhaseEncodingDirectionDICOM": "COL",
    "InstitutionAddress": "Kopernikusstr._26_Graz_Graz_AT_8010",
    "InstitutionName": "KFU",
    "InstitutionalDepartmentName": "Department",
    "MRAcquisitionType": "2D",
    "MagneticFieldStrength": 3,
    "Manufacturer": "Siemens",
    "ManufacturersModelName": "Skyra",
    "Modality": "MR",
    "MultibandAccelerationFactor": 4,
    "PartialFourier": 1,
    "PatientPosition": "HFS",
    "PercentPhaseFOV": 100,
    "PhaseEncodingDirection": "j-",
    "PhaseEncodingSteps": 80,
    "PhaseResolution": 1,
    "PixelBandwidth": 2500,
    "ProcedureStepDescription": "DIPS_2019",
    "ProtocolName": "func_task-EyeMag_acq-CMRR_run-01",
    "PulseSequenceDetails": "%CustomerSeq%_cmrr_mbep2d_bold",
    "ReceiveCoilActiveElements": "HE1-4;NE1,2",
    "ReceiveCoilName": "HeadNeck_20",
    "ReconMatrixPE": 80,
    "RepetitionTime": 1,
    "SAR": 0.0937148,
    "ScanOptions": "FS",
    "ScanningSequence": "EP",
    "SequenceName": "epfid2d1_80",
    "SequenceVariant": "SK_SS",
    "SeriesDescription": "func_task-EyeMag_acq-CMRR_run-01",
    "SeriesNumber": 9,
    "ShimSetting": [
      -1115,
      -2881,
      -4202,
      583,
      899,
      856,
      -59,
      -939
    ],
    "SliceThickness": 3,
    "SliceTiming": [
      0,
      0.4075,
      0.815,
      0.245,
      0.6525,
      0.08,
      0.49,
      0.8975,
      0.325,
      0.735,
      0.1625,
      0.57,
      0,
      0.4075,
      0.815,
      0.245,
      0.6525,
      0.08,
      0.49,
      0.8975,
      0.325,
      0.735,
      0.1625,
      0.57,
      0,
      0.4075,
      0.815,
      0.245,
      0.6525,
      0.08,
      0.49,
      0.8975,
      0.325,
      0.735,
      0.1625,
      0.57,
      0,
      0.4075,
      0.815,
      0.245,
      0.6525,
      0.08,
      0.49,
      0.8975,
      0.325,
      0.735,
      0.1625,
      0.57
    ],
    "SoftwareVersions": "syngo_MR_E11",
    "SpacingBetweenSlices": 3,
    "StationName": "FBMTMR1",
    "TaskName": "EyeMag",
    "TotalReadoutTime": 0.0410808,
    "TxRefAmp": 363.422,
    "WipMemBlock": "2987c745-451a-4079-a51a-417c6dbc7551||Sequence: R016 ve11c/master r/34fb20f; Nov 20 2017 15:15:15 by eja",
    "acq_id": "CMRR",
    "dataset": "unknown",
    "modality": "bold",
    "run_id": 1,
    "session_id": "1",
    "subject_id": "101DPMB041023",
    "task_id": "EyeMag"
  },
  "dummy_trs": 0,
  "dvars_nstd": 32.470482969340786,
  "dvars_std": 1.2095929219540906,
  "dvars_vstd": 0.9540882575573866,
  "efc": 0.4352119934375699,
  "fber": 8511.0625,
  "fd_mean": 0.2027458969557349,
  "fd_num": 695,
  "fd_perc": 40.88235294117647,
  "fwhm_avg": 2.499193333333334,
  "fwhm_x": 2.2939599999999998,
  "fwhm_y": 2.8054733333333335,
  "fwhm_z": 2.398146666666667,
  "gcor": 0.0141153,
  "gsr_x": -0.0019660210236907005,
  "gsr_y": 0.011885102838277817,
  "provenance": {
    "md5sum": "9a48d4507cfb05a1f13e37dc71f2c41a",
    "settings": {
      "fd_thres": 0.2,
      "hmc_fsl": false
    },
    "software": "mriqc",
    "version": "0.15.0",
    "webapi_port": null,
    "webapi_url": "https://mriqc.nimh.nih.gov/api/v1"
  },
  "size_t": 1700,
  "size_x": 80,
  "size_y": 80,
  "size_z": 48,
  "snr": 5.028333501994818,
  "spacing_tr": 1.0,
  "spacing_x": 3.0,
  "spacing_y": 3.0,
  "spacing_z": 3.0,
  "summary_bg_k": 74.00545483622274,
  "summary_bg_mad": 55.72523498535156,
  "summary_bg_mean": 216.7480926513672,
  "summary_bg_median": 94.4570083618164,
  "summary_bg_n": 205182.0,
  "summary_bg_p05": 43.256184577941895,
  "summary_bg_p95": 688.9273406982414,
  "summary_bg_stdv": 476.99371337890625,
  "summary_fg_k": 4.242212278380214,
  "summary_fg_mad": 1279.9132080078125,
  "summary_fg_mean": 8783.6435546875,
  "summary_fg_median": 8864.66015625,
  "summary_fg_n": 52480.0,
  "summary_fg_p05": 5852.495190429688,
  "summary_fg_p95": 11177.42333984375,
  "summary_fg_stdv": 1762.9251708984375,
  "tsnr": 34.15278244018555
}