{
  "bids_meta": {
    "AcquisitionMatrixPE": 256,
    "AcquisitionNumber": 1,
    "AcquisitionTime": "09:01:56.055000",
    "BaseResolution": 256,
    "BodyPartExamined": "HEAD",
    "CoilString": "HE1-4;NE1_2",
    "ConsistencyInfo": "N4_VE11C_LATEST_20160120",
    "ConversionSoftware": "dcm2niix",
    "ConversionSoftwareVersion": "v1.0.20190720  (JP2:OpenJPEG) GCC7.3.0",
    "DeviceSerialNumber": "45250",
    "DwellTime": 7.2e-06,
    "EchoTime": 0.00188,
    "FlipAngle": 8,
    "ImageOrientationPatientDICOM": [
      -0.038829,
      0.996808,
      0.0697506,
      -0.0156456,
      0.0691882,
      -0.997481
    ],
    "ImageType": [
      "ORIGINAL",
      "PRIMARY",
      "M",
      "NORM",
      "DIS3D",
      "DIS2D"
    ],
    "ImagingFrequency": 123.239,
    "InPlanePhaseEncodingDirectionDICOM": "ROW",
    "InstitutionAddress": "Kopernikusstr._26_Graz_Graz_AT_8010",
    "InstitutionName": "KFU",
    "InstitutionalDepartmentName": "Department",
    "InversionTime": 1,
    "MRAcquisitionType": "3D",
    "MagneticFieldStrength": 3,
    "Manufacturer": "Siemens",
    "ManufacturersModelName": "Skyra",
    "Modality": "MR",
    "ParallelReductionFactorInPlane": 2,
    "PartialFourier": 1,
    "PatientPosition": "HFS",
    "PercentPhaseFOV": 100,
    "PhaseEncodingSteps": 294,
    "PhaseOversampling": 0.15,
    "PhaseResolution": 1,
    "PixelBandwidth": 270,
    "ProcedureStepDescription": "DIPS_2019",
    "ProtocolName": "anat-T1w",
    "PulseSequenceDetails": "%SiemensSeq%_tfl",
    "ReceiveCoilActiveElements": "HE1-4;NE1,2",
    "ReceiveCoilName": "HeadNeck_20",
    "ReconMatrixPE": 256,
    "RefLinesPE": 24,
    "RepetitionTime": 1.68,
    "SAR": 0.0840286,
    "ScanOptions": "IR_WE",
    "ScanningSequence": "GR_IR",
    "SequenceName": "_tfl3d1_16ns",
    "SequenceVariant": "SK_SP_MP_OSP",
    "SeriesDescription": "anat-T1w",
    "SeriesNumber": 5,
    "ShimSetting": [
      -1135,
      -3081,
      -4446,
      159,
      788,
      10,
      488,
      -879
    ],
    "SliceThickness": 0.88,
    "SoftwareVersions": "syngo_MR_E11",
    "StationName": "FBMTMR1",
    "TxRefAmp": 355.929,
    "dataset": "unknown",
    "modality": "T1w",
    "session_id": "1",
    "subject_id": "101DPMB041025"
  },
  "cjv": 0.6771705082220539,
  "cnr": 2.0538771376633025,
  "efc": 0.6731013039754398,
  "fber": 538.0579223632812,
  "fwhm_avg": 4.02567777511434,
  "fwhm_x": 3.94912475391445,
  "fwhm_y": 4.061908571428572,
  "fwhm_z": 4.066,
  "icvs_csf": 0.15060124419899618,
  "icvs_gm": 0.4733552922341073,
  "icvs_wm": 0.3760434635668965,
  "inu_med": 1.101292610168457,
  "inu_range": 0.5708971977233881,
  "provenance": {
    "md5sum": "6d10b5498e5724417ae09a9aac02d18e",
    "settings": {
      "testing": false
    },
    "software": "mriqc",
    "version": "0.15.0",
    "warnings": {
      "large_rot_frame": true,
      "small_air_mask": false
    },
    "webapi_port": null,
    "webapi_url": "https://mriqc.nimh.nih.gov/api/v1"
  },
  "qi_1": 0.0,
  "qi_2": 0.0012244078102258517,
  "rpve_csf": 24.400242001063397,
  "rpve_gm": 9.048530819162298,
  "rpve_wm": 12.27273274102415,
  "size_x": 192,
  "size_y": 256,
  "size_z": 256,
  "snr_csf": 1.8224257130661636,
  "snr_gm": 10.993444298857119,
  "snr_total": 9.502046409254797,
  "snr_wm": 15.690269215841107,
  "snrd_csf": 20.703189077416198,
  "snrd_gm": 41.7970558358751,
  "snrd_total": 38.25935697375768,
  "snrd_wm": 52.277826007981766,
  "spacing_x": 0.8800000548362732,
  "spacing_y": 0.875,
  "spacing_z": 0.875,
  "summary_bg_k": 1.2027987713720965,
  "summary_bg_mad": 12.532297134399414,
  "summary_bg_mean": 30.42563247680664,
  "summary_bg_median": 28.819381713867188,
  "summary_bg_n": 1966340.0,
  "summary_bg_p05": 11.681349182128905,
  "summary_bg_p95": 54.610224723815904,
  "summary_bg_stdv": 13.301464080810547,
  "summary_csf_k": 17.491716284647335,
  "summary_csf_mad": 104.50262451171875,
  "summary_csf_mean": 446.5025634765625,
  "summary_csf_median": 396.03741455078125,
  "summary_csf_n": 26286.0,
  "summary_csf_p05": 266.5404739379883,
  "summary_csf_p95": 718.0694885253906,
  "summary_csf_stdv": 217.3092041015625,
  "summary_gm_k": 0.043783023027351486,
  "summary_gm_mad": 73.56649017333984,
  "summary_gm_mean": 801.865234375,
  "summary_gm_median": 799.5482177734375,
  "summary_gm_n": 79292.0,
  "summary_gm_p05": 687.2813598632813,
  "summary_gm_p95": 924.3342010498045,
  "summary_gm_stdv": 72.72908782958984,
  "summary_wm_k": 0.2561560397495515,
  "summary_wm_mad": 62.19925308227539,
  "summary_wm_mean": 1001.696533203125,
  "summary_wm_median": 1000.0379638671875,
  "summary_wm_n": 327306.0,
  "summary_wm_p05": 899.7700805664062,
  "summary_wm_p95": 1108.3693542480469,
  "summary_wm_stdv": 63.73609161376953,
  "tpm_overlap_csf": 0.2200290709733963,
  "tpm_overlap_gm": 0.5269317626953125,
  "tpm_overlap_wm": 0.5359117984771729,
  "wm2max": 0.5336370621469877
}