{
  "bids_meta": {
    "AcquisitionMatrixPE": 256,
    "AcquisitionNumber": 1,
    "AcquisitionTime": "13:09:9.690000",
    "BaseResolution": 256,
    "BodyPartExamined": "HEAD",
    "CoilString": "HE1-4;NE1_2",
    "ConsistencyInfo": "N4_VE11C_LATEST_20160120",
    "ConversionSoftware": "dcm2niix",
    "ConversionSoftwareVersion": "v1.0.20190410  (JP2:OpenJPEG) GCC7.3.0",
    "DeviceSerialNumber": "45250",
    "DwellTime": 7.2e-06,
    "EchoTime": 0.00188,
    "FlipAngle": 8,
    "ImageOrientationPatientDICOM": [
      0.0864506,
      0.99625,
      0.00348791,
      -0.0392756,
      0.00690643,
      -0.999205
    ],
    "ImageType": [
      "ORIGINAL",
      "PRIMARY",
      "M",
      "NORM",
      "DIS3D",
      "DIS2D"
    ],
    "ImagingFrequency": 123.239,
    "InPlanePhaseEncodingDirectionDICOM": "ROW",
    "InstitutionAddress": "Kopernikusstr._26_Graz_Graz_AT_8010",
    "InstitutionName": "KFU",
    "InstitutionalDepartmentName": "Department",
    "InversionTime": 1,
    "MRAcquisitionType": "3D",
    "MagneticFieldStrength": 3,
    "Manufacturer": "Siemens",
    "ManufacturersModelName": "Skyra",
    "Modality": "MR",
    "PartialFourier": 1,
    "PatientPosition": "HFS",
    "PercentPhaseFOV": 100,
    "PhaseEncodingSteps": 294,
    "PhaseOversampling": 0.15,
    "PhaseResolution": 1,
    "PixelBandwidth": 270,
    "ProcedureStepDescription": "DIPS_2019",
    "ProtocolName": "anat-T1w",
    "PulseSequenceDetails": "%SiemensSeq%_tfl",
    "ReceiveCoilActiveElements": "HE1-4;NE1,2",
    "ReceiveCoilName": "HeadNeck_20",
    "ReconMatrixPE": 256,
    "RefLinesPE": 24,
    "RepetitionTime": 1.68,
    "SAR": 0.0813276,
    "ScanOptions": "IR_WE",
    "ScanningSequence": "GR_IR",
    "SequenceName": "_tfl3d1_16ns",
    "SequenceVariant": "SK_SP_MP_OSP",
    "SeriesDescription": "anat-T1w",
    "SeriesNumber": 5,
    "ShimSetting": [
      -1132,
      -3028,
      -4448,
      77,
      1123,
      -362,
      113,
      -938
    ],
    "SliceThickness": 0.88,
    "SoftwareVersions": "syngo_MR_E11",
    "StationName": "FBMTMR1",
    "TxRefAmp": 358.741,
    "dataset": "unknown",
    "modality": "T1w",
    "session_id": "1",
    "subject_id": "101DPMB042010"
  },
  "cjv": 1.0138836171271215,
  "cnr": 1.369022348787043,
  "efc": 0.6939594344247545,
  "fber": 543.941162109375,
  "fwhm_avg": 3.9706758491226046,
  "fwhm_x": 3.9291361187963845,
  "fwhm_y": 3.9646514285714285,
  "fwhm_z": 4.0182400000000005,
  "icvs_csf": 0.1843178670785063,
  "icvs_gm": 0.43096962345058343,
  "icvs_wm": 0.3847125094709103,
  "inu_med": 1.0745104551315308,
  "inu_range": 0.4808445632457733,
  "provenance": {
    "md5sum": "2fe11c666a701e1aafc6033fe7f5d8fd",
    "settings": {
      "testing": false
    },
    "software": "mriqc",
    "version": "0.15.0",
    "warnings": {
      "large_rot_frame": true,
      "small_air_mask": false
    },
    "webapi_port": null,
    "webapi_url": "https://mriqc.nimh.nih.gov/api/v1"
  },
  "qi_1": 0.0,
  "qi_2": 0.00122498225195219,
  "rpve_csf": 19.620944510035418,
  "rpve_gm": 9.145183821594971,
  "rpve_wm": 11.799423142499906,
  "size_x": 192,
  "size_y": 256,
  "size_z": 256,
  "snr_csf": 3.0895583871590206,
  "snr_gm": 9.117118839742986,
  "snr_total": 9.21674925584563,
  "snr_wm": 15.443570540634882,
  "snrd_csf": 19.50978499663163,
  "snrd_gm": 42.40115231034973,
  "snrd_total": 37.37931089649093,
  "snrd_wm": 50.22699538249141,
  "spacing_x": 0.8800000548362732,
  "spacing_y": 0.875,
  "spacing_z": 0.875,
  "summary_bg_k": 0.894582733212899,
  "summary_bg_mad": 13.044160842895508,
  "summary_bg_mean": 31.392724990844727,
  "summary_bg_median": 29.8175048828125,
  "summary_bg_n": 1602879.0,
  "summary_bg_p05": 11.947690582275392,
  "summary_bg_p95": 56.192173385620116,
  "summary_bg_stdv": 13.66297435760498,
  "summary_csf_k": 6.52649426025814,
  "summary_csf_mad": 98.91795349121094,
  "summary_csf_mean": 417.8794250488281,
  "summary_csf_median": 388.45159912109375,
  "summary_csf_n": 38337.0,
  "summary_csf_p05": 266.8644775390625,
  "summary_csf_p95": 665.2815307617187,
  "summary_csf_stdv": 125.72882080078125,
  "summary_gm_k": -0.1765852253275111,
  "summary_gm_mad": 94.63606262207031,
  "summary_gm_mean": 845.694580078125,
  "summary_gm_median": 844.2325439453125,
  "summary_gm_n": 41513.0,
  "summary_gm_p05": 699.6814208984375,
  "summary_gm_p95": 1004.9466186523438,
  "summary_gm_stdv": 92.59749603271484,
  "summary_wm_k": 0.2553619696845577,
  "summary_wm_mad": 63.344505310058594,
  "summary_wm_mean": 1004.4200439453125,
  "summary_wm_median": 1000.0498046875,
  "summary_wm_n": 379117.0,
  "summary_wm_p05": 905.1167358398437,
  "summary_wm_p95": 1116.6009033203125,
  "summary_wm_stdv": 64.7550048828125,
  "tpm_overlap_csf": 0.23086053133010864,
  "tpm_overlap_gm": 0.5015309453010559,
  "tpm_overlap_wm": 0.5408329963684082,
  "wm2max": 0.53184304405012
}