{
  "aor": 0.0010061190476190476,
  "aqi": 0.019928266476190476,
  "bids_meta": {
    "AcquisitionMatrixPE": 80,
    "AcquisitionNumber": 1,
    "AcquisitionTime": "11:23:27.362500",
    "BandwidthPerPixelPhaseEncode": 24.038,
    "BaseResolution": 80,
    "BodyPartExamined": "HEAD",
    "CogAtlasID": "TODO",
    "CoilString": "HE1-4;NE1_2",
    "ConsistencyInfo": "N4_VE11C_LATEST_20160120",
    "ConversionSoftware": "dcm2niix",
    "ConversionSoftwareVersion": "v1.0.20190720  (JP2:OpenJPEG) GCC7.3.0",
    "DerivedVendorReportedEchoSpacing": 0.00052001,
    "DeviceSerialNumber": "45250",
    "DwellTime": 2.5e-06,
    "EchoTime": 0.0384,
    "EchoTrainLength": 80,
    "EffectiveEchoSpacing": 0.00052001,
    "FlipAngle": 60,
    "ImageComments": "Unaliased_MB4_PE3",
    "ImageOrientationPatientDICOM": [
      0.998753,
      -0.0484521,
      -0.0120162,
      0.0436066,
      0.96396,
      -0.26245
    ],
    "ImageType": [
      "ORIGINAL",
      "PRIMARY",
      "M",
      "MB",
      "ND",
      "NORM",
      "MOSAIC"
    ],
    "ImagingFrequency": 123.239,
    "InPlanePhaseEncodingDirectionDICOM": "COL",
    "InstitutionAddress": "Kopernikusstr._26_Graz_Graz_AT_8010",
    "InstitutionName": "KFU",
    "InstitutionalDepartmentName": "Department",
    "MRAcquisitionType": "2D",
    "MagneticFieldStrength": 3,
    "Manufacturer": "Siemens",
    "ManufacturersModelName": "Skyra",
    "Modality": "MR",
    "MultibandAccelerationFactor": 4,
    "PartialFourier": 1,
    "PatientPosition": "HFS",
    "PercentPhaseFOV": 100,
    "PhaseEncodingDirection": "j-",
    "PhaseEncodingSteps": 80,
    "PhaseResolution": 1,
    "PixelBandwidth": 2500,
    "ProcedureStepDescription": "DIPS_2019",
    "ProtocolName": "func_task-EyeMag_acq-CMRR_run-01",
    "PulseSequenceDetails": "%CustomerSeq%_cmrr_mbep2d_bold",
    "ReceiveCoilActiveElements": "HE1-4;NE1,2",
    "ReceiveCoilName": "HeadNeck_20",
    "ReconMatrixPE": 80,
    "RepetitionTime": 1,
    "SAR": 0.0838005,
    "ScanOptions": "FS",
    "ScanningSequence": "EP",
    "SequenceName": "epfid2d1_80",
    "SequenceVariant": "SK_SS",
    "SeriesDescription": "func_task-EyeMag_acq-CMRR_run-01",
    "SeriesNumber": 9,
    "ShimSetting": [
      -1074,
      -3139,
      -4110,
      608,
      1012,
      351,
      150,
      -780
    ],
    "SliceThickness": 3,
    "SliceTiming": [
      0,
      0.4075,
      0.815,
      0.245,
      0.6525,
      0.0825,
      0.49,
      0.8975,
      0.3275,
      0.735,
      0.1625,
      0.5725,
      0,
      0.4075,
      0.815,
      0.245,
      0.6525,
      0.0825,
      0.49,
      0.8975,
      0.3275,
      0.735,
      0.1625,
      0.5725,
      0,
      0.4075,
      0.815,
      0.245,
      0.6525,
      0.0825,
      0.49,
      0.8975,
      0.3275,
      0.735,
      0.1625,
      0.5725,
      0,
      0.4075,
      0.815,
      0.245,
      0.6525,
      0.0825,
      0.49,
      0.8975,
      0.3275,
      0.735,
      0.1625,
      0.5725
    ],
    "SoftwareVersions": "syngo_MR_E11",
    "SpacingBetweenSlices": 3,
    "StationName": "FBMTMR1",
    "TaskName": "EyeMag",
    "TotalReadoutTime": 0.0410808,
    "TxRefAmp": 370.866,
    "WipMemBlock": "d8080cf0-ccd3-42d2-adf9-843b68e63de7||Sequence: R016 ve11c/master r/34fb20f; Nov 20 2017 15:15:15 by eja",
    "acq_id": "CMRR",
    "dataset": "unknown",
    "modality": "bold",
    "run_id": 1,
    "session_id": "1",
    "subject_id": "101DPMB041030",
    "task_id": "EyeMag"
  },
  "dummy_trs": 1,
  "dvars_nstd": 30.300227404359777,
  "dvars_std": 1.1804556471054235,
  "dvars_vstd": 1.028973153567597,
  "efc": 0.4050231969762008,
  "fber": 8117.61328125,
  "fd_mean": 0.20481873225450722,
  "fd_num": 772,
  "fd_perc": 45.95238095238095,
  "fwhm_avg": 2.420863333333333,
  "fwhm_x": 2.266363333333333,
  "fwhm_y": 2.6587633333333334,
  "fwhm_z": 2.3374633333333334,
  "gcor": 0.0159086,
  "gsr_x": -0.0065077077597379684,
  "gsr_y": 0.009096256457269192,
  "provenance": {
    "md5sum": "da966eb623c56bb93ed110ac770c5bb6",
    "settings": {
      "fd_thres": 0.2,
      "hmc_fsl": false
    },
    "software": "mriqc",
    "version": "0.15.0",
    "webapi_port": null,
    "webapi_url": "https://mriqc.nimh.nih.gov/api/v1"
  },
  "size_t": 1680,
  "size_x": 80,
  "size_y": 80,
  "size_z": 48,
  "snr": 4.834203110751312,
  "spacing_tr": 1.0,
  "spacing_x": 3.0,
  "spacing_y": 3.0,
  "spacing_z": 3.0,
  "summary_bg_k": 106.19200771028254,
  "summary_bg_mad": 45.50855255126953,
  "summary_bg_mean": 175.79708862304688,
  "summary_bg_median": 87.48404693603516,
  "summary_bg_n": 214702.0,
  "summary_bg_p05": 45.332537460327146,
  "summary_bg_p95": 517.1397705078122,
  "summary_bg_stdv": 369.0816955566406,
  "summary_fg_k": 3.5952246053843195,
  "summary_fg_mad": 1290.7333984375,
  "summary_fg_mean": 8091.26171875,
  "summary_fg_median": 8132.36376953125,
  "summary_fg_n": 44931.0,
  "summary_fg_p05": 5401.113037109375,
  "summary_fg_p95": 10399.08935546875,
  "summary_fg_stdv": 1682.236572265625,
  "tsnr": 36.3828125
}