{
  "aor": 0.0006276997578692495,
  "aqi": 0.01406142167675545,
  "bids_meta": {
    "AcquisitionMatrixPE": 80,
    "AcquisitionNumber": 1,
    "AcquisitionTime": "12:20:20.365000",
    "BandwidthPerPixelPhaseEncode": 24.038,
    "BaseResolution": 80,
    "BodyPartExamined": "HEAD",
    "CogAtlasID": "TODO",
    "CoilString": "HE1-4;NE1_2",
    "ConsistencyInfo": "N4_VE11C_LATEST_20160120",
    "ConversionSoftware": "dcm2niix",
    "ConversionSoftwareVersion": "v1.0.20190720  (JP2:OpenJPEG) GCC7.3.0",
    "DerivedVendorReportedEchoSpacing": 0.00052001,
    "DeviceSerialNumber": "45250",
    "DwellTime": 2.5e-06,
    "EchoTime": 0.0384,
    "EchoTrainLength": 80,
    "EffectiveEchoSpacing": 0.00052001,
    "FlipAngle": 60,
    "ImageComments": "Unaliased_MB4_PE3",
    "ImageOrientationPatientDICOM": [
      0.999026,
      -0.0247797,
      0.0365064,
      0.0366327,
      0.927007,
      -0.373252
    ],
    "ImageType": [
      "ORIGINAL",
      "PRIMARY",
      "M",
      "MB",
      "ND",
      "NORM",
      "MOSAIC"
    ],
    "ImagingFrequency": 123.24,
    "InPlanePhaseEncodingDirectionDICOM": "COL",
    "InstitutionAddress": "Kopernikusstr._26_Graz_Graz_AT_8010",
    "InstitutionName": "KFU",
    "InstitutionalDepartmentName": "Department",
    "MRAcquisitionType": "2D",
    "MagneticFieldStrength": 3,
    "Manufacturer": "Siemens",
    "ManufacturersModelName": "Skyra",
    "Modality": "MR",
    "MultibandAccelerationFactor": 4,
    "PartialFourier": 1,
    "PatientPosition": "HFS",
    "PercentPhaseFOV": 100,
    "PhaseEncodingDirection": "j-",
    "PhaseEncodingSteps": 80,
    "PhaseResolution": 1,
    "PixelBandwidth": 2500,
    "ProcedureStepDescription": "DIPS_2019",
    "ProtocolName": "func_task-EyeMag_acq-CMRR_run-01",
    "PulseSequenceDetails": "%CustomerSeq%_cmrr_mbep2d_bold",
    "ReceiveCoilActiveElements": "HE1-4;NE1,2",
    "ReceiveCoilName": "HeadNeck_20",
    "ReconMatrixPE": 80,
    "RepetitionTime": 1,
    "SAR": 0.111146,
    "ScanOptions": "FS",
    "ScanningSequence": "EP",
    "SequenceName": "epfid2d1_80",
    "SequenceVariant": "SK_SS",
    "SeriesDescription": "func_task-EyeMag_acq-CMRR_run-01",
    "SeriesNumber": 9,
    "ShimSetting": [
      -1124,
      -3006,
      -4311,
      362,
      802,
      339,
      -486,
      -888
    ],
    "SliceThickness": 3,
    "SliceTiming": [
      0,
      0.4075,
      0.8175,
      0.245,
      0.6525,
      0.0825,
      0.49,
      0.8975,
      0.3275,
      0.735,
      0.1625,
      0.5725,
      0,
      0.4075,
      0.8175,
      0.245,
      0.6525,
      0.0825,
      0.49,
      0.8975,
      0.3275,
      0.735,
      0.1625,
      0.5725,
      0,
      0.4075,
      0.8175,
      0.245,
      0.6525,
      0.0825,
      0.49,
      0.8975,
      0.3275,
      0.735,
      0.1625,
      0.5725,
      0,
      0.4075,
      0.8175,
      0.245,
      0.6525,
      0.0825,
      0.49,
      0.8975,
      0.3275,
      0.735,
      0.1625,
      0.5725
    ],
    "SoftwareVersions": "syngo_MR_E11",
    "SpacingBetweenSlices": 3,
    "StationName": "FBMTMR1",
    "TaskName": "EyeMag",
    "TotalReadoutTime": 0.0410808,
    "TxRefAmp": 362.804,
    "WipMemBlock": "02efc95e-d75c-40b8-a03d-dffd78ae3d6d||Sequence: R016 ve11c/master r/34fb20f; Nov 20 2017 15:15:15 by eja",
    "acq_id": "CMRR",
    "dataset": "unknown",
    "modality": "bold",
    "run_id": 1,
    "session_id": "1",
    "subject_id": "101DPMB041015",
    "task_id": "EyeMag"
  },
  "dummy_trs": 0,
  "dvars_nstd": 36.84946356276803,
  "dvars_std": 1.310637344076317,
  "dvars_vstd": 0.9732684940581456,
  "efc": 0.38290754562685236,
  "fber": 8882.41796875,
  "fd_mean": 0.21209708224419704,
  "fd_num": 882,
  "fd_perc": 53.389830508474574,
  "fwhm_avg": 2.3991422222222223,
  "fwhm_x": 2.3548266666666664,
  "fwhm_y": 2.5300966666666667,
  "fwhm_z": 2.3125033333333334,
  "gcor": 0.0122048,
  "gsr_x": -0.006638200022280216,
  "gsr_y": 0.004553894512355328,
  "provenance": {
    "md5sum": "54e185c567aa03833329c04fee749805",
    "settings": {
      "fd_thres": 0.2,
      "hmc_fsl": false
    },
    "software": "mriqc",
    "version": "0.15.0",
    "webapi_port": null,
    "webapi_url": "https://mriqc.nimh.nih.gov/api/v1"
  },
  "size_t": 1652,
  "size_x": 80,
  "size_y": 80,
  "size_z": 48,
  "snr": 4.493861816466669,
  "spacing_tr": 1.0,
  "spacing_x": 3.0,
  "spacing_y": 3.0,
  "spacing_z": 3.0,
  "summary_bg_k": 97.47624243494315,
  "summary_bg_mad": 49.317840576171875,
  "summary_bg_mean": 185.37896728515625,
  "summary_bg_median": 88.97987365722656,
  "summary_bg_n": 221910.0,
  "summary_bg_p05": 44.009697151184085,
  "summary_bg_p95": 551.1271667480468,
  "summary_bg_stdv": 408.7264404296875,
  "summary_fg_k": 2.822931794985699,
  "summary_fg_mad": 1462.6168212890625,
  "summary_fg_mean": 8576.1591796875,
  "summary_fg_median": 8615.5751953125,
  "summary_fg_n": 39249.0,
  "summary_fg_p05": 5228.62138671875,
  "summary_fg_p95": 11362.43828125,
  "summary_fg_stdv": 1917.1629638671875,
  "tsnr": 42.1356201171875
}