{
  "aor": 0.0012479589371980678,
  "aqi": 0.03159116304347826,
  "bids_meta": {
    "AcquisitionMatrixPE": 80,
    "AcquisitionNumber": 1,
    "AcquisitionTime": "13:21:13.907500",
    "BandwidthPerPixelPhaseEncode": 24.038,
    "BaseResolution": 80,
    "BodyPartExamined": "HEAD",
    "CogAtlasID": "TODO",
    "CoilString": "HE1-4;NE1_2",
    "ConsistencyInfo": "N4_VE11C_LATEST_20160120",
    "ConversionSoftware": "dcm2niix",
    "ConversionSoftwareVersion": "v1.0.20190720  (JP2:OpenJPEG) GCC7.3.0",
    "DerivedVendorReportedEchoSpacing": 0.00052001,
    "DeviceSerialNumber": "45250",
    "DwellTime": 2.5e-06,
    "EchoTime": 0.0384,
    "EchoTrainLength": 80,
    "EffectiveEchoSpacing": 0.00052001,
    "FlipAngle": 60,
    "ImageComments": "Unaliased_MB4_PE3",
    "ImageOrientationPatientDICOM": [
      0.996134,
      -0.0771287,
      -0.0420547,
      0.0556926,
      0.924668,
      -0.37668
    ],
    "ImageType": [
      "ORIGINAL",
      "PRIMARY",
      "M",
      "MB",
      "ND",
      "NORM",
      "MOSAIC"
    ],
    "ImagingFrequency": 123.239,
    "InPlanePhaseEncodingDirectionDICOM": "COL",
    "InstitutionAddress": "Kopernikusstr._26_Graz_Graz_AT_8010",
    "InstitutionName": "KFU",
    "InstitutionalDepartmentName": "Department",
    "MRAcquisitionType": "2D",
    "MagneticFieldStrength": 3,
    "Manufacturer": "Siemens",
    "ManufacturersModelName": "Skyra",
    "Modality": "MR",
    "MultibandAccelerationFactor": 4,
    "PartialFourier": 1,
    "PatientPosition": "HFS",
    "PercentPhaseFOV": 100,
    "PhaseEncodingDirection": "j-",
    "PhaseEncodingSteps": 80,
    "PhaseResolution": 1,
    "PixelBandwidth": 2500,
    "ProcedureStepDescription": "DIPS_2019",
    "ProtocolName": "func_task-EyeMag_acq-CMRR_run-01",
    "PulseSequenceDetails": "%CustomerSeq%_cmrr_mbep2d_bold",
    "ReceiveCoilActiveElements": "HE1-4;NE1,2",
    "ReceiveCoilName": "HeadNeck_20",
    "ReconMatrixPE": 80,
    "RepetitionTime": 1,
    "SAR": 0.0946702,
    "ScanOptions": "FS",
    "ScanningSequence": "EP",
    "SequenceName": "epfid2d1_80",
    "SequenceVariant": "SK_SS",
    "SeriesDescription": "func_task-EyeMag_acq-CMRR_run-01",
    "SeriesNumber": 9,
    "ShimSetting": [
      -1101,
      -2980,
      -4230,
      352,
      1104,
      287,
      -174,
      -942
    ],
    "SliceThickness": 3,
    "SliceTiming": [
      0,
      0.4075,
      0.8175,
      0.245,
      0.6525,
      0.0825,
      0.49,
      0.8975,
      0.3275,
      0.735,
      0.1625,
      0.5725,
      0,
      0.4075,
      0.8175,
      0.245,
      0.6525,
      0.0825,
      0.49,
      0.8975,
      0.3275,
      0.735,
      0.1625,
      0.5725,
      0,
      0.4075,
      0.8175,
      0.245,
      0.6525,
      0.0825,
      0.49,
      0.8975,
      0.3275,
      0.735,
      0.1625,
      0.5725,
      0,
      0.4075,
      0.8175,
      0.245,
      0.6525,
      0.0825,
      0.49,
      0.8975,
      0.3275,
      0.735,
      0.1625,
      0.5725
    ],
    "SoftwareVersions": "syngo_MR_E11",
    "SpacingBetweenSlices": 3,
    "StationName": "FBMTMR1",
    "TaskName": "EyeMag",
    "TotalReadoutTime": 0.0410808,
    "TxRefAmp": 363.877,
    "WipMemBlock": "c0614e4d-d6fd-4e69-a66e-d261ff4260ce||Sequence: R016 ve11c/master r/34fb20f; Nov 20 2017 15:15:15 by eja",
    "acq_id": "CMRR",
    "dataset": "unknown",
    "modality": "bold",
    "run_id": 1,
    "session_id": "1",
    "subject_id": "101DPMB042034",
    "task_id": "EyeMag"
  },
  "dummy_trs": 0,
  "dvars_nstd": 34.777730167383616,
  "dvars_std": 1.2708090469909359,
  "dvars_vstd": 0.9995693917039276,
  "efc": 0.43756535055237383,
  "fber": 7097.61328125,
  "fd_mean": 0.18479172802594793,
  "fd_num": 511,
  "fd_perc": 30.857487922705314,
  "fwhm_avg": 2.4844555555555554,
  "fwhm_x": 2.3450266666666666,
  "fwhm_y": 2.76441,
  "fwhm_z": 2.34393,
  "gcor": 0.011234,
  "gsr_x": -0.0070688542909920216,
  "gsr_y": 0.01207175012677908,
  "provenance": {
    "md5sum": "53de4c842ab563b9a80d14d92357ddab",
    "settings": {
      "fd_thres": 0.2,
      "hmc_fsl": false
    },
    "software": "mriqc",
    "version": "0.15.0",
    "webapi_port": null,
    "webapi_url": "https://mriqc.nimh.nih.gov/api/v1"
  },
  "size_t": 1656,
  "size_x": 80,
  "size_y": 80,
  "size_z": 48,
  "snr": 5.172021588517716,
  "spacing_tr": 1.0,
  "spacing_x": 3.0,
  "spacing_y": 3.0,
  "spacing_z": 3.0,
  "summary_bg_k": 37.625794654480366,
  "summary_bg_mad": 61.797340393066406,
  "summary_bg_mean": 271.9696350097656,
  "summary_bg_median": 100.55531311035156,
  "summary_bg_n": 209524.0,
  "summary_bg_p05": 44.305744361877444,
  "summary_bg_p95": 1105.9725952148342,
  "summary_bg_stdv": 554.5758056640625,
  "summary_fg_k": 3.990423400775975,
  "summary_fg_mad": 1241.6982421875,
  "summary_fg_mean": 8486.5478515625,
  "summary_fg_median": 8564.1064453125,
  "summary_fg_n": 48737.0,
  "summary_fg_p05": 5651.54833984375,
  "summary_fg_p95": 10773.9421875,
  "summary_fg_stdv": 1655.8358154296875,
  "tsnr": 29.61286163330078
}