{
  "bids_meta": {
    "AcquisitionMatrixPE": 256,
    "AcquisitionNumber": 1,
    "AcquisitionTime": "14:29:38.637500",
    "BaseResolution": 256,
    "BodyPartExamined": "HEAD",
    "CoilString": "HE1-4;NE1_2",
    "ConsistencyInfo": "N4_VE11C_LATEST_20160120",
    "ConversionSoftware": "dcm2niix",
    "ConversionSoftwareVersion": "v1.0.20190410  (JP2:OpenJPEG) GCC7.3.0",
    "DeviceSerialNumber": "45250",
    "DwellTime": 7.2e-06,
    "EchoTime": 0.00188,
    "FlipAngle": 8,
    "ImageOrientationPatientDICOM": [
      -0.0227049,
      0.99879,
      0.0436193,
      -0.00315549,
      0.0435587,
      -0.999046
    ],
    "ImageType": [
      "ORIGINAL",
      "PRIMARY",
      "M",
      "NORM",
      "DIS3D",
      "DIS2D"
    ],
    "ImagingFrequency": 123.239,
    "InPlanePhaseEncodingDirectionDICOM": "ROW",
    "InstitutionAddress": "Kopernikusstr._26_Graz_Graz_AT_8010",
    "InstitutionName": "KFU",
    "InstitutionalDepartmentName": "Department",
    "InversionTime": 1,
    "MRAcquisitionType": "3D",
    "MagneticFieldStrength": 3,
    "Manufacturer": "Siemens",
    "ManufacturersModelName": "Skyra",
    "Modality": "MR",
    "PartialFourier": 1,
    "PatientPosition": "HFS",
    "PercentPhaseFOV": 100,
    "PhaseEncodingSteps": 294,
    "PhaseOversampling": 0.15,
    "PhaseResolution": 1,
    "PixelBandwidth": 270,
    "ProcedureStepDescription": "DIPS_2019",
    "ProtocolName": "anat-T1w",
    "PulseSequenceDetails": "%SiemensSeq%_tfl",
    "ReceiveCoilActiveElements": "HE1-4;NE1,2",
    "ReceiveCoilName": "HeadNeck_20",
    "ReconMatrixPE": 256,
    "RefLinesPE": 24,
    "RepetitionTime": 1.68,
    "SAR": 0.0869162,
    "ScanOptions": "IR_WE",
    "ScanningSequence": "GR_IR",
    "SequenceName": "_tfl3d1_16ns",
    "SequenceVariant": "SK_SP_MP_OSP",
    "SeriesDescription": "anat-T1w",
    "SeriesNumber": 5,
    "ShimSetting": [
      -1116,
      -3155,
      -4453,
      118,
      935,
      -473,
      275,
      -975
    ],
    "SliceThickness": 0.88,
    "SoftwareVersions": "syngo_MR_E11",
    "StationName": "FBMTMR1",
    "TxRefAmp": 393.919,
    "dataset": "unknown",
    "modality": "T1w",
    "session_id": "1",
    "subject_id": "101DPMB042004"
  },
  "cjv": 0.8220660104665859,
  "cnr": 1.6682997368888761,
  "efc": 0.7224221452730986,
  "fber": 731.4000854492188,
  "fwhm_avg": 4.242774328772124,
  "fwhm_x": 4.179431557744943,
  "fwhm_y": 4.286742857142857,
  "fwhm_z": 4.262148571428571,
  "icvs_csf": 0.16175048726930888,
  "icvs_gm": 0.42765199951672633,
  "icvs_wm": 0.41059751321396476,
  "inu_med": 1.126847267150879,
  "inu_range": 0.5603447794914245,
  "provenance": {
    "md5sum": "1adfd6ade18d6a4b9e3df22414604cf5",
    "settings": {
      "testing": false
    },
    "software": "mriqc",
    "version": "0.15.0",
    "warnings": {
      "large_rot_frame": true,
      "small_air_mask": false
    },
    "webapi_port": null,
    "webapi_url": "https://mriqc.nimh.nih.gov/api/v1"
  },
  "qi_1": 0.0,
  "qi_2": 0.0008073724743624373,
  "rpve_csf": 19.956215173527553,
  "rpve_gm": 8.421521177878578,
  "rpve_wm": 10.172044471208919,
  "size_x": 192,
  "size_y": 256,
  "size_z": 256,
  "snr_csf": 3.170618618549927,
  "snr_gm": 8.84532530859404,
  "snr_total": 9.841182161749778,
  "snr_wm": 17.507602558105365,
  "snrd_csf": 23.333067041879826,
  "snrd_gm": 48.39484472129271,
  "snrd_total": 43.63949209792696,
  "snrd_wm": 59.19056453060835,
  "spacing_x": 0.8800000548362732,
  "spacing_y": 0.875,
  "spacing_z": 0.875,
  "summary_bg_k": 1.7127987519646615,
  "summary_bg_mad": 11.068635940551758,
  "summary_bg_mean": 25.92881965637207,
  "summary_bg_median": 24.34076690673828,
  "summary_bg_n": 1863409.0,
  "summary_bg_p05": 9.343367958068848,
  "summary_bg_p95": 47.917118072509766,
  "summary_bg_stdv": 12.078110694885254,
  "summary_csf_k": 3.4195464620789933,
  "summary_csf_mad": 110.95369720458984,
  "summary_csf_mean": 420.6347351074219,
  "summary_csf_median": 394.2159729003906,
  "summary_csf_n": 30121.0,
  "summary_csf_p05": 264.9651794433594,
  "summary_csf_p95": 656.8978271484375,
  "summary_csf_stdv": 124.33202362060547,
  "summary_gm_k": -0.12241735466122883,
  "summary_gm_mad": 94.79008483886719,
  "summary_gm_mean": 828.4501953125,
  "summary_gm_median": 817.6387939453125,
  "summary_gm_n": 53748.0,
  "summary_gm_p05": 694.7740234375,
  "summary_gm_p95": 995.0120880126951,
  "summary_gm_stdv": 92.43653106689453,
  "summary_wm_k": 0.3981612032677142,
  "summary_wm_mad": 55.1510124206543,
  "summary_wm_mean": 1003.0162353515625,
  "summary_wm_median": 1000.0342407226562,
  "summary_wm_n": 439897.0,
  "summary_wm_p05": 914.5155883789063,
  "summary_wm_p95": 1100.9955810546874,
  "summary_wm_stdv": 57.11993408203125,
  "tpm_overlap_csf": 0.2155303955078125,
  "tpm_overlap_gm": 0.48487329483032227,
  "tpm_overlap_wm": 0.5196476578712463,
  "wm2max": 0.4850392777779309
}