{
  "aor": 0.0008138226482923908,
  "aqi": 0.027731053924505693,
  "bids_meta": {
    "AcquisitionMatrixPE": 80,
    "AcquisitionNumber": 1,
    "AcquisitionTime": "13:19:24.760000",
    "BandwidthPerPixelPhaseEncode": 24.038,
    "BaseResolution": 80,
    "BodyPartExamined": "HEAD",
    "CogAtlasID": "TODO",
    "CoilString": "HE1-4;NE1_2",
    "ConsistencyInfo": "N4_VE11C_LATEST_20160120",
    "ConversionSoftware": "dcm2niix",
    "ConversionSoftwareVersion": "v1.0.20190720  (JP2:OpenJPEG) GCC7.3.0",
    "DerivedVendorReportedEchoSpacing": 0.00052001,
    "DeviceSerialNumber": "45250",
    "DwellTime": 2.5e-06,
    "EchoTime": 0.0384,
    "EchoTrainLength": 80,
    "EffectiveEchoSpacing": 0.00052001,
    "FlipAngle": 60,
    "ImageComments": "Unaliased_MB4_PE3",
    "ImageOrientationPatientDICOM": [
      0.999282,
      0.0377082,
      -0.0036448,
      -0.036642,
      0.937607,
      -0.345761
    ],
    "ImageType": [
      "ORIGINAL",
      "PRIMARY",
      "M",
      "MB",
      "ND",
      "NORM",
      "MOSAIC"
    ],
    "ImagingFrequency": 123.239,
    "InPlanePhaseEncodingDirectionDICOM": "COL",
    "InstitutionAddress": "Kopernikusstr._26_Graz_Graz_AT_8010",
    "InstitutionName": "KFU",
    "InstitutionalDepartmentName": "Department",
    "MRAcquisitionType": "2D",
    "MagneticFieldStrength": 3,
    "Manufacturer": "Siemens",
    "ManufacturersModelName": "Skyra",
    "Modality": "MR",
    "MultibandAccelerationFactor": 4,
    "PartialFourier": 1,
    "PatientPosition": "HFS",
    "PercentPhaseFOV": 100,
    "PhaseEncodingDirection": "j-",
    "PhaseEncodingSteps": 80,
    "PhaseResolution": 1,
    "PixelBandwidth": 2500,
    "ProcedureStepDescription": "DIPS_2019",
    "ProtocolName": "func_task-EyeMag_acq-CMRR_run-01",
    "PulseSequenceDetails": "%CustomerSeq%_cmrr_mbep2d_bold",
    "ReceiveCoilActiveElements": "HE1-4;NE1,2",
    "ReceiveCoilName": "HeadNeck_20",
    "ReconMatrixPE": 80,
    "RepetitionTime": 1,
    "SAR": 0.100602,
    "ScanOptions": "FS",
    "ScanningSequence": "EP",
    "SequenceName": "epfid2d1_80",
    "SequenceVariant": "SK_SS",
    "SeriesDescription": "func_task-EyeMag_acq-CMRR_run-01",
    "SeriesNumber": 9,
    "ShimSetting": [
      -1088,
      -2908,
      -4132,
      555,
      1042,
      791,
      -330,
      -937
    ],
    "SliceThickness": 3,
    "SliceTiming": [
      0,
      0.4075,
      0.8175,
      0.245,
      0.6525,
      0.0825,
      0.49,
      0.8975,
      0.3275,
      0.735,
      0.1625,
      0.5725,
      0,
      0.4075,
      0.8175,
      0.245,
      0.6525,
      0.0825,
      0.49,
      0.8975,
      0.3275,
      0.735,
      0.1625,
      0.5725,
      0,
      0.4075,
      0.8175,
      0.245,
      0.6525,
      0.0825,
      0.49,
      0.8975,
      0.3275,
      0.735,
      0.1625,
      0.5725,
      0,
      0.4075,
      0.8175,
      0.245,
      0.6525,
      0.0825,
      0.49,
      0.8975,
      0.3275,
      0.735,
      0.1625,
      0.5725
    ],
    "SoftwareVersions": "syngo_MR_E11",
    "SpacingBetweenSlices": 3,
    "StationName": "FBMTMR1",
    "TaskName": "EyeMag",
    "TotalReadoutTime": 0.0410808,
    "TxRefAmp": 350.601,
    "WipMemBlock": "fe2256a8-f095-427c-8c87-d0d1c44b5a68||Sequence: R016 ve11c/master r/34fb20f; Nov 20 2017 15:15:15 by eja",
    "acq_id": "CMRR",
    "dataset": "unknown",
    "modality": "bold",
    "run_id": 1,
    "session_id": "1",
    "subject_id": "101DPMB042031",
    "task_id": "EyeMag"
  },
  "dummy_trs": 0,
  "dvars_nstd": 29.943860032110287,
  "dvars_std": 1.172106172745805,
  "dvars_vstd": 0.9817760853657062,
  "efc": 0.4004771591744976,
  "fber": 8615.2841796875,
  "fd_mean": 0.17163159373433542,
  "fd_num": 550,
  "fd_perc": 32.95386458957459,
  "fwhm_avg": 2.5150455555555555,
  "fwhm_x": 2.4048266666666667,
  "fwhm_y": 2.7580266666666664,
  "fwhm_z": 2.382283333333333,
  "gcor": 0.0079369,
  "gsr_x": -0.0007509489660151303,
  "gsr_y": 0.00508673582226038,
  "provenance": {
    "md5sum": "ba8737e33f1a00209303fe3e337132ce",
    "settings": {
      "fd_thres": 0.2,
      "hmc_fsl": false
    },
    "software": "mriqc",
    "version": "0.15.0",
    "webapi_port": null,
    "webapi_url": "https://mriqc.nimh.nih.gov/api/v1"
  },
  "size_t": 1669,
  "size_x": 80,
  "size_y": 80,
  "size_z": 48,
  "snr": 4.754341329194424,
  "spacing_tr": 1.0,
  "spacing_x": 3.0,
  "spacing_y": 3.0,
  "spacing_z": 3.0,
  "summary_bg_k": 61.968400105616055,
  "summary_bg_mad": 46.36485290527344,
  "summary_bg_mean": 189.6075897216797,
  "summary_bg_median": 87.78610229492188,
  "summary_bg_n": 217296.0,
  "summary_bg_p05": 44.585832595825195,
  "summary_bg_p95": 574.5943908691406,
  "summary_bg_stdv": 421.5888977050781,
  "summary_fg_k": 4.008024168899492,
  "summary_fg_mad": 1186.3468017578125,
  "summary_fg_mean": 8228.513671875,
  "summary_fg_median": 8303.89453125,
  "summary_fg_n": 42925.0,
  "summary_fg_p05": 5248.303613281251,
  "summary_fg_p95": 10588.2912109375,
  "summary_fg_stdv": 1746.5716552734375,
  "tsnr": 32.349571228027344
}