{
  "aor": 0.0022849161676646705,
  "aqi": 0.020303448838323353,
  "bids_meta": {
    "AcquisitionMatrixPE": 80,
    "AcquisitionNumber": 1,
    "AcquisitionTime": "11:10:21.870000",
    "BandwidthPerPixelPhaseEncode": 24.038,
    "BaseResolution": 80,
    "BodyPartExamined": "HEAD",
    "CogAtlasID": "TODO",
    "CoilString": "HE1-4;NE1_2",
    "ConsistencyInfo": "N4_VE11C_LATEST_20160120",
    "ConversionSoftware": "dcm2niix",
    "ConversionSoftwareVersion": "v1.0.20190720  (JP2:OpenJPEG) GCC7.3.0",
    "DerivedVendorReportedEchoSpacing": 0.00052001,
    "DeviceSerialNumber": "45250",
    "DwellTime": 2.5e-06,
    "EchoTime": 0.0384,
    "EchoTrainLength": 80,
    "EffectiveEchoSpacing": 0.00052001,
    "FlipAngle": 60,
    "ImageComments": "Unaliased_MB4_PE3",
    "ImageOrientationPatientDICOM": [
      0.995624,
      -0.091564,
      -0.0186677,
      0.0795814,
      0.935509,
      -0.344223
    ],
    "ImageType": [
      "ORIGINAL",
      "PRIMARY",
      "M",
      "MB",
      "ND",
      "NORM",
      "MOSAIC"
    ],
    "ImagingFrequency": 123.239,
    "InPlanePhaseEncodingDirectionDICOM": "COL",
    "InstitutionAddress": "Kopernikusstr._26_Graz_Graz_AT_8010",
    "InstitutionName": "KFU",
    "InstitutionalDepartmentName": "Department",
    "MRAcquisitionType": "2D",
    "MagneticFieldStrength": 3,
    "Manufacturer": "Siemens",
    "ManufacturersModelName": "Skyra",
    "Modality": "MR",
    "MultibandAccelerationFactor": 4,
    "PartialFourier": 1,
    "PatientPosition": "HFS",
    "PercentPhaseFOV": 100,
    "PhaseEncodingDirection": "j-",
    "PhaseEncodingSteps": 80,
    "PhaseResolution": 1,
    "PixelBandwidth": 2500,
    "ProcedureStepDescription": "DIPS_2019",
    "ProtocolName": "func_task-EyeMag_acq-CMRR_run-01",
    "PulseSequenceDetails": "%CustomerSeq%_cmrr_mbep2d_bold",
    "ReceiveCoilActiveElements": "HE1-4;NE1,2",
    "ReceiveCoilName": "HeadNeck_20",
    "ReconMatrixPE": 80,
    "RepetitionTime": 1,
    "SAR": 0.0961708,
    "ScanOptions": "FS",
    "ScanningSequence": "EP",
    "SequenceName": "epfid2d1_80",
    "SequenceVariant": "SK_SS",
    "SeriesDescription": "func_task-EyeMag_acq-CMRR_run-01",
    "SeriesNumber": 9,
    "ShimSetting": [
      -1144,
      -3049,
      -4229,
      315,
      839,
      340,
      -32,
      -937
    ],
    "SliceThickness": 3,
    "SliceTiming": [
      0,
      0.4075,
      0.815,
      0.245,
      0.6525,
      0.08,
      0.49,
      0.8975,
      0.325,
      0.735,
      0.1625,
      0.57,
      0,
      0.4075,
      0.815,
      0.245,
      0.6525,
      0.08,
      0.49,
      0.8975,
      0.325,
      0.735,
      0.1625,
      0.57,
      0,
      0.4075,
      0.815,
      0.245,
      0.6525,
      0.08,
      0.49,
      0.8975,
      0.325,
      0.735,
      0.1625,
      0.57,
      0,
      0.4075,
      0.815,
      0.245,
      0.6525,
      0.08,
      0.49,
      0.8975,
      0.325,
      0.735,
      0.1625,
      0.57
    ],
    "SoftwareVersions": "syngo_MR_E11",
    "SpacingBetweenSlices": 3,
    "StationName": "FBMTMR1",
    "TaskName": "EyeMag",
    "TotalReadoutTime": 0.0410808,
    "TxRefAmp": 362.233,
    "WipMemBlock": "7d4ce9fc-4436-4ed9-89ee-649057692456||Sequence: R016 ve11c/master r/34fb20f; Nov 20 2017 15:15:15 by eja",
    "acq_id": "CMRR",
    "dataset": "unknown",
    "modality": "bold",
    "run_id": 1,
    "session_id": "1",
    "subject_id": "101DPMB041026",
    "task_id": "EyeMag"
  },
  "dummy_trs": 0,
  "dvars_nstd": 33.072770905620104,
  "dvars_std": 1.2080093080287573,
  "dvars_vstd": 1.2363370242360685,
  "efc": 0.4304623299002644,
  "fber": 6399.93310546875,
  "fd_mean": 0.16704221213300924,
  "fd_num": 417,
  "fd_perc": 24.97005988023952,
  "fwhm_avg": 2.5133733333333335,
  "fwhm_x": 2.37188,
  "fwhm_y": 2.7782533333333332,
  "fwhm_z": 2.3899866666666667,
  "gcor": 0.0129559,
  "gsr_x": 3.9850820030551404e-05,
  "gsr_y": 0.0055705476552248,
  "provenance": {
    "md5sum": "d79da968235fce66b138d792e0ea01b2",
    "settings": {
      "fd_thres": 0.2,
      "hmc_fsl": false
    },
    "software": "mriqc",
    "version": "0.15.0",
    "webapi_port": null,
    "webapi_url": "https://mriqc.nimh.nih.gov/api/v1"
  },
  "size_t": 1670,
  "size_x": 80,
  "size_y": 80,
  "size_z": 48,
  "snr": 4.687894851448532,
  "spacing_tr": 1.0,
  "spacing_x": 3.0,
  "spacing_y": 3.0,
  "spacing_z": 3.0,
  "summary_bg_k": 27.404122684381097,
  "summary_bg_mad": 55.479068756103516,
  "summary_bg_mean": 264.8096923828125,
  "summary_bg_median": 94.61766815185547,
  "summary_bg_n": 212952.0,
  "summary_bg_p05": 44.388023376464844,
  "summary_bg_p95": 1026.4783386230467,
  "summary_bg_stdv": 568.868896484375,
  "summary_fg_k": 3.476800469639297,
  "summary_fg_mad": 1262.5899658203125,
  "summary_fg_mean": 7761.57275390625,
  "summary_fg_median": 7785.63232421875,
  "summary_fg_n": 46079.0,
  "summary_fg_p05": 5075.61318359375,
  "summary_fg_p95": 10080.325390625,
  "summary_fg_stdv": 1660.7769775390625,
  "tsnr": 34.294090270996094
}