{
  "bids_meta": {
    "AcquisitionMatrixPE": 256,
    "AcquisitionNumber": 1,
    "AcquisitionTime": "16:13:50.702500",
    "BaseResolution": 256,
    "BodyPartExamined": "HEAD",
    "CoilString": "HE1-4;NE1_2",
    "ConsistencyInfo": "N4_VE11C_LATEST_20160120",
    "ConversionSoftware": "dcm2niix",
    "ConversionSoftwareVersion": "v1.0.20190720  (JP2:OpenJPEG) GCC7.3.0",
    "DeviceSerialNumber": "45250",
    "DwellTime": 7.2e-06,
    "EchoTime": 0.00188,
    "FlipAngle": 8,
    "ImageOrientationPatientDICOM": [
      0.0465961,
      0.997887,
      0.0452911,
      0.058389,
      0.042542,
      -0.997387
    ],
    "ImageType": [
      "ORIGINAL",
      "PRIMARY",
      "M",
      "NORM",
      "DIS3D",
      "DIS2D"
    ],
    "ImagingFrequency": 123.239,
    "InPlanePhaseEncodingDirectionDICOM": "ROW",
    "InstitutionAddress": "Kopernikusstr._26_Graz_Graz_AT_8010",
    "InstitutionName": "KFZ",
    "InstitutionalDepartmentName": "Department",
    "InversionTime": 1,
    "MRAcquisitionType": "3D",
    "MagneticFieldStrength": 3,
    "Manufacturer": "Siemens",
    "ManufacturersModelName": "Skyra",
    "Modality": "MR",
    "ParallelReductionFactorInPlane": 2,
    "PartialFourier": 1,
    "PatientPosition": "HFS",
    "PercentPhaseFOV": 100,
    "PhaseEncodingSteps": 294,
    "PhaseOversampling": 0.15,
    "PhaseResolution": 1,
    "PixelBandwidth": 270,
    "ProcedureStepDescription": "DIPS_2019",
    "ProtocolName": "anat-T1w",
    "PulseSequenceDetails": "%SiemensSeq%_tfl",
    "ReceiveCoilActiveElements": "HE1-4;NE1,2",
    "ReceiveCoilName": "HeadNeck_20",
    "ReconMatrixPE": 256,
    "RefLinesPE": 24,
    "RepetitionTime": 1.68,
    "SAR": 0.0816551,
    "ScanOptions": "IR_WE",
    "ScanningSequence": "GR_IR",
    "SequenceName": "_tfl3d1_16ns",
    "SequenceVariant": "SK_SP_MP_OSP",
    "SeriesDescription": "anat-T1w",
    "SeriesNumber": 5,
    "ShimSetting": [
      -1158,
      -3114,
      -4462,
      38,
      600,
      -382,
      110,
      -940
    ],
    "SliceThickness": 0.88,
    "SoftwareVersions": "syngo_MR_E11",
    "StationName": "FBMTMR1",
    "TxRefAmp": 354.782,
    "dataset": "unknown",
    "modality": "T1w",
    "session_id": "1",
    "subject_id": "101DPMB042016"
  },
  "cjv": 0.9586607939935449,
  "cnr": 1.4761026119276999,
  "efc": 0.6530633788041744,
  "fber": 524.0637817382812,
  "fwhm_avg": 3.9680128639776195,
  "fwhm_x": 3.8392043062185723,
  "fwhm_y": 4.080571428571429,
  "fwhm_z": 3.984262857142857,
  "icvs_csf": 0.19662895400136102,
  "icvs_gm": 0.4320918043417799,
  "icvs_wm": 0.37127924165685905,
  "inu_med": 1.2421314716339111,
  "inu_range": 0.5642270147800446,
  "provenance": {
    "md5sum": "35660d7d4a4131aa326b8185477c978e",
    "settings": {
      "testing": false
    },
    "software": "mriqc",
    "version": "0.15.0",
    "warnings": {
      "large_rot_frame": true,
      "small_air_mask": false
    },
    "webapi_port": null,
    "webapi_url": "https://mriqc.nimh.nih.gov/api/v1"
  },
  "qi_1": 0.0,
  "qi_2": 0.0010034177893493324,
  "rpve_csf": 23.221075510530685,
  "rpve_gm": 11.31514691107814,
  "rpve_wm": 15.190524357972485,
  "size_x": 192,
  "size_y": 256,
  "size_z": 256,
  "snr_csf": 2.7201367791278535,
  "snr_gm": 9.402690590433883,
  "snr_total": 9.626105994492463,
  "snr_wm": 16.75549061391565,
  "snrd_csf": 19.335459071932362,
  "snrd_gm": 41.17092930336414,
  "snrd_total": 36.50597952606108,
  "snrd_wm": 49.01155020288673,
  "spacing_x": 0.8800000548362732,
  "spacing_y": 0.875,
  "spacing_z": 0.875,
  "summary_bg_k": 1.2308724364884238,
  "summary_bg_mad": 13.367745399475098,
  "summary_bg_mean": 32.09978485107422,
  "summary_bg_median": 30.283336639404297,
  "summary_bg_n": 2362085.0,
  "summary_bg_p05": 12.244147872924806,
  "summary_bg_p95": 58.137187194824186,
  "summary_bg_stdv": 14.226743698120117,
  "summary_csf_k": -0.1025101866237077,
  "summary_csf_mad": 130.73989868164062,
  "summary_csf_mean": 435.41583251953125,
  "summary_csf_median": 394.53082275390625,
  "summary_csf_n": 34176.0,
  "summary_csf_p05": 255.8070411682129,
  "summary_csf_p95": 711.6124725341797,
  "summary_csf_stdv": 145.03868103027344,
  "summary_gm_k": -0.36244883366428926,
  "summary_gm_mad": 94.87948608398438,
  "summary_gm_mean": 841.2637329101562,
  "summary_gm_median": 840.0731811523438,
  "summary_gm_n": 34338.0,
  "summary_gm_p05": 699.9393005371094,
  "summary_gm_p95": 990.674835205078,
  "summary_gm_stdv": 89.34261322021484,
  "summary_wm_k": 0.2983360749202282,
  "summary_wm_mad": 58.49102783203125,
  "summary_wm_mean": 1001.7119750976562,
  "summary_wm_median": 1000.0573120117188,
  "summary_wm_n": 277035.0,
  "summary_wm_p05": 906.6644470214843,
  "summary_wm_p95": 1102.3416015624998,
  "summary_wm_stdv": 59.68524169921875,
  "tpm_overlap_csf": 0.23579183220863342,
  "tpm_overlap_gm": 0.5105342864990234,
  "tpm_overlap_wm": 0.5428672432899475,
  "wm2max": 0.508959798220608
}