{
  "aor": 0.0009151980792316927,
  "aqi": 0.016435312719087637,
  "bids_meta": {
    "AcquisitionMatrixPE": 80,
    "AcquisitionNumber": 1,
    "AcquisitionTime": "09:11:14.442500",
    "BandwidthPerPixelPhaseEncode": 24.038,
    "BaseResolution": 80,
    "BodyPartExamined": "HEAD",
    "CogAtlasID": "TODO",
    "CoilString": "HE1-4;NE1_2",
    "ConsistencyInfo": "N4_VE11C_LATEST_20160120",
    "ConversionSoftware": "dcm2niix",
    "ConversionSoftwareVersion": "v1.0.20190720  (JP2:OpenJPEG) GCC7.3.0",
    "DerivedVendorReportedEchoSpacing": 0.00052001,
    "DeviceSerialNumber": "45250",
    "DwellTime": 2.5e-06,
    "EchoTime": 0.0384,
    "EchoTrainLength": 80,
    "EffectiveEchoSpacing": 0.00052001,
    "FlipAngle": 60,
    "ImageComments": "Unaliased_MB4_PE3",
    "ImageOrientationPatientDICOM": [
      0.997708,
      0.00550107,
      0.0674397,
      0.020899,
      0.922904,
      -0.384463
    ],
    "ImageType": [
      "ORIGINAL",
      "PRIMARY",
      "M",
      "MB",
      "ND",
      "NORM",
      "MOSAIC"
    ],
    "ImagingFrequency": 123.239,
    "InPlanePhaseEncodingDirectionDICOM": "COL",
    "InstitutionAddress": "Kopernikusstr._26_Graz_Graz_AT_8010",
    "InstitutionName": "KFU",
    "InstitutionalDepartmentName": "Department",
    "MRAcquisitionType": "2D",
    "MagneticFieldStrength": 3,
    "Manufacturer": "Siemens",
    "ManufacturersModelName": "Skyra",
    "Modality": "MR",
    "MultibandAccelerationFactor": 4,
    "PartialFourier": 1,
    "PatientPosition": "HFS",
    "PercentPhaseFOV": 100,
    "PhaseEncodingDirection": "j-",
    "PhaseEncodingSteps": 80,
    "PhaseResolution": 1,
    "PixelBandwidth": 2500,
    "ProcedureStepDescription": "DIPS_2019",
    "ProtocolName": "func_task-EyeMag_acq-CMRR_run-01",
    "PulseSequenceDetails": "%CustomerSeq%_cmrr_mbep2d_bold",
    "ReceiveCoilActiveElements": "HE1-4;NE1,2",
    "ReceiveCoilName": "HeadNeck_20",
    "ReconMatrixPE": 80,
    "RepetitionTime": 1,
    "SAR": 0.0906442,
    "ScanOptions": "FS",
    "ScanningSequence": "EP",
    "SequenceName": "epfid2d1_80",
    "SequenceVariant": "SK_SS",
    "SeriesDescription": "func_task-EyeMag_acq-CMRR_run-01",
    "SeriesNumber": 9,
    "ShimSetting": [
      -1085,
      -2987,
      -4212,
      360,
      891,
      429,
      -283,
      -858
    ],
    "SliceThickness": 3,
    "SliceTiming": [
      0,
      0.4075,
      0.815,
      0.245,
      0.6525,
      0.08,
      0.49,
      0.8975,
      0.325,
      0.735,
      0.1625,
      0.57,
      0,
      0.4075,
      0.815,
      0.245,
      0.6525,
      0.08,
      0.49,
      0.8975,
      0.325,
      0.735,
      0.1625,
      0.57,
      0,
      0.4075,
      0.815,
      0.245,
      0.6525,
      0.08,
      0.49,
      0.8975,
      0.325,
      0.735,
      0.1625,
      0.57,
      0,
      0.4075,
      0.815,
      0.245,
      0.6525,
      0.08,
      0.49,
      0.8975,
      0.325,
      0.735,
      0.1625,
      0.57
    ],
    "SoftwareVersions": "syngo_MR_E11",
    "SpacingBetweenSlices": 3,
    "StationName": "FBMTMR1",
    "TaskName": "EyeMag",
    "TotalReadoutTime": 0.0410808,
    "TxRefAmp": 346.94,
    "WipMemBlock": "90e06265-368a-4117-9ed9-bcb4af4861fc||Sequence: R016 ve11c/master r/34fb20f; Nov 20 2017 15:15:15 by eja",
    "acq_id": "CMRR",
    "dataset": "unknown",
    "modality": "bold",
    "run_id": 1,
    "session_id": "1",
    "subject_id": "101DPMB041003",
    "task_id": "EyeMag"
  },
  "dummy_trs": 0,
  "dvars_nstd": 31.19489875884091,
  "dvars_std": 1.3701995122942945,
  "dvars_vstd": 0.9987990790030029,
  "efc": 0.3988058314881004,
  "fber": 9038.955078125,
  "fd_mean": 0.13763327483677568,
  "fd_num": 238,
  "fd_perc": 14.285714285714286,
  "fwhm_avg": 2.503431111111111,
  "fwhm_x": 2.39774,
  "fwhm_y": 2.7288766666666664,
  "fwhm_z": 2.3836766666666667,
  "gcor": 0.0368341,
  "gsr_x": -0.009492659009993076,
  "gsr_y": 0.008673681877553463,
  "provenance": {
    "md5sum": "ddebf77ba43ceb94293c2cbd95687c3b",
    "settings": {
      "fd_thres": 0.2,
      "hmc_fsl": false
    },
    "software": "mriqc",
    "version": "0.15.0",
    "webapi_port": null,
    "webapi_url": "https://mriqc.nimh.nih.gov/api/v1"
  },
  "size_t": 1666,
  "size_x": 80,
  "size_y": 80,
  "size_z": 48,
  "snr": 5.128685020664381,
  "spacing_tr": 1.0,
  "spacing_x": 3.0,
  "spacing_y": 3.0,
  "spacing_z": 3.0,
  "summary_bg_k": 86.16743624985351,
  "summary_bg_mad": 48.31633758544922,
  "summary_bg_mean": 191.11949157714844,
  "summary_bg_median": 87.61470031738281,
  "summary_bg_n": 217710.0,
  "summary_bg_p05": 43.708333587646486,
  "summary_bg_p95": 612.9226074218748,
  "summary_bg_stdv": 404.3475341796875,
  "summary_fg_k": 4.584016057123229,
  "summary_fg_mad": 1154.750244140625,
  "summary_fg_mean": 8399.23828125,
  "summary_fg_median": 8519.462890625,
  "summary_fg_n": 42427.0,
  "summary_fg_p05": 5505.305859375,
  "summary_fg_p95": 10583.30712890625,
  "summary_fg_stdv": 1661.1202392578125,
  "tsnr": 43.6441650390625
}