{
  "aor": 0.0009121841155234658,
  "aqi": 0.030941095848375455,
  "bids_meta": {
    "AcquisitionMatrixPE": 80,
    "AcquisitionNumber": 1,
    "AcquisitionTime": "16:13:12.132500",
    "BandwidthPerPixelPhaseEncode": 24.038,
    "BaseResolution": 80,
    "BodyPartExamined": "HEAD",
    "CogAtlasID": "TODO",
    "ConsistencyInfo": "N4_VE11C_LATEST_20160120",
    "ConversionSoftware": "dcm2niix",
    "ConversionSoftwareVersion": "v1.0.20190720  (JP2:OpenJPEG) GCC7.3.0",
    "DerivedVendorReportedEchoSpacing": 0.00052001,
    "DeviceSerialNumber": "45250",
    "DwellTime": 2.5e-06,
    "EchoTime": 0.0384,
    "EchoTrainLength": 80,
    "EffectiveEchoSpacing": 0.00052001,
    "FlipAngle": 60,
    "ImageComments": "Unaliased_MB4_PE3",
    "ImageOrientationPatientDICOM": [
      0.995307,
      -0.0825852,
      -0.0504367,
      0.0661082,
      0.960914,
      -0.268838
    ],
    "ImageType": [
      "ORIGINAL",
      "PRIMARY",
      "M",
      "MB",
      "ND",
      "NORM",
      "MOSAIC"
    ],
    "ImagingFrequency": 123.239,
    "InPlanePhaseEncodingDirectionDICOM": "COL",
    "InstitutionAddress": "Kopernikusstr._26_Graz_Graz_AT_8010",
    "InstitutionName": "KFU",
    "InstitutionalDepartmentName": "Department",
    "MRAcquisitionType": "2D",
    "MagneticFieldStrength": 3,
    "Manufacturer": "Siemens",
    "ManufacturersModelName": "Skyra",
    "Modality": "MR",
    "MultibandAccelerationFactor": 4,
    "PartialFourier": 1,
    "PatientPosition": "HFS",
    "PercentPhaseFOV": 100,
    "PhaseEncodingDirection": "j-",
    "PhaseEncodingSteps": 80,
    "PhaseResolution": 1,
    "PixelBandwidth": 2500,
    "ProcedureStepDescription": "DIPS_2019",
    "ProtocolName": "func_task-EyeMag_acq-CMRR_run-01",
    "PulseSequenceDetails": "%CustomerSeq%_cmrr_mbep2d_bold",
    "ReceiveCoilActiveElements": "HE1-4",
    "ReceiveCoilName": "HeadNeck_20",
    "ReconMatrixPE": 80,
    "RepetitionTime": 1,
    "SAR": 0.0820227,
    "ScanOptions": "FS",
    "ScanningSequence": "EP",
    "SequenceName": "epfid2d1_80",
    "SequenceVariant": "SK_SS",
    "SeriesDescription": "func_task-EyeMag_acq-CMRR_run-01",
    "SeriesNumber": 9,
    "ShimSetting": [
      -1149,
      -2972,
      -4181,
      449,
      898,
      696,
      138,
      -899
    ],
    "SliceThickness": 3,
    "SliceTiming": [
      0,
      0.41,
      0.8175,
      0.245,
      0.655,
      0.0825,
      0.49,
      0.9,
      0.3275,
      0.735,
      0.165,
      0.5725,
      0,
      0.41,
      0.8175,
      0.245,
      0.655,
      0.0825,
      0.49,
      0.9,
      0.3275,
      0.735,
      0.165,
      0.5725,
      0,
      0.41,
      0.8175,
      0.245,
      0.655,
      0.0825,
      0.49,
      0.9,
      0.3275,
      0.735,
      0.165,
      0.5725,
      0,
      0.41,
      0.8175,
      0.245,
      0.655,
      0.0825,
      0.49,
      0.9,
      0.3275,
      0.735,
      0.165,
      0.5725
    ],
    "SoftwareVersions": "syngo_MR_E11",
    "SpacingBetweenSlices": 3,
    "StationName": "FBMTMR1",
    "TaskName": "EyeMag",
    "TotalReadoutTime": 0.0410808,
    "TxRefAmp": 384.693,
    "WipMemBlock": "823edeac-3725-44ed-85cd-ceda26bf38ea||Sequence: R016 ve11c/master r/34fb20f; Nov 20 2017 15:15:15 by eja",
    "acq_id": "CMRR",
    "dataset": "unknown",
    "modality": "bold",
    "run_id": 1,
    "session_id": "1",
    "subject_id": "101DPMB041012",
    "task_id": "EyeMag"
  },
  "dummy_trs": 2,
  "dvars_nstd": 26.673448699259552,
  "dvars_std": 1.047830659518361,
  "dvars_vstd": 0.9959433990427459,
  "efc": 0.4279079267972361,
  "fber": 9818.3046875,
  "fd_mean": 0.22857795348992782,
  "fd_num": 857,
  "fd_perc": 51.564380264741274,
  "fwhm_avg": 2.5931277777777777,
  "fwhm_x": 2.41153,
  "fwhm_y": 2.9461933333333334,
  "fwhm_z": 2.42166,
  "gcor": 0.00503246,
  "gsr_x": -0.0021022751461714506,
  "gsr_y": 0.018598690629005432,
  "provenance": {
    "md5sum": "ecf0f21fb927a448d76be6588e1999c7",
    "settings": {
      "fd_thres": 0.2,
      "hmc_fsl": false
    },
    "software": "mriqc",
    "version": "0.15.0",
    "webapi_port": null,
    "webapi_url": "https://mriqc.nimh.nih.gov/api/v1"
  },
  "size_t": 1662,
  "size_x": 80,
  "size_y": 80,
  "size_z": 48,
  "snr": 4.544538743085879,
  "spacing_tr": 1.0,
  "spacing_x": 3.0,
  "spacing_y": 3.0,
  "spacing_z": 3.0,
  "summary_bg_k": 58.97079211882792,
  "summary_bg_mad": 56.230384826660156,
  "summary_bg_mean": 220.3290252685547,
  "summary_bg_median": 86.09811401367188,
  "summary_bg_n": 209022.0,
  "summary_bg_p05": 38.10874614715576,
  "summary_bg_p95": 847.6593475341774,
  "summary_bg_stdv": 453.7823486328125,
  "summary_fg_k": 3.880989727676857,
  "summary_fg_mad": 1255.73291015625,
  "summary_fg_mean": 8579.9970703125,
  "summary_fg_median": 8654.24609375,
  "summary_fg_n": 50146.0,
  "summary_fg_p05": 5161.5867919921875,
  "summary_fg_p95": 11130.501708984375,
  "summary_fg_stdv": 1904.298828125,
  "tsnr": 29.590421676635742
}