{
  "bids_meta": {
    "AcquisitionMatrixPE": 256,
    "AcquisitionNumber": 1,
    "AcquisitionTime": "14:05:0.960000",
    "BaseResolution": 256,
    "BodyPartExamined": "HEAD",
    "CoilString": "HE1-4;NE1_2",
    "ConsistencyInfo": "N4_VE11C_LATEST_20160120",
    "ConversionSoftware": "dcm2niix",
    "ConversionSoftwareVersion": "v1.0.20190720  (JP2:OpenJPEG) GCC7.3.0",
    "DeviceSerialNumber": "45250",
    "DwellTime": 7.2e-06,
    "EchoTime": 0.00188,
    "FlipAngle": 8,
    "ImageOrientationPatientDICOM": [
      0.093145,
      0.994913,
      0.038378,
      -0.0188883,
      0.0403044,
      -0.999009
    ],
    "ImageType": [
      "ORIGINAL",
      "PRIMARY",
      "M",
      "NORM",
      "DIS3D",
      "DIS2D"
    ],
    "ImagingFrequency": 123.239,
    "InPlanePhaseEncodingDirectionDICOM": "ROW",
    "InstitutionAddress": "Kopernikusstr._26_Graz_Graz_AT_8010",
    "InstitutionName": "KFU",
    "InstitutionalDepartmentName": "Department",
    "InversionTime": 1,
    "MRAcquisitionType": "3D",
    "MagneticFieldStrength": 3,
    "Manufacturer": "Siemens",
    "ManufacturersModelName": "Skyra",
    "Modality": "MR",
    "ParallelReductionFactorInPlane": 2,
    "PartialFourier": 1,
    "PatientPosition": "HFS",
    "PercentPhaseFOV": 100,
    "PhaseEncodingSteps": 294,
    "PhaseOversampling": 0.15,
    "PhaseResolution": 1,
    "PixelBandwidth": 270,
    "ProcedureStepDescription": "DIPS_2019",
    "ProtocolName": "anat-T1w",
    "PulseSequenceDetails": "%SiemensSeq%_tfl",
    "ReceiveCoilActiveElements": "HE1-4;NE1,2",
    "ReceiveCoilName": "HeadNeck_20",
    "ReconMatrixPE": 256,
    "RefLinesPE": 24,
    "RepetitionTime": 1.68,
    "SAR": 0.0819015,
    "ScanOptions": "IR_WE",
    "ScanningSequence": "GR_IR",
    "SequenceName": "_tfl3d1_16ns",
    "SequenceVariant": "SK_SP_MP_OSP",
    "SeriesDescription": "anat-T1w",
    "SeriesNumber": 5,
    "ShimSetting": [
      -1131,
      -3112,
      -4457,
      253,
      1013,
      -298,
      161,
      -893
    ],
    "SliceThickness": 0.88,
    "SoftwareVersions": "syngo_MR_E11",
    "StationName": "FBMTMR1",
    "TxRefAmp": 364.143,
    "dataset": "unknown",
    "modality": "T1w",
    "session_id": "1",
    "subject_id": "101DPMB042022"
  },
  "cjv": 0.7261376851974259,
  "cnr": 1.9095442763627475,
  "efc": 0.6831766542323449,
  "fber": 810.6357421875,
  "fwhm_avg": 4.282786211229282,
  "fwhm_x": 4.21119291940213,
  "fwhm_y": 4.294902857142857,
  "fwhm_z": 4.342262857142857,
  "icvs_csf": 0.17927796073814542,
  "icvs_gm": 0.4482806100347678,
  "icvs_wm": 0.37244142922708673,
  "inu_med": 1.2297073602676392,
  "inu_range": 0.6659449130296707,
  "provenance": {
    "md5sum": "4a6b6180cc7a6f774706e44b4e903fbb",
    "settings": {
      "testing": false
    },
    "software": "mriqc",
    "version": "0.15.0",
    "warnings": {
      "large_rot_frame": true,
      "small_air_mask": false
    },
    "webapi_port": null,
    "webapi_url": "https://mriqc.nimh.nih.gov/api/v1"
  },
  "qi_1": 0.0,
  "qi_2": 0.0010126796481817522,
  "rpve_csf": 19.973102818120612,
  "rpve_gm": 8.909286192356118,
  "rpve_wm": 12.08625912692248,
  "size_x": 192,
  "size_y": 256,
  "size_z": 256,
  "snr_csf": 2.4840217745230384,
  "snr_gm": 10.787510630609535,
  "snr_total": 9.701318957892745,
  "snr_wm": 15.83242446854566,
  "snrd_csf": 24.145299444299013,
  "snrd_gm": 50.06508074383204,
  "snrd_total": 45.3097671535052,
  "snrd_wm": 61.71892127238454,
  "spacing_x": 0.8800000548362732,
  "spacing_y": 0.875,
  "spacing_z": 0.875,
  "summary_bg_k": 1.4669564917655116,
  "summary_bg_mad": 10.615341186523438,
  "summary_bg_mean": 23.815523147583008,
  "summary_bg_median": 22.504013061523438,
  "summary_bg_n": 2096375.0,
  "summary_bg_p05": 7.54378399848938,
  "summary_bg_p95": 44.61891403198242,
  "summary_bg_stdv": 11.581193923950195,
  "summary_csf_k": 19.42706542350388,
  "summary_csf_mad": 102.6802978515625,
  "summary_csf_mean": 425.4617614746094,
  "summary_csf_median": 391.232421875,
  "summary_csf_n": 36495.0,
  "summary_csf_p05": 267.966552734375,
  "summary_csf_p95": 662.2953063964844,
  "summary_csf_stdv": 157.4974365234375,
  "summary_gm_k": 0.11389519351307253,
  "summary_gm_mad": 74.06500244140625,
  "summary_gm_mean": 811.3447875976562,
  "summary_gm_median": 811.2172241210938,
  "summary_gm_n": 50310.0,
  "summary_gm_p05": 688.8359741210937,
  "summary_gm_p95": 937.3029602050781,
  "summary_gm_stdv": 75.19892120361328,
  "summary_wm_k": 0.11163592346075957,
  "summary_wm_mad": 63.05167770385742,
  "summary_wm_mean": 1004.0083618164062,
  "summary_wm_median": 1000.04736328125,
  "summary_wm_n": 347865.0,
  "summary_wm_p05": 906.7903076171875,
  "summary_wm_p95": 1113.1531494140622,
  "summary_wm_stdv": 63.16442108154297,
  "tpm_overlap_csf": 0.21680623292922974,
  "tpm_overlap_gm": 0.511749267578125,
  "tpm_overlap_wm": 0.5352581739425659,
  "wm2max": 0.5205667892074709
}