{
  "bids_meta": {
    "AcquisitionMatrixPE": 256,
    "AcquisitionNumber": 1,
    "AcquisitionTime": "16:08:24.287500",
    "BaseResolution": 256,
    "BodyPartExamined": "HEAD",
    "CoilString": "HE1-4;NE1_2",
    "ConsistencyInfo": "N4_VE11C_LATEST_20160120",
    "ConversionSoftware": "dcm2niix",
    "ConversionSoftwareVersion": "v1.0.20190720  (JP2:OpenJPEG) GCC7.3.0",
    "DeviceSerialNumber": "45250",
    "DwellTime": 7.2e-06,
    "EchoTime": 0.00188,
    "FlipAngle": 8,
    "ImageOrientationPatientDICOM": [
      0.102255,
      0.98996,
      0.0975828,
      0.0114605,
      0.0969181,
      -0.995226
    ],
    "ImageType": [
      "ORIGINAL",
      "PRIMARY",
      "M",
      "NORM",
      "DIS3D",
      "DIS2D"
    ],
    "ImagingFrequency": 123.239,
    "InPlanePhaseEncodingDirectionDICOM": "ROW",
    "InstitutionAddress": "Kopernikusstr._26_Graz_Graz_AT_8010",
    "InstitutionName": "KFU",
    "InstitutionalDepartmentName": "Department",
    "InversionTime": 1,
    "MRAcquisitionType": "3D",
    "MagneticFieldStrength": 3,
    "Manufacturer": "Siemens",
    "ManufacturersModelName": "Skyra",
    "Modality": "MR",
    "ParallelReductionFactorInPlane": 2,
    "PartialFourier": 1,
    "PatientPosition": "HFS",
    "PercentPhaseFOV": 100,
    "PhaseEncodingSteps": 294,
    "PhaseOversampling": 0.15,
    "PhaseResolution": 1,
    "PixelBandwidth": 270,
    "ProcedureStepDescription": "DIPS_2019",
    "ProtocolName": "anat-T1w",
    "PulseSequenceDetails": "%SiemensSeq%_tfl",
    "ReceiveCoilActiveElements": "HE1-4;NE1,2",
    "ReceiveCoilName": "HeadNeck_20",
    "ReconMatrixPE": 256,
    "RefLinesPE": 24,
    "RepetitionTime": 1.68,
    "SAR": 0.0872514,
    "ScanOptions": "IR_WE",
    "ScanningSequence": "GR_IR",
    "SequenceName": "_tfl3d1_16ns",
    "SequenceVariant": "SK_SP_MP_OSP",
    "SeriesDescription": "anat-T1w",
    "SeriesNumber": 5,
    "ShimSetting": [
      -1097,
      -3175,
      -4497,
      69,
      942,
      -462,
      492,
      -889
    ],
    "SliceThickness": 0.88,
    "SoftwareVersions": "syngo_MR_E11",
    "StationName": "FBMTMR1",
    "TxRefAmp": 359.941,
    "dataset": "unknown",
    "modality": "T1w",
    "session_id": "1",
    "subject_id": "101DPMB042024"
  },
  "cjv": 0.8208049430741289,
  "cnr": 1.7022691258969003,
  "efc": 0.6317233781073808,
  "fber": 729.762939453125,
  "fwhm_avg": 3.9525841610573393,
  "fwhm_x": 3.917272483172018,
  "fwhm_y": 3.9906628571428575,
  "fwhm_z": 3.949817142857143,
  "icvs_csf": 0.1832024612963795,
  "icvs_gm": 0.43730536591626235,
  "icvs_wm": 0.37949217278735814,
  "inu_med": 1.2294377088546753,
  "inu_range": 0.526009929180145,
  "provenance": {
    "md5sum": "28c125f32e36d36ca75421380a6b2a66",
    "settings": {
      "testing": false
    },
    "software": "mriqc",
    "version": "0.15.0",
    "warnings": {
      "large_rot_frame": true,
      "small_air_mask": false
    },
    "webapi_port": null,
    "webapi_url": "https://mriqc.nimh.nih.gov/api/v1"
  },
  "qi_1": 0.0,
  "qi_2": 0.0010781107078169764,
  "rpve_csf": 24.7186573162957,
  "rpve_gm": 11.427202893669635,
  "rpve_wm": 15.149891236264937,
  "size_x": 192,
  "size_y": 256,
  "size_z": 256,
  "snr_csf": 2.314397459445429,
  "snr_gm": 9.249885893480197,
  "snr_total": 9.692578667881412,
  "snr_wm": 17.513452650718605,
  "snrd_csf": 22.851906331723782,
  "snrd_gm": 48.05814692355966,
  "snrd_total": 43.18578376247689,
  "snrd_wm": 58.64729803214723,
  "spacing_x": 0.8800000548362732,
  "spacing_y": 0.875,
  "spacing_z": 0.875,
  "summary_bg_k": 1.4451809557113675,
  "summary_bg_mad": 11.171099662780762,
  "summary_bg_mean": 26.181941986083984,
  "summary_bg_median": 24.598819732666016,
  "summary_bg_n": 2467583.0,
  "summary_bg_p05": 9.723373317718506,
  "summary_bg_p95": 47.99608917236328,
  "summary_bg_stdv": 11.927878379821777,
  "summary_csf_k": 17.460853336338452,
  "summary_csf_mad": 113.51332092285156,
  "summary_csf_mean": 431.6797790527344,
  "summary_csf_median": 389.6607360839844,
  "summary_csf_n": 26707.0,
  "summary_csf_p05": 262.01280517578124,
  "summary_csf_p95": 680.3847778320312,
  "summary_csf_stdv": 168.3606414794922,
  "summary_gm_k": -0.35711194990651807,
  "summary_gm_mad": 94.65470886230469,
  "summary_gm_mean": 821.8894653320312,
  "summary_gm_median": 819.466552734375,
  "summary_gm_n": 36981.0,
  "summary_gm_p05": 683.3944702148438,
  "summary_gm_p95": 969.8064575195312,
  "summary_gm_stdv": 88.59087371826172,
  "summary_wm_k": 0.36947964213794826,
  "summary_wm_mad": 53.55113220214844,
  "summary_wm_mean": 1002.0149536132812,
  "summary_wm_median": 1000.0281372070312,
  "summary_wm_n": 300037.0,
  "summary_wm_p05": 910.6990478515626,
  "summary_wm_p95": 1100.045458984375,
  "summary_wm_stdv": 57.1004753112793,
  "tpm_overlap_csf": 0.22420857846736908,
  "tpm_overlap_gm": 0.5112900137901306,
  "tpm_overlap_wm": 0.5426430702209473,
  "wm2max": 0.5641976413440438
}