{
  "aor": 0.0014498089552238806,
  "aqi": 0.017892083665671642,
  "bids_meta": {
    "AcquisitionMatrixPE": 80,
    "AcquisitionNumber": 1,
    "AcquisitionTime": "13:12:31.482500",
    "BandwidthPerPixelPhaseEncode": 24.038,
    "BaseResolution": 80,
    "BodyPartExamined": "HEAD",
    "CogAtlasID": "TODO",
    "CoilString": "HE1-4;NE1_2",
    "ConsistencyInfo": "N4_VE11C_LATEST_20160120",
    "ConversionSoftware": "dcm2niix",
    "ConversionSoftwareVersion": "v1.0.20190720  (JP2:OpenJPEG) GCC7.3.0",
    "DerivedVendorReportedEchoSpacing": 0.00052001,
    "DeviceSerialNumber": "45250",
    "DwellTime": 2.5e-06,
    "EchoTime": 0.0384,
    "EchoTrainLength": 80,
    "EffectiveEchoSpacing": 0.00052001,
    "FlipAngle": 60,
    "ImageComments": "Unaliased_MB4_PE3",
    "ImageOrientationPatientDICOM": [
      0.998596,
      0.0378327,
      0.0370836,
      -0.019174,
      0.910653,
      -0.412727
    ],
    "ImageType": [
      "ORIGINAL",
      "PRIMARY",
      "M",
      "MB",
      "ND",
      "NORM",
      "MOSAIC"
    ],
    "ImagingFrequency": 123.239,
    "InPlanePhaseEncodingDirectionDICOM": "COL",
    "InstitutionAddress": "Kopernikusstr._26_Graz_Graz_AT_8010",
    "InstitutionName": "KFU",
    "InstitutionalDepartmentName": "Department",
    "MRAcquisitionType": "2D",
    "MagneticFieldStrength": 3,
    "Manufacturer": "Siemens",
    "ManufacturersModelName": "Skyra",
    "Modality": "MR",
    "MultibandAccelerationFactor": 4,
    "PartialFourier": 1,
    "PatientPosition": "HFS",
    "PercentPhaseFOV": 100,
    "PhaseEncodingDirection": "j-",
    "PhaseEncodingSteps": 80,
    "PhaseResolution": 1,
    "PixelBandwidth": 2500,
    "ProcedureStepDescription": "DIPS_2019",
    "ProtocolName": "func_task-EyeMag_acq-CMRR_run-01",
    "PulseSequenceDetails": "%CustomerSeq%_cmrr_mbep2d_bold",
    "ReceiveCoilActiveElements": "HE1-4;NE1,2",
    "ReceiveCoilName": "HeadNeck_20",
    "ReconMatrixPE": 80,
    "RepetitionTime": 1,
    "SAR": 0.0996572,
    "ScanOptions": "FS",
    "ScanningSequence": "EP",
    "SequenceName": "epfid2d1_80",
    "SequenceVariant": "SK_SS",
    "SeriesDescription": "func_task-EyeMag_acq-CMRR_run-01",
    "SeriesNumber": 9,
    "ShimSetting": [
      -1073,
      -2959,
      -4209,
      657,
      927,
      739,
      -168,
      -564
    ],
    "SliceThickness": 3,
    "SliceTiming": [
      0,
      0.41,
      0.8175,
      0.245,
      0.655,
      0.0825,
      0.49,
      0.9,
      0.3275,
      0.735,
      0.165,
      0.5725,
      0,
      0.41,
      0.8175,
      0.245,
      0.655,
      0.0825,
      0.49,
      0.9,
      0.3275,
      0.735,
      0.165,
      0.5725,
      0,
      0.41,
      0.8175,
      0.245,
      0.655,
      0.0825,
      0.49,
      0.9,
      0.3275,
      0.735,
      0.165,
      0.5725,
      0,
      0.41,
      0.8175,
      0.245,
      0.655,
      0.0825,
      0.49,
      0.9,
      0.3275,
      0.735,
      0.165,
      0.5725
    ],
    "SoftwareVersions": "syngo_MR_E11",
    "SpacingBetweenSlices": 3,
    "StationName": "FBMTMR1",
    "TaskName": "EyeMag",
    "TotalReadoutTime": 0.0410808,
    "TxRefAmp": 348.925,
    "WipMemBlock": "de0a62ff-06aa-4b85-9330-5b8b5589b257||Sequence: R016 ve11c/master r/34fb20f; Nov 20 2017 15:15:15 by eja",
    "acq_id": "CMRR",
    "dataset": "unknown",
    "modality": "bold",
    "run_id": 1,
    "session_id": "1",
    "subject_id": "101DPMB042021",
    "task_id": "EyeMag"
  },
  "dummy_trs": 0,
  "dvars_nstd": 27.177869294313012,
  "dvars_std": 1.1273011954659464,
  "dvars_vstd": 0.9873231712365604,
  "efc": 0.3770613848695675,
  "fber": 9677.677734375,
  "fd_mean": 0.21645661843861494,
  "fd_num": 768,
  "fd_perc": 45.850746268656714,
  "fwhm_avg": 2.579563333333333,
  "fwhm_x": 2.4285733333333335,
  "fwhm_y": 2.8897633333333332,
  "fwhm_z": 2.4203533333333334,
  "gcor": 0.0145348,
  "gsr_x": -0.013183224946260452,
  "gsr_y": 0.014290867373347282,
  "provenance": {
    "md5sum": "3a75c48582ea47602c45b5f273c62cc2",
    "settings": {
      "fd_thres": 0.2,
      "hmc_fsl": false
    },
    "software": "mriqc",
    "version": "0.15.0",
    "webapi_port": null,
    "webapi_url": "https://mriqc.nimh.nih.gov/api/v1"
  },
  "size_t": 1675,
  "size_x": 80,
  "size_y": 80,
  "size_z": 48,
  "snr": 4.546197426379375,
  "spacing_tr": 1.0,
  "spacing_x": 3.0,
  "spacing_y": 3.0,
  "spacing_z": 3.0,
  "summary_bg_k": 137.59333941267204,
  "summary_bg_mad": 41.1765022277832,
  "summary_bg_mean": 178.58082580566406,
  "summary_bg_median": 80.08954620361328,
  "summary_bg_n": 224444.0,
  "summary_bg_p05": 42.851431083679195,
  "summary_bg_p95": 577.828775024414,
  "summary_bg_stdv": 412.4729309082031,
  "summary_fg_k": 3.3307517298841436,
  "summary_fg_mad": 1315.3798828125,
  "summary_fg_mean": 7943.19970703125,
  "summary_fg_median": 8122.501953125,
  "summary_fg_n": 37176.0,
  "summary_fg_p05": 4433.8199462890625,
  "summary_fg_p95": 10256.96142578125,
  "summary_fg_stdv": 1786.6343994140625,
  "tsnr": 37.15216064453125
}