{
  "aor": 0.0012557117008443908,
  "aqi": 0.024250250120627263,
  "bids_meta": {
    "AcquisitionMatrixPE": 80,
    "AcquisitionNumber": 1,
    "AcquisitionTime": "13:15:40.925000",
    "BandwidthPerPixelPhaseEncode": 24.038,
    "BaseResolution": 80,
    "BodyPartExamined": "HEAD",
    "CogAtlasID": "TODO",
    "CoilString": "HE1-4;NE1_2",
    "ConsistencyInfo": "N4_VE11C_LATEST_20160120",
    "ConversionSoftware": "dcm2niix",
    "ConversionSoftwareVersion": "v1.0.20190720  (JP2:OpenJPEG) GCC7.3.0",
    "DerivedVendorReportedEchoSpacing": 0.00052001,
    "DeviceSerialNumber": "45250",
    "DwellTime": 2.5e-06,
    "EchoTime": 0.0384,
    "EchoTrainLength": 80,
    "EffectiveEchoSpacing": 0.00052001,
    "FlipAngle": 60,
    "ImageComments": "Unaliased_MB4_PE3",
    "ImageOrientationPatientDICOM": [
      0.997678,
      -0.0417703,
      0.0537938,
      0.059273,
      0.921541,
      -0.383731
    ],
    "ImageType": [
      "ORIGINAL",
      "PRIMARY",
      "M",
      "MB",
      "ND",
      "NORM",
      "MOSAIC"
    ],
    "ImagingFrequency": 123.239,
    "InPlanePhaseEncodingDirectionDICOM": "COL",
    "InstitutionAddress": "Kopernikusstr._26_Graz_Graz_AT_8010",
    "InstitutionName": "KFU",
    "InstitutionalDepartmentName": "Department",
    "MRAcquisitionType": "2D",
    "MagneticFieldStrength": 3,
    "Manufacturer": "Siemens",
    "ManufacturersModelName": "Skyra",
    "Modality": "MR",
    "MultibandAccelerationFactor": 4,
    "PartialFourier": 1,
    "PatientPosition": "HFS",
    "PercentPhaseFOV": 100,
    "PhaseEncodingDirection": "j-",
    "PhaseEncodingSteps": 80,
    "PhaseResolution": 1,
    "PixelBandwidth": 2500,
    "ProcedureStepDescription": "DIPS_2019",
    "ProtocolName": "func_task-EyeMag_acq-CMRR_run-01",
    "PulseSequenceDetails": "%CustomerSeq%_cmrr_mbep2d_bold",
    "ReceiveCoilActiveElements": "HE1-4;NE1,2",
    "ReceiveCoilName": "HeadNeck_20",
    "ReconMatrixPE": 80,
    "RepetitionTime": 1,
    "SAR": 0.0928886,
    "ScanOptions": "FS",
    "ScanningSequence": "EP",
    "SequenceName": "epfid2d1_80",
    "SequenceVariant": "SK_SS",
    "SeriesDescription": "func_task-EyeMag_acq-CMRR_run-01",
    "SeriesNumber": 9,
    "ShimSetting": [
      -1090,
      -2955,
      -4198,
      464,
      978,
      563,
      -55,
      -857
    ],
    "SliceThickness": 3,
    "SliceTiming": [
      0,
      0.4075,
      0.815,
      0.245,
      0.6525,
      0.08,
      0.49,
      0.8975,
      0.325,
      0.735,
      0.1625,
      0.57,
      0,
      0.4075,
      0.815,
      0.245,
      0.6525,
      0.08,
      0.49,
      0.8975,
      0.325,
      0.735,
      0.1625,
      0.57,
      0,
      0.4075,
      0.815,
      0.245,
      0.6525,
      0.08,
      0.49,
      0.8975,
      0.325,
      0.735,
      0.1625,
      0.57,
      0,
      0.4075,
      0.815,
      0.245,
      0.6525,
      0.08,
      0.49,
      0.8975,
      0.325,
      0.735,
      0.1625,
      0.57
    ],
    "SoftwareVersions": "syngo_MR_E11",
    "SpacingBetweenSlices": 3,
    "StationName": "FBMTMR1",
    "TaskName": "EyeMag",
    "TotalReadoutTime": 0.0410808,
    "TxRefAmp": 377.315,
    "WipMemBlock": "f104fcbb-6fd4-48ba-a220-70b2cba89839||Sequence: R016 ve11c/master r/34fb20f; Nov 20 2017 15:15:15 by eja",
    "acq_id": "CMRR",
    "dataset": "unknown",
    "modality": "bold",
    "run_id": 1,
    "session_id": "1",
    "subject_id": "101DPMB042018",
    "task_id": "EyeMag"
  },
  "dummy_trs": 1,
  "dvars_nstd": 33.18588947488834,
  "dvars_std": 1.1750131429088733,
  "dvars_vstd": 0.9648878533192518,
  "efc": 0.45948888044496755,
  "fber": 6216.248046875,
  "fd_mean": 0.23322877341917606,
  "fd_num": 715,
  "fd_perc": 43.12424607961399,
  "fwhm_avg": 2.523516666666666,
  "fwhm_x": 2.3611333333333335,
  "fwhm_y": 2.806093333333333,
  "fwhm_z": 2.4033233333333333,
  "gcor": 0.0182729,
  "gsr_x": -0.00931182038038969,
  "gsr_y": 0.01660947874188423,
  "provenance": {
    "md5sum": "352cdf19b2346d5ae8c6c90125503c3b",
    "settings": {
      "fd_thres": 0.2,
      "hmc_fsl": false
    },
    "software": "mriqc",
    "version": "0.15.0",
    "webapi_port": null,
    "webapi_url": "https://mriqc.nimh.nih.gov/api/v1"
  },
  "size_t": 1658,
  "size_x": 80,
  "size_y": 80,
  "size_z": 48,
  "snr": 4.627266632906004,
  "spacing_tr": 1.0,
  "spacing_x": 3.0,
  "spacing_y": 3.0,
  "spacing_z": 3.0,
  "summary_bg_k": 45.49728865972552,
  "summary_bg_mad": 65.37188720703125,
  "summary_bg_mean": 280.5569763183594,
  "summary_bg_median": 109.5579833984375,
  "summary_bg_n": 200245.0,
  "summary_bg_p05": 51.285691833496095,
  "summary_bg_p95": 1185.9537353515625,
  "summary_bg_stdv": 575.8187255859375,
  "summary_fg_k": 3.394040064119369,
  "summary_fg_mad": 1377.204345703125,
  "summary_fg_mean": 8884.6689453125,
  "summary_fg_median": 8852.52734375,
  "summary_fg_n": 56571.0,
  "summary_fg_p05": 5866.935791015625,
  "summary_fg_p95": 11717.91748046875,
  "summary_fg_stdv": 1913.10546875,
  "tsnr": 33.20842742919922
}