{
  "bids_meta": {
    "AcquisitionMatrixPE": 256,
    "AcquisitionNumber": 1,
    "AcquisitionTime": "11:17:1.472500",
    "BaseResolution": 256,
    "BodyPartExamined": "HEAD",
    "CoilString": "HE1-4;NE1_2",
    "ConsistencyInfo": "N4_VE11C_LATEST_20160120",
    "ConversionSoftware": "dcm2niix",
    "ConversionSoftwareVersion": "v1.0.20190720  (JP2:OpenJPEG) GCC7.3.0",
    "DeviceSerialNumber": "45250",
    "DwellTime": 7.2e-06,
    "EchoTime": 0.00188,
    "FlipAngle": 8,
    "ImageOrientationPatientDICOM": [
      0.0279244,
      0.994837,
      0.097567,
      -0.015387,
      0.0980213,
      -0.995065
    ],
    "ImageType": [
      "ORIGINAL",
      "PRIMARY",
      "M",
      "NORM",
      "DIS3D",
      "DIS2D"
    ],
    "ImagingFrequency": 123.239,
    "InPlanePhaseEncodingDirectionDICOM": "ROW",
    "InstitutionAddress": "Kopernikusstr._26_Graz_Graz_AT_8010",
    "InstitutionName": "KFU",
    "InstitutionalDepartmentName": "Department",
    "InversionTime": 1,
    "MRAcquisitionType": "3D",
    "MagneticFieldStrength": 3,
    "Manufacturer": "Siemens",
    "ManufacturersModelName": "Skyra",
    "Modality": "MR",
    "ParallelReductionFactorInPlane": 2,
    "PartialFourier": 1,
    "PatientPosition": "HFS",
    "PercentPhaseFOV": 100,
    "PhaseEncodingSteps": 294,
    "PhaseOversampling": 0.15,
    "PhaseResolution": 1,
    "PixelBandwidth": 270,
    "ProcedureStepDescription": "DIPS_2019",
    "ProtocolName": "anat-T1w",
    "PulseSequenceDetails": "%SiemensSeq%_tfl",
    "ReceiveCoilActiveElements": "HE1-4;NE1,2",
    "ReceiveCoilName": "HeadNeck_20",
    "ReconMatrixPE": 256,
    "RefLinesPE": 24,
    "RepetitionTime": 1.68,
    "SAR": 0.0727551,
    "ScanOptions": "IR_WE",
    "ScanningSequence": "GR_IR",
    "SequenceName": "_tfl3d1_16ns",
    "SequenceVariant": "SK_SP_MP_OSP",
    "SeriesDescription": "anat-T1w",
    "SeriesNumber": 5,
    "ShimSetting": [
      -1104,
      -3222,
      -4456,
      41,
      996,
      -571,
      312,
      -801
    ],
    "SliceThickness": 0.88,
    "SoftwareVersions": "syngo_MR_E11",
    "StationName": "FBMTMR1",
    "TxRefAmp": 370.866,
    "dataset": "unknown",
    "modality": "T1w",
    "session_id": "1",
    "subject_id": "101DPMB041030"
  },
  "cjv": 0.6440662212347118,
  "cnr": 2.1241467901495765,
  "efc": 0.6608824285064672,
  "fber": 686.9511108398438,
  "fwhm_avg": 4.068078143000636,
  "fwhm_x": 3.9529315718590503,
  "fwhm_y": 4.132948571428572,
  "fwhm_z": 4.118354285714285,
  "icvs_csf": 0.18501961438721748,
  "icvs_gm": 0.42654967552805495,
  "icvs_wm": 0.38843071008472757,
  "inu_med": 1.196135401725769,
  "inu_range": 0.5486074328422545,
  "provenance": {
    "md5sum": "a90f3479a72cf6294e7143b1f23750c9",
    "settings": {
      "testing": false
    },
    "software": "mriqc",
    "version": "0.15.0",
    "warnings": {
      "large_rot_frame": true,
      "small_air_mask": false
    },
    "webapi_port": null,
    "webapi_url": "https://mriqc.nimh.nih.gov/api/v1"
  },
  "qi_1": 0.0,
  "qi_2": 0.0011202279006611562,
  "rpve_csf": 20.955605042016806,
  "rpve_gm": 9.981983408321687,
  "rpve_wm": 12.741704049621402,
  "size_x": 192,
  "size_y": 256,
  "size_z": 256,
  "snr_csf": 2.834061332884151,
  "snr_gm": 9.402209940620555,
  "snr_total": 10.545218552094102,
  "snr_wm": 19.3993843827776,
  "snrd_csf": 20.773217580938404,
  "snrd_gm": 46.58446139331026,
  "snrd_total": 42.126871578448906,
  "snrd_wm": 59.02293576109804,
  "spacing_x": 0.8800000548362732,
  "spacing_y": 0.875,
  "spacing_z": 0.875,
  "summary_bg_k": 1.25152457514025,
  "summary_bg_mad": 11.100154876708984,
  "summary_bg_mean": 26.18619155883789,
  "summary_bg_median": 24.643373489379883,
  "summary_bg_n": 2077327.0,
  "summary_bg_p05": 9.80359115600586,
  "summary_bg_p95": 47.81626167297363,
  "summary_bg_stdv": 11.801909446716309,
  "summary_csf_k": 18.332347372964097,
  "summary_csf_mad": 83.9234390258789,
  "summary_csf_mean": 382.7903137207031,
  "summary_csf_median": 351.96630859375,
  "summary_csf_n": 39057.0,
  "summary_csf_p05": 251.87273254394532,
  "summary_csf_p95": 618.5921020507811,
  "summary_csf_stdv": 124.18990325927734,
  "summary_gm_k": -0.10586425659548526,
  "summary_gm_mad": 86.81421661376953,
  "summary_gm_mean": 794.9567260742188,
  "summary_gm_median": 789.2932739257812,
  "summary_gm_n": 41299.0,
  "summary_gm_p05": 667.2647094726562,
  "summary_gm_p95": 941.7153869628905,
  "summary_gm_stdv": 83.94661712646484,
  "summary_wm_k": 0.42604283658164155,
  "summary_wm_mad": 48.921756744384766,
  "summary_wm_mean": 1000.8599853515625,
  "summary_wm_median": 1000.041748046875,
  "summary_wm_n": 350686.0,
  "summary_wm_p05": 917.1899719238281,
  "summary_wm_p95": 1086.5902709960938,
  "summary_wm_stdv": 51.550106048583984,
  "tpm_overlap_csf": 0.24904413521289825,
  "tpm_overlap_gm": 0.5164501667022705,
  "tpm_overlap_wm": 0.5676036477088928,
  "wm2max": 0.5320379863102808
}