{
  "aor": 0.001650736968244458,
  "aqi": 0.02352191671659676,
  "bids_meta": {
    "AcquisitionMatrixPE": 80,
    "AcquisitionNumber": 1,
    "AcquisitionTime": "13:15:43.727500",
    "BandwidthPerPixelPhaseEncode": 24.038,
    "BaseResolution": 80,
    "BodyPartExamined": "HEAD",
    "CogAtlasID": "TODO",
    "CoilString": "HE1-4;NE1_2",
    "ConsistencyInfo": "N4_VE11C_LATEST_20160120",
    "ConversionSoftware": "dcm2niix",
    "ConversionSoftwareVersion": "v1.0.20190410  (JP2:OpenJPEG) GCC7.3.0",
    "DerivedVendorReportedEchoSpacing": 0.00052001,
    "DeviceSerialNumber": "45250",
    "DwellTime": 2.5e-06,
    "EchoTime": 0.0384,
    "EchoTrainLength": 80,
    "EffectiveEchoSpacing": 0.00052001,
    "FlipAngle": 60,
    "ImageComments": "Unaliased_MB4_PE3",
    "ImageOrientationPatientDICOM": [
      0.994997,
      -0.0829925,
      -0.0556115,
      0.0486635,
      0.888793,
      -0.455718
    ],
    "ImageType": [
      "ORIGINAL",
      "PRIMARY",
      "M",
      "MB",
      "ND",
      "NORM",
      "MOSAIC"
    ],
    "ImagingFrequency": 123.239,
    "InPlanePhaseEncodingDirectionDICOM": "COL",
    "InstitutionAddress": "Kopernikusstr._26_Graz_Graz_AT_8010",
    "InstitutionName": "KFU",
    "InstitutionalDepartmentName": "Department",
    "MRAcquisitionType": "2D",
    "MagneticFieldStrength": 3,
    "Manufacturer": "Siemens",
    "ManufacturersModelName": "Skyra",
    "Modality": "MR",
    "MultibandAccelerationFactor": 4,
    "PartialFourier": 1,
    "PatientPosition": "HFS",
    "PercentPhaseFOV": 100,
    "PhaseEncodingDirection": "j-",
    "PhaseEncodingSteps": 80,
    "PhaseResolution": 1,
    "PixelBandwidth": 2500,
    "ProcedureStepDescription": "DIPS_2019",
    "ProtocolName": "func_task-EyeMag_acq-CMRR_run-01",
    "PulseSequenceDetails": "%CustomerSeq%_cmrr_mbep2d_bold",
    "ReceiveCoilActiveElements": "HE1-4;NE1,2",
    "ReceiveCoilName": "HeadNeck_20",
    "ReconMatrixPE": 80,
    "RepetitionTime": 1,
    "SAR": 0.0936745,
    "ScanOptions": "FS",
    "ScanningSequence": "EP",
    "SequenceName": "epfid2d1_80",
    "SequenceVariant": "SK_SS",
    "SeriesDescription": "func_task-EyeMag_acq-CMRR_run-01",
    "SeriesNumber": 9,
    "ShimSetting": [
      -1142,
      -2971,
      -4298,
      312,
      1075,
      371,
      -103,
      -1025
    ],
    "SliceThickness": 3,
    "SliceTiming": [
      0,
      0.4075,
      0.815,
      0.245,
      0.6525,
      0.08,
      0.49,
      0.8975,
      0.325,
      0.735,
      0.1625,
      0.57,
      0,
      0.4075,
      0.815,
      0.245,
      0.6525,
      0.08,
      0.49,
      0.8975,
      0.325,
      0.735,
      0.1625,
      0.57,
      0,
      0.4075,
      0.815,
      0.245,
      0.6525,
      0.08,
      0.49,
      0.8975,
      0.325,
      0.735,
      0.1625,
      0.57,
      0,
      0.4075,
      0.815,
      0.245,
      0.6525,
      0.08,
      0.49,
      0.8975,
      0.325,
      0.735,
      0.1625,
      0.57
    ],
    "SoftwareVersions": "syngo_MR_E11",
    "SpacingBetweenSlices": 3,
    "StationName": "FBMTMR1",
    "TaskName": "EyeMag",
    "TotalReadoutTime": 0.0410808,
    "TxRefAmp": 358.741,
    "WipMemBlock": "6f782fa0-122e-4ae2-92a7-4778d4adca20||Sequence: R016 ve11c/master r/34fb20f; Nov 20 2017 15:15:15 by eja",
    "acq_id": "CMRR",
    "dataset": "unknown",
    "modality": "bold",
    "run_id": 1,
    "session_id": "1",
    "subject_id": "101DPMB042010",
    "task_id": "EyeMag"
  },
  "dummy_trs": 0,
  "dvars_nstd": 27.32518693756593,
  "dvars_std": 1.1055439549999984,
  "dvars_vstd": 1.0133736918764982,
  "efc": 0.42775767394319636,
  "fber": 7252.86572265625,
  "fd_mean": 0.18945480830722947,
  "fd_num": 582,
  "fd_perc": 34.87118034751348,
  "fwhm_avg": 2.391416597744806,
  "fwhm_x": 2.2808633333333335,
  "fwhm_y": 2.601713126567751,
  "fwhm_z": 2.2916733333333332,
  "gcor": 0.0156618,
  "gsr_x": -0.0037544399965554476,
  "gsr_y": 0.008436137810349464,
  "provenance": {
    "md5sum": "72b2b754ef481cd800592c14b97eeaee",
    "settings": {
      "fd_thres": 0.2,
      "hmc_fsl": false
    },
    "software": "mriqc",
    "version": "0.15.0",
    "webapi_port": null,
    "webapi_url": "https://mriqc.nimh.nih.gov/api/v1"
  },
  "size_t": 1669,
  "size_x": 80,
  "size_y": 80,
  "size_z": 48,
  "snr": 4.952047198600859,
  "spacing_tr": 1.0,
  "spacing_x": 3.0,
  "spacing_y": 3.000000238418579,
  "spacing_z": 3.0,
  "summary_bg_k": 77.62248935210604,
  "summary_bg_mad": 52.03002166748047,
  "summary_bg_mean": 200.97860717773438,
  "summary_bg_median": 92.58045196533203,
  "summary_bg_n": 208972.0,
  "summary_bg_p05": 43.141526794433595,
  "summary_bg_p95": 717.1126495361327,
  "summary_bg_stdv": 404.45843505859375,
  "summary_fg_k": 3.910229168690428,
  "summary_fg_mad": 1196.526611328125,
  "summary_fg_mean": 7968.57861328125,
  "summary_fg_median": 8021.1826171875,
  "summary_fg_n": 49394.0,
  "summary_fg_p05": 5283.777270507813,
  "summary_fg_p95": 10255.556103515624,
  "summary_fg_stdv": 1619.754638671875,
  "tsnr": 34.75627517700195
}