{
  "aor": 0.0018979447115384618,
  "aqi": 0.025058340865384617,
  "bids_meta": {
    "AcquisitionMatrixPE": 80,
    "AcquisitionNumber": 1,
    "AcquisitionTime": "09:22:19.212500",
    "BandwidthPerPixelPhaseEncode": 24.038,
    "BaseResolution": 80,
    "BodyPartExamined": "HEAD",
    "CogAtlasID": "TODO",
    "CoilString": "HE1-4;NE1_2",
    "ConsistencyInfo": "N4_VE11C_LATEST_20160120",
    "ConversionSoftware": "dcm2niix",
    "ConversionSoftwareVersion": "v1.0.20190720  (JP2:OpenJPEG) GCC7.3.0",
    "DerivedVendorReportedEchoSpacing": 0.00052001,
    "DeviceSerialNumber": "45250",
    "DwellTime": 2.5e-06,
    "EchoTime": 0.0384,
    "EchoTrainLength": 80,
    "EffectiveEchoSpacing": 0.00052001,
    "FlipAngle": 60,
    "ImageComments": "Unaliased_MB4_PE3",
    "ImageOrientationPatientDICOM": [
      0.991615,
      -0.128039,
      -0.0174978,
      0.105973,
      0.883169,
      -0.456927
    ],
    "ImageType": [
      "ORIGINAL",
      "PRIMARY",
      "M",
      "MB",
      "ND",
      "NORM",
      "MOSAIC"
    ],
    "ImagingFrequency": 123.239,
    "InPlanePhaseEncodingDirectionDICOM": "COL",
    "InstitutionAddress": "Kopernikusstr._26_Graz_Graz_AT_8010",
    "InstitutionName": "KFU",
    "InstitutionalDepartmentName": "Department",
    "MRAcquisitionType": "2D",
    "MagneticFieldStrength": 3,
    "Manufacturer": "Siemens",
    "ManufacturersModelName": "Skyra",
    "Modality": "MR",
    "MultibandAccelerationFactor": 4,
    "PartialFourier": 1,
    "PatientPosition": "HFS",
    "PercentPhaseFOV": 100,
    "PhaseEncodingDirection": "j-",
    "PhaseEncodingSteps": 80,
    "PhaseResolution": 1,
    "PixelBandwidth": 2500,
    "ProcedureStepDescription": "DIPS_2019",
    "ProtocolName": "func_task-EyeMag_acq-CMRR_run-01",
    "PulseSequenceDetails": "%CustomerSeq%_cmrr_mbep2d_bold",
    "ReceiveCoilActiveElements": "HE1-4;NE1,2",
    "ReceiveCoilName": "HeadNeck_20",
    "ReconMatrixPE": 80,
    "RepetitionTime": 1,
    "SAR": 0.0799119,
    "ScanOptions": "FS",
    "ScanningSequence": "EP",
    "SequenceName": "epfid2d1_80",
    "SequenceVariant": "SK_SS",
    "SeriesDescription": "func_task-EyeMag_acq-CMRR_run-01",
    "SeriesNumber": 9,
    "ShimSetting": [
      -1113,
      -3026,
      -4263,
      437,
      992,
      26,
      -5,
      -1033
    ],
    "SliceThickness": 3,
    "SliceTiming": [
      0,
      0.41,
      0.8175,
      0.245,
      0.655,
      0.0825,
      0.49,
      0.8975,
      0.3275,
      0.735,
      0.165,
      0.5725,
      0,
      0.41,
      0.8175,
      0.245,
      0.655,
      0.0825,
      0.49,
      0.8975,
      0.3275,
      0.735,
      0.165,
      0.5725,
      0,
      0.41,
      0.8175,
      0.245,
      0.655,
      0.0825,
      0.49,
      0.8975,
      0.3275,
      0.735,
      0.165,
      0.5725,
      0,
      0.41,
      0.8175,
      0.245,
      0.655,
      0.0825,
      0.49,
      0.8975,
      0.3275,
      0.735,
      0.165,
      0.5725
    ],
    "SoftwareVersions": "syngo_MR_E11",
    "SpacingBetweenSlices": 3,
    "StationName": "FBMTMR1",
    "TaskName": "EyeMag",
    "TotalReadoutTime": 0.0410808,
    "TxRefAmp": 379.465,
    "WipMemBlock": "772d04c2-aa6b-4540-83c7-efaeb3b329ce||Sequence: R016 ve11c/master r/34fb20f; Nov 20 2017 15:15:15 by eja",
    "acq_id": "CMRR",
    "dataset": "unknown",
    "modality": "bold",
    "run_id": 1,
    "session_id": "1",
    "subject_id": "101DPMB041028",
    "task_id": "EyeMag"
  },
  "dummy_trs": 0,
  "dvars_nstd": 36.516204049416686,
  "dvars_std": 1.1292957660673475,
  "dvars_vstd": 0.9739196372940492,
  "efc": 0.4164613785125921,
  "fber": 6745.68701171875,
  "fd_mean": 0.34416421460050506,
  "fd_num": 1150,
  "fd_perc": 69.11057692307692,
  "fwhm_avg": 2.4796099999999996,
  "fwhm_x": 2.2999533333333333,
  "fwhm_y": 2.78818,
  "fwhm_z": 2.3506966666666664,
  "gcor": 0.0102708,
  "gsr_x": -0.001409550430253148,
  "gsr_y": 0.009119067341089249,
  "provenance": {
    "md5sum": "952bdccdaecf8fd31261878f8e8f56ee",
    "settings": {
      "fd_thres": 0.2,
      "hmc_fsl": false
    },
    "software": "mriqc",
    "version": "0.15.0",
    "webapi_port": null,
    "webapi_url": "https://mriqc.nimh.nih.gov/api/v1"
  },
  "size_t": 1664,
  "size_x": 80,
  "size_y": 80,
  "size_z": 48,
  "snr": 4.781341903329494,
  "spacing_tr": 1.0,
  "spacing_x": 3.0,
  "spacing_y": 3.0,
  "spacing_z": 3.0,
  "summary_bg_k": 55.7302158377394,
  "summary_bg_mad": 59.19378662109375,
  "summary_bg_mean": 226.28355407714844,
  "summary_bg_median": 99.25491333007812,
  "summary_bg_n": 213914.0,
  "summary_bg_p05": 43.84165325164795,
  "summary_bg_p95": 687.7710388183585,
  "summary_bg_stdv": 483.0912170410156,
  "summary_fg_k": 3.5069649404295333,
  "summary_fg_mad": 1313.5045166015625,
  "summary_fg_mean": 8244.29296875,
  "summary_fg_median": 8281.3291015625,
  "summary_fg_n": 45485.0,
  "summary_fg_p05": 5420.951464843751,
  "summary_fg_p95": 10678.6822265625,
  "summary_fg_stdv": 1731.9903564453125,
  "tsnr": 30.472347259521484
}