{
  "aor": 0.0033904066985645936,
  "aqi": 0.017627396136363636,
  "bids_meta": {
    "AcquisitionMatrixPE": 80,
    "AcquisitionNumber": 1,
    "AcquisitionTime": "10:24:58.382500",
    "BandwidthPerPixelPhaseEncode": 24.038,
    "BaseResolution": 80,
    "BodyPartExamined": "HEAD",
    "CogAtlasID": "TODO",
    "CoilString": "HE1-4;NE1_2",
    "ConsistencyInfo": "N4_VE11C_LATEST_20160120",
    "ConversionSoftware": "dcm2niix",
    "ConversionSoftwareVersion": "v1.0.20190720  (JP2:OpenJPEG) GCC7.3.0",
    "DerivedVendorReportedEchoSpacing": 0.00052001,
    "DeviceSerialNumber": "45250",
    "DwellTime": 2.5e-06,
    "EchoTime": 0.0384,
    "EchoTrainLength": 80,
    "EffectiveEchoSpacing": 0.00052001,
    "FlipAngle": 60,
    "ImageComments": "Unaliased_MB4_PE3",
    "ImageOrientationPatientDICOM": [
      0.994268,
      -0.0984059,
      -0.0417917,
      0.0765048,
      0.927925,
      -0.364832
    ],
    "ImageType": [
      "ORIGINAL",
      "PRIMARY",
      "M",
      "MB",
      "ND",
      "NORM",
      "MOSAIC"
    ],
    "ImagingFrequency": 123.239,
    "InPlanePhaseEncodingDirectionDICOM": "COL",
    "InstitutionAddress": "Kopernikusstr._26_Graz_Graz_AT_8010",
    "InstitutionName": "KFU",
    "InstitutionalDepartmentName": "Department",
    "MRAcquisitionType": "2D",
    "MagneticFieldStrength": 3,
    "Manufacturer": "Siemens",
    "ManufacturersModelName": "Skyra",
    "Modality": "MR",
    "MultibandAccelerationFactor": 4,
    "PartialFourier": 1,
    "PatientPosition": "HFS",
    "PercentPhaseFOV": 100,
    "PhaseEncodingDirection": "j-",
    "PhaseEncodingSteps": 80,
    "PhaseResolution": 1,
    "PixelBandwidth": 2500,
    "ProcedureStepDescription": "DIPS_2019",
    "ProtocolName": "func_task-EyeMag_acq-CMRR_run-01",
    "PulseSequenceDetails": "%CustomerSeq%_cmrr_mbep2d_bold",
    "ReceiveCoilActiveElements": "HE1-4;NE1,2",
    "ReceiveCoilName": "HeadNeck_20",
    "ReconMatrixPE": 80,
    "RepetitionTime": 1,
    "SAR": 0.0981792,
    "ScanOptions": "FS",
    "ScanningSequence": "EP",
    "SequenceName": "epfid2d1_80",
    "SequenceVariant": "SK_SS",
    "SeriesDescription": "func_task-EyeMag_acq-CMRR_run-01",
    "SeriesNumber": 9,
    "ShimSetting": [
      -1132,
      -2942,
      -4207,
      484,
      917,
      589,
      -379,
      -899
    ],
    "SliceThickness": 3,
    "SliceTiming": [
      0,
      0.4075,
      0.815,
      0.245,
      0.6525,
      0.08,
      0.49,
      0.8975,
      0.325,
      0.735,
      0.1625,
      0.57,
      0,
      0.4075,
      0.815,
      0.245,
      0.6525,
      0.08,
      0.49,
      0.8975,
      0.325,
      0.735,
      0.1625,
      0.57,
      0,
      0.4075,
      0.815,
      0.245,
      0.6525,
      0.08,
      0.49,
      0.8975,
      0.325,
      0.735,
      0.1625,
      0.57,
      0,
      0.4075,
      0.815,
      0.245,
      0.6525,
      0.08,
      0.49,
      0.8975,
      0.325,
      0.735,
      0.1625,
      0.57
    ],
    "SoftwareVersions": "syngo_MR_E11",
    "SpacingBetweenSlices": 3,
    "StationName": "FBMTMR1",
    "TaskName": "EyeMag",
    "TotalReadoutTime": 0.0410808,
    "TxRefAmp": 352.02,
    "WipMemBlock": "8972cbe1-eb70-4372-8d9b-ec536e9af92f||Sequence: R016 ve11c/master r/34fb20f; Nov 20 2017 15:15:15 by eja",
    "acq_id": "CMRR",
    "dataset": "unknown",
    "modality": "bold",
    "run_id": 1,
    "session_id": "1",
    "subject_id": "101DPMB042029",
    "task_id": "EyeMag"
  },
  "dummy_trs": 0,
  "dvars_nstd": 27.894620253800092,
  "dvars_std": 1.251072163572712,
  "dvars_vstd": 1.0266088056912026,
  "efc": 0.39590452208564075,
  "fber": 9543.279296875,
  "fd_mean": 0.13971712096255742,
  "fd_num": 233,
  "fd_perc": 13.935406698564593,
  "fwhm_avg": 2.4940777143027213,
  "fwhm_x": 2.3107866666666665,
  "fwhm_y": 2.7753433333333333,
  "fwhm_z": 2.3961031429081645,
  "gcor": 0.0107113,
  "gsr_x": -0.009985843673348427,
  "gsr_y": 0.009823513217270374,
  "provenance": {
    "md5sum": "04e83824fdf6573d111c45946c236ba9",
    "settings": {
      "fd_thres": 0.2,
      "hmc_fsl": false
    },
    "software": "mriqc",
    "version": "0.15.0",
    "webapi_port": null,
    "webapi_url": "https://mriqc.nimh.nih.gov/api/v1"
  },
  "size_t": 1672,
  "size_x": 80,
  "size_y": 80,
  "size_z": 48,
  "snr": 4.733268644748918,
  "spacing_tr": 1.0,
  "spacing_x": 3.0,
  "spacing_y": 3.0,
  "spacing_z": 3.000000238418579,
  "summary_bg_k": 96.18554765367823,
  "summary_bg_mad": 50.06367111206055,
  "summary_bg_mean": 190.05958557128906,
  "summary_bg_median": 86.75422668457031,
  "summary_bg_n": 217656.0,
  "summary_bg_p05": 37.81750202178955,
  "summary_bg_p95": 619.8757629394531,
  "summary_bg_stdv": 402.93548583984375,
  "summary_fg_k": 3.5430657508366465,
  "summary_fg_mad": 1342.9921875,
  "summary_fg_mean": 8624.4755859375,
  "summary_fg_median": 8713.458984375,
  "summary_fg_n": 42509.0,
  "summary_fg_p05": 5424.79677734375,
  "summary_fg_p95": 11127.439843749999,
  "summary_fg_stdv": 1840.8751220703125,
  "tsnr": 38.89774703979492
}