{
  "bids_meta": {
    "AcquisitionMatrixPE": 256,
    "AcquisitionNumber": 1,
    "AcquisitionTime": "12:10:52.105000",
    "BaseResolution": 256,
    "BodyPartExamined": "HEAD",
    "CoilString": "HE1-4;NE1_2",
    "ConsistencyInfo": "N4_VE11C_LATEST_20160120",
    "ConversionSoftware": "dcm2niix",
    "ConversionSoftwareVersion": "v1.0.20190410  (JP2:OpenJPEG) GCC7.3.0",
    "DeviceSerialNumber": "45250",
    "DwellTime": 7.2e-06,
    "EchoTime": 0.00188,
    "FlipAngle": 8,
    "ImageOrientationPatientDICOM": [
      0.0469507,
      0.993414,
      0.104522,
      0.0163982,
      0.103856,
      -0.994457
    ],
    "ImageType": [
      "ORIGINAL",
      "PRIMARY",
      "M",
      "NORM",
      "DIS3D",
      "DIS2D"
    ],
    "ImagingFrequency": 123.239,
    "InPlanePhaseEncodingDirectionDICOM": "ROW",
    "InstitutionAddress": "Kopernikusstr._26_Graz_Graz_AT_8010",
    "InstitutionName": "KFU",
    "InstitutionalDepartmentName": "Department",
    "InversionTime": 1,
    "MRAcquisitionType": "3D",
    "MagneticFieldStrength": 3,
    "Manufacturer": "Siemens",
    "ManufacturersModelName": "Skyra",
    "Modality": "MR",
    "PartialFourier": 1,
    "PatientPosition": "HFS",
    "PercentPhaseFOV": 100,
    "PhaseEncodingSteps": 294,
    "PhaseOversampling": 0.15,
    "PhaseResolution": 1,
    "PixelBandwidth": 270,
    "ProcedureStepDescription": "DIPS_2019",
    "ProtocolName": "anat-T1w",
    "PulseSequenceDetails": "%SiemensSeq%_tfl",
    "ReceiveCoilActiveElements": "HE1-4;NE1,2",
    "ReceiveCoilName": "HeadNeck_20",
    "ReconMatrixPE": 256,
    "RefLinesPE": 24,
    "RepetitionTime": 1.68,
    "SAR": 0.090383,
    "ScanOptions": "IR_WE",
    "ScanningSequence": "GR_IR",
    "SequenceName": "_tfl3d1_16ns",
    "SequenceVariant": "SK_SP_MP_OSP",
    "SeriesDescription": "anat-T1w",
    "SeriesNumber": 5,
    "ShimSetting": [
      -1112,
      -3166,
      -4380,
      184,
      863,
      -228,
      198,
      -903
    ],
    "SliceThickness": 0.88,
    "SoftwareVersions": "syngo_MR_E11",
    "StationName": "FBMTMR1",
    "TxRefAmp": 350.672,
    "dataset": "unknown",
    "modality": "T1w",
    "session_id": "1",
    "subject_id": "101DPMB042001"
  },
  "cjv": 0.7838723378409526,
  "cnr": 1.7416836546986298,
  "efc": 0.6476093362109013,
  "fber": 700.4635620117188,
  "fwhm_avg": 4.100502686811887,
  "fwhm_x": 4.032045203292804,
  "fwhm_y": 4.154091428571428,
  "fwhm_z": 4.115371428571429,
  "icvs_csf": 0.17717711523522703,
  "icvs_gm": 0.4452809121557857,
  "icvs_wm": 0.3775419726089873,
  "inu_med": 1.162915825843811,
  "inu_range": 0.5711755871772766,
  "provenance": {
    "md5sum": "88d227ea5d6daf32a179536a04e3020a",
    "settings": {
      "testing": false
    },
    "software": "mriqc",
    "version": "0.15.0",
    "warnings": {
      "large_rot_frame": true,
      "small_air_mask": false
    },
    "webapi_port": null,
    "webapi_url": "https://mriqc.nimh.nih.gov/api/v1"
  },
  "qi_1": 0.003213602302107831,
  "qi_2": 0.0002971458441756802,
  "rpve_csf": 22.4364576888211,
  "rpve_gm": 9.971258491185791,
  "rpve_wm": 13.280171867190822,
  "size_x": 192,
  "size_y": 256,
  "size_z": 256,
  "snr_csf": 2.68087311445293,
  "snr_gm": 10.283983902595645,
  "snr_total": 10.0237813443019,
  "snr_wm": 17.106487015857123,
  "snrd_csf": 22.23153564806418,
  "snrd_gm": 46.947096876436035,
  "snrd_total": 42.05922771803902,
  "snrd_wm": 56.99905062961685,
  "spacing_x": 0.8800000548362732,
  "spacing_y": 0.875,
  "spacing_z": 0.875,
  "summary_bg_k": 91.50483325440491,
  "summary_bg_mad": 11.494251251220703,
  "summary_bg_mean": 28.44391441345215,
  "summary_bg_median": 25.359027862548828,
  "summary_bg_n": 2076804.0,
  "summary_bg_p05": 10.092936420440674,
  "summary_bg_p95": 51.817573356628415,
  "summary_bg_stdv": 20.516155242919922,
  "summary_csf_k": 9.017994628735709,
  "summary_csf_mad": 114.11553192138672,
  "summary_csf_mean": 428.40667724609375,
  "summary_csf_median": 390.04833984375,
  "summary_csf_n": 26209.0,
  "summary_csf_p05": 262.1953430175781,
  "summary_csf_p95": 698.4591430664062,
  "summary_csf_stdv": 145.49024963378906,
  "summary_gm_k": -0.08591137470109222,
  "summary_gm_mad": 81.61895751953125,
  "summary_gm_mean": 823.8438110351562,
  "summary_gm_median": 823.678466796875,
  "summary_gm_n": 44364.0,
  "summary_gm_p05": 695.60537109375,
  "summary_gm_p95": 958.9023254394531,
  "summary_gm_stdv": 80.09242248535156,
  "summary_wm_k": 0.24205945605298806,
  "summary_wm_mad": 56.62456512451172,
  "summary_wm_mean": 1001.2259521484375,
  "summary_wm_median": 1000.0382080078125,
  "summary_wm_n": 324421.0,
  "summary_wm_p05": 906.6011962890625,
  "summary_wm_p95": 1098.818603515625,
  "summary_wm_stdv": 58.45949935913086,
  "tpm_overlap_csf": 0.233976811170578,
  "tpm_overlap_gm": 0.5178044438362122,
  "tpm_overlap_wm": 0.5488418340682983,
  "wm2max": 0.5361061596966935
}