{
  "bids_meta": {
    "AcquisitionMatrixPE": 256,
    "AcquisitionNumber": 1,
    "AcquisitionTime": "09:04:9.450000",
    "BaseResolution": 256,
    "BodyPartExamined": "HEAD",
    "CoilString": "HE1-4;NE1_2",
    "ConsistencyInfo": "N4_VE11C_LATEST_20160120",
    "ConversionSoftware": "dcm2niix",
    "ConversionSoftwareVersion": "v1.0.20190720  (JP2:OpenJPEG) GCC7.3.0",
    "DeviceSerialNumber": "45250",
    "DwellTime": 7.2e-06,
    "EchoTime": 0.00188,
    "FlipAngle": 8,
    "ImageOrientationPatientDICOM": [
      0.00806164,
      0.999968,
      -3.06246e-08,
      0.0730708,
      -0.00058912,
      -0.997327
    ],
    "ImageType": [
      "ORIGINAL",
      "PRIMARY",
      "M",
      "NORM",
      "DIS3D",
      "DIS2D"
    ],
    "ImagingFrequency": 123.239,
    "InPlanePhaseEncodingDirectionDICOM": "ROW",
    "InstitutionAddress": "Kopernikusstr._26_Graz_Graz_AT_8010",
    "InstitutionName": "KFU",
    "InstitutionalDepartmentName": "Department",
    "InversionTime": 1,
    "MRAcquisitionType": "3D",
    "MagneticFieldStrength": 3,
    "Manufacturer": "Siemens",
    "ManufacturersModelName": "Skyra",
    "Modality": "MR",
    "ParallelReductionFactorInPlane": 2,
    "PartialFourier": 1,
    "PatientPosition": "HFS",
    "PercentPhaseFOV": 100,
    "PhaseEncodingSteps": 294,
    "PhaseOversampling": 0.15,
    "PhaseResolution": 1,
    "PixelBandwidth": 270,
    "ProcedureStepDescription": "DIPS_2019",
    "ProtocolName": "anat-T1w",
    "PulseSequenceDetails": "%SiemensSeq%_tfl",
    "ReceiveCoilActiveElements": "HE1-4;NE1,2",
    "ReceiveCoilName": "HeadNeck_20",
    "ReconMatrixPE": 256,
    "RefLinesPE": 24,
    "RepetitionTime": 1.68,
    "SAR": 0.0786968,
    "ScanOptions": "IR_WE",
    "ScanningSequence": "GR_IR",
    "SequenceName": "_tfl3d1_16ns",
    "SequenceVariant": "SK_SP_MP_OSP",
    "SeriesDescription": "anat-T1w",
    "SeriesNumber": 5,
    "ShimSetting": [
      -1116,
      -3123,
      -4479,
      -12,
      742,
      -564,
      55,
      -968
    ],
    "SliceThickness": 0.88,
    "SoftwareVersions": "syngo_MR_E11",
    "StationName": "FBMTMR1",
    "TxRefAmp": 346.94,
    "dataset": "unknown",
    "modality": "T1w",
    "session_id": "1",
    "subject_id": "101DPMB041003"
  },
  "cjv": 0.7117876357360196,
  "cnr": 1.9721673681374081,
  "efc": 0.6510575321750267,
  "fber": 661.15380859375,
  "fwhm_avg": 3.958249897704922,
  "fwhm_x": 3.8827611216861935,
  "fwhm_y": 3.977554285714286,
  "fwhm_z": 4.014434285714286,
  "icvs_csf": 0.16932820367510043,
  "icvs_gm": 0.4651623625311862,
  "icvs_wm": 0.3655094337937133,
  "inu_med": 1.1888445615768433,
  "inu_range": 0.5820853352546691,
  "provenance": {
    "md5sum": "abdbf0f9bc4a88e7f15ad3ed5649a166",
    "settings": {
      "testing": false
    },
    "software": "mriqc",
    "version": "0.15.0",
    "warnings": {
      "large_rot_frame": true,
      "small_air_mask": false
    },
    "webapi_port": null,
    "webapi_url": "https://mriqc.nimh.nih.gov/api/v1"
  },
  "qi_1": 0.0,
  "qi_2": 0.001071676570380252,
  "rpve_csf": 22.89135213893538,
  "rpve_gm": 9.50353319650819,
  "rpve_wm": 13.353781602666466,
  "size_x": 192,
  "size_y": 256,
  "size_z": 256,
  "snr_csf": 2.2229908614222547,
  "snr_gm": 10.519349343544558,
  "snr_total": 9.714529866493494,
  "snr_wm": 16.40124939451367,
  "snrd_csf": 21.6643495547499,
  "snrd_gm": 44.23911741746154,
  "snrd_total": 40.27874564318941,
  "snrd_wm": 54.93276995735679,
  "spacing_x": 0.8800000548362732,
  "spacing_y": 0.875,
  "spacing_z": 0.875,
  "summary_bg_k": 1.2352827556528583,
  "summary_bg_mad": 11.926576614379883,
  "summary_bg_mean": 27.781633377075195,
  "summary_bg_median": 26.298583984375,
  "summary_bg_n": 2295577.0,
  "summary_bg_p05": 9.762961387634277,
  "summary_bg_p95": 51.00526046752926,
  "summary_bg_stdv": 12.839921951293945,
  "summary_csf_k": 16.22655286412714,
  "summary_csf_mad": 114.26031494140625,
  "summary_csf_mean": 436.8237609863281,
  "summary_csf_median": 394.39349365234375,
  "summary_csf_n": 26220.0,
  "summary_csf_p05": 260.85616607666014,
  "summary_csf_p95": 720.9453155517577,
  "summary_csf_stdv": 177.41232299804688,
  "summary_gm_k": -0.045563661980260406,
  "summary_gm_mad": 78.14740753173828,
  "summary_gm_mean": 807.9874877929688,
  "summary_gm_median": 805.3609008789062,
  "summary_gm_n": 56200.0,
  "summary_gm_p05": 687.7316589355469,
  "summary_gm_p95": 936.1603393554686,
  "summary_gm_stdv": 76.55927276611328,
  "summary_wm_k": 0.146182330688021,
  "summary_wm_mad": 60.41984176635742,
  "summary_wm_mean": 1001.4554443359375,
  "summary_wm_median": 1000.035888671875,
  "summary_wm_n": 304810.0,
  "summary_wm_p05": 903.3950653076172,
  "summary_wm_p95": 1102.9607727050782,
  "summary_wm_stdv": 60.973052978515625,
  "tpm_overlap_csf": 0.22752626240253448,
  "tpm_overlap_gm": 0.5265738368034363,
  "tpm_overlap_wm": 0.5389831066131592,
  "wm2max": 0.5251336709434314
}