{
    "AcquisitionMatrixPE": 80,
    "AcquisitionNumber": 1,
    "AcquisitionTime": "14:39:50.575000",
    "BandwidthPerPixelPhaseEncode": 24.038,
    "BaseResolution": 80,
    "BodyPartExamined": "HEAD",
    "ConsistencyInfo": "N4_VE11C_LATEST_20160120",
    "ConversionSoftware": "dcm2niix",
    "ConversionSoftwareVersion": "v1.0.20190720  (JP2:OpenJPEG) GCC7.3.0",
    "DerivedVendorReportedEchoSpacing": 0.00052001,
    "DeviceSerialNumber": "45250",
    "DwellTime": 2.5e-06,
    "EchoTime": 0.0384,
    "EchoTrainLength": 80,
    "EffectiveEchoSpacing": 0.00052001,
    "FlipAngle": 60,
    "ImageComments": "Unaliased_MB4_PE3",
    "ImageOrientationPatientDICOM": [
        0.997593,
        -0.0626557,
        -0.0297013,
        0.0540277,
        0.970873,
        -0.233424
    ],
    "ImageType": [
        "ORIGINAL",
        "PRIMARY",
        "M",
        "MB",
        "ND",
        "NORM",
        "MOSAIC"
    ],
    "ImagingFrequency": 123.239,
    "InPlanePhaseEncodingDirectionDICOM": "COL",
    "InstitutionAddress": "deleted_by_bidsonym",
    "InstitutionName": "deleted_by_bidsonym",
    "InstitutionalDepartmentName": "deleted_by_bidsonym",
    "MRAcquisitionType": "2D",
    "MagneticFieldStrength": 3,
    "Manufacturer": "Siemens",
    "ManufacturersModelName": "Skyra",
    "Modality": "MR",
    "MultibandAccelerationFactor": 4,
    "PartialFourier": 1,
    "PatientPosition": "HFS",
    "PercentPhaseFOV": 100,
    "PhaseEncodingDirection": "j",
    "PhaseEncodingSteps": 80,
    "PhaseResolution": 1,
    "PixelBandwidth": 2500,
    "ProcedureStepDescription": "deleted_by_bidsonym",
    "ProtocolName": "fmap_acq-CMRR_run-01_dir-PA",
    "PulseSequenceDetails": "%CustomerSeq%_cmrr_mbep2d_bold",
    "ReceiveCoilActiveElements": "HE1-4",
    "ReceiveCoilName": "HeadNeck_20",
    "ReconMatrixPE": 80,
    "RepetitionTime": 1,
    "SAR": 0.0821403,
    "ScanOptions": "FS",
    "ScanningSequence": "EP",
    "SequenceName": "epfid2d1_80",
    "SequenceVariant": "SK_SS",
    "SeriesDescription": "fmap_acq-CMRR_run-01_dir-PA",
    "SeriesNumber": 10,
    "ShimSetting": [
        -1126,
        -2959,
        -4177,
        554,
        1008,
        659,
        37,
        -892
    ],
    "SliceThickness": 3,
    "SliceTiming": [
        0,
        0.41,
        0.8175,
        0.245,
        0.655,
        0.0825,
        0.49,
        0.8975,
        0.3275,
        0.735,
        0.165,
        0.5725,
        0,
        0.41,
        0.8175,
        0.245,
        0.655,
        0.0825,
        0.49,
        0.8975,
        0.3275,
        0.735,
        0.165,
        0.5725,
        0,
        0.41,
        0.8175,
        0.245,
        0.655,
        0.0825,
        0.49,
        0.8975,
        0.3275,
        0.735,
        0.165,
        0.5725,
        0,
        0.41,
        0.8175,
        0.245,
        0.655,
        0.0825,
        0.49,
        0.8975,
        0.3275,
        0.735,
        0.165,
        0.5725
    ],
    "SoftwareVersions": "syngo_MR_E11",
    "SpacingBetweenSlices": 3,
    "StationName": "deleted_by_bidsonym",
    "TotalReadoutTime": 0.0410808,
    "TxRefAmp": 364.143,
    "WipMemBlock": "37ffc334-2e88-49e1-b8b9-d4263402bcf9||Sequence: R016 ve11c/master r/34fb20f; Nov 20 2017 15:15:15 by eja",
    "IntendedFor": "ses-1/func/sub-101DPMB042022_ses-1_task-EyeMag_acq-CMRR_run-01_bold.nii.gz"
}