{
  "aor": 0.0005978180737217598,
  "aqi": 0.014750526736028537,
  "bids_meta": {
    "AcquisitionMatrixPE": 80,
    "AcquisitionNumber": 1,
    "AcquisitionTime": "13:11:15.897500",
    "BandwidthPerPixelPhaseEncode": 24.038,
    "BaseResolution": 80,
    "BodyPartExamined": "HEAD",
    "CogAtlasID": "TODO",
    "CoilString": "HE1-4;NE1_2",
    "ConsistencyInfo": "N4_VE11C_LATEST_20160120",
    "ConversionSoftware": "dcm2niix",
    "ConversionSoftwareVersion": "v1.0.20190720  (JP2:OpenJPEG) GCC7.3.0",
    "DerivedVendorReportedEchoSpacing": 0.00052001,
    "DeviceSerialNumber": "45250",
    "DwellTime": 2.5e-06,
    "EchoTime": 0.0384,
    "EchoTrainLength": 80,
    "EffectiveEchoSpacing": 0.00052001,
    "FlipAngle": 60,
    "ImageComments": "Unaliased_MB4_PE3",
    "ImageOrientationPatientDICOM": [
      0.996933,
      -0.0624461,
      -0.0471785,
      0.0487582,
      0.967086,
      -0.249735
    ],
    "ImageType": [
      "ORIGINAL",
      "PRIMARY",
      "M",
      "MB",
      "ND",
      "NORM",
      "MOSAIC"
    ],
    "ImagingFrequency": 123.239,
    "InPlanePhaseEncodingDirectionDICOM": "COL",
    "InstitutionAddress": "Kopernikusstr._26_Graz_Graz_AT_8010",
    "InstitutionName": "KFU",
    "InstitutionalDepartmentName": "Department",
    "MRAcquisitionType": "2D",
    "MagneticFieldStrength": 3,
    "Manufacturer": "Siemens",
    "ManufacturersModelName": "Skyra",
    "Modality": "MR",
    "MultibandAccelerationFactor": 4,
    "PartialFourier": 1,
    "PatientPosition": "HFS",
    "PercentPhaseFOV": 100,
    "PhaseEncodingDirection": "j-",
    "PhaseEncodingSteps": 80,
    "PhaseResolution": 1,
    "PixelBandwidth": 2500,
    "ProcedureStepDescription": "DIPS_2019",
    "ProtocolName": "func_task-EyeMag_acq-CMRR_run-01",
    "PulseSequenceDetails": "%CustomerSeq%_cmrr_mbep2d_bold",
    "ReceiveCoilActiveElements": "HE1-4;NE1,2",
    "ReceiveCoilName": "HeadNeck_20",
    "ReconMatrixPE": 80,
    "RepetitionTime": 1,
    "SAR": 0.0984192,
    "ScanOptions": "FS",
    "ScanningSequence": "EP",
    "SequenceName": "epfid2d1_80",
    "SequenceVariant": "SK_SS",
    "SeriesDescription": "func_task-EyeMag_acq-CMRR_run-01",
    "SeriesNumber": 9,
    "ShimSetting": [
      -1174,
      -2869,
      -4270,
      389,
      844,
      627,
      -61,
      -980
    ],
    "SliceThickness": 3,
    "SliceTiming": [
      0,
      0.4075,
      0.815,
      0.245,
      0.6525,
      0.08,
      0.49,
      0.8975,
      0.325,
      0.735,
      0.1625,
      0.57,
      0,
      0.4075,
      0.815,
      0.245,
      0.6525,
      0.08,
      0.49,
      0.8975,
      0.325,
      0.735,
      0.1625,
      0.57,
      0,
      0.4075,
      0.815,
      0.245,
      0.6525,
      0.08,
      0.49,
      0.8975,
      0.325,
      0.735,
      0.1625,
      0.57,
      0,
      0.4075,
      0.815,
      0.245,
      0.6525,
      0.08,
      0.49,
      0.8975,
      0.325,
      0.735,
      0.1625,
      0.57
    ],
    "SoftwareVersions": "syngo_MR_E11",
    "SpacingBetweenSlices": 3,
    "StationName": "FBMTMR1",
    "TaskName": "EyeMag",
    "TotalReadoutTime": 0.0410808,
    "TxRefAmp": 361.856,
    "WipMemBlock": "e94fc2f1-6331-477d-98fe-2c7320c2daab||Sequence: R016 ve11c/master r/34fb20f; Nov 20 2017 15:15:15 by eja",
    "acq_id": "CMRR",
    "dataset": "unknown",
    "modality": "bold",
    "run_id": 1,
    "session_id": "1",
    "subject_id": "101DPMB041020",
    "task_id": "EyeMag"
  },
  "dummy_trs": 1,
  "dvars_nstd": 29.79586950961933,
  "dvars_std": 1.215101291499106,
  "dvars_vstd": 0.9833422823140993,
  "efc": 0.41105014921864813,
  "fber": 8561.259765625,
  "fd_mean": 0.16049493851821092,
  "fd_num": 444,
  "fd_perc": 26.397146254458978,
  "fwhm_avg": 2.2995400000000004,
  "fwhm_x": 2.1644466666666666,
  "fwhm_y": 2.5729633333333335,
  "fwhm_z": 2.16121,
  "gcor": 0.0107987,
  "gsr_x": -0.008394289761781693,
  "gsr_y": 0.014306862838566303,
  "provenance": {
    "md5sum": "bde380932e7bd9e3d670efe6924b820e",
    "settings": {
      "fd_thres": 0.2,
      "hmc_fsl": false
    },
    "software": "mriqc",
    "version": "0.15.0",
    "webapi_port": null,
    "webapi_url": "https://mriqc.nimh.nih.gov/api/v1"
  },
  "size_t": 1682,
  "size_x": 80,
  "size_y": 80,
  "size_z": 48,
  "snr": 4.7542950737668725,
  "spacing_tr": 1.0,
  "spacing_x": 3.0,
  "spacing_y": 3.0,
  "spacing_z": 3.0,
  "summary_bg_k": 81.38095004855965,
  "summary_bg_mad": 46.934715270996094,
  "summary_bg_mean": 191.1149139404297,
  "summary_bg_median": 87.30852508544922,
  "summary_bg_n": 212878.0,
  "summary_bg_p05": 43.48831481933594,
  "summary_bg_p95": 618.7295989990233,
  "summary_bg_stdv": 411.8756103515625,
  "summary_fg_k": 3.2144652548428807,
  "summary_fg_mad": 1279.168701171875,
  "summary_fg_mean": 8326.9912109375,
  "summary_fg_median": 8267.544921875,
  "summary_fg_n": 46306.0,
  "summary_fg_p05": 5733.7603759765625,
  "summary_fg_p95": 11054.4755859375,
  "summary_fg_stdv": 1738.944580078125,
  "tsnr": 44.17558288574219
}