{
  "aor": 0.0007906451612903225,
  "aqi": 0.02661709557945042,
  "bids_meta": {
    "AcquisitionMatrixPE": 80,
    "AcquisitionNumber": 1,
    "AcquisitionTime": "14:11:34.277500",
    "BandwidthPerPixelPhaseEncode": 24.038,
    "BaseResolution": 80,
    "BodyPartExamined": "HEAD",
    "CogAtlasID": "TODO",
    "ConsistencyInfo": "N4_VE11C_LATEST_20160120",
    "ConversionSoftware": "dcm2niix",
    "ConversionSoftwareVersion": "v1.0.20190720  (JP2:OpenJPEG) GCC7.3.0",
    "DerivedVendorReportedEchoSpacing": 0.00052001,
    "DeviceSerialNumber": "45250",
    "DwellTime": 2.5e-06,
    "EchoTime": 0.0384,
    "EchoTrainLength": 80,
    "EffectiveEchoSpacing": 0.00052001,
    "FlipAngle": 60,
    "ImageComments": "Unaliased_MB4_PE3",
    "ImageOrientationPatientDICOM": [
      0.997593,
      -0.0626557,
      -0.0297013,
      0.0540277,
      0.970873,
      -0.233424
    ],
    "ImageType": [
      "ORIGINAL",
      "PRIMARY",
      "M",
      "MB",
      "ND",
      "NORM",
      "MOSAIC"
    ],
    "ImagingFrequency": 123.239,
    "InPlanePhaseEncodingDirectionDICOM": "COL",
    "InstitutionAddress": "Kopernikusstr._26_Graz_Graz_AT_8010",
    "InstitutionName": "KFU",
    "InstitutionalDepartmentName": "Department",
    "MRAcquisitionType": "2D",
    "MagneticFieldStrength": 3,
    "Manufacturer": "Siemens",
    "ManufacturersModelName": "Skyra",
    "Modality": "MR",
    "MultibandAccelerationFactor": 4,
    "PartialFourier": 1,
    "PatientPosition": "HFS",
    "PercentPhaseFOV": 100,
    "PhaseEncodingDirection": "j-",
    "PhaseEncodingSteps": 80,
    "PhaseResolution": 1,
    "PixelBandwidth": 2500,
    "ProcedureStepDescription": "DIPS_2019",
    "ProtocolName": "func_task-EyeMag_acq-CMRR_run-01",
    "PulseSequenceDetails": "%CustomerSeq%_cmrr_mbep2d_bold",
    "ReceiveCoilActiveElements": "HE1-4",
    "ReceiveCoilName": "HeadNeck_20",
    "ReconMatrixPE": 80,
    "RepetitionTime": 1,
    "SAR": 0.0943354,
    "ScanOptions": "FS",
    "ScanningSequence": "EP",
    "SequenceName": "epfid2d1_80",
    "SequenceVariant": "SK_SS",
    "SeriesDescription": "func_task-EyeMag_acq-CMRR_run-01",
    "SeriesNumber": 9,
    "ShimSetting": [
      -1126,
      -2959,
      -4177,
      554,
      1008,
      659,
      37,
      -892
    ],
    "SliceThickness": 3,
    "SliceTiming": [
      0,
      0.4075,
      0.8175,
      0.245,
      0.6525,
      0.0825,
      0.49,
      0.8975,
      0.3275,
      0.735,
      0.1625,
      0.5725,
      0,
      0.4075,
      0.8175,
      0.245,
      0.6525,
      0.0825,
      0.49,
      0.8975,
      0.3275,
      0.735,
      0.1625,
      0.5725,
      0,
      0.4075,
      0.8175,
      0.245,
      0.6525,
      0.0825,
      0.49,
      0.8975,
      0.3275,
      0.735,
      0.1625,
      0.5725,
      0,
      0.4075,
      0.8175,
      0.245,
      0.6525,
      0.0825,
      0.49,
      0.8975,
      0.3275,
      0.735,
      0.1625,
      0.5725
    ],
    "SoftwareVersions": "syngo_MR_E11",
    "SpacingBetweenSlices": 3,
    "StationName": "FBMTMR1",
    "TaskName": "EyeMag",
    "TotalReadoutTime": 0.0410808,
    "TxRefAmp": 364.143,
    "WipMemBlock": "ee2c7f44-fd3f-44f8-9f81-05eec27ad9e0||Sequence: R016 ve11c/master r/34fb20f; Nov 20 2017 15:15:15 by eja",
    "acq_id": "CMRR",
    "dataset": "unknown",
    "modality": "bold",
    "run_id": 1,
    "session_id": "1",
    "subject_id": "101DPMB042022",
    "task_id": "EyeMag"
  },
  "dummy_trs": 0,
  "dvars_nstd": 30.66014289049011,
  "dvars_std": 1.1208122264913316,
  "dvars_vstd": 0.923162332038254,
  "efc": 0.41663390783385484,
  "fber": 10033.76953125,
  "fd_mean": 0.20123012506127594,
  "fd_num": 464,
  "fd_perc": 27.71804062126643,
  "fwhm_avg": 2.5962688888888885,
  "fwhm_x": 2.42968,
  "fwhm_y": 2.89152,
  "fwhm_z": 2.4676066666666667,
  "gcor": 0.0101091,
  "gsr_x": -0.0010589802404865623,
  "gsr_y": 0.008991645649075508,
  "provenance": {
    "md5sum": "b0b3dc12cc8391a43e99ce2468e13b43",
    "settings": {
      "fd_thres": 0.2,
      "hmc_fsl": false
    },
    "software": "mriqc",
    "version": "0.15.0",
    "webapi_port": null,
    "webapi_url": "https://mriqc.nimh.nih.gov/api/v1"
  },
  "size_t": 1674,
  "size_x": 80,
  "size_y": 80,
  "size_z": 48,
  "snr": 4.50186325276627,
  "spacing_tr": 1.0,
  "spacing_x": 3.0,
  "spacing_y": 3.0,
  "spacing_z": 3.0,
  "summary_bg_k": 65.81389178682048,
  "summary_bg_mad": 56.74319839477539,
  "summary_bg_mean": 232.32440185546875,
  "summary_bg_median": 91.07926177978516,
  "summary_bg_n": 212056.0,
  "summary_bg_p05": 41.882490158081055,
  "summary_bg_p95": 851.84375,
  "summary_bg_stdv": 526.8762817382812,
  "summary_fg_k": 3.510956016922427,
  "summary_fg_mad": 1452.8416748046875,
  "summary_fg_mean": 9077.208984375,
  "summary_fg_median": 9266.8583984375,
  "summary_fg_n": 47173.0,
  "summary_fg_p05": 4998.85654296875,
  "summary_fg_p95": 11768.93046875,
  "summary_fg_stdv": 2058.427734375,
  "tsnr": 31.295366287231445
}