{
  "bids_meta": {
    "AcquisitionMatrixPE": 256,
    "AcquisitionNumber": 1,
    "AcquisitionTime": "13:14:35.840000",
    "BaseResolution": 256,
    "BodyPartExamined": "HEAD",
    "CoilString": "HE1-4;NE1_2",
    "ConsistencyInfo": "N4_VE11C_LATEST_20160120",
    "ConversionSoftware": "dcm2niix",
    "ConversionSoftwareVersion": "v1.0.20190720  (JP2:OpenJPEG) GCC7.3.0",
    "DeviceSerialNumber": "45250",
    "DwellTime": 7.2e-06,
    "EchoTime": 0.00188,
    "FlipAngle": 8,
    "ImageOrientationPatientDICOM": [
      0.0605661,
      0.997907,
      0.0226651,
      -0.0428448,
      0.0252849,
      -0.998762
    ],
    "ImageType": [
      "ORIGINAL",
      "PRIMARY",
      "M",
      "NORM",
      "DIS3D",
      "DIS2D"
    ],
    "ImagingFrequency": 123.239,
    "InPlanePhaseEncodingDirectionDICOM": "ROW",
    "InstitutionAddress": "Kopernikusstr._26_Graz_Graz_AT_8010",
    "InstitutionName": "KFU",
    "InstitutionalDepartmentName": "Department",
    "InversionTime": 1,
    "MRAcquisitionType": "3D",
    "MagneticFieldStrength": 3,
    "Manufacturer": "Siemens",
    "ManufacturersModelName": "Skyra",
    "Modality": "MR",
    "ParallelReductionFactorInPlane": 2,
    "PartialFourier": 1,
    "PatientPosition": "HFS",
    "PercentPhaseFOV": 100,
    "PhaseEncodingSteps": 294,
    "PhaseOversampling": 0.15,
    "PhaseResolution": 1,
    "PixelBandwidth": 270,
    "ProcedureStepDescription": "DIPS_2019",
    "ProtocolName": "anat-T1w",
    "PulseSequenceDetails": "%SiemensSeq%_tfl",
    "ReceiveCoilActiveElements": "HE1-4;NE1,2",
    "ReceiveCoilName": "HeadNeck_20",
    "ReconMatrixPE": 256,
    "RefLinesPE": 24,
    "RepetitionTime": 1.68,
    "SAR": 0.0821921,
    "ScanOptions": "IR_WE",
    "ScanningSequence": "GR_IR",
    "SequenceName": "_tfl3d1_16ns",
    "SequenceVariant": "SK_SP_MP_OSP",
    "SeriesDescription": "anat-T1w",
    "SeriesNumber": 5,
    "ShimSetting": [
      -1104,
      -3104,
      -4466,
      44,
      1111,
      -498,
      17,
      -890
    ],
    "SliceThickness": 0.88,
    "SoftwareVersions": "syngo_MR_E11",
    "StationName": "FBMTMR1",
    "TxRefAmp": 363.877,
    "dataset": "unknown",
    "modality": "T1w",
    "session_id": "1",
    "subject_id": "101DPMB042034"
  },
  "cjv": 0.7331726899485493,
  "cnr": 1.9006196388535066,
  "efc": 0.6899538518811746,
  "fber": 789.1023559570312,
  "fwhm_avg": 4.287048419222121,
  "fwhm_x": 4.201533829094935,
  "fwhm_y": 4.327165714285714,
  "fwhm_z": 4.332445714285714,
  "icvs_csf": 0.16685399336471687,
  "icvs_gm": 0.45172912863387354,
  "icvs_wm": 0.38141687800140955,
  "inu_med": 1.2294349670410156,
  "inu_range": 0.6422038376331329,
  "provenance": {
    "md5sum": "d4c3148aa209f38ecdef26419d52767f",
    "settings": {
      "testing": false
    },
    "software": "mriqc",
    "version": "0.15.0",
    "warnings": {
      "large_rot_frame": true,
      "small_air_mask": false
    },
    "webapi_port": null,
    "webapi_url": "https://mriqc.nimh.nih.gov/api/v1"
  },
  "qi_1": 0.0,
  "qi_2": 0.0009993349667077225,
  "rpve_csf": 20.71368499812944,
  "rpve_gm": 8.723830528395132,
  "rpve_wm": 11.658868882560144,
  "size_x": 192,
  "size_y": 256,
  "size_z": 256,
  "snr_csf": 2.7075554615223827,
  "snr_gm": 10.281537177723509,
  "snr_total": 9.62239824157624,
  "snr_wm": 15.878102085482828,
  "snrd_csf": 25.446328010029777,
  "snrd_gm": 48.7662585820136,
  "snrd_total": 44.870484228548726,
  "snrd_wm": 60.3988660936028,
  "spacing_x": 0.8800000548362732,
  "spacing_y": 0.875,
  "spacing_z": 0.875,
  "summary_bg_k": 1.2350327655864861,
  "summary_bg_mad": 10.847326278686523,
  "summary_bg_mean": 25.088939666748047,
  "summary_bg_median": 23.672191619873047,
  "summary_bg_n": 1954019.0,
  "summary_bg_p05": 8.889875221252442,
  "summary_bg_p95": 46.20100555419919,
  "summary_bg_stdv": 11.630456924438477,
  "summary_csf_k": 13.026626518354668,
  "summary_csf_mad": 123.70543670654297,
  "summary_csf_mean": 453.3041687011719,
  "summary_csf_median": 421.32391357421875,
  "summary_csf_n": 24609.0,
  "summary_csf_p05": 275.1868835449219,
  "summary_csf_p95": 706.9359008789062,
  "summary_csf_stdv": 155.60728454589844,
  "summary_gm_k": 0.19318279050509357,
  "summary_gm_mad": 77.39674377441406,
  "summary_gm_mean": 812.0958251953125,
  "summary_gm_median": 807.4403076171875,
  "summary_gm_n": 62905.0,
  "summary_gm_p05": 691.8268432617188,
  "summary_gm_p95": 950.679443359375,
  "summary_gm_stdv": 78.53240966796875,
  "summary_wm_k": 0.051998526539305256,
  "summary_wm_mad": 63.81614685058594,
  "summary_wm_mean": 1002.7872314453125,
  "summary_wm_median": 1000.0455322265625,
  "summary_wm_n": 367311.0,
  "summary_wm_p05": 905.0316162109375,
  "summary_wm_p95": 1109.7847290039062,
  "summary_wm_stdv": 62.982601165771484,
  "tpm_overlap_csf": 0.21355260908603668,
  "tpm_overlap_gm": 0.5173706412315369,
  "tpm_overlap_wm": 0.5379649996757507,
  "wm2max": 0.5151532238874211
}