{
  "aor": 0.0009749180327868853,
  "aqi": 0.014207065543412266,
  "bids_meta": {
    "AcquisitionMatrixPE": 80,
    "AcquisitionNumber": 1,
    "AcquisitionTime": "13:45:52.097500",
    "BandwidthPerPixelPhaseEncode": 24.038,
    "BaseResolution": 80,
    "BodyPartExamined": "HEAD",
    "CogAtlasID": "TODO",
    "CoilString": "HE1-4;NE1_2",
    "ConsistencyInfo": "N4_VE11C_LATEST_20160120",
    "ConversionSoftware": "dcm2niix",
    "ConversionSoftwareVersion": "v1.0.20190410  (JP2:OpenJPEG) GCC7.3.0",
    "DerivedVendorReportedEchoSpacing": 0.00052001,
    "DeviceSerialNumber": "45250",
    "DwellTime": 2.5e-06,
    "EchoTime": 0.0384,
    "EchoTrainLength": 80,
    "EffectiveEchoSpacing": 0.00052001,
    "FlipAngle": 60,
    "ImageComments": "Unaliased_MB4_PE3",
    "ImageOrientationPatientDICOM": [
      0.996218,
      -0.0781237,
      -0.0380206,
      0.0556973,
      0.910091,
      -0.410648
    ],
    "ImageType": [
      "ORIGINAL",
      "PRIMARY",
      "M",
      "MB",
      "ND",
      "NORM",
      "MOSAIC"
    ],
    "ImagingFrequency": 123.239,
    "InPlanePhaseEncodingDirectionDICOM": "COL",
    "InstitutionAddress": "Kopernikusstr._26_Graz_Graz_AT_8010",
    "InstitutionName": "KFU",
    "InstitutionalDepartmentName": "Department",
    "MRAcquisitionType": "2D",
    "MagneticFieldStrength": 3,
    "Manufacturer": "Siemens",
    "ManufacturersModelName": "Skyra",
    "Modality": "MR",
    "MultibandAccelerationFactor": 4,
    "PartialFourier": 1,
    "PatientPosition": "HFS",
    "PercentPhaseFOV": 100,
    "PhaseEncodingDirection": "j-",
    "PhaseEncodingSteps": 80,
    "PhaseResolution": 1,
    "PixelBandwidth": 2500,
    "ProcedureStepDescription": "DIPS_2019",
    "ProtocolName": "func_task-EyeMag_acq-CMRR_run-01",
    "PulseSequenceDetails": "%CustomerSeq%_cmrr_mbep2d_bold",
    "ReceiveCoilActiveElements": "HE1-4;NE1,2",
    "ReceiveCoilName": "HeadNeck_20",
    "ReconMatrixPE": 80,
    "RepetitionTime": 1,
    "SAR": 0.100741,
    "ScanOptions": "FS",
    "ScanningSequence": "EP",
    "SequenceName": "epfid2d1_80",
    "SequenceVariant": "SK_SS",
    "SeriesDescription": "func_task-EyeMag_acq-CMRR_run-01",
    "SeriesNumber": 9,
    "ShimSetting": [
      -1157,
      -2975,
      -4326,
      380,
      876,
      403,
      75,
      -987
    ],
    "SliceThickness": 3,
    "SliceTiming": [
      0,
      0.41,
      0.8175,
      0.245,
      0.655,
      0.0825,
      0.49,
      0.9,
      0.3275,
      0.735,
      0.165,
      0.5725,
      0,
      0.41,
      0.8175,
      0.245,
      0.655,
      0.0825,
      0.49,
      0.9,
      0.3275,
      0.735,
      0.165,
      0.5725,
      0,
      0.41,
      0.8175,
      0.245,
      0.655,
      0.0825,
      0.49,
      0.9,
      0.3275,
      0.735,
      0.165,
      0.5725,
      0,
      0.41,
      0.8175,
      0.245,
      0.655,
      0.0825,
      0.49,
      0.9,
      0.3275,
      0.735,
      0.165,
      0.5725
    ],
    "SoftwareVersions": "syngo_MR_E11",
    "SpacingBetweenSlices": 3,
    "StationName": "FBMTMR1",
    "TaskName": "EyeMag",
    "TotalReadoutTime": 0.0410808,
    "TxRefAmp": 351.083,
    "WipMemBlock": "774cc4cf-d8e1-4b9b-9134-361416ab079a||Sequence: R016 ve11c/master r/34fb20f; Nov 20 2017 15:15:15 by eja",
    "acq_id": "CMRR",
    "dataset": "unknown",
    "modality": "bold",
    "run_id": 1,
    "session_id": "1",
    "subject_id": "101DPMB042006",
    "task_id": "EyeMag"
  },
  "dummy_trs": 1,
  "dvars_nstd": 28.71409229979346,
  "dvars_std": 1.2393060398724187,
  "dvars_vstd": 1.0058669848663417,
  "efc": 0.3769229500474348,
  "fber": 8952.9599609375,
  "fd_mean": 0.14290984801374032,
  "fd_num": 285,
  "fd_perc": 17.304189435336976,
  "fwhm_avg": 2.3019522222222224,
  "fwhm_x": 2.2179033333333336,
  "fwhm_y": 2.5218166666666666,
  "fwhm_z": 2.1661366666666666,
  "gcor": 0.0190006,
  "gsr_x": -0.013929692097008228,
  "gsr_y": 0.007134472019970417,
  "provenance": {
    "md5sum": "adc0e128348467cddeee258f17f61e1a",
    "settings": {
      "fd_thres": 0.2,
      "hmc_fsl": false
    },
    "software": "mriqc",
    "version": "0.15.0",
    "webapi_port": null,
    "webapi_url": "https://mriqc.nimh.nih.gov/api/v1"
  },
  "size_t": 1647,
  "size_x": 80,
  "size_y": 80,
  "size_z": 48,
  "snr": 4.690057483328553,
  "spacing_tr": 1.0,
  "spacing_x": 3.0,
  "spacing_y": 3.0,
  "spacing_z": 3.0,
  "summary_bg_k": 73.01479298818153,
  "summary_bg_mad": 49.03299331665039,
  "summary_bg_mean": 193.14051818847656,
  "summary_bg_median": 85.417724609375,
  "summary_bg_n": 224709.0,
  "summary_bg_p05": 38.738311767578125,
  "summary_bg_p95": 645.6242553710933,
  "summary_bg_stdv": 420.3492126464844,
  "summary_fg_k": 3.3431540411556275,
  "summary_fg_mad": 1319.4739990234375,
  "summary_fg_mean": 8285.4130859375,
  "summary_fg_median": 8304.90625,
  "summary_fg_n": 37152.0,
  "summary_fg_p05": 5396.665234374999,
  "summary_fg_p95": 10884.625634765624,
  "summary_fg_stdv": 1770.723388671875,
  "tsnr": 45.80036926269531
}