{
  "aor": 0.001212291169451074,
  "aqi": 0.014532776849642003,
  "bids_meta": {
    "AcquisitionMatrixPE": 80,
    "AcquisitionNumber": 1,
    "AcquisitionTime": "09:24:37.277500",
    "BandwidthPerPixelPhaseEncode": 24.038,
    "BaseResolution": 80,
    "BodyPartExamined": "HEAD",
    "CogAtlasID": "TODO",
    "CoilString": "HE1-4;NE1_2",
    "ConsistencyInfo": "N4_VE11C_LATEST_20160120",
    "ConversionSoftware": "dcm2niix",
    "ConversionSoftwareVersion": "v1.0.20190410  (JP2:OpenJPEG) GCC7.3.0",
    "DerivedVendorReportedEchoSpacing": 0.00052001,
    "DeviceSerialNumber": "45250",
    "DwellTime": 2.5e-06,
    "EchoTime": 0.0384,
    "EchoTrainLength": 80,
    "EffectiveEchoSpacing": 0.00052001,
    "FlipAngle": 60,
    "ImageComments": "Unaliased_MB4_PE3",
    "ImageOrientationPatientDICOM": [
      0.99795,
      -0.0419611,
      -0.0483207,
      0.0243894,
      0.94743,
      -0.319032
    ],
    "ImageType": [
      "ORIGINAL",
      "PRIMARY",
      "M",
      "MB",
      "ND",
      "NORM",
      "MOSAIC"
    ],
    "ImagingFrequency": 123.239,
    "InPlanePhaseEncodingDirectionDICOM": "COL",
    "InstitutionAddress": "Kopernikusstr._26_Graz_Graz_AT_8010",
    "InstitutionName": "KFU",
    "InstitutionalDepartmentName": "Department",
    "MRAcquisitionType": "2D",
    "MagneticFieldStrength": 3,
    "Manufacturer": "Siemens",
    "ManufacturersModelName": "Skyra",
    "Modality": "MR",
    "MultibandAccelerationFactor": 4,
    "PartialFourier": 1,
    "PatientPosition": "HFS",
    "PercentPhaseFOV": 100,
    "PhaseEncodingDirection": "j-",
    "PhaseEncodingSteps": 80,
    "PhaseResolution": 1,
    "PixelBandwidth": 2500,
    "ProcedureStepDescription": "DIPS_2019",
    "ProtocolName": "func_task-EyeMag_acq-CMRR_run-01",
    "PulseSequenceDetails": "%CustomerSeq%_cmrr_mbep2d_bold",
    "ReceiveCoilActiveElements": "HE1-4;NE1,2",
    "ReceiveCoilName": "HeadNeck_20",
    "ReconMatrixPE": 80,
    "RepetitionTime": 1,
    "SAR": 0.111339,
    "ScanOptions": "FS",
    "ScanningSequence": "EP",
    "SequenceName": "epfid2d1_80",
    "SequenceVariant": "SK_SS",
    "SeriesDescription": "func_task-EyeMag_acq-CMRR_run-01",
    "SeriesNumber": 11,
    "ShimSetting": [
      -1121,
      -3050,
      -4211,
      556,
      884,
      389,
      127,
      -896
    ],
    "SliceThickness": 3,
    "SliceTiming": [
      0,
      0.4075,
      0.815,
      0.245,
      0.6525,
      0.08,
      0.49,
      0.8975,
      0.325,
      0.735,
      0.1625,
      0.57,
      0,
      0.4075,
      0.815,
      0.245,
      0.6525,
      0.08,
      0.49,
      0.8975,
      0.325,
      0.735,
      0.1625,
      0.57,
      0,
      0.4075,
      0.815,
      0.245,
      0.6525,
      0.08,
      0.49,
      0.8975,
      0.325,
      0.735,
      0.1625,
      0.57,
      0,
      0.4075,
      0.815,
      0.245,
      0.6525,
      0.08,
      0.49,
      0.8975,
      0.325,
      0.735,
      0.1625,
      0.57
    ],
    "SoftwareVersions": "syngo_MR_E11",
    "SpacingBetweenSlices": 3,
    "StationName": "FBMTMR1",
    "TaskName": "EyeMag",
    "TotalReadoutTime": 0.0410808,
    "TxRefAmp": 342.812,
    "WipMemBlock": "733118d2-fcae-4b0c-b8d6-1a392af65032||Sequence: R016 ve11c/master r/34fb20f; Nov 20 2017 15:15:15 by eja",
    "acq_id": "CMRR",
    "dataset": "unknown",
    "modality": "bold",
    "run_id": 1,
    "session_id": "1",
    "subject_id": "101DPMB041013",
    "task_id": "EyeMag"
  },
  "dummy_trs": 0,
  "dvars_nstd": 24.181414256340293,
  "dvars_std": 1.1075170197791044,
  "dvars_vstd": 0.9892444478985071,
  "efc": 0.39106840214972305,
  "fber": 8343.8828125,
  "fd_mean": 0.13360117788591627,
  "fd_num": 258,
  "fd_perc": 15.393794749403341,
  "fwhm_avg": 2.365215555555556,
  "fwhm_x": 2.2646133333333336,
  "fwhm_y": 2.60948,
  "fwhm_z": 2.221553333333333,
  "gcor": 0.0110474,
  "gsr_x": -0.009168308228254318,
  "gsr_y": 0.008108191192150116,
  "provenance": {
    "md5sum": "f7869c21b7e8084f2f9cdbbbb8691e4c",
    "settings": {
      "fd_thres": 0.2,
      "hmc_fsl": false
    },
    "software": "mriqc",
    "version": "0.15.0",
    "webapi_port": null,
    "webapi_url": "https://mriqc.nimh.nih.gov/api/v1"
  },
  "size_t": 1676,
  "size_x": 80,
  "size_y": 80,
  "size_z": 48,
  "snr": 4.78237273111529,
  "spacing_tr": 1.0,
  "spacing_x": 3.0,
  "spacing_y": 3.0,
  "spacing_z": 3.0,
  "summary_bg_k": 78.57396181667583,
  "summary_bg_mad": 42.558956146240234,
  "summary_bg_mean": 184.33253479003906,
  "summary_bg_median": 85.64203643798828,
  "summary_bg_n": 220063.0,
  "summary_bg_p05": 44.27120666503907,
  "summary_bg_p95": 624.1906494140625,
  "summary_bg_stdv": 377.7663879394531,
  "summary_fg_k": 3.5805923432973223,
  "summary_fg_mad": 1300.1220703125,
  "summary_fg_mean": 8006.1142578125,
  "summary_fg_median": 8038.005859375,
  "summary_fg_n": 40654.0,
  "summary_fg_p05": 5293.3826904296875,
  "summary_fg_p95": 10361.031103515625,
  "summary_fg_stdv": 1680.7362060546875,
  "tsnr": 44.24968719482422
}