{
  "bids_meta": {
    "AcquisitionMatrixPE": 256,
    "AcquisitionNumber": 1,
    "AcquisitionTime": "09:11:28.412500",
    "BaseResolution": 256,
    "BodyPartExamined": "HEAD",
    "CoilString": "HE1-4;NE1_2",
    "ConsistencyInfo": "N4_VE11C_LATEST_20160120",
    "ConversionSoftware": "dcm2niix",
    "ConversionSoftwareVersion": "v1.0.20190410  (JP2:OpenJPEG) GCC7.3.0",
    "DeviceSerialNumber": "45250",
    "DwellTime": 7.2e-06,
    "EchoTime": 0.00188,
    "FlipAngle": 8,
    "ImageOrientationPatientDICOM": [
      0.0329385,
      0.992232,
      0.119965,
      -0.0498453,
      0.121512,
      -0.991338
    ],
    "ImageType": [
      "ORIGINAL",
      "PRIMARY",
      "M",
      "NORM",
      "DIS3D",
      "DIS2D"
    ],
    "ImagingFrequency": 123.239,
    "InPlanePhaseEncodingDirectionDICOM": "ROW",
    "InstitutionAddress": "Kopernikusstr._26_Graz_Graz_AT_8010",
    "InstitutionName": "KFU",
    "InstitutionalDepartmentName": "Department",
    "InversionTime": 1,
    "MRAcquisitionType": "3D",
    "MagneticFieldStrength": 3,
    "Manufacturer": "Siemens",
    "ManufacturersModelName": "Skyra",
    "Modality": "MR",
    "PartialFourier": 1,
    "PatientPosition": "HFS",
    "PercentPhaseFOV": 100,
    "PhaseEncodingSteps": 294,
    "PhaseOversampling": 0.15,
    "PhaseResolution": 1,
    "PixelBandwidth": 270,
    "ProcedureStepDescription": "DIPS_2019",
    "ProtocolName": "anat-T1w",
    "PulseSequenceDetails": "%SiemensSeq%_tfl",
    "ReceiveCoilActiveElements": "HE1-4;NE1,2",
    "ReceiveCoilName": "HeadNeck_20",
    "ReconMatrixPE": 256,
    "RefLinesPE": 24,
    "RepetitionTime": 1.68,
    "SAR": 0.0966642,
    "ScanOptions": "IR_WE",
    "ScanningSequence": "GR_IR",
    "SequenceName": "_tfl3d1_16ns",
    "SequenceVariant": "SK_SP_MP_OSP",
    "SeriesDescription": "anat-T1w",
    "SeriesNumber": 5,
    "ShimSetting": [
      -1116,
      -3147,
      -4471,
      117,
      918,
      -585,
      426,
      -813
    ],
    "SliceThickness": 0.88,
    "SoftwareVersions": "syngo_MR_E11",
    "StationName": "FBMTMR1",
    "TxRefAmp": 342.812,
    "dataset": "unknown",
    "modality": "T1w",
    "session_id": "1",
    "subject_id": "101DPMB041013"
  },
  "cjv": 0.7439635816099596,
  "cnr": 1.873356673592867,
  "efc": 0.6247204025849846,
  "fber": 638.8079223632812,
  "fwhm_avg": 4.047910372436213,
  "fwhm_x": 3.9530111173086393,
  "fwhm_y": 4.121245714285714,
  "fwhm_z": 4.069474285714286,
  "icvs_csf": 0.19056902863593145,
  "icvs_gm": 0.42384447739222747,
  "icvs_wm": 0.3855864939718411,
  "inu_med": 1.075825572013855,
  "inu_range": 0.44936418533325184,
  "provenance": {
    "md5sum": "714dae3b4d3d221ca64b7f4786ae66e0",
    "settings": {
      "testing": false
    },
    "software": "mriqc",
    "version": "0.15.0",
    "warnings": {
      "large_rot_frame": true,
      "small_air_mask": false
    },
    "webapi_port": null,
    "webapi_url": "https://mriqc.nimh.nih.gov/api/v1"
  },
  "qi_1": 0.0,
  "qi_2": 0.001088356467010003,
  "rpve_csf": 23.164537627663464,
  "rpve_gm": 11.302217678443471,
  "rpve_wm": 14.47886830495163,
  "size_x": 192,
  "size_y": 256,
  "size_z": 256,
  "snr_csf": 2.800764050121139,
  "snr_gm": 9.463959279223396,
  "snr_total": 10.012357763402367,
  "snr_wm": 17.772349960862567,
  "snrd_csf": 20.286366977110816,
  "snrd_gm": 45.8765727115051,
  "snrd_total": 40.99877465986848,
  "snrd_wm": 56.83338429098954,
  "spacing_x": 0.8800000548362732,
  "spacing_y": 0.875,
  "spacing_z": 0.875,
  "summary_bg_k": 1.181766458820034,
  "summary_bg_mad": 11.527795791625977,
  "summary_bg_mean": 27.627620697021484,
  "summary_bg_median": 26.098716735839844,
  "summary_bg_n": 2258002.0,
  "summary_bg_p05": 10.479165363311767,
  "summary_bg_p95": 49.986313629150374,
  "summary_bg_stdv": 12.242185592651367,
  "summary_csf_k": 1.9368693906131869,
  "summary_csf_mad": 105.35430145263672,
  "summary_csf_mean": 393.71905517578125,
  "summary_csf_median": 356.95941162109375,
  "summary_csf_n": 27883.0,
  "summary_csf_p05": 244.0018295288086,
  "summary_csf_p95": 651.4221496582031,
  "summary_csf_stdv": 127.44844055175781,
  "summary_gm_k": -0.33668934199842226,
  "summary_gm_mad": 90.15369415283203,
  "summary_gm_mean": 808.3758544921875,
  "summary_gm_median": 807.2453002929688,
  "summary_gm_n": 39587.0,
  "summary_gm_p05": 673.7065856933593,
  "summary_gm_p95": 951.6059387207031,
  "summary_gm_stdv": 85.29570770263672,
  "summary_wm_k": 0.46219065358561995,
  "summary_wm_mad": 53.27975082397461,
  "summary_wm_mean": 1001.2097778320312,
  "summary_wm_median": 1000.0416259765625,
  "summary_wm_n": 315040.0,
  "summary_wm_p05": 910.3093780517579,
  "summary_wm_p95": 1095.1676208496092,
  "summary_wm_stdv": 56.269432067871094,
  "tpm_overlap_csf": 0.24113225936889648,
  "tpm_overlap_gm": 0.5084799528121948,
  "tpm_overlap_wm": 0.5575646758079529,
  "wm2max": 0.5617938775227386
}