{
  "bids_meta": {
    "AcquisitionMatrixPE": 256,
    "AcquisitionNumber": 1,
    "AcquisitionTime": "10:11:44.970000",
    "BaseResolution": 256,
    "BodyPartExamined": "HEAD",
    "CoilString": "HE1-4;NE1_2",
    "ConsistencyInfo": "N4_VE11C_LATEST_20160120",
    "ConversionSoftware": "dcm2niix",
    "ConversionSoftwareVersion": "v1.0.20190410  (JP2:OpenJPEG) GCC7.3.0",
    "DeviceSerialNumber": "45250",
    "DwellTime": 7.2e-06,
    "EchoTime": 0.00188,
    "FlipAngle": 8,
    "ImageOrientationPatientDICOM": [
      0.041456,
      0.998403,
      -0.038383,
      -0.0174427,
      -0.0376869,
      -0.999137
    ],
    "ImageType": [
      "ORIGINAL",
      "PRIMARY",
      "M",
      "NORM",
      "DIS3D",
      "DIS2D"
    ],
    "ImagingFrequency": 123.239,
    "InPlanePhaseEncodingDirectionDICOM": "ROW",
    "InstitutionAddress": "Kopernikusstr._26_Graz_Graz_AT_8010",
    "InstitutionName": "KFU",
    "InstitutionalDepartmentName": "Department",
    "InversionTime": 1,
    "MRAcquisitionType": "3D",
    "MagneticFieldStrength": 3,
    "Manufacturer": "Siemens",
    "ManufacturersModelName": "Skyra",
    "Modality": "MR",
    "PartialFourier": 1,
    "PatientPosition": "HFS",
    "PercentPhaseFOV": 100,
    "PhaseEncodingSteps": 294,
    "PhaseOversampling": 0.15,
    "PhaseResolution": 1,
    "PixelBandwidth": 270,
    "ProcedureStepDescription": "DIPS_2019",
    "ProtocolName": "anat-T1w",
    "PulseSequenceDetails": "%SiemensSeq%_tfl",
    "ReceiveCoilActiveElements": "HE1-4;NE1,2",
    "ReceiveCoilName": "HeadNeck_20",
    "ReconMatrixPE": 256,
    "RefLinesPE": 24,
    "RepetitionTime": 1.68,
    "SAR": 0.0815782,
    "ScanOptions": "IR_WE",
    "ScanningSequence": "GR_IR",
    "SequenceName": "_tfl3d1_16ns",
    "SequenceVariant": "SK_SP_MP_OSP",
    "SeriesDescription": "anat-T1w",
    "SeriesNumber": 5,
    "ShimSetting": [
      -1093,
      -3127,
      -4486,
      51,
      940,
      -543,
      200,
      -924
    ],
    "SliceThickness": 0.88,
    "SoftwareVersions": "syngo_MR_E11",
    "StationName": "FBMTMR1",
    "TxRefAmp": 372.47,
    "dataset": "unknown",
    "modality": "T1w",
    "session_id": "1",
    "subject_id": "101DPMB041008"
  },
  "cjv": 0.7894207769492804,
  "cnr": 1.7219433875028438,
  "efc": 0.7060639251541326,
  "fber": 671.6035766601562,
  "fwhm_avg": 4.062391367702641,
  "fwhm_x": 3.9724883888222062,
  "fwhm_y": 4.122171428571429,
  "fwhm_z": 4.0925142857142855,
  "icvs_csf": 0.21113114564991853,
  "icvs_gm": 0.4229266926700445,
  "icvs_wm": 0.3659421616800369,
  "inu_med": 1.111655831336975,
  "inu_range": 0.563515305519104,
  "provenance": {
    "md5sum": "d61b7a47923b330471613f0e3992acb8",
    "settings": {
      "testing": false
    },
    "software": "mriqc",
    "version": "0.15.0",
    "warnings": {
      "large_rot_frame": true,
      "small_air_mask": false
    },
    "webapi_port": null,
    "webapi_url": "https://mriqc.nimh.nih.gov/api/v1"
  },
  "qi_1": 0.0,
  "qi_2": 0.0010356256215933387,
  "rpve_csf": 16.593794237849337,
  "rpve_gm": 8.63265304692154,
  "rpve_wm": 11.52087405416611,
  "size_x": 192,
  "size_y": 256,
  "size_z": 256,
  "snr_csf": 2.751136012111742,
  "snr_gm": 9.354702585572003,
  "snr_total": 9.356138748577253,
  "snr_wm": 15.962577648048011,
  "snrd_csf": 22.09887444697992,
  "snrd_gm": 48.1726010767946,
  "snrd_total": 43.14516447563108,
  "snrd_wm": 59.164017903118726,
  "spacing_x": 0.8800000548362732,
  "spacing_y": 0.875,
  "spacing_z": 0.875,
  "summary_bg_k": 1.1753842230498455,
  "summary_bg_mad": 11.07370376586914,
  "summary_bg_mean": 26.524383544921875,
  "summary_bg_median": 25.19832992553711,
  "summary_bg_n": 1894456.0,
  "summary_bg_p05": 9.787310361862183,
  "summary_bg_p95": 47.84677791595459,
  "summary_bg_stdv": 11.828880310058594,
  "summary_csf_k": 13.766538013693367,
  "summary_csf_mad": 108.24946594238281,
  "summary_csf_mean": 404.6700439453125,
  "summary_csf_median": 373.5350341796875,
  "summary_csf_n": 55273.0,
  "summary_csf_p05": 251.70375671386722,
  "summary_csf_p95": 639.6049560546872,
  "summary_csf_stdv": 135.7736053466797,
  "summary_gm_k": 0.12132346911149883,
  "summary_gm_mad": 85.06710815429688,
  "summary_gm_mean": 816.891357421875,
  "summary_gm_median": 814.256591796875,
  "summary_gm_n": 40159.0,
  "summary_gm_p05": 678.7407592773437,
  "summary_gm_p95": 966.7310974121094,
  "summary_gm_stdv": 87.0414047241211,
  "summary_wm_k": 0.3513001452004003,
  "summary_wm_mad": 61.59685516357422,
  "summary_wm_mean": 1003.1166381835938,
  "summary_wm_median": 1000.0433959960938,
  "summary_wm_n": 373371.0,
  "summary_wm_p05": 906.3096008300781,
  "summary_wm_p95": 1109.827880859375,
  "summary_wm_stdv": 62.6491584777832,
  "tpm_overlap_csf": 0.21999667584896088,
  "tpm_overlap_gm": 0.48837053775787354,
  "tpm_overlap_wm": 0.5259032249450684,
  "wm2max": 0.4815657006618807
}