{
  "aor": 0.0007156125528062764,
  "aqi": 0.026505289016294512,
  "bids_meta": {
    "AcquisitionMatrixPE": 80,
    "AcquisitionNumber": 1,
    "AcquisitionTime": "09:08:29.120000",
    "BandwidthPerPixelPhaseEncode": 24.038,
    "BaseResolution": 80,
    "BodyPartExamined": "HEAD",
    "CogAtlasID": "TODO",
    "CoilString": "HE1-4;NE1_2",
    "ConsistencyInfo": "N4_VE11C_LATEST_20160120",
    "ConversionSoftware": "dcm2niix",
    "ConversionSoftwareVersion": "v1.0.20190720  (JP2:OpenJPEG) GCC7.3.0",
    "DerivedVendorReportedEchoSpacing": 0.00052001,
    "DeviceSerialNumber": "45250",
    "DwellTime": 2.5e-06,
    "EchoTime": 0.0384,
    "EchoTrainLength": 80,
    "EffectiveEchoSpacing": 0.00052001,
    "FlipAngle": 60,
    "ImageComments": "Unaliased_MB4_PE3",
    "ImageOrientationPatientDICOM": [
      0.998804,
      0.0464054,
      -0.015371,
      -0.0488496,
      0.935525,
      -0.349867
    ],
    "ImageType": [
      "ORIGINAL",
      "PRIMARY",
      "M",
      "MB",
      "ND",
      "NORM",
      "MOSAIC"
    ],
    "ImagingFrequency": 123.239,
    "InPlanePhaseEncodingDirectionDICOM": "COL",
    "InstitutionAddress": "Kopernikusstr._26_Graz_Graz_AT_8010",
    "InstitutionName": "KFU",
    "InstitutionalDepartmentName": "Department",
    "MRAcquisitionType": "2D",
    "MagneticFieldStrength": 3,
    "Manufacturer": "Siemens",
    "ManufacturersModelName": "Skyra",
    "Modality": "MR",
    "MultibandAccelerationFactor": 4,
    "PartialFourier": 1,
    "PatientPosition": "HFS",
    "PercentPhaseFOV": 100,
    "PhaseEncodingDirection": "j-",
    "PhaseEncodingSteps": 80,
    "PhaseResolution": 1,
    "PixelBandwidth": 2500,
    "ProcedureStepDescription": "DIPS_2019",
    "ProtocolName": "func_task-EyeMag_acq-CMRR_run-01",
    "PulseSequenceDetails": "%CustomerSeq%_cmrr_mbep2d_bold",
    "ReceiveCoilActiveElements": "HE1-4;NE1,2",
    "ReceiveCoilName": "HeadNeck_20",
    "ReconMatrixPE": 80,
    "RepetitionTime": 1,
    "SAR": 0.0967855,
    "ScanOptions": "FS",
    "ScanningSequence": "EP",
    "SequenceName": "epfid2d1_80",
    "SequenceVariant": "SK_SS",
    "SeriesDescription": "func_task-EyeMag_acq-CMRR_run-01",
    "SeriesNumber": 9,
    "ShimSetting": [
      -1138,
      -2985,
      -4222,
      496,
      833,
      740,
      253,
      -872
    ],
    "SliceThickness": 3,
    "SliceTiming": [
      0,
      0.41,
      0.8175,
      0.245,
      0.655,
      0.0825,
      0.49,
      0.9,
      0.3275,
      0.735,
      0.165,
      0.5725,
      0,
      0.41,
      0.8175,
      0.245,
      0.655,
      0.0825,
      0.49,
      0.9,
      0.3275,
      0.735,
      0.165,
      0.5725,
      0,
      0.41,
      0.8175,
      0.245,
      0.655,
      0.0825,
      0.49,
      0.9,
      0.3275,
      0.735,
      0.165,
      0.5725,
      0,
      0.41,
      0.8175,
      0.245,
      0.655,
      0.0825,
      0.49,
      0.9,
      0.3275,
      0.735,
      0.165,
      0.5725
    ],
    "SoftwareVersions": "syngo_MR_E11",
    "SpacingBetweenSlices": 3,
    "StationName": "FBMTMR1",
    "TaskName": "EyeMag",
    "TotalReadoutTime": 0.0410808,
    "TxRefAmp": 355.929,
    "WipMemBlock": "d2842985-51a7-4e7e-b63c-ea39bc5218a8||Sequence: R016 ve11c/master r/34fb20f; Nov 20 2017 15:15:15 by eja",
    "acq_id": "CMRR",
    "dataset": "unknown",
    "modality": "bold",
    "run_id": 1,
    "session_id": "1",
    "subject_id": "101DPMB041025",
    "task_id": "EyeMag"
  },
  "dummy_trs": 0,
  "dvars_nstd": 30.922909570803167,
  "dvars_std": 1.238607238913043,
  "dvars_vstd": 0.9698797177777798,
  "efc": 0.4110876950014325,
  "fber": 8990.025390625,
  "fd_mean": 0.19267338094443245,
  "fd_num": 603,
  "fd_perc": 36.391068195534096,
  "fwhm_avg": 2.490578888888889,
  "fwhm_x": 2.39823,
  "fwhm_y": 2.72692,
  "fwhm_z": 2.3465866666666666,
  "gcor": 0.014933,
  "gsr_x": -0.009729167446494102,
  "gsr_y": 0.010149951092898846,
  "provenance": {
    "md5sum": "87c132d895b49baf003d995304cfa5cb",
    "settings": {
      "fd_thres": 0.2,
      "hmc_fsl": false
    },
    "software": "mriqc",
    "version": "0.15.0",
    "webapi_port": null,
    "webapi_url": "https://mriqc.nimh.nih.gov/api/v1"
  },
  "size_t": 1657,
  "size_x": 80,
  "size_y": 80,
  "size_z": 48,
  "snr": 5.248134546799279,
  "spacing_tr": 1.0,
  "spacing_x": 3.0,
  "spacing_y": 3.0,
  "spacing_z": 3.0,
  "summary_bg_k": 85.51124597995208,
  "summary_bg_mad": 48.54648971557617,
  "summary_bg_mean": 183.08554077148438,
  "summary_bg_median": 86.85400390625,
  "summary_bg_n": 213145.0,
  "summary_bg_p05": 42.20322113037109,
  "summary_bg_p95": 570.6655883789062,
  "summary_bg_stdv": 380.1203308105469,
  "summary_fg_k": 4.58339610276841,
  "summary_fg_mad": 1086.12060546875,
  "summary_fg_mean": 8269.5322265625,
  "summary_fg_median": 8403.294921875,
  "summary_fg_n": 45824.0,
  "summary_fg_p05": 5405.126074218751,
  "summary_fg_p95": 10374.458154296875,
  "summary_fg_stdv": 1601.1790771484375,
  "tsnr": 35.98155212402344
}