{
  "bids_meta": {
    "AcquisitionMatrixPE": 256,
    "AcquisitionNumber": 1,
    "AcquisitionTime": "12:11:27.202500",
    "BaseResolution": 256,
    "BodyPartExamined": "HEAD",
    "CoilString": "HE1-4;NE1_2",
    "ConsistencyInfo": "N4_VE11C_LATEST_20160120",
    "ConversionSoftware": "dcm2niix",
    "ConversionSoftwareVersion": "v1.0.20190720  (JP2:OpenJPEG) GCC7.3.0",
    "DeviceSerialNumber": "45250",
    "DwellTime": 7.2e-06,
    "EchoTime": 0.00188,
    "FlipAngle": 8,
    "ImageOrientationPatientDICOM": [
      0.0500512,
      0.998015,
      0.0382147,
      -0.0928862,
      0.0427483,
      -0.994759
    ],
    "ImageType": [
      "ORIGINAL",
      "PRIMARY",
      "M",
      "NORM",
      "DIS3D",
      "DIS2D"
    ],
    "ImagingFrequency": 123.239,
    "InPlanePhaseEncodingDirectionDICOM": "ROW",
    "InstitutionAddress": "Kopernikusstr._26_Graz_Graz_AT_8010",
    "InstitutionName": "KFU",
    "InstitutionalDepartmentName": "Department",
    "InversionTime": 1,
    "MRAcquisitionType": "3D",
    "MagneticFieldStrength": 3,
    "Manufacturer": "Siemens",
    "ManufacturersModelName": "Skyra",
    "Modality": "MR",
    "ParallelReductionFactorInPlane": 2,
    "PartialFourier": 1,
    "PatientPosition": "HFS",
    "PercentPhaseFOV": 100,
    "PhaseEncodingSteps": 294,
    "PhaseOversampling": 0.15,
    "PhaseResolution": 1,
    "PixelBandwidth": 270,
    "ProcedureStepDescription": "DIPS_2019",
    "ProtocolName": "anat-T1w",
    "PulseSequenceDetails": "%SiemensSeq%_tfl",
    "ReceiveCoilActiveElements": "HE1-4;NE1,2",
    "ReceiveCoilName": "HeadNeck_20",
    "ReconMatrixPE": 256,
    "RefLinesPE": 24,
    "RepetitionTime": 1.68,
    "SAR": 0.103446,
    "ScanOptions": "IR_WE",
    "ScanningSequence": "GR_IR",
    "SequenceName": "_tfl3d1_16ns",
    "SequenceVariant": "SK_SP_MP_OSP",
    "SeriesDescription": "anat-T1w",
    "SeriesNumber": 5,
    "ShimSetting": [
      -1145,
      -3098,
      -4448,
      275,
      977,
      -393,
      71,
      -788
    ],
    "SliceThickness": 0.88,
    "SoftwareVersions": "syngo_MR_E11",
    "StationName": "FBMTMR1",
    "TxRefAmp": 354.267,
    "dataset": "unknown",
    "modality": "T1w",
    "session_id": "1",
    "subject_id": "101DPMB042033"
  },
  "cjv": 0.7112641053154534,
  "cnr": 1.9609882287017923,
  "efc": 0.6473103081372348,
  "fber": 572.87353515625,
  "fwhm_avg": 3.827665354267554,
  "fwhm_x": 3.785647491374091,
  "fwhm_y": 3.8440914285714283,
  "fwhm_z": 3.8532571428571427,
  "icvs_csf": 0.17879219849022546,
  "icvs_gm": 0.4578952619966138,
  "icvs_wm": 0.3633125395131608,
  "inu_med": 1.0600547790527344,
  "inu_range": 0.47147896885871887,
  "provenance": {
    "md5sum": "dc2145edcba6d7ba937bb2e600ecd328",
    "settings": {
      "testing": false
    },
    "software": "mriqc",
    "version": "0.15.0",
    "warnings": {
      "large_rot_frame": true,
      "small_air_mask": false
    },
    "webapi_port": null,
    "webapi_url": "https://mriqc.nimh.nih.gov/api/v1"
  },
  "qi_1": 0.0,
  "qi_2": 0.0011767578154573345,
  "rpve_csf": 24.114166872644134,
  "rpve_gm": 10.58879555797697,
  "rpve_wm": 14.689416949416032,
  "size_x": 192,
  "size_y": 256,
  "size_z": 256,
  "snr_csf": 1.6239713550315225,
  "snr_gm": 10.73152419379775,
  "snr_total": 9.561599463282734,
  "snr_wm": 16.32930284101893,
  "snrd_csf": 19.180288914935637,
  "snrd_gm": 41.22304340395621,
  "snrd_total": 37.143548379952385,
  "snrd_wm": 51.02731282096531,
  "spacing_x": 0.8800000548362732,
  "spacing_y": 0.875,
  "spacing_z": 0.875,
  "summary_bg_k": 1.05332947590989,
  "summary_bg_mad": 12.839426040649414,
  "summary_bg_mean": 30.70321273803711,
  "summary_bg_median": 29.059844970703125,
  "summary_bg_n": 2129945.0,
  "summary_bg_p05": 11.660596084594726,
  "summary_bg_p95": 55.36160888671872,
  "summary_bg_stdv": 13.52568244934082,
  "summary_csf_k": 21.308925098086444,
  "summary_csf_mad": 86.20217895507812,
  "summary_csf_mean": 430.3373718261719,
  "summary_csf_median": 375.89715576171875,
  "summary_csf_n": 32563.0,
  "summary_csf_p05": 264.1437225341797,
  "summary_csf_p95": 677.5239562988281,
  "summary_csf_stdv": 231.46429443359375,
  "summary_gm_k": -0.00951392574032317,
  "summary_gm_mad": 76.84329986572266,
  "summary_gm_mean": 807.7700805664062,
  "summary_gm_median": 807.8931884765625,
  "summary_gm_n": 54901.0,
  "summary_gm_p05": 686.072265625,
  "summary_gm_p95": 931.2806396484375,
  "summary_gm_stdv": 75.28155517578125,
  "summary_wm_k": 0.2641770838995763,
  "summary_wm_mad": 59.82255554199219,
  "summary_wm_mean": 1001.2720336914062,
  "summary_wm_median": 1000.0382080078125,
  "summary_wm_n": 291986.0,
  "summary_wm_p05": 903.1638641357422,
  "summary_wm_p95": 1103.7098083496094,
  "summary_wm_stdv": 61.24183654785156,
  "tpm_overlap_csf": 0.2303733080625534,
  "tpm_overlap_gm": 0.5197235345840454,
  "tpm_overlap_wm": 0.5407646298408508,
  "wm2max": 0.5057208663820946
}