{
  "bids_meta": {
    "AcquisitionMatrixPE": 256,
    "AcquisitionNumber": 1,
    "AcquisitionTime": "11:58:10.670000",
    "BaseResolution": 256,
    "BodyPartExamined": "HEAD",
    "CoilString": "HE1-4;NE1_2",
    "ConsistencyInfo": "N4_VE11C_LATEST_20160120",
    "ConversionSoftware": "dcm2niix",
    "ConversionSoftwareVersion": "v1.0.20190410  (JP2:OpenJPEG) GCC7.3.0",
    "DeviceSerialNumber": "45250",
    "DwellTime": 7.2e-06,
    "EchoTime": 0.00188,
    "FlipAngle": 8,
    "ImageOrientationPatientDICOM": [
      0.000556962,
      0.999998,
      0.00174499,
      0.0209543,
      0.00173293,
      -0.999779
    ],
    "ImageType": [
      "ORIGINAL",
      "PRIMARY",
      "M",
      "NORM",
      "DIS3D",
      "DIS2D"
    ],
    "ImagingFrequency": 123.239,
    "InPlanePhaseEncodingDirectionDICOM": "ROW",
    "InstitutionAddress": "Kopernikusstr._26_Graz_Graz_AT_8010",
    "InstitutionName": "KFU",
    "InstitutionalDepartmentName": "Department",
    "InversionTime": 1,
    "MRAcquisitionType": "3D",
    "MagneticFieldStrength": 3,
    "Manufacturer": "Siemens",
    "ManufacturersModelName": "Skyra",
    "Modality": "MR",
    "PartialFourier": 1,
    "PatientPosition": "HFS",
    "PercentPhaseFOV": 100,
    "PhaseEncodingSteps": 294,
    "PhaseOversampling": 0.15,
    "PhaseResolution": 1,
    "PixelBandwidth": 270,
    "ProcedureStepDescription": "DIPS_2019",
    "ProtocolName": "anat-T1w",
    "PulseSequenceDetails": "%SiemensSeq%_tfl",
    "ReceiveCoilActiveElements": "HE1-4;NE1,2",
    "ReceiveCoilName": "HeadNeck_20",
    "ReconMatrixPE": 256,
    "RefLinesPE": 24,
    "RepetitionTime": 1.68,
    "SAR": 0.0848701,
    "ScanOptions": "IR_WE",
    "ScanningSequence": "GR_IR",
    "SequenceName": "_tfl3d1_16ns",
    "SequenceVariant": "SK_SP_MP_OSP",
    "SeriesDescription": "anat-T1w",
    "SeriesNumber": 5,
    "ShimSetting": [
      -1117,
      -3133,
      -4473,
      159,
      742,
      -542,
      294,
      -973
    ],
    "SliceThickness": 0.88,
    "SoftwareVersions": "syngo_MR_E11",
    "StationName": "FBMTMR1",
    "TxRefAmp": 353.182,
    "dataset": "unknown",
    "modality": "T1w",
    "session_id": "1",
    "subject_id": "101DPMB042002"
  },
  "cjv": 0.7885921120182272,
  "cnr": 1.7545555945103264,
  "efc": 0.6757305322403463,
  "fber": 614.1188354492188,
  "fwhm_avg": 4.0339848527708755,
  "fwhm_x": 3.961908844026914,
  "fwhm_y": 4.04408,
  "fwhm_z": 4.095965714285714,
  "icvs_csf": 0.17255685765106857,
  "icvs_gm": 0.45339668604375366,
  "icvs_wm": 0.3740464563051778,
  "inu_med": 1.252058982849121,
  "inu_range": 0.6044689059257505,
  "provenance": {
    "md5sum": "aa2527f2c52f815e47d652220185d7ee",
    "settings": {
      "testing": false
    },
    "software": "mriqc",
    "version": "0.15.0",
    "warnings": {
      "large_rot_frame": true,
      "small_air_mask": false
    },
    "webapi_port": null,
    "webapi_url": "https://mriqc.nimh.nih.gov/api/v1"
  },
  "qi_1": 0.0,
  "qi_2": 0.0011725271653853274,
  "rpve_csf": 22.045361276605522,
  "rpve_gm": 9.466200946715272,
  "rpve_wm": 12.788182926629007,
  "size_x": 192,
  "size_y": 256,
  "size_z": 256,
  "snr_csf": 3.248320411782548,
  "snr_gm": 10.165302971967149,
  "snr_total": 9.818349161804619,
  "snr_wm": 16.041424101664163,
  "snrd_csf": 20.943561435952123,
  "snrd_gm": 45.154839355783096,
  "snrd_total": 40.39345949313497,
  "snrd_wm": 55.081977687669685,
  "spacing_x": 0.8800000548362732,
  "spacing_y": 0.875,
  "spacing_z": 0.875,
  "summary_bg_k": 1.2331205878649367,
  "summary_bg_mad": 11.894426345825195,
  "summary_bg_mean": 28.500452041625977,
  "summary_bg_median": 26.858348846435547,
  "summary_bg_n": 1988588.0,
  "summary_bg_p05": 10.820353555679322,
  "summary_bg_p95": 51.80052185058594,
  "summary_bg_stdv": 12.709586143493652,
  "summary_csf_k": 4.911851785264653,
  "summary_csf_mad": 96.23707580566406,
  "summary_csf_mean": 405.7958679199219,
  "summary_csf_median": 380.24395751953125,
  "summary_csf_n": 27839.0,
  "summary_csf_p05": 260.1081848144531,
  "summary_csf_p95": 636.7844787597655,
  "summary_csf_stdv": 117.05653381347656,
  "summary_gm_k": 0.05478190134727745,
  "summary_gm_mad": 81.21577453613281,
  "summary_gm_mean": 821.1080322265625,
  "summary_gm_median": 819.8154296875,
  "summary_gm_n": 62030.0,
  "summary_gm_p05": 693.8715850830079,
  "summary_gm_p95": 958.1557037353516,
  "summary_gm_stdv": 80.64775085449219,
  "summary_wm_k": 0.19794296792600674,
  "summary_wm_mad": 60.91505432128906,
  "summary_wm_mean": 1001.6080932617188,
  "summary_wm_median": 1000.049072265625,
  "summary_wm_n": 337916.0,
  "summary_wm_p05": 901.9683227539062,
  "summary_wm_p95": 1106.398193359375,
  "summary_wm_stdv": 62.34157180786133,
  "tpm_overlap_csf": 0.23552581667900085,
  "tpm_overlap_gm": 0.5253143906593323,
  "tpm_overlap_wm": 0.5501328706741333,
  "wm2max": 0.46076622144743873
}