{
  "bids_meta": {
    "AcquisitionMatrixPE": 256,
    "AcquisitionNumber": 1,
    "AcquisitionTime": "09:15:55.970000",
    "BaseResolution": 256,
    "BodyPartExamined": "HEAD",
    "CoilString": "HE1-4;NE1_2",
    "ConsistencyInfo": "N4_VE11C_LATEST_20160120",
    "ConversionSoftware": "dcm2niix",
    "ConversionSoftwareVersion": "v1.0.20190720  (JP2:OpenJPEG) GCC7.3.0",
    "DeviceSerialNumber": "45250",
    "DwellTime": 7.2e-06,
    "EchoTime": 0.00188,
    "FlipAngle": 8,
    "ImageOrientationPatientDICOM": [
      0.098714,
      0.988657,
      0.113196,
      -0.000300624,
      0.113781,
      -0.993506
    ],
    "ImageType": [
      "ORIGINAL",
      "PRIMARY",
      "M",
      "NORM",
      "DIS3D",
      "DIS2D"
    ],
    "ImagingFrequency": 123.239,
    "InPlanePhaseEncodingDirectionDICOM": "ROW",
    "InstitutionAddress": "Kopernikusstr._26_Graz_Graz_AT_8010",
    "InstitutionName": "KFU",
    "InstitutionalDepartmentName": "Department",
    "InversionTime": 1,
    "MRAcquisitionType": "3D",
    "MagneticFieldStrength": 3,
    "Manufacturer": "Siemens",
    "ManufacturersModelName": "Skyra",
    "Modality": "MR",
    "ParallelReductionFactorInPlane": 2,
    "PartialFourier": 1,
    "PatientPosition": "HFS",
    "PercentPhaseFOV": 100,
    "PhaseEncodingSteps": 294,
    "PhaseOversampling": 0.15,
    "PhaseResolution": 1,
    "PixelBandwidth": 270,
    "ProcedureStepDescription": "DIPS_2019",
    "ProtocolName": "anat-T1w",
    "PulseSequenceDetails": "%SiemensSeq%_tfl",
    "ReceiveCoilActiveElements": "HE1-4;NE1,2",
    "ReceiveCoilName": "HeadNeck_20",
    "ReconMatrixPE": 256,
    "RefLinesPE": 24,
    "RepetitionTime": 1.68,
    "SAR": 0.0791751,
    "ScanOptions": "IR_WE",
    "ScanningSequence": "GR_IR",
    "SequenceName": "_tfl3d1_16ns",
    "SequenceVariant": "SK_SP_MP_OSP",
    "SeriesDescription": "anat-T1w",
    "SeriesNumber": 5,
    "ShimSetting": [
      -1140,
      -3093,
      -4526,
      146,
      842,
      -327,
      0,
      -826
    ],
    "SliceThickness": 0.88,
    "SoftwareVersions": "syngo_MR_E11",
    "StationName": "FBMTMR1",
    "TxRefAmp": 345.663,
    "dataset": "unknown",
    "modality": "T1w",
    "session_id": "1",
    "subject_id": "101DPMB041032"
  },
  "cjv": 0.7806416156315255,
  "cnr": 1.7755408271361695,
  "efc": 0.6572059336625017,
  "fber": 657.1832885742188,
  "fwhm_avg": 4.232115823156913,
  "fwhm_x": 4.13714746947074,
  "fwhm_y": 4.27424,
  "fwhm_z": 4.28496,
  "icvs_csf": 0.1863600053285854,
  "icvs_gm": 0.4286706176272808,
  "icvs_wm": 0.3849693770441338,
  "inu_med": 1.1332387924194336,
  "inu_range": 0.5606812536716461,
  "provenance": {
    "md5sum": "a6957c73f91a36174600ccf8e9648146",
    "settings": {
      "testing": false
    },
    "software": "mriqc",
    "version": "0.15.0",
    "warnings": {
      "large_rot_frame": true,
      "small_air_mask": false
    },
    "webapi_port": null,
    "webapi_url": "https://mriqc.nimh.nih.gov/api/v1"
  },
  "qi_1": 0.0,
  "qi_2": 0.001128684612218466,
  "rpve_csf": 21.7505548243129,
  "rpve_gm": 10.26461766376467,
  "rpve_wm": 13.12146008942932,
  "size_x": 192,
  "size_y": 256,
  "size_z": 256,
  "snr_csf": 3.264621817473904,
  "snr_gm": 9.89652583241036,
  "snr_total": 9.922361401995156,
  "snr_wm": 16.605936556101202,
  "snrd_csf": 20.492658536600164,
  "snrd_gm": 45.215998737316724,
  "snrd_total": 40.346859238323994,
  "snrd_wm": 55.3319204410551,
  "spacing_x": 0.8800000548362732,
  "spacing_y": 0.875,
  "spacing_z": 0.875,
  "summary_bg_k": 1.3668280318527142,
  "summary_bg_mad": 11.840593338012695,
  "summary_bg_mean": 27.907886505126953,
  "summary_bg_median": 26.28597640991211,
  "summary_bg_n": 2073131.0,
  "summary_bg_p05": 10.448432445526123,
  "summary_bg_p95": 50.85026931762695,
  "summary_bg_stdv": 12.565327644348145,
  "summary_csf_k": 1.2613253059645464,
  "summary_csf_mad": 87.00343322753906,
  "summary_csf_mean": 398.994384765625,
  "summary_csf_median": 370.3736267089844,
  "summary_csf_n": 33045.0,
  "summary_csf_p05": 262.90086059570314,
  "summary_csf_p95": 634.2803588867188,
  "summary_csf_stdv": 113.44898223876953,
  "summary_gm_k": -0.10087306425307796,
  "summary_gm_mad": 84.50904846191406,
  "summary_gm_mean": 820.8881225585938,
  "summary_gm_median": 817.2103881835938,
  "summary_gm_n": 44525.0,
  "summary_gm_p05": 693.35830078125,
  "summary_gm_p95": 963.8084350585937,
  "summary_gm_stdv": 82.57455444335938,
  "summary_wm_k": 0.3299674412587814,
  "summary_wm_mad": 58.215576171875,
  "summary_wm_mean": 1003.03662109375,
  "summary_wm_median": 1000.040283203125,
  "summary_wm_n": 348680.0,
  "summary_wm_p05": 909.3956848144531,
  "summary_wm_p95": 1106.6028991699218,
  "summary_wm_stdv": 60.22176742553711,
  "tpm_overlap_csf": 0.23686262965202332,
  "tpm_overlap_gm": 0.5089832544326782,
  "tpm_overlap_wm": 0.5545827150344849,
  "wm2max": 0.5666444750609414
}