{
  "aor": 0.0012436544250451534,
  "aqi": 0.02663988326309452,
  "bids_meta": {
    "AcquisitionMatrixPE": 80,
    "AcquisitionNumber": 1,
    "AcquisitionTime": "12:17:8.057500",
    "BandwidthPerPixelPhaseEncode": 24.038,
    "BaseResolution": 80,
    "BodyPartExamined": "HEAD",
    "CogAtlasID": "TODO",
    "CoilString": "HE1-4;NE1_2",
    "ConsistencyInfo": "N4_VE11C_LATEST_20160120",
    "ConversionSoftware": "dcm2niix",
    "ConversionSoftwareVersion": "v1.0.20190720  (JP2:OpenJPEG) GCC7.3.0",
    "DerivedVendorReportedEchoSpacing": 0.00052001,
    "DeviceSerialNumber": "45250",
    "DwellTime": 2.5e-06,
    "EchoTime": 0.0384,
    "EchoTrainLength": 80,
    "EffectiveEchoSpacing": 0.00052001,
    "FlipAngle": 60,
    "ImageComments": "Unaliased_MB4_PE3",
    "ImageOrientationPatientDICOM": [
      0.995256,
      -0.0832698,
      0.0503058,
      0.0940795,
      0.955454,
      -0.279745
    ],
    "ImageType": [
      "ORIGINAL",
      "PRIMARY",
      "M",
      "MB",
      "ND",
      "NORM",
      "MOSAIC"
    ],
    "ImagingFrequency": 123.239,
    "InPlanePhaseEncodingDirectionDICOM": "COL",
    "InstitutionAddress": "Kopernikusstr._26_Graz_Graz_AT_8010",
    "InstitutionName": "KFU",
    "InstitutionalDepartmentName": "Department",
    "MRAcquisitionType": "2D",
    "MagneticFieldStrength": 3,
    "Manufacturer": "Siemens",
    "ManufacturersModelName": "Skyra",
    "Modality": "MR",
    "MultibandAccelerationFactor": 4,
    "PartialFourier": 1,
    "PatientPosition": "HFS",
    "PercentPhaseFOV": 100,
    "PhaseEncodingDirection": "j-",
    "PhaseEncodingSteps": 80,
    "PhaseResolution": 1,
    "PixelBandwidth": 2500,
    "ProcedureStepDescription": "DIPS_2019",
    "ProtocolName": "func_task-EyeMag_acq-CMRR_run-01",
    "PulseSequenceDetails": "%CustomerSeq%_cmrr_mbep2d_bold",
    "ReceiveCoilActiveElements": "HE1-4;NE1,2",
    "ReceiveCoilName": "HeadNeck_20",
    "ReconMatrixPE": 80,
    "RepetitionTime": 1,
    "SAR": 0.107263,
    "ScanOptions": "FS",
    "ScanningSequence": "EP",
    "SequenceName": "epfid2d1_80",
    "SequenceVariant": "SK_SS",
    "SeriesDescription": "func_task-EyeMag_acq-CMRR_run-01",
    "SeriesNumber": 9,
    "ShimSetting": [
      -1213,
      -2327,
      -4572,
      -332,
      450,
      2703,
      1158,
      -578
    ],
    "SliceThickness": 3,
    "SliceTiming": [
      0,
      0.41,
      0.8175,
      0.245,
      0.655,
      0.0825,
      0.49,
      0.9,
      0.3275,
      0.735,
      0.165,
      0.5725,
      0,
      0.41,
      0.8175,
      0.245,
      0.655,
      0.0825,
      0.49,
      0.9,
      0.3275,
      0.735,
      0.165,
      0.5725,
      0,
      0.41,
      0.8175,
      0.245,
      0.655,
      0.0825,
      0.49,
      0.9,
      0.3275,
      0.735,
      0.165,
      0.5725,
      0,
      0.41,
      0.8175,
      0.245,
      0.655,
      0.0825,
      0.49,
      0.9,
      0.3275,
      0.735,
      0.165,
      0.5725
    ],
    "SoftwareVersions": "syngo_MR_E11",
    "SpacingBetweenSlices": 3,
    "StationName": "FBMTMR1",
    "TaskName": "EyeMag",
    "TotalReadoutTime": 0.0410808,
    "TxRefAmp": 357.397,
    "WipMemBlock": "5cf1c48c-c31d-4224-b168-b9c266712e57||Sequence: R016 ve11c/master r/34fb20f; Nov 20 2017 15:15:15 by eja",
    "acq_id": "CMRR",
    "dataset": "unknown",
    "modality": "bold",
    "run_id": 1,
    "session_id": "1",
    "subject_id": "101DPMB042027",
    "task_id": "EyeMag"
  },
  "dummy_trs": 0,
  "dvars_nstd": 33.06242093001207,
  "dvars_std": 1.2394648364638543,
  "dvars_vstd": 0.9812408611867462,
  "efc": 0.39907928471016246,
  "fber": 8637.9892578125,
  "fd_mean": 0.1960685421281763,
  "fd_num": 568,
  "fd_perc": 34.19626730885009,
  "fwhm_avg": 2.525814444444445,
  "fwhm_x": 2.3491766666666667,
  "fwhm_y": 2.8591833333333336,
  "fwhm_z": 2.369083333333333,
  "gcor": 0.00895493,
  "gsr_x": -0.012972420081496239,
  "gsr_y": 0.010897237807512283,
  "provenance": {
    "md5sum": "ad87761c7a8c0ce682ce01f8ea52754e",
    "settings": {
      "fd_thres": 0.2,
      "hmc_fsl": false
    },
    "software": "mriqc",
    "version": "0.15.0",
    "webapi_port": null,
    "webapi_url": "https://mriqc.nimh.nih.gov/api/v1"
  },
  "size_t": 1661,
  "size_x": 80,
  "size_y": 80,
  "size_z": 48,
  "snr": 5.287234969203181,
  "spacing_tr": 1.0,
  "spacing_x": 3.0,
  "spacing_y": 3.0,
  "spacing_z": 3.0,
  "summary_bg_k": 93.56010038478075,
  "summary_bg_mad": 51.0654296875,
  "summary_bg_mean": 211.84596252441406,
  "summary_bg_median": 92.10295104980469,
  "summary_bg_n": 218979.0,
  "summary_bg_p05": 41.34485397338867,
  "summary_bg_p95": 746.452899169921,
  "summary_bg_stdv": 452.7066955566406,
  "summary_fg_k": 3.8294884618219838,
  "summary_fg_mad": 1249.8681640625,
  "summary_fg_mean": 8621.9541015625,
  "summary_fg_median": 8681.89453125,
  "summary_fg_n": 41608.0,
  "summary_fg_p05": 5978.842919921875,
  "summary_fg_p95": 10973.053369140625,
  "summary_fg_stdv": 1642.0284423828125,
  "tsnr": 34.064788818359375
}