{
  "aor": 0.0025719856887298745,
  "aqi": 0.018295174269528924,
  "bids_meta": {
    "AcquisitionMatrixPE": 80,
    "AcquisitionNumber": 1,
    "AcquisitionTime": "12:04:55.062500",
    "BandwidthPerPixelPhaseEncode": 24.038,
    "BaseResolution": 80,
    "BodyPartExamined": "HEAD",
    "CogAtlasID": "TODO",
    "CoilString": "HE1-4;NE1_2",
    "ConsistencyInfo": "N4_VE11C_LATEST_20160120",
    "ConversionSoftware": "dcm2niix",
    "ConversionSoftwareVersion": "v1.0.20190410  (JP2:OpenJPEG) GCC7.3.0",
    "DerivedVendorReportedEchoSpacing": 0.00052001,
    "DeviceSerialNumber": "45250",
    "DwellTime": 2.5e-06,
    "EchoTime": 0.0384,
    "EchoTrainLength": 80,
    "EffectiveEchoSpacing": 0.00052001,
    "FlipAngle": 60,
    "ImageComments": "Unaliased_MB4_PE3",
    "ImageOrientationPatientDICOM": [
      0.999816,
      -0.0175267,
      0.0078606,
      0.0191974,
      0.897706,
      -0.440177
    ],
    "ImageType": [
      "ORIGINAL",
      "PRIMARY",
      "M",
      "MB",
      "ND",
      "NORM",
      "MOSAIC"
    ],
    "ImagingFrequency": 123.239,
    "InPlanePhaseEncodingDirectionDICOM": "COL",
    "InstitutionAddress": "Kopernikusstr._26_Graz_Graz_AT_8010",
    "InstitutionName": "KFU",
    "InstitutionalDepartmentName": "Department",
    "MRAcquisitionType": "2D",
    "MagneticFieldStrength": 3,
    "Manufacturer": "Siemens",
    "ManufacturersModelName": "Skyra",
    "Modality": "MR",
    "MultibandAccelerationFactor": 4,
    "PartialFourier": 1,
    "PatientPosition": "HFS",
    "PercentPhaseFOV": 100,
    "PhaseEncodingDirection": "j-",
    "PhaseEncodingSteps": 80,
    "PhaseResolution": 1,
    "PixelBandwidth": 2500,
    "ProcedureStepDescription": "DIPS_2019",
    "ProtocolName": "func_task-EyeMag_acq-CMRR_run-01",
    "PulseSequenceDetails": "%CustomerSeq%_cmrr_mbep2d_bold",
    "ReceiveCoilActiveElements": "HE1-4;NE1,2",
    "ReceiveCoilName": "HeadNeck_20",
    "ReconMatrixPE": 80,
    "RepetitionTime": 1,
    "SAR": 0.0977548,
    "ScanOptions": "FS",
    "ScanningSequence": "EP",
    "SequenceName": "epfid2d1_80",
    "SequenceVariant": "SK_SS",
    "SeriesDescription": "func_task-EyeMag_acq-CMRR_run-01",
    "SeriesNumber": 9,
    "ShimSetting": [
      -1096,
      -3028,
      -4217,
      508,
      853,
      364,
      80,
      -900
    ],
    "SliceThickness": 3,
    "SliceTiming": [
      0,
      0.4075,
      0.815,
      0.245,
      0.6525,
      0.08,
      0.49,
      0.8975,
      0.325,
      0.735,
      0.1625,
      0.57,
      0,
      0.4075,
      0.815,
      0.245,
      0.6525,
      0.08,
      0.49,
      0.8975,
      0.325,
      0.735,
      0.1625,
      0.57,
      0,
      0.4075,
      0.815,
      0.245,
      0.6525,
      0.08,
      0.49,
      0.8975,
      0.325,
      0.735,
      0.1625,
      0.57,
      0,
      0.4075,
      0.815,
      0.245,
      0.6525,
      0.08,
      0.49,
      0.8975,
      0.325,
      0.735,
      0.1625,
      0.57
    ],
    "SoftwareVersions": "syngo_MR_E11",
    "SpacingBetweenSlices": 3,
    "StationName": "FBMTMR1",
    "TaskName": "TODO: full task name for EyeMag",
    "TotalReadoutTime": 0.0410808,
    "TxRefAmp": 353.182,
    "WipMemBlock": "09ef828f-7101-4316-8bed-35afc3339cd1||Sequence: R016 ve11c/master r/34fb20f; Nov 20 2017 15:15:15 by eja",
    "acq_id": "CMRR",
    "dataset": "unknown",
    "modality": "bold",
    "run_id": 1,
    "session_id": "1",
    "subject_id": "101DPMB042002",
    "task_id": "EyeMag"
  },
  "dummy_trs": 0,
  "dvars_nstd": 31.196429586097803,
  "dvars_std": 1.2597875482219552,
  "dvars_vstd": 1.3987324359546551,
  "efc": 0.4210757796198108,
  "fber": 7582.0107421875,
  "fd_mean": 0.199968721391906,
  "fd_num": 757,
  "fd_perc": 45.14013118664281,
  "fwhm_avg": 2.44045,
  "fwhm_x": 2.3525566666666666,
  "fwhm_y": 2.645913333333333,
  "fwhm_z": 2.32288,
  "gcor": 0.0295109,
  "gsr_x": -0.010698271915316582,
  "gsr_y": 0.0076310764998197556,
  "provenance": {
    "md5sum": "5f79d18ea2f16c9f7a0ed601e1e30653",
    "settings": {
      "fd_thres": 0.2,
      "hmc_fsl": false
    },
    "software": "mriqc",
    "version": "0.15.0",
    "webapi_port": null,
    "webapi_url": "https://mriqc.nimh.nih.gov/api/v1"
  },
  "size_t": 1677,
  "size_x": 80,
  "size_y": 80,
  "size_z": 48,
  "snr": 4.8534760211972445,
  "spacing_tr": 1.0,
  "spacing_x": 3.0,
  "spacing_y": 3.0,
  "spacing_z": 3.0,
  "summary_bg_k": 61.86086700587241,
  "summary_bg_mad": 52.39860534667969,
  "summary_bg_mean": 213.19065856933594,
  "summary_bg_median": 91.79344177246094,
  "summary_bg_n": 211856.0,
  "summary_bg_p05": 43.774611473083496,
  "summary_bg_p95": 779.8607940673828,
  "summary_bg_stdv": 435.4897766113281,
  "summary_fg_k": 4.0321485528287155,
  "summary_fg_mad": 1173.550537109375,
  "summary_fg_mean": 8112.521484375,
  "summary_fg_median": 8219.091796875,
  "summary_fg_n": 47014.0,
  "summary_fg_p05": 5138.718847656251,
  "summary_fg_p95": 10389.180566406249,
  "summary_fg_stdv": 1693.4263916015625,
  "tsnr": 39.92675018310547
}