{
  "bids_meta": {
    "AcquisitionMatrixPE": 256,
    "AcquisitionNumber": 1,
    "AcquisitionTime": "13:39:25.155000",
    "BaseResolution": 256,
    "BodyPartExamined": "HEAD",
    "CoilString": "HE1-4;NE1_2",
    "ConsistencyInfo": "N4_VE11C_LATEST_20160120",
    "ConversionSoftware": "dcm2niix",
    "ConversionSoftwareVersion": "v1.0.20190410  (JP2:OpenJPEG) GCC7.3.0",
    "DeviceSerialNumber": "45250",
    "DwellTime": 7.2e-06,
    "EchoTime": 0.00188,
    "FlipAngle": 8,
    "ImageOrientationPatientDICOM": [
      0.0850423,
      0.996254,
      0.0156961,
      -0.0362449,
      0.0188359,
      -0.999165
    ],
    "ImageType": [
      "ORIGINAL",
      "PRIMARY",
      "M",
      "NORM",
      "DIS3D",
      "DIS2D"
    ],
    "ImagingFrequency": 123.239,
    "InPlanePhaseEncodingDirectionDICOM": "ROW",
    "InstitutionAddress": "Kopernikusstr._26_Graz_Graz_AT_8010",
    "InstitutionName": "KFU",
    "InstitutionalDepartmentName": "Department",
    "InversionTime": 1,
    "MRAcquisitionType": "3D",
    "MagneticFieldStrength": 3,
    "Manufacturer": "Siemens",
    "ManufacturersModelName": "Skyra",
    "Modality": "MR",
    "PartialFourier": 1,
    "PatientPosition": "HFS",
    "PercentPhaseFOV": 100,
    "PhaseEncodingSteps": 294,
    "PhaseOversampling": 0.15,
    "PhaseResolution": 1,
    "PixelBandwidth": 270,
    "ProcedureStepDescription": "DIPS_2019",
    "ProtocolName": "anat-T1w",
    "PulseSequenceDetails": "%SiemensSeq%_tfl",
    "ReceiveCoilActiveElements": "HE1-4;NE1,2",
    "ReceiveCoilName": "HeadNeck_20",
    "ReconMatrixPE": 256,
    "RefLinesPE": 24,
    "RepetitionTime": 1.68,
    "SAR": 0.0874627,
    "ScanOptions": "IR_WE",
    "ScanningSequence": "GR_IR",
    "SequenceName": "_tfl3d1_16ns",
    "SequenceVariant": "SK_SP_MP_OSP",
    "SeriesDescription": "anat-T1w",
    "SeriesNumber": 5,
    "ShimSetting": [
      -1144,
      -3063,
      -4564,
      5,
      965,
      -453,
      305,
      -865
    ],
    "SliceThickness": 0.88,
    "SoftwareVersions": "syngo_MR_E11",
    "StationName": "FBMTMR1",
    "TxRefAmp": 351.083,
    "dataset": "unknown",
    "modality": "T1w",
    "session_id": "1",
    "subject_id": "101DPMB042006"
  },
  "cjv": 0.6431945995711035,
  "cnr": 2.1367064488621668,
  "efc": 0.6250658503779636,
  "fber": 734.1212768554688,
  "fwhm_avg": 3.8442795101206797,
  "fwhm_x": 3.785215673219181,
  "fwhm_y": 3.858125714285714,
  "fwhm_z": 3.8894971428571425,
  "icvs_csf": 0.1955848547584884,
  "icvs_gm": 0.4504936253968819,
  "icvs_wm": 0.35392151984462966,
  "inu_med": 1.2327680587768555,
  "inu_range": 0.5060397863388062,
  "provenance": {
    "md5sum": "96967c71d92935540c63b7a6b87f7f24",
    "settings": {
      "testing": false
    },
    "software": "mriqc",
    "version": "0.15.0",
    "warnings": {
      "large_rot_frame": true,
      "small_air_mask": false
    },
    "webapi_port": null,
    "webapi_url": "https://mriqc.nimh.nih.gov/api/v1"
  },
  "qi_1": 0.0,
  "qi_2": 0.0008816573004031414,
  "rpve_csf": 26.805417842469573,
  "rpve_gm": 12.538551867010257,
  "rpve_wm": 17.54668229230339,
  "size_x": 192,
  "size_y": 256,
  "size_z": 256,
  "snr_csf": 2.7650326186613565,
  "snr_gm": 10.417903636030452,
  "snr_total": 9.948589394633503,
  "snr_wm": 16.6628319292087,
  "snrd_csf": 22.417907693803794,
  "snrd_gm": 48.99366821750759,
  "snrd_total": 44.43347951396279,
  "snrd_wm": 61.88886263057699,
  "spacing_x": 0.8800000548362732,
  "spacing_y": 0.875,
  "spacing_z": 0.875,
  "summary_bg_k": 1.862930980027249,
  "summary_bg_mad": 10.585996627807617,
  "summary_bg_mean": 24.5134334564209,
  "summary_bg_median": 22.816884994506836,
  "summary_bg_n": 2427316.0,
  "summary_bg_p05": 8.953423261642456,
  "summary_bg_p95": 45.814048767089844,
  "summary_bg_stdv": 11.550909042358398,
  "summary_csf_k": 37.90077659678384,
  "summary_csf_mad": 86.43465423583984,
  "summary_csf_mean": 388.1488952636719,
  "summary_csf_median": 362.2389221191406,
  "summary_csf_n": 34421.0,
  "summary_csf_p05": 256.3620300292969,
  "summary_csf_p95": 579.7183227539062,
  "summary_csf_stdv": 131.0052032470703,
  "summary_gm_k": -0.06739481564167304,
  "summary_gm_mad": 76.938720703125,
  "summary_gm_mean": 791.3653564453125,
  "summary_gm_median": 791.662353515625,
  "summary_gm_n": 37740.0,
  "summary_gm_p05": 668.0474365234375,
  "summary_gm_p95": 918.2985076904296,
  "summary_gm_stdv": 75.98955535888672,
  "summary_wm_k": 0.3939062555720274,
  "summary_wm_mad": 57.08149719238281,
  "summary_wm_mean": 1000.8372802734375,
  "summary_wm_median": 1000.0288696289062,
  "summary_wm_n": 225206.0,
  "summary_wm_p05": 902.9933471679688,
  "summary_wm_p95": 1100.70654296875,
  "summary_wm_stdv": 60.01540756225586,
  "tpm_overlap_csf": 0.24265968799591064,
  "tpm_overlap_gm": 0.5284338593482971,
  "tpm_overlap_wm": 0.5599446296691895,
  "wm2max": 0.5613338155137433
}