{
  "bids_meta": {
    "AcquisitionMatrixPE": 256,
    "AcquisitionNumber": 1,
    "AcquisitionTime": "13:08:45.667500",
    "BaseResolution": 256,
    "BodyPartExamined": "HEAD",
    "CoilString": "HE1-4;NE1_2",
    "ConsistencyInfo": "N4_VE11C_LATEST_20160120",
    "ConversionSoftware": "dcm2niix",
    "ConversionSoftwareVersion": "v1.0.20190720  (JP2:OpenJPEG) GCC7.3.0",
    "DeviceSerialNumber": "45250",
    "DwellTime": 7.2e-06,
    "EchoTime": 0.00188,
    "FlipAngle": 8,
    "ImageOrientationPatientDICOM": [
      0.0614109,
      0.995678,
      -0.0696652,
      0.0468897,
      -0.0725978,
      -0.996258
    ],
    "ImageType": [
      "ORIGINAL",
      "PRIMARY",
      "M",
      "NORM",
      "DIS3D",
      "DIS2D"
    ],
    "ImagingFrequency": 123.239,
    "InPlanePhaseEncodingDirectionDICOM": "ROW",
    "InstitutionAddress": "Kopernikusstr._26_Graz_Graz_AT_8010",
    "InstitutionName": "KFU",
    "InstitutionalDepartmentName": "Department",
    "InversionTime": 1,
    "MRAcquisitionType": "3D",
    "MagneticFieldStrength": 3,
    "Manufacturer": "Siemens",
    "ManufacturersModelName": "Skyra",
    "Modality": "MR",
    "ParallelReductionFactorInPlane": 2,
    "PartialFourier": 1,
    "PatientPosition": "HFS",
    "PercentPhaseFOV": 100,
    "PhaseEncodingSteps": 294,
    "PhaseOversampling": 0.15,
    "PhaseResolution": 1,
    "PixelBandwidth": 270,
    "ProcedureStepDescription": "DIPS_2019",
    "ProtocolName": "anat-T1w",
    "PulseSequenceDetails": "%SiemensSeq%_tfl",
    "ReceiveCoilActiveElements": "HE1-4;NE1,2",
    "ReceiveCoilName": "HeadNeck_20",
    "ReconMatrixPE": 256,
    "RefLinesPE": 24,
    "RepetitionTime": 1.68,
    "SAR": 0.0806454,
    "ScanOptions": "IR_WE",
    "ScanningSequence": "GR_IR",
    "SequenceName": "_tfl3d1_16ns",
    "SequenceVariant": "SK_SP_MP_OSP",
    "SeriesDescription": "anat-T1w",
    "SeriesNumber": 5,
    "ShimSetting": [
      -1104,
      -3099,
      -4417,
      222,
      923,
      -321,
      172,
      -867
    ],
    "SliceThickness": 0.88,
    "SoftwareVersions": "syngo_MR_E11",
    "StationName": "FBMTMR1",
    "TxRefAmp": 377.315,
    "dataset": "unknown",
    "modality": "T1w",
    "session_id": "1",
    "subject_id": "101DPMB042018"
  },
  "cjv": 0.7906633783341759,
  "cnr": 1.6475681765412595,
  "efc": 0.6909968317852094,
  "fber": 809.60693359375,
  "fwhm_avg": 4.180305738523193,
  "fwhm_x": 4.043442929855294,
  "fwhm_y": 4.285382857142857,
  "fwhm_z": 4.212091428571428,
  "icvs_csf": 0.20160349282998508,
  "icvs_gm": 0.4026809634712172,
  "icvs_wm": 0.39571554369879774,
  "inu_med": 1.1610667705535889,
  "inu_range": 0.5505800843238831,
  "provenance": {
    "md5sum": "d4c90cc86cf8abbbe62e3c5d0f3face3",
    "settings": {
      "testing": false
    },
    "software": "mriqc",
    "version": "0.15.0",
    "warnings": {
      "large_rot_frame": true,
      "small_air_mask": false
    },
    "webapi_port": null,
    "webapi_url": "https://mriqc.nimh.nih.gov/api/v1"
  },
  "qi_1": 0.0,
  "qi_2": 0.0010330248352852338,
  "rpve_csf": 16.313786112054018,
  "rpve_gm": 8.470541882362982,
  "rpve_wm": 10.17253933466357,
  "size_x": 192,
  "size_y": 256,
  "size_z": 256,
  "snr_csf": 3.3932170909688786,
  "snr_gm": 9.487054457621513,
  "snr_total": 10.181443108139108,
  "snr_wm": 17.664057775826933,
  "snrd_csf": 21.71432523260605,
  "snrd_gm": 50.386487011509615,
  "snrd_total": 44.32799073035185,
  "snrd_wm": 60.883159946939905,
  "spacing_x": 0.8800000548362732,
  "spacing_y": 0.875,
  "spacing_z": 0.875,
  "summary_bg_k": 1.1394359168542527,
  "summary_bg_mad": 10.761017799377441,
  "summary_bg_mean": 25.07825469970703,
  "summary_bg_median": 23.91966438293457,
  "summary_bg_n": 2237218.0,
  "summary_bg_p05": 8.390140914916993,
  "summary_bg_p95": 45.846268653869615,
  "summary_bg_stdv": 11.650527000427246,
  "summary_csf_k": 4.209617918396927,
  "summary_csf_mad": 80.41864013671875,
  "summary_csf_mean": 380.3212585449219,
  "summary_csf_median": 356.671142578125,
  "summary_csf_n": 47237.0,
  "summary_csf_p05": 254.945458984375,
  "summary_csf_p95": 597.4044921875,
  "summary_csf_stdv": 105.11186218261719,
  "summary_gm_k": 0.5358878817072976,
  "summary_gm_mad": 83.02111053466797,
  "summary_gm_mean": 828.9384155273438,
  "summary_gm_median": 827.6290283203125,
  "summary_gm_n": 36691.0,
  "summary_gm_p05": 691.54052734375,
  "summary_gm_p95": 978.3289794921875,
  "summary_gm_stdv": 87.23653411865234,
  "summary_wm_k": 0.8134937118074435,
  "summary_wm_mad": 53.300567626953125,
  "summary_wm_mean": 1004.076171875,
  "summary_wm_median": 1000.0433349609375,
  "summary_wm_n": 455720.0,
  "summary_wm_p05": 918.8723724365235,
  "summary_wm_p95": 1102.0694091796875,
  "summary_wm_stdv": 56.614524841308594,
  "tpm_overlap_csf": 0.22330956161022186,
  "tpm_overlap_gm": 0.48114168643951416,
  "tpm_overlap_wm": 0.5426450371742249,
  "wm2max": 0.5220172027577274
}