{
  "aor": 0.002210851829634073,
  "aqi": 0.01760192020995801,
  "bids_meta": {
    "AcquisitionMatrixPE": 80,
    "AcquisitionNumber": 1,
    "AcquisitionTime": "12:08:46.637500",
    "BandwidthPerPixelPhaseEncode": 24.038,
    "BaseResolution": 80,
    "BodyPartExamined": "HEAD",
    "CogAtlasID": "TODO",
    "CoilString": "HE1-4;NE1_2",
    "ConsistencyInfo": "N4_VE11C_LATEST_20160120",
    "ConversionSoftware": "dcm2niix",
    "ConversionSoftwareVersion": "v1.0.20190720  (JP2:OpenJPEG) GCC7.3.0",
    "DerivedVendorReportedEchoSpacing": 0.00052001,
    "DeviceSerialNumber": "45250",
    "DwellTime": 2.5e-06,
    "EchoTime": 0.0384,
    "EchoTrainLength": 80,
    "EffectiveEchoSpacing": 0.00052001,
    "FlipAngle": 60,
    "ImageComments": "Unaliased_MB4_PE3",
    "ImageOrientationPatientDICOM": [
      0.997485,
      0.052469,
      -0.047661,
      -0.0680017,
      0.898112,
      -0.434478
    ],
    "ImageType": [
      "ORIGINAL",
      "PRIMARY",
      "M",
      "MB",
      "ND",
      "NORM",
      "MOSAIC"
    ],
    "ImagingFrequency": 123.239,
    "InPlanePhaseEncodingDirectionDICOM": "COL",
    "InstitutionAddress": "Kopernikusstr._26_Graz_Graz_AT_8010",
    "InstitutionName": "KFU_TUG",
    "InstitutionalDepartmentName": "Department",
    "MRAcquisitionType": "2D",
    "MagneticFieldStrength": 3,
    "Manufacturer": "Siemens",
    "ManufacturersModelName": "Skyra",
    "Modality": "MR",
    "MultibandAccelerationFactor": 4,
    "PartialFourier": 1,
    "PatientPosition": "HFS",
    "PercentPhaseFOV": 100,
    "PhaseEncodingDirection": "j-",
    "PhaseEncodingSteps": 80,
    "PhaseResolution": 1,
    "PixelBandwidth": 2500,
    "ProcedureStepDescription": "DIPS_2019",
    "ProtocolName": "func_task-EyeMag_acq-CMRR_run-01",
    "PulseSequenceDetails": "%CustomerSeq%_cmrr_mbep2d_bold",
    "ReceiveCoilActiveElements": "HE1-4;NE1,2",
    "ReceiveCoilName": "HeadNeck_20",
    "ReconMatrixPE": 80,
    "RepetitionTime": 1,
    "SAR": 0.0984749,
    "ScanOptions": "FS",
    "ScanningSequence": "EP",
    "SequenceName": "epfid2d1_80",
    "SequenceVariant": "SK_SS",
    "SeriesDescription": "func_task-EyeMag_acq-CMRR_run-01",
    "SeriesNumber": 9,
    "ShimSetting": [
      -1069,
      -2672,
      -4366,
      155,
      1149,
      1301,
      801,
      -1109
    ],
    "SliceThickness": 3,
    "SliceTiming": [
      0,
      0.41,
      0.8175,
      0.245,
      0.655,
      0.0825,
      0.49,
      0.9,
      0.3275,
      0.735,
      0.165,
      0.5725,
      0,
      0.41,
      0.8175,
      0.245,
      0.655,
      0.0825,
      0.49,
      0.9,
      0.3275,
      0.735,
      0.165,
      0.5725,
      0,
      0.41,
      0.8175,
      0.245,
      0.655,
      0.0825,
      0.49,
      0.9,
      0.3275,
      0.735,
      0.165,
      0.5725,
      0,
      0.41,
      0.8175,
      0.245,
      0.655,
      0.0825,
      0.49,
      0.9,
      0.3275,
      0.735,
      0.165,
      0.5725
    ],
    "SoftwareVersions": "syngo_MR_E11",
    "SpacingBetweenSlices": 3,
    "StationName": "FBMTMR1",
    "TaskName": "EyeMag",
    "TotalReadoutTime": 0.0410808,
    "TxRefAmp": 350.849,
    "WipMemBlock": "11ecba81-7296-4417-aceb-dcb57b5f406e||Sequence: R016 ve11c/master r/34fb20f; Nov 20 2017 15:15:15 by eja",
    "acq_id": "CMRR",
    "dataset": "unknown",
    "modality": "bold",
    "run_id": 1,
    "session_id": "1",
    "subject_id": "101DPMB041017",
    "task_id": "EyeMag"
  },
  "dummy_trs": 0,
  "dvars_nstd": 23.683301038379362,
  "dvars_std": 1.072611885210084,
  "dvars_vstd": 1.0148041924249722,
  "efc": 0.3920198408718697,
  "fber": 7888.99755859375,
  "fd_mean": 0.19751268474321138,
  "fd_num": 667,
  "fd_perc": 40.0119976004799,
  "fwhm_avg": 2.439693333333333,
  "fwhm_x": 2.252013333333333,
  "fwhm_y": 2.736826666666667,
  "fwhm_z": 2.33024,
  "gcor": 0.0119386,
  "gsr_x": -0.015868064016103745,
  "gsr_y": 0.00743192620575428,
  "provenance": {
    "md5sum": "fb876d5168233133a2058bb27cae7e68",
    "settings": {
      "fd_thres": 0.2,
      "hmc_fsl": false
    },
    "software": "mriqc",
    "version": "0.15.0",
    "webapi_port": null,
    "webapi_url": "https://mriqc.nimh.nih.gov/api/v1"
  },
  "size_t": 1667,
  "size_x": 80,
  "size_y": 80,
  "size_z": 48,
  "snr": 5.126539065129116,
  "spacing_tr": 1.0,
  "spacing_x": 3.0,
  "spacing_y": 3.0,
  "spacing_z": 3.0,
  "summary_bg_k": 86.26467007245648,
  "summary_bg_mad": 44.43003845214844,
  "summary_bg_mean": 203.14166259765625,
  "summary_bg_median": 90.4822998046875,
  "summary_bg_n": 221788.0,
  "summary_bg_p05": 48.83164196014404,
  "summary_bg_p95": 662.9470825195305,
  "summary_bg_stdv": 435.3316955566406,
  "summary_fg_k": 4.281475004289253,
  "summary_fg_mad": 1136.935791015625,
  "summary_fg_mean": 8134.41015625,
  "summary_fg_median": 8232.208984375,
  "summary_fg_n": 39466.0,
  "summary_fg_p05": 5348.4146728515625,
  "summary_fg_p95": 10251.882568359375,
  "summary_fg_stdv": 1605.7821044921875,
  "tsnr": 41.942039489746094
}