{
  "bids_meta": {
    "AcquisitionMatrixPE": 256,
    "AcquisitionNumber": 1,
    "AcquisitionTime": "13:02:28.647500",
    "BaseResolution": 256,
    "BodyPartExamined": "HEAD",
    "CoilString": "HE1-4;NE1_2",
    "ConsistencyInfo": "N4_VE11C_LATEST_20160120",
    "ConversionSoftware": "dcm2niix",
    "ConversionSoftwareVersion": "v1.0.20190720  (JP2:OpenJPEG) GCC7.3.0",
    "DeviceSerialNumber": "45250",
    "DwellTime": 7.2e-06,
    "EchoTime": 0.00188,
    "FlipAngle": 8,
    "ImageOrientationPatientDICOM": [
      0.0676693,
      0.993261,
      0.0940955,
      -0.0101374,
      0.0949913,
      -0.995426
    ],
    "ImageType": [
      "ORIGINAL",
      "PRIMARY",
      "M",
      "NORM",
      "DIS3D",
      "DIS2D"
    ],
    "ImagingFrequency": 123.239,
    "InPlanePhaseEncodingDirectionDICOM": "ROW",
    "InstitutionAddress": "Kopernikusstr._26_Graz_Graz_AT_8010",
    "InstitutionName": "KFU",
    "InstitutionalDepartmentName": "Department",
    "InversionTime": 1,
    "MRAcquisitionType": "3D",
    "MagneticFieldStrength": 3,
    "Manufacturer": "Siemens",
    "ManufacturersModelName": "Skyra",
    "Modality": "MR",
    "ParallelReductionFactorInPlane": 2,
    "PartialFourier": 1,
    "PatientPosition": "HFS",
    "PercentPhaseFOV": 100,
    "PhaseEncodingSteps": 294,
    "PhaseOversampling": 0.15,
    "PhaseResolution": 1,
    "PixelBandwidth": 270,
    "ProcedureStepDescription": "DIPS_2019",
    "ProtocolName": "anat-T1w",
    "PulseSequenceDetails": "%SiemensSeq%_tfl",
    "ReceiveCoilActiveElements": "HE1-4;NE1,2",
    "ReceiveCoilName": "HeadNeck_20",
    "ReconMatrixPE": 256,
    "RefLinesPE": 24,
    "RepetitionTime": 1.68,
    "SAR": 0.085447,
    "ScanOptions": "IR_WE",
    "ScanningSequence": "GR_IR",
    "SequenceName": "_tfl3d1_16ns",
    "SequenceVariant": "SK_SP_MP_OSP",
    "SeriesDescription": "anat-T1w",
    "SeriesNumber": 5,
    "ShimSetting": [
      -1150,
      -3019,
      -4508,
      131,
      1000,
      -275,
      214,
      -917
    ],
    "SliceThickness": 0.88,
    "SoftwareVersions": "syngo_MR_E11",
    "StationName": "FBMTMR1",
    "TxRefAmp": 361.856,
    "dataset": "unknown",
    "modality": "T1w",
    "session_id": "1",
    "subject_id": "101DPMB041020"
  },
  "cjv": 0.9221350509870768,
  "cnr": 1.4960374332141344,
  "efc": 0.6575024327044876,
  "fber": 628.6383056640625,
  "fwhm_avg": 3.984417452066024,
  "fwhm_x": 3.8707952133409274,
  "fwhm_y": 4.037828571428571,
  "fwhm_z": 4.0446285714285715,
  "icvs_csf": 0.1837148185554987,
  "icvs_gm": 0.43753527460378017,
  "icvs_wm": 0.37874990684072113,
  "inu_med": 1.1163997650146484,
  "inu_range": 0.520755410194397,
  "provenance": {
    "md5sum": "84f54ffcd32d4debf43b1f790259aa2e",
    "settings": {
      "testing": false
    },
    "software": "mriqc",
    "version": "0.15.0",
    "warnings": {
      "large_rot_frame": true,
      "small_air_mask": false
    },
    "webapi_port": null,
    "webapi_url": "https://mriqc.nimh.nih.gov/api/v1"
  },
  "qi_1": 0.0,
  "qi_2": 0.0011590176813450388,
  "rpve_csf": 22.068056410365244,
  "rpve_gm": 10.188015870073047,
  "rpve_wm": 13.389453380487863,
  "size_x": 192,
  "size_y": 256,
  "size_z": 256,
  "snr_csf": 2.6092178085403996,
  "snr_gm": 9.432170095077174,
  "snr_total": 9.452655111045312,
  "snr_wm": 16.31657742951836,
  "snrd_csf": 19.820062952259082,
  "snrd_gm": 44.620768715244104,
  "snrd_total": 39.2409329794481,
  "snrd_wm": 53.281967270841086,
  "spacing_x": 0.8800000548362732,
  "spacing_y": 0.875,
  "spacing_z": 0.875,
  "summary_bg_k": 1.0234154933305675,
  "summary_bg_mad": 12.296271324157715,
  "summary_bg_mean": 29.489734649658203,
  "summary_bg_median": 27.933937072753906,
  "summary_bg_n": 2172109.0,
  "summary_bg_p05": 11.242156028747559,
  "summary_bg_p95": 53.04666900634764,
  "summary_bg_stdv": 12.933189392089844,
  "summary_csf_k": 24.951248522023292,
  "summary_csf_mad": 78.3752670288086,
  "summary_csf_mean": 408.34014892578125,
  "summary_csf_median": 372.0032653808594,
  "summary_csf_n": 31693.0,
  "summary_csf_p05": 267.9809875488281,
  "summary_csf_p95": 651.1478637695311,
  "summary_csf_stdv": 142.57046508789062,
  "summary_gm_k": -0.009398295871736462,
  "summary_gm_mad": 89.27755737304688,
  "summary_gm_mean": 838.7257690429688,
  "summary_gm_median": 837.4883422851562,
  "summary_gm_n": 53535.0,
  "summary_gm_p05": 698.0116455078125,
  "summary_gm_p95": 991.0621948242188,
  "summary_gm_stdv": 88.78980255126953,
  "summary_wm_k": 0.1679333804754246,
  "summary_wm_mad": 60.62679672241211,
  "summary_wm_mean": 1003.0684814453125,
  "summary_wm_median": 1000.0505981445312,
  "summary_wm_n": 344191.0,
  "summary_wm_p05": 907.5182189941406,
  "summary_wm_p95": 1107.9094848632812,
  "summary_wm_stdv": 61.290374755859375,
  "tpm_overlap_csf": 0.23123298585414886,
  "tpm_overlap_gm": 0.5160396695137024,
  "tpm_overlap_wm": 0.5578188896179199,
  "wm2max": 0.48812572506991414
}