{
  "bids_meta": {
    "AcquisitionMatrixPE": 256,
    "AcquisitionNumber": 1,
    "AcquisitionTime": "13:12:56.027500",
    "BaseResolution": 256,
    "BodyPartExamined": "HEAD",
    "CoilString": "HE1-4;NE1_2",
    "ConsistencyInfo": "N4_VE11C_LATEST_20160120",
    "ConversionSoftware": "dcm2niix",
    "ConversionSoftwareVersion": "v1.0.20190720  (JP2:OpenJPEG) GCC7.3.0",
    "DeviceSerialNumber": "45250",
    "DwellTime": 7.2e-06,
    "EchoTime": 0.00188,
    "FlipAngle": 8,
    "ImageOrientationPatientDICOM": [
      -0.0420669,
      0.996029,
      -0.0784581,
      -0.00185134,
      -0.0786051,
      -0.996904
    ],
    "ImageType": [
      "ORIGINAL",
      "PRIMARY",
      "M",
      "NORM",
      "DIS3D",
      "DIS2D"
    ],
    "ImagingFrequency": 123.239,
    "InPlanePhaseEncodingDirectionDICOM": "ROW",
    "InstitutionAddress": "Kopernikusstr._26_Graz_Graz_AT_8010",
    "InstitutionName": "KFU",
    "InstitutionalDepartmentName": "Department",
    "InversionTime": 1,
    "MRAcquisitionType": "3D",
    "MagneticFieldStrength": 3,
    "Manufacturer": "Siemens",
    "ManufacturersModelName": "Skyra",
    "Modality": "MR",
    "ParallelReductionFactorInPlane": 2,
    "PartialFourier": 1,
    "PatientPosition": "HFS",
    "PercentPhaseFOV": 100,
    "PhaseEncodingSteps": 294,
    "PhaseOversampling": 0.15,
    "PhaseResolution": 1,
    "PixelBandwidth": 270,
    "ProcedureStepDescription": "DIPS_2019",
    "ProtocolName": "anat-T1w",
    "PulseSequenceDetails": "%SiemensSeq%_tfl",
    "ReceiveCoilActiveElements": "HE1-4;NE1,2",
    "ReceiveCoilName": "HeadNeck_20",
    "ReconMatrixPE": 256,
    "RefLinesPE": 24,
    "RepetitionTime": 1.68,
    "SAR": 0.0873421,
    "ScanOptions": "IR_WE",
    "ScanningSequence": "GR_IR",
    "SequenceName": "_tfl3d1_16ns",
    "SequenceVariant": "SK_SP_MP_OSP",
    "SeriesDescription": "anat-T1w",
    "SeriesNumber": 5,
    "ShimSetting": [
      -1118,
      -3097,
      -4466,
      135,
      862,
      -470,
      99,
      -1007
    ],
    "SliceThickness": 0.88,
    "SoftwareVersions": "syngo_MR_E11",
    "StationName": "FBMTMR1",
    "TxRefAmp": 350.601,
    "dataset": "unknown",
    "modality": "T1w",
    "session_id": "1",
    "subject_id": "101DPMB042031"
  },
  "cjv": 0.7853685582854493,
  "cnr": 1.7861161901168752,
  "efc": 0.6521236711735685,
  "fber": 657.8623046875,
  "fwhm_avg": 4.057961453167213,
  "fwhm_x": 4.026192930930209,
  "fwhm_y": 4.067782857142857,
  "fwhm_z": 4.079908571428572,
  "icvs_csf": 0.18701171233868566,
  "icvs_gm": 0.43340492706454975,
  "icvs_wm": 0.37958336059676456,
  "inu_med": 1.0858418941497803,
  "inu_range": 0.5106423377990723,
  "provenance": {
    "md5sum": "f272cd794e9ef41094c6e4a06e7486fd",
    "settings": {
      "testing": false
    },
    "software": "mriqc",
    "version": "0.15.0",
    "warnings": {
      "large_rot_frame": true,
      "small_air_mask": false
    },
    "webapi_port": null,
    "webapi_url": "https://mriqc.nimh.nih.gov/api/v1"
  },
  "qi_1": 0.0,
  "qi_2": 0.0010808723195449574,
  "rpve_csf": 21.851793577009133,
  "rpve_gm": 10.301727076989506,
  "rpve_wm": 13.562072484074216,
  "size_x": 192,
  "size_y": 256,
  "size_z": 256,
  "snr_csf": 2.5243929477134484,
  "snr_gm": 9.800181068358656,
  "snr_total": 9.948320921336189,
  "snr_wm": 17.52038874793646,
  "snrd_csf": 20.557050380097813,
  "snrd_gm": 45.93175348489681,
  "snrd_total": 40.8795275142346,
  "snrd_wm": 56.14977867770919,
  "spacing_x": 0.8800000548362732,
  "spacing_y": 0.875,
  "spacing_z": 0.875,
  "summary_bg_k": 1.3502510690199285,
  "summary_bg_mad": 11.668249130249023,
  "summary_bg_mean": 28.2780818939209,
  "summary_bg_median": 26.704551696777344,
  "summary_bg_n": 2163886.0,
  "summary_bg_p05": 10.83468770980835,
  "summary_bg_p95": 51.03905487060547,
  "summary_bg_stdv": 12.480233192443848,
  "summary_csf_k": 15.627462338916143,
  "summary_csf_mad": 94.44811248779297,
  "summary_csf_mean": 403.8470764160156,
  "summary_csf_median": 366.1295471191406,
  "summary_csf_n": 32729.0,
  "summary_csf_p05": 254.29612731933594,
  "summary_csf_p95": 674.534716796875,
  "summary_csf_stdv": 145.03445434570312,
  "summary_gm_k": -0.14390960198529923,
  "summary_gm_mad": 87.80337524414062,
  "summary_gm_mean": 820.8334350585938,
  "summary_gm_median": 818.0634765625,
  "summary_gm_n": 36129.0,
  "summary_gm_p05": 692.4160034179688,
  "summary_gm_p95": 963.1880615234375,
  "summary_gm_stdv": 83.4731674194336,
  "summary_wm_k": 0.3482269141700973,
  "summary_wm_mad": 55.12368392944336,
  "summary_wm_mean": 1002.8037719726562,
  "summary_wm_median": 1000.0507202148438,
  "summary_wm_n": 312107.0,
  "summary_wm_p05": 913.3181579589843,
  "summary_wm_p95": 1100.2953125000001,
  "summary_wm_stdv": 57.07916259765625,
  "tpm_overlap_csf": 0.25078150629997253,
  "tpm_overlap_gm": 0.515070915222168,
  "tpm_overlap_wm": 0.5520399212837219,
  "wm2max": 0.47979683296075193
}