{
  "bids_meta": {
    "AcquisitionMatrixPE": 256,
    "AcquisitionNumber": 1,
    "AcquisitionTime": "16:06:26.147500",
    "BaseResolution": 256,
    "BodyPartExamined": "HEAD",
    "CoilString": "HE1-4;NE1_2",
    "ConsistencyInfo": "N4_VE11C_LATEST_20160120",
    "ConversionSoftware": "dcm2niix",
    "ConversionSoftwareVersion": "v1.0.20190720  (JP2:OpenJPEG) GCC7.3.0",
    "DeviceSerialNumber": "45250",
    "DwellTime": 7.2e-06,
    "EchoTime": 0.00188,
    "FlipAngle": 8,
    "ImageOrientationPatientDICOM": [
      0.0970466,
      0.994593,
      -0.0369631,
      -0.0433239,
      -0.0328817,
      -0.99852
    ],
    "ImageType": [
      "ORIGINAL",
      "PRIMARY",
      "M",
      "NORM",
      "DIS3D",
      "DIS2D"
    ],
    "ImagingFrequency": 123.239,
    "InPlanePhaseEncodingDirectionDICOM": "ROW",
    "InstitutionAddress": "Kopernikusstr._26_Graz_Graz_AT_8010",
    "InstitutionName": "KFU",
    "InstitutionalDepartmentName": "Department",
    "InversionTime": 1,
    "MRAcquisitionType": "3D",
    "MagneticFieldStrength": 3,
    "Manufacturer": "Siemens",
    "ManufacturersModelName": "Skyra",
    "Modality": "MR",
    "ParallelReductionFactorInPlane": 2,
    "PartialFourier": 1,
    "PatientPosition": "HFS",
    "PercentPhaseFOV": 100,
    "PhaseEncodingSteps": 294,
    "PhaseOversampling": 0.15,
    "PhaseResolution": 1,
    "PixelBandwidth": 270,
    "ProcedureStepDescription": "DIPS_2019",
    "ProtocolName": "anat-T1w",
    "PulseSequenceDetails": "%SiemensSeq%_tfl",
    "ReceiveCoilActiveElements": "HE1-4;NE1,2",
    "ReceiveCoilName": "HeadNeck_20",
    "ReconMatrixPE": 256,
    "RefLinesPE": 24,
    "RepetitionTime": 1.68,
    "SAR": 0.0712117,
    "ScanOptions": "IR_WE",
    "ScanningSequence": "GR_IR",
    "SequenceName": "_tfl3d1_16ns",
    "SequenceVariant": "SK_SP_MP_OSP",
    "SeriesDescription": "anat-T1w",
    "SeriesNumber": 5,
    "ShimSetting": [
      -1136,
      -3104,
      -4433,
      149,
      991,
      -229,
      355,
      -833
    ],
    "SliceThickness": 0.88,
    "SoftwareVersions": "syngo_MR_E11",
    "StationName": "FBMTMR1",
    "TxRefAmp": 384.693,
    "dataset": "unknown",
    "modality": "T1w",
    "session_id": "1",
    "subject_id": "101DPMB041012"
  },
  "cjv": 0.6809198118948983,
  "cnr": 2.0039668958482584,
  "efc": 0.701401068750048,
  "fber": 667.34814453125,
  "fwhm_avg": 4.3669323373253315,
  "fwhm_x": 4.184477011975995,
  "fwhm_y": 4.515485714285714,
  "fwhm_z": 4.400834285714286,
  "icvs_csf": 0.19546844887789067,
  "icvs_gm": 0.4199432334347719,
  "icvs_wm": 0.3845883176873374,
  "inu_med": 1.1699029207229614,
  "inu_range": 0.6081682473421097,
  "provenance": {
    "md5sum": "ffd2230c3a86dba8ab0b83e0627e0371",
    "settings": {
      "testing": false
    },
    "software": "mriqc",
    "version": "0.15.0",
    "warnings": {
      "large_rot_frame": true,
      "small_air_mask": false
    },
    "webapi_port": null,
    "webapi_url": "https://mriqc.nimh.nih.gov/api/v1"
  },
  "qi_1": 0.0,
  "qi_2": 0.0008094792110998121,
  "rpve_csf": 17.924373994086164,
  "rpve_gm": 8.7491336594962,
  "rpve_wm": 11.075182862555732,
  "size_x": 192,
  "size_y": 256,
  "size_z": 256,
  "snr_csf": 3.1359144074422076,
  "snr_gm": 8.944121673265153,
  "snr_total": 9.743649902237019,
  "snr_wm": 17.1509136260037,
  "snrd_csf": 21.184379136449508,
  "snrd_gm": 43.45440315151286,
  "snrd_total": 39.95383814914734,
  "snrd_wm": 55.222732159479634,
  "spacing_x": 0.8800000548362732,
  "spacing_y": 0.875,
  "spacing_z": 0.875,
  "summary_bg_k": 1.4182719576107,
  "summary_bg_mad": 11.863956451416016,
  "summary_bg_mean": 26.8787899017334,
  "summary_bg_median": 25.38382911682129,
  "summary_bg_n": 2330518.0,
  "summary_bg_p05": 8.663106775283813,
  "summary_bg_p95": 50.26976814270018,
  "summary_bg_stdv": 13.000557899475098,
  "summary_csf_k": 11.448250496045368,
  "summary_csf_mad": 101.30343627929688,
  "summary_csf_mean": 407.1802978515625,
  "summary_csf_median": 383.6308898925781,
  "summary_csf_n": 67944.0,
  "summary_csf_p05": 256.0820022583008,
  "summary_csf_p95": 629.3125396728515,
  "summary_csf_stdv": 122.3337173461914,
  "summary_gm_k": 0.10032626279332968,
  "summary_gm_mad": 88.59588623046875,
  "summary_gm_mean": 795.6304321289062,
  "summary_gm_median": 786.921875,
  "summary_gm_n": 51910.0,
  "summary_gm_p05": 666.4068450927734,
  "summary_gm_p95": 951.1308441162109,
  "summary_gm_stdv": 87.98117065429688,
  "summary_wm_k": 0.39861653482588766,
  "summary_wm_mad": 56.51787567138672,
  "summary_wm_mean": 1003.4501953125,
  "summary_wm_median": 1000.0361938476562,
  "summary_wm_n": 394157.0,
  "summary_wm_p05": 913.9128540039062,
  "summary_wm_p95": 1103.9468994140623,
  "summary_wm_stdv": 58.30796813964844,
  "tpm_overlap_csf": 0.24154333770275116,
  "tpm_overlap_gm": 0.5084273219108582,
  "tpm_overlap_wm": 0.5543209314346313,
  "wm2max": 0.5019695491351218
}