{
  "aor": 0.0010759294680215182,
  "aqi": 0.023372594261805144,
  "bids_meta": {
    "AcquisitionMatrixPE": 80,
    "AcquisitionNumber": 1,
    "AcquisitionTime": "12:18:17.730000",
    "BandwidthPerPixelPhaseEncode": 24.038,
    "BaseResolution": 80,
    "BodyPartExamined": "HEAD",
    "CogAtlasID": "TODO",
    "CoilString": "HE1-4;NE1_2",
    "ConsistencyInfo": "N4_VE11C_LATEST_20160120",
    "ConversionSoftware": "dcm2niix",
    "ConversionSoftwareVersion": "v1.0.20190720  (JP2:OpenJPEG) GCC7.3.0",
    "DerivedVendorReportedEchoSpacing": 0.00052001,
    "DeviceSerialNumber": "45250",
    "DwellTime": 2.5e-06,
    "EchoTime": 0.0384,
    "EchoTrainLength": 80,
    "EffectiveEchoSpacing": 0.00052001,
    "FlipAngle": 60,
    "ImageComments": "Unaliased_MB4_PE3",
    "ImageOrientationPatientDICOM": [
      0.994145,
      -0.0583827,
      -0.0909291,
      0.027769,
      0.951251,
      -0.307165
    ],
    "ImageType": [
      "ORIGINAL",
      "PRIMARY",
      "M",
      "MB",
      "ND",
      "NORM",
      "MOSAIC"
    ],
    "ImagingFrequency": 123.239,
    "InPlanePhaseEncodingDirectionDICOM": "COL",
    "InstitutionAddress": "Kopernikusstr._26_Graz_Graz_AT_8010",
    "InstitutionName": "KFU",
    "InstitutionalDepartmentName": "Department",
    "MRAcquisitionType": "2D",
    "MagneticFieldStrength": 3,
    "Manufacturer": "Siemens",
    "ManufacturersModelName": "Skyra",
    "Modality": "MR",
    "MultibandAccelerationFactor": 4,
    "PartialFourier": 1,
    "PatientPosition": "HFS",
    "PercentPhaseFOV": 100,
    "PhaseEncodingDirection": "j-",
    "PhaseEncodingSteps": 80,
    "PhaseResolution": 1,
    "PixelBandwidth": 2500,
    "ProcedureStepDescription": "DIPS_2019",
    "ProtocolName": "func_task-EyeMag_acq-CMRR_run-01",
    "PulseSequenceDetails": "%CustomerSeq%_cmrr_mbep2d_bold",
    "ReceiveCoilActiveElements": "HE1-4;NE1,2",
    "ReceiveCoilName": "HeadNeck_20",
    "ReconMatrixPE": 80,
    "RepetitionTime": 1,
    "SAR": 0.11915,
    "ScanOptions": "FS",
    "ScanningSequence": "EP",
    "SequenceName": "epfid2d1_80",
    "SequenceVariant": "SK_SS",
    "SeriesDescription": "func_task-EyeMag_acq-CMRR_run-01",
    "SeriesNumber": 9,
    "ShimSetting": [
      -1160,
      -2968,
      -4226,
      541,
      860,
      473,
      -206,
      -917
    ],
    "SliceThickness": 3,
    "SliceTiming": [
      0,
      0.4075,
      0.8175,
      0.245,
      0.6525,
      0.0825,
      0.49,
      0.8975,
      0.3275,
      0.735,
      0.1625,
      0.5725,
      0,
      0.4075,
      0.8175,
      0.245,
      0.6525,
      0.0825,
      0.49,
      0.8975,
      0.3275,
      0.735,
      0.1625,
      0.5725,
      0,
      0.4075,
      0.8175,
      0.245,
      0.6525,
      0.0825,
      0.49,
      0.8975,
      0.3275,
      0.735,
      0.1625,
      0.5725,
      0,
      0.4075,
      0.8175,
      0.245,
      0.6525,
      0.0825,
      0.49,
      0.8975,
      0.3275,
      0.735,
      0.1625,
      0.5725
    ],
    "SoftwareVersions": "syngo_MR_E11",
    "SpacingBetweenSlices": 3,
    "StationName": "FBMTMR1",
    "TaskName": "EyeMag",
    "TotalReadoutTime": 0.0410808,
    "TxRefAmp": 354.267,
    "WipMemBlock": "29cf030d-9845-49ea-9861-8cae9a6553c7||Sequence: R016 ve11c/master r/34fb20f; Nov 20 2017 15:15:15 by eja",
    "acq_id": "CMRR",
    "dataset": "unknown",
    "modality": "bold",
    "run_id": 1,
    "session_id": "1",
    "subject_id": "101DPMB042033",
    "task_id": "EyeMag"
  },
  "dummy_trs": 1,
  "dvars_nstd": 31.76307008489234,
  "dvars_std": 1.2322534887559815,
  "dvars_vstd": 1.0094193578468909,
  "efc": 0.3937391379149162,
  "fber": 9087.7958984375,
  "fd_mean": 0.15385522487833134,
  "fd_num": 293,
  "fd_perc": 17.513448894202032,
  "fwhm_avg": 2.4037154940827734,
  "fwhm_x": 2.320519815581654,
  "fwhm_y": 2.62439,
  "fwhm_z": 2.2662366666666665,
  "gcor": 0.00902792,
  "gsr_x": -0.00671191094443202,
  "gsr_y": 0.007401606999337673,
  "provenance": {
    "md5sum": "69159e44ad18b04e5c3d7c4a0aefb4fe",
    "settings": {
      "fd_thres": 0.2,
      "hmc_fsl": false
    },
    "software": "mriqc",
    "version": "0.15.0",
    "webapi_port": null,
    "webapi_url": "https://mriqc.nimh.nih.gov/api/v1"
  },
  "size_t": 1673,
  "size_x": 80,
  "size_y": 80,
  "size_z": 48,
  "snr": 4.816105137630764,
  "spacing_tr": 1.0,
  "spacing_x": 3.000000238418579,
  "spacing_y": 3.0,
  "spacing_z": 3.0,
  "summary_bg_k": 102.20633197062435,
  "summary_bg_mad": 43.61653518676758,
  "summary_bg_mean": 170.9879913330078,
  "summary_bg_median": 83.99569702148438,
  "summary_bg_n": 217936.0,
  "summary_bg_p05": 38.703524589538574,
  "summary_bg_p95": 482.16658782958984,
  "summary_bg_stdv": 385.74237060546875,
  "summary_fg_k": 4.0560987435966,
  "summary_fg_mad": 1124.191162109375,
  "summary_fg_mean": 8058.8955078125,
  "summary_fg_median": 8149.29541015625,
  "summary_fg_n": 42571.0,
  "summary_fg_p05": 5045.883056640625,
  "summary_fg_p95": 10410.814453125,
  "summary_fg_stdv": 1692.0726318359375,
  "tsnr": 36.899757385253906
}