{
  "aor": 0.0007792078618225134,
  "aqi": 0.030330451518761167,
  "bids_meta": {
    "AcquisitionMatrixPE": 80,
    "AcquisitionNumber": 1,
    "AcquisitionTime": "12:17:43.242500",
    "BandwidthPerPixelPhaseEncode": 24.038,
    "BaseResolution": 80,
    "BodyPartExamined": "HEAD",
    "CogAtlasID": "TODO",
    "CoilString": "HE1-4;NE1_2",
    "ConsistencyInfo": "N4_VE11C_LATEST_20160120",
    "ConversionSoftware": "dcm2niix",
    "ConversionSoftwareVersion": "v1.0.20190410  (JP2:OpenJPEG) GCC7.3.0",
    "DerivedVendorReportedEchoSpacing": 0.00052001,
    "DeviceSerialNumber": "45250",
    "DwellTime": 2.5e-06,
    "EchoTime": 0.0384,
    "EchoTrainLength": 80,
    "EffectiveEchoSpacing": 0.00052001,
    "FlipAngle": 60,
    "ImageComments": "Unaliased_MB4_PE3",
    "ImageOrientationPatientDICOM": [
      0.998006,
      -0.061968,
      0.011964,
      0.0627892,
      0.955736,
      -0.287447
    ],
    "ImageType": [
      "ORIGINAL",
      "PRIMARY",
      "M",
      "MB",
      "ND",
      "NORM",
      "MOSAIC"
    ],
    "ImagingFrequency": 123.239,
    "InPlanePhaseEncodingDirectionDICOM": "COL",
    "InstitutionAddress": "Kopernikusstr._26_Graz_Graz_AT_8010",
    "InstitutionName": "KFU",
    "InstitutionalDepartmentName": "Department",
    "MRAcquisitionType": "2D",
    "MagneticFieldStrength": 3,
    "Manufacturer": "Siemens",
    "ManufacturersModelName": "Skyra",
    "Modality": "MR",
    "MultibandAccelerationFactor": 4,
    "PartialFourier": 1,
    "PatientPosition": "HFS",
    "PercentPhaseFOV": 100,
    "PhaseEncodingDirection": "j-",
    "PhaseEncodingSteps": 80,
    "PhaseResolution": 1,
    "PixelBandwidth": 2500,
    "ProcedureStepDescription": "DIPS_2019",
    "ProtocolName": "func_task-EyeMag_acq-CMRR_run-01",
    "PulseSequenceDetails": "%CustomerSeq%_cmrr_mbep2d_bold",
    "ReceiveCoilActiveElements": "HE1-4;NE1,2",
    "ReceiveCoilName": "HeadNeck_20",
    "ReconMatrixPE": 80,
    "RepetitionTime": 1,
    "SAR": 0.104105,
    "ScanOptions": "FS",
    "ScanningSequence": "EP",
    "SequenceName": "epfid2d1_80",
    "SequenceVariant": "SK_SS",
    "SeriesDescription": "func_task-EyeMag_acq-CMRR_run-01",
    "SeriesNumber": 9,
    "ShimSetting": [
      -1097,
      -3164,
      -4182,
      612,
      953,
      115,
      192,
      -907
    ],
    "SliceThickness": 3,
    "SliceTiming": [
      0,
      0.4075,
      0.8175,
      0.245,
      0.6525,
      0.0825,
      0.49,
      0.8975,
      0.3275,
      0.735,
      0.1625,
      0.5725,
      0,
      0.4075,
      0.8175,
      0.245,
      0.6525,
      0.0825,
      0.49,
      0.8975,
      0.3275,
      0.735,
      0.1625,
      0.5725,
      0,
      0.4075,
      0.8175,
      0.245,
      0.6525,
      0.0825,
      0.49,
      0.8975,
      0.3275,
      0.735,
      0.1625,
      0.5725,
      0,
      0.4075,
      0.8175,
      0.245,
      0.6525,
      0.0825,
      0.49,
      0.8975,
      0.3275,
      0.735,
      0.1625,
      0.5725
    ],
    "SoftwareVersions": "syngo_MR_E11",
    "SpacingBetweenSlices": 3,
    "StationName": "FBMTMR1",
    "TaskName": "EyeMag",
    "TotalReadoutTime": 0.0410808,
    "TxRefAmp": 350.672,
    "WipMemBlock": "f3f5e07b-97d7-4f0a-80b9-7d210138eb5a||Sequence: R016 ve11c/master r/34fb20f; Nov 20 2017 15:15:15 by eja",
    "acq_id": "CMRR",
    "dataset": "unknown",
    "modality": "bold",
    "run_id": 1,
    "session_id": "1",
    "subject_id": "101DPMB042001",
    "task_id": "EyeMag"
  },
  "dummy_trs": 0,
  "dvars_nstd": 30.522004658361173,
  "dvars_std": 1.214517755804529,
  "dvars_vstd": 0.9341058307091779,
  "efc": 0.40393325370901945,
  "fber": 9564.208984375,
  "fd_mean": 0.13863863650090005,
  "fd_num": 230,
  "fd_perc": 13.698630136986301,
  "fwhm_avg": 2.5320444444444448,
  "fwhm_x": 2.3623833333333333,
  "fwhm_y": 2.8549966666666666,
  "fwhm_z": 2.3787533333333335,
  "gcor": 0.0114303,
  "gsr_x": -0.00989630538970232,
  "gsr_y": 0.00677866768091917,
  "provenance": {
    "md5sum": "4f72663ca194fa058ac4ca66d5715619",
    "settings": {
      "fd_thres": 0.2,
      "hmc_fsl": false
    },
    "software": "mriqc",
    "version": "0.15.0",
    "webapi_port": null,
    "webapi_url": "https://mriqc.nimh.nih.gov/api/v1"
  },
  "size_t": 1679,
  "size_x": 80,
  "size_y": 80,
  "size_z": 48,
  "snr": 4.931882659722222,
  "spacing_tr": 1.0,
  "spacing_x": 3.0,
  "spacing_y": 3.0,
  "spacing_z": 3.0,
  "summary_bg_k": 86.11582402901392,
  "summary_bg_mad": 46.748634338378906,
  "summary_bg_mean": 192.9353790283203,
  "summary_bg_median": 84.07160949707031,
  "summary_bg_n": 216262.0,
  "summary_bg_p05": 39.59410858154297,
  "summary_bg_p95": 684.884494018554,
  "summary_bg_stdv": 429.18756103515625,
  "summary_fg_k": 3.9126591727165643,
  "summary_fg_mad": 1176.3551025390625,
  "summary_fg_mean": 8248.68359375,
  "summary_fg_median": 8370.1513671875,
  "summary_fg_n": 43735.0,
  "summary_fg_p05": 5089.370654296875,
  "summary_fg_p95": 10498.450585937495,
  "summary_fg_stdv": 1697.1319580078125,
  "tsnr": 32.41461944580078
}