{
  "bids_meta": {
    "AcquisitionMatrixPE": 256,
    "AcquisitionNumber": 1,
    "AcquisitionTime": "11:10:46.370000",
    "BaseResolution": 256,
    "BodyPartExamined": "HEAD",
    "CoilString": "HE1-4;NE1_2",
    "ConsistencyInfo": "N4_VE11C_LATEST_20160120",
    "ConversionSoftware": "dcm2niix",
    "ConversionSoftwareVersion": "v1.0.20190410  (JP2:OpenJPEG) GCC7.3.0",
    "DeviceSerialNumber": "45250",
    "DwellTime": 7.2e-06,
    "EchoTime": 0.00188,
    "FlipAngle": 8,
    "ImageOrientationPatientDICOM": [
      0.0303237,
      0.997104,
      0.0697486,
      -0.0129785,
      0.0701676,
      -0.997451
    ],
    "ImageType": [
      "ORIGINAL",
      "PRIMARY",
      "M",
      "NORM",
      "DIS3D",
      "DIS2D"
    ],
    "ImagingFrequency": 123.239,
    "InPlanePhaseEncodingDirectionDICOM": "ROW",
    "InstitutionAddress": "Kopernikusstr._26_Graz_Graz_AT_8010",
    "InstitutionName": "KFU",
    "InstitutionalDepartmentName": "Department",
    "InversionTime": 1,
    "MRAcquisitionType": "3D",
    "MagneticFieldStrength": 3,
    "Manufacturer": "Siemens",
    "ManufacturersModelName": "Skyra",
    "Modality": "MR",
    "PartialFourier": 1,
    "PatientPosition": "HFS",
    "PercentPhaseFOV": 100,
    "PhaseEncodingSteps": 294,
    "PhaseOversampling": 0.15,
    "PhaseResolution": 1,
    "PixelBandwidth": 270,
    "ProcedureStepDescription": "DIPS_2019",
    "ProtocolName": "anat-T1w",
    "PulseSequenceDetails": "%SiemensSeq%_tfl",
    "ReceiveCoilActiveElements": "HE1-4;NE1,2",
    "ReceiveCoilName": "HeadNeck_20",
    "ReconMatrixPE": 256,
    "RefLinesPE": 24,
    "RepetitionTime": 1.68,
    "SAR": 0.0859382,
    "ScanOptions": "IR_WE",
    "ScanningSequence": "GR_IR",
    "SequenceName": "_tfl3d1_16ns",
    "SequenceVariant": "SK_SP_MP_OSP",
    "SeriesDescription": "anat-T1w",
    "SeriesNumber": 5,
    "ShimSetting": [
      -1120,
      -3135,
      -4727,
      -240,
      1046,
      -478,
      410,
      -906
    ],
    "SliceThickness": 0.88,
    "SoftwareVersions": "syngo_MR_E11",
    "StationName": "FBMTMR1",
    "TxRefAmp": 354.934,
    "dataset": "unknown",
    "modality": "T1w",
    "session_id": "1",
    "subject_id": "101DPMB041009"
  },
  "cjv": 0.7874366522138252,
  "cnr": 1.7644817595568947,
  "efc": 0.6570574191047156,
  "fber": 679.3064575195312,
  "fwhm_avg": 3.9187812195248255,
  "fwhm_x": 3.8118179442887614,
  "fwhm_y": 3.9366285714285714,
  "fwhm_z": 4.007897142857143,
  "icvs_csf": 0.17063755024558414,
  "icvs_gm": 0.4486136255351153,
  "icvs_wm": 0.38074882421930056,
  "inu_med": 1.2201025485992432,
  "inu_range": 0.5947240948677062,
  "provenance": {
    "md5sum": "0cb98244f2069a81882f4e7c028f07ea",
    "settings": {
      "testing": false
    },
    "software": "mriqc",
    "version": "0.15.0",
    "warnings": {
      "large_rot_frame": true,
      "small_air_mask": false
    },
    "webapi_port": null,
    "webapi_url": "https://mriqc.nimh.nih.gov/api/v1"
  },
  "qi_1": 0.0,
  "qi_2": 0.0011884703145873545,
  "rpve_csf": 22.522146272433716,
  "rpve_gm": 9.642684855458121,
  "rpve_wm": 12.699705033396581,
  "size_x": 192,
  "size_y": 256,
  "size_z": 256,
  "snr_csf": 2.080782001257267,
  "snr_gm": 10.149780041944359,
  "snr_total": 9.342857952254802,
  "snr_wm": 15.798011813562775,
  "snrd_csf": 20.973222648418798,
  "snrd_gm": 46.29981916771149,
  "snrd_total": 41.29385847792131,
  "snrd_wm": 56.60853361763364,
  "spacing_x": 0.8800000548362732,
  "spacing_y": 0.875,
  "spacing_z": 0.875,
  "summary_bg_k": 1.2626058518189271,
  "summary_bg_mad": 11.573543548583984,
  "summary_bg_mean": 27.407344818115234,
  "summary_bg_median": 25.814983367919922,
  "summary_bg_n": 2141864.0,
  "summary_bg_p05": 10.305594348907471,
  "summary_bg_p95": 49.90477104187009,
  "summary_bg_stdv": 12.30258560180664,
  "summary_csf_k": 23.805016736294274,
  "summary_csf_mad": 92.75462341308594,
  "summary_csf_mean": 410.1266174316406,
  "summary_csf_median": 370.5098876953125,
  "summary_csf_n": 25677.0,
  "summary_csf_p05": 251.6989196777344,
  "summary_csf_p95": 649.453686523437,
  "summary_csf_stdv": 178.05934143066406,
  "summary_gm_k": -0.09558418549321379,
  "summary_gm_mad": 82.48178100585938,
  "summary_gm_mean": 818.8634033203125,
  "summary_gm_median": 817.9258422851562,
  "summary_gm_n": 45044.0,
  "summary_gm_p05": 690.1519378662109,
  "summary_gm_p95": 954.5723266601562,
  "summary_gm_stdv": 80.58467864990234,
  "summary_wm_k": 0.3863551177538245,
  "summary_wm_mad": 60.920074462890625,
  "summary_wm_mean": 1000.8073120117188,
  "summary_wm_median": 1000.0380859375,
  "summary_wm_n": 326437.0,
  "summary_wm_p05": 897.231005859375,
  "summary_wm_p95": 1104.9872314453125,
  "summary_wm_stdv": 63.30141830444336,
  "tpm_overlap_csf": 0.2363538295030594,
  "tpm_overlap_gm": 0.5119626522064209,
  "tpm_overlap_wm": 0.5416871905326843,
  "wm2max": 0.5440020689459425
}