{
  "bids_meta": {
    "AcquisitionMatrixPE": 256,
    "AcquisitionNumber": 1,
    "AcquisitionTime": "12:10:38.522500",
    "BaseResolution": 256,
    "BodyPartExamined": "HEAD",
    "CoilString": "HE1-4;NE1_2",
    "ConsistencyInfo": "N4_VE11C_LATEST_20160120",
    "ConversionSoftware": "dcm2niix",
    "ConversionSoftwareVersion": "v1.0.20190720  (JP2:OpenJPEG) GCC7.3.0",
    "DeviceSerialNumber": "45250",
    "DwellTime": 7.2e-06,
    "EchoTime": 0.00188,
    "FlipAngle": 8,
    "ImageOrientationPatientDICOM": [
      0.0823024,
      0.996455,
      0.0174304,
      0.0515214,
      0.0132122,
      -0.998585
    ],
    "ImageType": [
      "ORIGINAL",
      "PRIMARY",
      "M",
      "NORM",
      "DIS3D",
      "DIS2D"
    ],
    "ImagingFrequency": 123.239,
    "InPlanePhaseEncodingDirectionDICOM": "ROW",
    "InstitutionAddress": "Kopernikusstr._26_Graz_Graz_AT_8010",
    "InstitutionName": "KFU",
    "InstitutionalDepartmentName": "Department",
    "InversionTime": 1,
    "MRAcquisitionType": "3D",
    "MagneticFieldStrength": 3,
    "Manufacturer": "Siemens",
    "ManufacturersModelName": "Skyra",
    "Modality": "MR",
    "ParallelReductionFactorInPlane": 2,
    "PartialFourier": 1,
    "PatientPosition": "HFS",
    "PercentPhaseFOV": 100,
    "PhaseEncodingSteps": 294,
    "PhaseOversampling": 0.15,
    "PhaseResolution": 1,
    "PixelBandwidth": 270,
    "ProcedureStepDescription": "DIPS_2019",
    "ProtocolName": "anat-T1w",
    "PulseSequenceDetails": "%SiemensSeq%_tfl",
    "ReceiveCoilActiveElements": "HE1-4;NE1,2",
    "ReceiveCoilName": "HeadNeck_20",
    "ReconMatrixPE": 256,
    "RefLinesPE": 24,
    "RepetitionTime": 1.68,
    "SAR": 0.0931254,
    "ScanOptions": "IR_WE",
    "ScanningSequence": "GR_IR",
    "SequenceName": "_tfl3d1_16ns",
    "SequenceVariant": "SK_SP_MP_OSP",
    "SeriesDescription": "anat-T1w",
    "SeriesNumber": 5,
    "ShimSetting": [
      -1184,
      -2627,
      -4641,
      -129,
      657,
      1498,
      1541,
      -602
    ],
    "SliceThickness": 0.88,
    "SoftwareVersions": "syngo_MR_E11",
    "StationName": "FBMTMR1",
    "TxRefAmp": 357.397,
    "dataset": "unknown",
    "modality": "T1w",
    "session_id": "1",
    "subject_id": "101DPMB042027"
  },
  "cjv": 0.7625936368544826,
  "cnr": 1.7945709787372417,
  "efc": 0.6621063816787613,
  "fber": 564.5388793945312,
  "fwhm_avg": 3.955693967054909,
  "fwhm_x": 3.8786247583075832,
  "fwhm_y": 4.039108571428572,
  "fwhm_z": 3.9493485714285717,
  "icvs_csf": 0.17480397937849465,
  "icvs_gm": 0.4620872375481397,
  "icvs_wm": 0.3631087830733657,
  "inu_med": 1.1263669729232788,
  "inu_range": 0.5941110134124755,
  "provenance": {
    "md5sum": "2c0cf33dffac502ca17dbb023bee5437",
    "settings": {
      "testing": false
    },
    "software": "mriqc",
    "version": "0.15.0",
    "warnings": {
      "large_rot_frame": true,
      "small_air_mask": false
    },
    "webapi_port": null,
    "webapi_url": "https://mriqc.nimh.nih.gov/api/v1"
  },
  "qi_1": 0.0,
  "qi_2": 0.0009558429556388436,
  "rpve_csf": 23.355071948370867,
  "rpve_gm": 9.870499252754344,
  "rpve_wm": 13.790967774784328,
  "size_x": 192,
  "size_y": 256,
  "size_z": 256,
  "snr_csf": 1.733925706033638,
  "snr_gm": 9.695526444686598,
  "snr_total": 8.754631931571526,
  "snr_wm": 14.834443643994344,
  "snrd_csf": 22.370774368253368,
  "snrd_gm": 41.662445272690825,
  "snrd_total": 38.566748597194696,
  "snrd_wm": 51.667026150639884,
  "spacing_x": 0.8800000548362732,
  "spacing_y": 0.875,
  "spacing_z": 0.875,
  "summary_bg_k": 1.2274378340011411,
  "summary_bg_mad": 12.680377006530762,
  "summary_bg_mean": 30.445261001586914,
  "summary_bg_median": 28.74869155883789,
  "summary_bg_n": 2062225.0,
  "summary_bg_p05": 11.6060209274292,
  "summary_bg_p95": 55.05184555053711,
  "summary_bg_stdv": 13.472651481628418,
  "summary_csf_k": 10.743817380287833,
  "summary_csf_mad": 162.13125610351562,
  "summary_csf_mean": 497.1351318359375,
  "summary_csf_median": 432.99359130859375,
  "summary_csf_n": 33314.0,
  "summary_csf_p05": 264.25764617919924,
  "summary_csf_p95": 776.6341552734375,
  "summary_csf_stdv": 249.71490478515625,
  "summary_gm_k": -0.017931558043160933,
  "summary_gm_mad": 83.94723510742188,
  "summary_gm_mean": 808.877685546875,
  "summary_gm_median": 806.39013671875,
  "summary_gm_n": 54118.0,
  "summary_gm_p05": 677.4022552490234,
  "summary_gm_p95": 950.101544189453,
  "summary_gm_stdv": 83.17059326171875,
  "summary_wm_k": 0.38780194278609326,
  "summary_wm_mad": 63.72285079956055,
  "summary_wm_mean": 1002.6048583984375,
  "summary_wm_median": 1000.0320434570312,
  "summary_wm_n": 287596.0,
  "summary_wm_p05": 895.0535125732422,
  "summary_wm_p95": 1117.6998596191406,
  "summary_wm_stdv": 67.41272735595703,
  "tpm_overlap_csf": 0.21439975500106812,
  "tpm_overlap_gm": 0.5132889151573181,
  "tpm_overlap_wm": 0.5162270069122314,
  "wm2max": 0.4394779177912896
}