{
    "AcquisitionMatrixPE": 80,
    "AcquisitionNumber": 1,
    "AcquisitionTime": "14:13:26.747500",
    "BaseResolution": 80,
    "BodyPartExamined": "HEAD",
    "CoilString": "HE1-4;NE1_2",
    "ConsistencyInfo": "N4_VE11C_LATEST_20160120",
    "ConversionSoftware": "dcm2niix",
    "ConversionSoftwareVersion": "v1.0.20190720  (JP2:OpenJPEG) GCC7.3.0",
    "DeviceSerialNumber": "45250",
    "DwellTime": 2.16e-05,
    "EchoNumber": 2,
    "EchoTime": 0.00738,
    "FlipAngle": 60,
    "ImageOrientationPatientDICOM": [
        0.998808,
        -0.0292785,
        0.0390671,
        0.0418625,
        0.925359,
        -0.376773
    ],
    "ImageType": [
        "ORIGINAL",
        "PRIMARY",
        "M",
        "ND",
        "NORM"
    ],
    "ImagingFrequency": 123.239,
    "InPlanePhaseEncodingDirectionDICOM": "COL",
    "InstitutionAddress": "deleted_by_bidsonym",
    "InstitutionName": "deleted_by_bidsonym",
    "InstitutionalDepartmentName": "deleted_by_bidsonym",
    "MRAcquisitionType": "2D",
    "MagneticFieldStrength": 3,
    "Manufacturer": "Siemens",
    "ManufacturersModelName": "Skyra",
    "Modality": "MR",
    "PartialFourier": 1,
    "PatientPosition": "HFS",
    "PercentPhaseFOV": 100,
    "PhaseEncodingDirection": "j-",
    "PhaseEncodingSteps": 80,
    "PhaseResolution": 1,
    "PixelBandwidth": 290,
    "ProcedureStepDescription": "deleted_by_bidsonym",
    "ProtocolName": "fmap_acq-FM_run-01",
    "PulseSequenceDetails": "%SiemensSeq%_gre_field_mapping",
    "ReceiveCoilActiveElements": "HE1-4;NE1,2",
    "ReceiveCoilName": "HeadNeck_20",
    "ReconMatrixPE": 80,
    "RepetitionTime": 0.51,
    "SAR": 0.186344,
    "ScanningSequence": "GR",
    "SequenceName": "_fm2d2r",
    "SequenceVariant": "SP",
    "SeriesDescription": "fmap_acq-FM_run-01",
    "SeriesNumber": 6,
    "ShimSetting": [
        -1094,
        -3050,
        -4148,
        478,
        895,
        579,
        253,
        -781
    ],
    "SliceThickness": 3,
    "SliceTiming": [
        0.255,
        0,
        0.265625,
        0.010625,
        0.27625,
        0.02125,
        0.286875,
        0.031875,
        0.2975,
        0.0425,
        0.308125,
        0.053125,
        0.31875,
        0.06375,
        0.329375,
        0.074375,
        0.34,
        0.085,
        0.350625,
        0.095625,
        0.36125,
        0.10625,
        0.371875,
        0.116875,
        0.3825,
        0.1275,
        0.393125,
        0.138125,
        0.40375,
        0.14875,
        0.414375,
        0.159375,
        0.425,
        0.17,
        0.435625,
        0.180625,
        0.44625,
        0.19125,
        0.456875,
        0.201875,
        0.4675,
        0.2125,
        0.478125,
        0.223125,
        0.48875,
        0.23375,
        0.499375,
        0.244375
    ],
    "SoftwareVersions": "syngo_MR_E11",
    "SpacingBetweenSlices": 3,
    "StationName": "deleted_by_bidsonym",
    "TxRefAmp": 352.097
}